{
  "aor": 0.0010406976744186047,
  "aqi": 0.005400867408637875,
  "bids_meta": {
    "AcquisitionNumber": 3,
    "BIDSVersion": "1.1.0",
    "BidsifyVersion": "0.3.1",
    "ConversionSoftware": "dcm2niix",
    "ConversionSoftwareVersion": "v1.0.20181125  GCC5.4.0",
    "EchoTime": 0.02762,
    "FlipAngle": 76.1,
    "ImageComments": "PredictingMentalizing",
    "ImageOrientationPatientDICOM": [
      0.99681,
      0.0750276,
      -0.0272278,
      -0.0796761,
      0.91524,
      -0.394952
    ],
    "InstitutionName": "Spinoza Centre for Neuroimaging, location REC",
    "MagneticFieldStrength": 3,
    "Manufacturer": "Philips",
    "ParallelAcquisitionTechnique": "SENSE",
    "ParallelReductionFactorInPlane": 2,
    "PatientPosition": "HFS",
    "PhaseEncodingDirection": "j",
    "PhilipsRescaleIntercept": 0,
    "PhilipsRescaleSlope": 0.82076,
    "PhilipsScaleSlope": 0.0699921,
    "ProtocolName": "WIPPM_Zinnen1SENSE",
    "ReconMatrixPE": 80,
    "RepetitionTime": 2,
    "SeriesDescription": "ImageMRSERIES",
    "SeriesNumber": 3,
    "SliceEncodingDirection": "k",
    "SliceTiming": [
      0.0,
      0.05405405405405406,
      0.10810810810810811,
      0.16216216216216217,
      0.21621621621621623,
      0.2702702702702703,
      0.32432432432432434,
      0.3783783783783784,
      0.43243243243243246,
      0.4864864864864865,
      0.5405405405405406,
      0.5945945945945946,
      0.6486486486486487,
      0.7027027027027027,
      0.7567567567567568,
      0.8108108108108109,
      0.8648648648648649,
      0.918918918918919,
      0.972972972972973,
      1.0270270270270272,
      1.0810810810810811,
      1.135135135135135,
      1.1891891891891893,
      1.2432432432432434,
      1.2972972972972974,
      1.3513513513513513,
      1.4054054054054055,
      1.4594594594594597,
      1.5135135135135136,
      1.5675675675675675,
      1.6216216216216217,
      1.6756756756756759,
      1.7297297297297298,
      1.7837837837837838,
      1.837837837837838,
      1.891891891891892,
      1.945945945945946
    ],
    "TaskName": "self",
    "UsePhilipsFloatNotDisplayScaling": 1,
    "WaterFatShift": 12,
    "dataset": "unknown",
    "modality": "bold",
    "run_id": 1,
    "session_id": "1",
    "subject_id": "03",
    "task_id": "self"
  },
  "dummy_trs": 0,
  "dvars_nstd": 23.73529728259999,
  "dvars_std": 1.3612615298,
  "dvars_vstd": 1.0193275234000012,
  "efc": 0.38427177054245354,
  "fber": 816412032.0,
  "fd_mean": 0.13475014609781671,
  "fd_num": 39,
  "fd_perc": 12.956810631229235,
  "fwhm_avg": 2.5160885968029256,
  "fwhm_x": 2.580373333333333,
  "fwhm_y": 2.69565,
  "fwhm_z": 2.2722424570754436,
  "gcor": 0.0203641,
  "gsr_x": -0.00023843989765737206,
  "gsr_y": 1.2287064237170853e-05,
  "provenance": {
    "md5sum": "5aeccc742b7f29e2fd97ace766bbf16e",
    "settings": {
      "fd_thres": 0.2,
      "hmc_fsl": false
    },
    "software": "mriqc",
    "version": "0.15.0",
    "webapi_port": null,
    "webapi_url": "https://mriqc.nimh.nih.gov/api/v1"
  },
  "size_t": 301,
  "size_x": 80,
  "size_y": 80,
  "size_z": 37,
  "snr": 5.485857707366319,
  "spacing_tr": 2.0,
  "spacing_x": 3.0,
  "spacing_y": 3.0,
  "spacing_z": 3.299999952316284,
  "spikes_num": 0,
  "summary_bg_k": 121.782257532387,
  "summary_bg_mad": 1.1012858152389526,
  "summary_bg_mean": 168.1021270751953,
  "summary_bg_median": 0.7518362998962402,
  "summary_bg_n": 157761.0,
  "summary_bg_p05": 0.002660625847056508,
  "summary_bg_p95": 751.6466064453125,
  "summary_bg_stdv": 987.1372680664062,
  "summary_fg_k": 3.9984467234632914,
  "summary_fg_mad": 3528.0361328125,
  "summary_fg_mean": 23331.021484375,
  "summary_fg_median": 23463.02734375,
  "summary_fg_n": 38018.0,
  "summary_fg_p05": 16777.34990234375,
  "summary_fg_p95": 29274.39013671875,
  "summary_fg_stdv": 4276.9462890625,
  "tsnr": 84.21050262451172
}