{
  "aor": 0.0008972757475083056,
  "aqi": 0.0047532675747508305,
  "bids_meta": {
    "AcquisitionNumber": 4,
    "BIDSVersion": "1.1.0",
    "BidsifyVersion": "0.3.1",
    "ConversionSoftware": "dcm2niix",
    "ConversionSoftwareVersion": "v1.0.20181125  GCC5.4.0",
    "EchoTime": 0.02762,
    "FlipAngle": 76.1,
    "ImageComments": "PredictingMentalizing",
    "ImageOrientationPatientDICOM": [
      0.99681,
      0.0750276,
      -0.0272278,
      -0.0796761,
      0.91524,
      -0.394952
    ],
    "InstitutionName": "Spinoza Centre for Neuroimaging, location REC",
    "MagneticFieldStrength": 3,
    "Manufacturer": "Philips",
    "ParallelAcquisitionTechnique": "SENSE",
    "ParallelReductionFactorInPlane": 2,
    "PatientPosition": "HFS",
    "PhaseEncodingDirection": "j",
    "PhilipsRescaleIntercept": 0,
    "PhilipsRescaleSlope": 0.87521,
    "PhilipsScaleSlope": 0.0678335,
    "ProtocolName": "WIPPM_Zinnen2SENSE",
    "ReconMatrixPE": 80,
    "RepetitionTime": 2,
    "SeriesDescription": "ImageMRSERIES",
    "SeriesNumber": 4,
    "SliceEncodingDirection": "k",
    "SliceTiming": [
      0.0,
      0.05405405405405406,
      0.10810810810810811,
      0.16216216216216217,
      0.21621621621621623,
      0.2702702702702703,
      0.32432432432432434,
      0.3783783783783784,
      0.43243243243243246,
      0.4864864864864865,
      0.5405405405405406,
      0.5945945945945946,
      0.6486486486486487,
      0.7027027027027027,
      0.7567567567567568,
      0.8108108108108109,
      0.8648648648648649,
      0.918918918918919,
      0.972972972972973,
      1.0270270270270272,
      1.0810810810810811,
      1.135135135135135,
      1.1891891891891893,
      1.2432432432432434,
      1.2972972972972974,
      1.3513513513513513,
      1.4054054054054055,
      1.4594594594594597,
      1.5135135135135136,
      1.5675675675675675,
      1.6216216216216217,
      1.6756756756756759,
      1.7297297297297298,
      1.7837837837837838,
      1.837837837837838,
      1.891891891891892,
      1.945945945945946
    ],
    "TaskName": "self",
    "UsePhilipsFloatNotDisplayScaling": 1,
    "WaterFatShift": 12,
    "dataset": "unknown",
    "modality": "bold",
    "run_id": 2,
    "session_id": "1",
    "subject_id": "03",
    "task_id": "self"
  },
  "dummy_trs": 0,
  "dvars_nstd": 23.381774501800013,
  "dvars_std": 1.3835658723666673,
  "dvars_vstd": 1.0051903924333325,
  "efc": 0.38470966452055366,
  "fber": 349982176.0,
  "fd_mean": 0.14446215016179692,
  "fd_num": 61,
  "fd_perc": 20.26578073089701,
  "fwhm_avg": 2.5035385967404715,
  "fwhm_x": 2.57137,
  "fwhm_y": 2.6799700000000004,
  "fwhm_z": 2.259275790221414,
  "gcor": 0.0219757,
  "gsr_x": -0.0003810910857282579,
  "gsr_y": -0.00045445907744579017,
  "provenance": {
    "md5sum": "9baec5e278b4d929cf8d442d801c4f2c",
    "settings": {
      "fd_thres": 0.2,
      "hmc_fsl": false
    },
    "software": "mriqc",
    "version": "0.15.0",
    "webapi_port": null,
    "webapi_url": "https://mriqc.nimh.nih.gov/api/v1"
  },
  "size_t": 301,
  "size_x": 80,
  "size_y": 80,
  "size_z": 37,
  "snr": 5.551803518234711,
  "spacing_tr": 2.0,
  "spacing_x": 3.0,
  "spacing_y": 3.0,
  "spacing_z": 3.299999952316284,
  "spikes_num": 2,
  "summary_bg_k": 114.08160786056874,
  "summary_bg_mad": 1.7234190702438354,
  "summary_bg_mean": 172.83351135253906,
  "summary_bg_median": 1.1706171035766602,
  "summary_bg_n": 157723.0,
  "summary_bg_p05": 0.0018330660881474615,
  "summary_bg_p95": 789.0732971191363,
  "summary_bg_stdv": 1009.3524169921875,
  "summary_fg_k": 3.7785181769707554,
  "summary_fg_mad": 3508.37548828125,
  "summary_fg_mean": 23373.26953125,
  "summary_fg_median": 23479.525390625,
  "summary_fg_n": 38048.0,
  "summary_fg_p05": 16863.1447265625,
  "summary_fg_p95": 29297.17041015625,
  "summary_fg_stdv": 4229.115234375,
  "tsnr": 88.89275360107422
}