{
  "aor": 0.001449980879541109,
  "aqi": 0.0082961582791587,
  "bids_meta": {
    "AcquisitionNumber": 2,
    "BIDSVersion": "1.1.0",
    "BidsifyVersion": "0.3.1",
    "ConversionSoftware": "dcm2niix",
    "ConversionSoftwareVersion": "v1.0.20181125  GCC5.4.0",
    "EchoTime": 0.02762,
    "FlipAngle": 76.1,
    "ImageComments": "PredictingMentalizing",
    "ImageOrientationPatientDICOM": [
      0.99681,
      0.0750276,
      -0.0272278,
      -0.0796761,
      0.91524,
      -0.394952
    ],
    "InstitutionName": "Spinoza Centre for Neuroimaging, location REC",
    "MagneticFieldStrength": 3,
    "Manufacturer": "Philips",
    "ParallelAcquisitionTechnique": "SENSE",
    "ParallelReductionFactorInPlane": 2,
    "PatientPosition": "HFS",
    "PhaseEncodingDirection": "j",
    "PhilipsRescaleIntercept": 0,
    "PhilipsRescaleSlope": 0.78217,
    "PhilipsScaleSlope": 0.0642542,
    "ProtocolName": "WIPPM_HWWSENSE",
    "ReconMatrixPE": 80,
    "RepetitionTime": 2,
    "SeriesDescription": "ImageMRSERIES",
    "SeriesNumber": 2,
    "SliceEncodingDirection": "k",
    "SliceTiming": [
      0.0,
      0.05405405405405406,
      0.10810810810810811,
      0.16216216216216217,
      0.21621621621621623,
      0.2702702702702703,
      0.32432432432432434,
      0.3783783783783784,
      0.43243243243243246,
      0.4864864864864865,
      0.5405405405405406,
      0.5945945945945946,
      0.6486486486486487,
      0.7027027027027027,
      0.7567567567567568,
      0.8108108108108109,
      0.8648648648648649,
      0.918918918918919,
      0.972972972972973,
      1.0270270270270272,
      1.0810810810810811,
      1.135135135135135,
      1.1891891891891893,
      1.2432432432432434,
      1.2972972972972974,
      1.3513513513513513,
      1.4054054054054055,
      1.4594594594594597,
      1.5135135135135136,
      1.5675675675675675,
      1.6216216216216217,
      1.6756756756756759,
      1.7297297297297298,
      1.7837837837837838,
      1.837837837837838,
      1.891891891891892,
      1.945945945945946
    ],
    "TaskName": "other",
    "UsePhilipsFloatNotDisplayScaling": 1,
    "WaterFatShift": 12,
    "dataset": "unknown",
    "modality": "bold",
    "session_id": "1",
    "subject_id": "03",
    "task_id": "other"
  },
  "dummy_trs": 0,
  "dvars_nstd": 22.655576645574712,
  "dvars_std": 1.3173983577586192,
  "dvars_vstd": 2.4093480028735628,
  "efc": 0.3844531553825628,
  "fber": 419469728.0,
  "fd_mean": 0.12347885996523617,
  "fd_num": 44,
  "fd_perc": 8.413001912045889,
  "fwhm_avg": 2.513518495821417,
  "fwhm_x": 2.572433333333333,
  "fwhm_y": 2.6899433333333334,
  "fwhm_z": 2.2781788207975855,
  "gcor": 0.0220858,
  "gsr_x": -0.00029402427026070654,
  "gsr_y": 0.000488869845867157,
  "provenance": {
    "md5sum": "00700637371da1a4c0157737bd546bc0",
    "settings": {
      "fd_thres": 0.2,
      "hmc_fsl": false
    },
    "software": "mriqc",
    "version": "0.15.0",
    "webapi_port": null,
    "webapi_url": "https://mriqc.nimh.nih.gov/api/v1"
  },
  "size_t": 523,
  "size_x": 80,
  "size_y": 80,
  "size_z": 37,
  "snr": 5.460330737279883,
  "spacing_tr": 2.0,
  "spacing_x": 3.0,
  "spacing_y": 3.0,
  "spacing_z": 3.299999952316284,
  "spikes_num": 0,
  "summary_bg_k": 175.54890729530166,
  "summary_bg_mad": 1.5504463911056519,
  "summary_bg_mean": 173.03013610839844,
  "summary_bg_median": 1.0458861589431763,
  "summary_bg_n": 157863.0,
  "summary_bg_p05": 0.0,
  "summary_bg_p95": 775.3282897949207,
  "summary_bg_stdv": 1013.7327270507812,
  "summary_fg_k": 3.816561863239948,
  "summary_fg_mad": 3570.47119140625,
  "summary_fg_mean": 23566.181640625,
  "summary_fg_median": 23714.02734375,
  "summary_fg_n": 37980.0,
  "summary_fg_p05": 16754.34375,
  "summary_fg_p95": 29594.1876953125,
  "summary_fg_stdv": 4342.908203125,
  "tsnr": 67.48684692382812
}