{
    "Manufacturer": "Philips",
    "PatientPosition": "HFS",
    "SeriesDescription": "ImageMRSERIES",
    "ProtocolName": "WIPsT13DTFE_P25_S2_3mSENSE",
    "SeriesNumber": 5,
    "AcquisitionNumber": 5,
    "ImageComments": "PredictingMentalizing",
    "PhilipsRescaleSlope": 13.6469,
    "PhilipsRescaleIntercept": 0,
    "PhilipsScaleSlope": 0.0056162,
    "UsePhilipsFloatNotDisplayScaling": 1,
    "EchoTime": 0.00378,
    "RepetitionTime": 0.008207,
    "ReconMatrixPE": 240,
    "ImageOrientationPatientDICOM": [
        0.997111,
        0.0751265,
        -0.0111687,
        -0.0742732,
        0.995218,
        0.0634471
    ],
    "ConversionSoftware": "dcm2niix",
    "ConversionSoftwareVersion": "v1.0.20181125  GCC5.4.0",
    "BidsifyVersion": "0.3.1",
    "MagneticFieldStrength": 3,
    "ParallelAcquisitionTechnique": "SENSE",
    "BIDSVersion": "1.1.0",
    "InstitutionName": "Spinoza Centre for Neuroimaging, location REC"
}