{
  "bids_meta": {
    "AcquisitionNumber": 3,
    "BIDSVersion": "1.1.0",
    "BidsifyVersion": "0.3.1",
    "ConversionSoftware": "dcm2niix",
    "ConversionSoftwareVersion": "v1.0.20181125  GCC5.4.0",
    "EchoTime": 0.00374,
    "ImageComments": "HWW",
    "ImageOrientationPatientDICOM": [
      0.999551,
      0.0125015,
      0.027214,
      -0.011689,
      0.999487,
      -0.0298121
    ],
    "InstitutionName": "Spinoza Centre for Neuroimaging, location REC",
    "MagneticFieldStrength": 3,
    "Manufacturer": "Philips",
    "ParallelAcquisitionTechnique": "SENSE",
    "PatientPosition": "HFS",
    "PhilipsRescaleIntercept": 0,
    "PhilipsRescaleSlope": 15.2344,
    "PhilipsScaleSlope": 0.000295349,
    "ProtocolName": "WIPsT13DTFE_P25_S2_3mSENSE",
    "ReconMatrixPE": 240,
    "RepetitionTime": 0.008197,
    "SeriesDescription": "ImageMRSERIES",
    "SeriesNumber": 3,
    "UsePhilipsFloatNotDisplayScaling": 1,
    "dataset": "unknown",
    "modality": "T1w",
    "session_id": "1",
    "subject_id": "13"
  },
  "cjv": 0.3486804578333683,
  "cnr": 3.6193740962817755,
  "efc": 0.7632781745407887,
  "fber": 2058.489013671875,
  "fwhm_avg": 3.739989710391397,
  "fwhm_x": 3.698469559108071,
  "fwhm_y": 3.93173,
  "fwhm_z": 3.58976957206612,
  "icvs_csf": 0.20943349876368955,
  "icvs_gm": 0.42585222246412646,
  "icvs_wm": 0.364714278772184,
  "inu_med": 3.9477477073669434,
  "inu_range": 1.0871372818946838,
  "provenance": {
    "md5sum": "290268aa205864fb8e65b71fd3f5ed87",
    "settings": {
      "testing": false
    },
    "software": "mriqc",
    "version": "0.15.0",
    "warnings": {
      "large_rot_frame": true,
      "small_air_mask": true
    },
    "webapi_port": null,
    "webapi_url": "https://mriqc.nimh.nih.gov/api/v1"
  },
  "qi_1": 0.0005039714368864503,
  "qi_2": 2.619401771364656e-05,
  "rpve_csf": 26.259623504427147,
  "rpve_gm": 13.743041437117839,
  "rpve_wm": 19.85571018431952,
  "size_x": 240,
  "size_y": 240,
  "size_z": 220,
  "snr_csf": 2.195439654060696,
  "snr_gm": 6.949067518589189,
  "snr_total": 8.718220271943691,
  "snr_wm": 17.01015364318119,
  "snrd_csf": 12.226404210203452,
  "snrd_gm": 27.736228025159726,
  "snrd_total": 28.374917508223934,
  "snrd_wm": 45.16212028930864,
  "spacing_x": 1.0000001192092896,
  "spacing_y": 1.0,
  "spacing_z": 1.0000001192092896,
  "summary_bg_k": 1.2594241916230082,
  "summary_bg_mad": 14.50627326965332,
  "summary_bg_mean": 11.550670623779297,
  "summary_bg_median": 9.846813201904297,
  "summary_bg_n": 133134.0,
  "summary_bg_p05": 0.0,
  "summary_bg_p95": 29.73112649917602,
  "summary_bg_stdv": 9.934304237365723,
  "summary_csf_k": -0.7161210219630427,
  "summary_csf_mad": 154.69091796875,
  "summary_csf_mean": 264.068359375,
  "summary_csf_median": 270.7215881347656,
  "summary_csf_n": 11379.0,
  "summary_csf_p05": 73.66732025146484,
  "summary_csf_p95": 443.0084167480469,
  "summary_csf_stdv": 123.30545806884766,
  "summary_gm_k": 0.923065539294202,
  "summary_gm_mad": 80.91050720214844,
  "summary_gm_mean": 620.8480224609375,
  "summary_gm_median": 614.1458740234375,
  "summary_gm_n": 20718.0,
  "summary_gm_p05": 488.69261932373047,
  "summary_gm_p95": 780.2990417480468,
  "summary_gm_stdv": 88.37603759765625,
  "summary_wm_k": 0.8332261808937775,
  "summary_wm_mad": 53.6280517578125,
  "summary_wm_mean": 996.996337890625,
  "summary_wm_median": 999.9964599609375,
  "summary_wm_n": 202011.0,
  "summary_wm_p05": 894.9205322265625,
  "summary_wm_p95": 1087.3189086914062,
  "summary_wm_stdv": 58.788063049316406,
  "tpm_overlap_csf": 0.22538690268993378,
  "tpm_overlap_gm": 0.5143072009086609,
  "tpm_overlap_wm": 0.5622766017913818,
  "wm2max": 0.7266421192825413
}