{
  "aor": 0.0008619601328903653,
  "aqi": 0.003795702159468439,
  "bids_meta": {
    "AcquisitionNumber": 6,
    "BIDSVersion": "1.1.0",
    "BidsifyVersion": "0.3.1",
    "ConversionSoftware": "dcm2niix",
    "ConversionSoftwareVersion": "v1.0.20181125  GCC5.4.0",
    "EchoTime": 0.02763,
    "FlipAngle": 76.1,
    "ImageComments": "HWW",
    "ImageOrientationPatientDICOM": [
      0.999483,
      -0.0290188,
      -0.0138192,
      0.0212852,
      0.919754,
      -0.391917
    ],
    "InstitutionName": "Spinoza Centre for Neuroimaging, location REC",
    "MagneticFieldStrength": 3,
    "Manufacturer": "Philips",
    "ParallelAcquisitionTechnique": "SENSE",
    "ParallelReductionFactorInPlane": 2,
    "PatientPosition": "HFS",
    "PhaseEncodingDirection": "j",
    "PhilipsRescaleIntercept": 0,
    "PhilipsRescaleSlope": 2.69524,
    "PhilipsScaleSlope": 0.00117104,
    "ProtocolName": "WIPPM_Zinnen2SENSE",
    "ReconMatrixPE": 80,
    "RepetitionTime": 2,
    "SeriesDescription": "ImageMRSERIES",
    "SeriesNumber": 6,
    "SliceEncodingDirection": "k",
    "SliceTiming": [
      0.0,
      0.05405405405405406,
      0.10810810810810811,
      0.16216216216216217,
      0.21621621621621623,
      0.2702702702702703,
      0.32432432432432434,
      0.3783783783783784,
      0.43243243243243246,
      0.4864864864864865,
      0.5405405405405406,
      0.5945945945945946,
      0.6486486486486487,
      0.7027027027027027,
      0.7567567567567568,
      0.8108108108108109,
      0.8648648648648649,
      0.918918918918919,
      0.972972972972973,
      1.0270270270270272,
      1.0810810810810811,
      1.135135135135135,
      1.1891891891891893,
      1.2432432432432434,
      1.2972972972972974,
      1.3513513513513513,
      1.4054054054054055,
      1.4594594594594597,
      1.5135135135135136,
      1.5675675675675675,
      1.6216216216216217,
      1.6756756756756759,
      1.7297297297297298,
      1.7837837837837838,
      1.837837837837838,
      1.891891891891892,
      1.945945945945946
    ],
    "TaskName": "self",
    "UsePhilipsFloatNotDisplayScaling": 1,
    "WaterFatShift": 12,
    "dataset": "unknown",
    "modality": "bold",
    "run_id": 2,
    "session_id": "2",
    "subject_id": "17",
    "task_id": "self"
  },
  "dummy_trs": 0,
  "dvars_nstd": 18.113959337733316,
  "dvars_std": 1.1973549456999997,
  "dvars_vstd": 0.9907729176333328,
  "efc": 0.39999638477686866,
  "fber": 2349317376.0,
  "fd_mean": 0.10472678579763489,
  "fd_num": 11,
  "fd_perc": 3.654485049833887,
  "fwhm_avg": 2.637164498335389,
  "fwhm_x": 2.54479,
  "fwhm_y": 2.9210066666666665,
  "fwhm_z": 2.4456968283395,
  "gcor": 0.0154249,
  "gsr_x": -0.005109329707920551,
  "gsr_y": 0.004212412983179092,
  "provenance": {
    "md5sum": "96fd27bdba3a3c877a894068159458b5",
    "settings": {
      "fd_thres": 0.2,
      "hmc_fsl": false
    },
    "software": "mriqc",
    "version": "0.15.0",
    "webapi_port": null,
    "webapi_url": "https://mriqc.nimh.nih.gov/api/v1"
  },
  "size_t": 301,
  "size_x": 80,
  "size_y": 80,
  "size_z": 37,
  "snr": 4.808913220116129,
  "spacing_tr": 2.0,
  "spacing_x": 3.0,
  "spacing_y": 3.0,
  "spacing_z": 3.3000001907348633,
  "spikes_num": 0,
  "summary_bg_k": 82.16226407147603,
  "summary_bg_mad": 9.527328491210938,
  "summary_bg_mean": 2815.70068359375,
  "summary_bg_median": 6.471066951751709,
  "summary_bg_n": 154539.0,
  "summary_bg_p05": 0.022097713313996792,
  "summary_bg_p95": 10230.278320312502,
  "summary_bg_stdv": 15587.9990234375,
  "summary_fg_k": 3.538622059449197,
  "summary_fg_mad": 58463.5,
  "summary_fg_mean": 353667.90625,
  "summary_fg_median": 350815.46875,
  "summary_fg_n": 41055.0,
  "summary_fg_p05": 245359.14218750002,
  "summary_fg_p95": 459560.4374999999,
  "summary_fg_stdv": 72950.203125,
  "tsnr": 80.3584976196289
}