{
  "aor": 0.0013318936877076413,
  "aqi": 0.005376855083056479,
  "bids_meta": {
    "AcquisitionNumber": 5,
    "BIDSVersion": "1.1.0",
    "BidsifyVersion": "0.3.1",
    "ConversionSoftware": "dcm2niix",
    "ConversionSoftwareVersion": "v1.0.20181125  GCC5.4.0",
    "EchoTime": 0.02762,
    "FlipAngle": 76.1,
    "ImageComments": "PredictingMentalizing",
    "ImageOrientationPatientDICOM": [
      0.996614,
      0.0798598,
      -0.0195833,
      -0.0817614,
      0.937193,
      -0.339093
    ],
    "InstitutionName": "Spinoza Centre for Neuroimaging, location REC",
    "MagneticFieldStrength": 3,
    "Manufacturer": "Philips",
    "ParallelAcquisitionTechnique": "SENSE",
    "ParallelReductionFactorInPlane": 2,
    "PatientPosition": "HFS",
    "PhaseEncodingDirection": "j",
    "PhilipsRescaleIntercept": 0,
    "PhilipsRescaleSlope": 0.8083,
    "PhilipsScaleSlope": 0.0552049,
    "ProtocolName": "WIPPM_Zinnen2SENSE",
    "ReconMatrixPE": 80,
    "RepetitionTime": 2,
    "SeriesDescription": "ImageMRSERIES",
    "SeriesNumber": 5,
    "SliceEncodingDirection": "k",
    "SliceTiming": [
      0.0,
      0.05405405405405406,
      0.10810810810810811,
      0.16216216216216217,
      0.21621621621621623,
      0.2702702702702703,
      0.32432432432432434,
      0.3783783783783784,
      0.43243243243243246,
      0.4864864864864865,
      0.5405405405405406,
      0.5945945945945946,
      0.6486486486486487,
      0.7027027027027027,
      0.7567567567567568,
      0.8108108108108109,
      0.8648648648648649,
      0.918918918918919,
      0.972972972972973,
      1.0270270270270272,
      1.0810810810810811,
      1.135135135135135,
      1.1891891891891893,
      1.2432432432432434,
      1.2972972972972974,
      1.3513513513513513,
      1.4054054054054055,
      1.4594594594594597,
      1.5135135135135136,
      1.5675675675675675,
      1.6216216216216217,
      1.6756756756756759,
      1.7297297297297298,
      1.7837837837837838,
      1.837837837837838,
      1.891891891891892,
      1.945945945945946
    ],
    "TaskName": "self",
    "UsePhilipsFloatNotDisplayScaling": 1,
    "WaterFatShift": 12,
    "dataset": "unknown",
    "modality": "bold",
    "run_id": 2,
    "session_id": "1",
    "subject_id": "14",
    "task_id": "self"
  },
  "dummy_trs": 0,
  "dvars_nstd": 23.383546218899998,
  "dvars_std": 1.2517274396666669,
  "dvars_vstd": 1.2500628838333327,
  "efc": 0.4121973734841458,
  "fber": 118430864.0,
  "fd_mean": 0.11013842679486235,
  "fd_num": 14,
  "fd_perc": 4.651162790697675,
  "fwhm_avg": 2.374228899847795,
  "fwhm_x": 2.310373333333333,
  "fwhm_y": 2.5370466666666665,
  "fwhm_z": 2.2752666995433852,
  "gcor": 0.0152472,
  "gsr_x": 2.7156042051501572e-05,
  "gsr_y": 0.002902825828641653,
  "provenance": {
    "md5sum": "ae978e6b7c4de1de2d20a5f7207f520e",
    "settings": {
      "fd_thres": 0.2,
      "hmc_fsl": false
    },
    "software": "mriqc",
    "version": "0.15.0",
    "webapi_port": null,
    "webapi_url": "https://mriqc.nimh.nih.gov/api/v1"
  },
  "size_t": 301,
  "size_x": 80,
  "size_y": 80,
  "size_z": 37,
  "snr": 4.425117982710251,
  "spacing_tr": 2.0,
  "spacing_x": 3.0,
  "spacing_y": 3.0,
  "spacing_z": 3.299999952316284,
  "spikes_num": 0,
  "summary_bg_k": 78.23541047284226,
  "summary_bg_mad": 2.790426731109619,
  "summary_bg_mean": 210.80723571777344,
  "summary_bg_median": 1.9147000312805176,
  "summary_bg_n": 151909.0,
  "summary_bg_p05": 0.013101952709257608,
  "summary_bg_p95": 993.0015991210945,
  "summary_bg_stdv": 1056.043212890625,
  "summary_fg_k": 2.4031322846103897,
  "summary_fg_mad": 4426.34375,
  "summary_fg_mean": 24123.96875,
  "summary_fg_median": 23808.09765625,
  "summary_fg_n": 43502.0,
  "summary_fg_p05": 16233.746240234375,
  "summary_fg_p95": 32776.469140624984,
  "summary_fg_stdv": 5380.15576171875,
  "tsnr": 64.54174041748047
}