{
  "aor": 0.001056544850498339,
  "aqi": 0.006658439734219269,
  "bids_meta": {
    "AcquisitionNumber": 3,
    "BIDSVersion": "1.1.0",
    "BidsifyVersion": "0.3.1",
    "ConversionSoftware": "dcm2niix",
    "ConversionSoftwareVersion": "v1.0.20181125  GCC5.4.0",
    "EchoTime": 0.02762,
    "FlipAngle": 76.1,
    "ImageComments": "PredictingMentalizing",
    "ImageOrientationPatientDICOM": [
      0.996614,
      0.0798598,
      -0.0195833,
      -0.0817614,
      0.937193,
      -0.339093
    ],
    "InstitutionName": "Spinoza Centre for Neuroimaging, location REC",
    "MagneticFieldStrength": 3,
    "Manufacturer": "Philips",
    "ParallelAcquisitionTechnique": "SENSE",
    "ParallelReductionFactorInPlane": 2,
    "PatientPosition": "HFS",
    "PhaseEncodingDirection": "j",
    "PhilipsRescaleIntercept": 0,
    "PhilipsRescaleSlope": 0.83712,
    "PhilipsScaleSlope": 0.0546289,
    "ProtocolName": "WIPPM_Zinnen1SENSE",
    "ReconMatrixPE": 80,
    "RepetitionTime": 2,
    "SeriesDescription": "ImageMRSERIES",
    "SeriesNumber": 3,
    "SliceEncodingDirection": "k",
    "SliceTiming": [
      0.0,
      0.05405405405405406,
      0.10810810810810811,
      0.16216216216216217,
      0.21621621621621623,
      0.2702702702702703,
      0.32432432432432434,
      0.3783783783783784,
      0.43243243243243246,
      0.4864864864864865,
      0.5405405405405406,
      0.5945945945945946,
      0.6486486486486487,
      0.7027027027027027,
      0.7567567567567568,
      0.8108108108108109,
      0.8648648648648649,
      0.918918918918919,
      0.972972972972973,
      1.0270270270270272,
      1.0810810810810811,
      1.135135135135135,
      1.1891891891891893,
      1.2432432432432434,
      1.2972972972972974,
      1.3513513513513513,
      1.4054054054054055,
      1.4594594594594597,
      1.5135135135135136,
      1.5675675675675675,
      1.6216216216216217,
      1.6756756756756759,
      1.7297297297297298,
      1.7837837837837838,
      1.837837837837838,
      1.891891891891892,
      1.945945945945946
    ],
    "TaskName": "self",
    "UsePhilipsFloatNotDisplayScaling": 1,
    "WaterFatShift": 12,
    "dataset": "unknown",
    "modality": "bold",
    "run_id": 1,
    "session_id": "1",
    "subject_id": "14",
    "task_id": "self"
  },
  "dummy_trs": 0,
  "dvars_nstd": 20.767261225299986,
  "dvars_std": 1.1593335385000003,
  "dvars_vstd": 0.954428897933333,
  "efc": 0.4113551137493962,
  "fber": 252374640.0,
  "fd_mean": 0.09492799893793746,
  "fd_num": 3,
  "fd_perc": 0.9966777408637874,
  "fwhm_avg": 2.3868384959132527,
  "fwhm_x": 2.3166533333333335,
  "fwhm_y": 2.5466166666666665,
  "fwhm_z": 2.297245487739758,
  "gcor": 0.013612,
  "gsr_x": -5.326429891283624e-05,
  "gsr_y": 0.002585656475275755,
  "provenance": {
    "md5sum": "54d0088b3120527d3fc4bf7de4ad662d",
    "settings": {
      "fd_thres": 0.2,
      "hmc_fsl": false
    },
    "software": "mriqc",
    "version": "0.15.0",
    "webapi_port": null,
    "webapi_url": "https://mriqc.nimh.nih.gov/api/v1"
  },
  "size_t": 301,
  "size_x": 80,
  "size_y": 80,
  "size_z": 37,
  "snr": 4.458600310279963,
  "spacing_tr": 2.0,
  "spacing_x": 3.0,
  "spacing_y": 3.0,
  "spacing_z": 3.299999952316284,
  "spikes_num": 0,
  "summary_bg_k": 78.40415756461728,
  "summary_bg_mad": 1.9271401166915894,
  "summary_bg_mean": 205.1341094970703,
  "summary_bg_median": 1.3096740245819092,
  "summary_bg_n": 151924.0,
  "summary_bg_p05": 0.00510759202297777,
  "summary_bg_p95": 961.1917388916022,
  "summary_bg_stdv": 1047.6123046875,
  "summary_fg_k": 2.484335848150491,
  "summary_fg_mad": 4370.4189453125,
  "summary_fg_mean": 24224.939453125,
  "summary_fg_median": 23915.279296875,
  "summary_fg_n": 43537.0,
  "summary_fg_p05": 16334.76875,
  "summary_fg_p95": 32757.401562499996,
  "summary_fg_stdv": 5363.7919921875,
  "tsnr": 60.43449020385742
}