{
  "aor": 0.0011029568106312292,
  "aqi": 0.005043536146179402,
  "bids_meta": {
    "AcquisitionNumber": 3,
    "BIDSVersion": "1.1.0",
    "BidsifyVersion": "0.3.1",
    "ConversionSoftware": "dcm2niix",
    "ConversionSoftwareVersion": "v1.0.20181125  GCC5.4.0",
    "EchoTime": 0.02762,
    "FlipAngle": 76.1,
    "ImageComments": "PredictingMentalizing",
    "ImageOrientationPatientDICOM": [
      0.998847,
      0.0449048,
      0.0169728,
      -0.0373243,
      0.948793,
      -0.313685
    ],
    "InstitutionName": "Spinoza Centre for Neuroimaging, location REC",
    "MagneticFieldStrength": 3,
    "Manufacturer": "Philips",
    "ParallelAcquisitionTechnique": "SENSE",
    "ParallelReductionFactorInPlane": 2,
    "PatientPosition": "HFS",
    "PhaseEncodingDirection": "j",
    "PhilipsRescaleIntercept": 0,
    "PhilipsRescaleSlope": 0.75092,
    "PhilipsScaleSlope": 0.0567209,
    "ProtocolName": "WIPPM_Zinnen1SENSE",
    "ReconMatrixPE": 80,
    "RepetitionTime": 2,
    "SeriesDescription": "ImageMRSERIES",
    "SeriesNumber": 3,
    "SliceEncodingDirection": "k",
    "SliceTiming": [
      0.0,
      0.05405405405405406,
      0.10810810810810811,
      0.16216216216216217,
      0.21621621621621623,
      0.2702702702702703,
      0.32432432432432434,
      0.3783783783783784,
      0.43243243243243246,
      0.4864864864864865,
      0.5405405405405406,
      0.5945945945945946,
      0.6486486486486487,
      0.7027027027027027,
      0.7567567567567568,
      0.8108108108108109,
      0.8648648648648649,
      0.918918918918919,
      0.972972972972973,
      1.0270270270270272,
      1.0810810810810811,
      1.135135135135135,
      1.1891891891891893,
      1.2432432432432434,
      1.2972972972972974,
      1.3513513513513513,
      1.4054054054054055,
      1.4594594594594597,
      1.5135135135135136,
      1.5675675675675675,
      1.6216216216216217,
      1.6756756756756759,
      1.7297297297297298,
      1.7837837837837838,
      1.837837837837838,
      1.891891891891892,
      1.945945945945946
    ],
    "TaskName": "self",
    "UsePhilipsFloatNotDisplayScaling": 1,
    "WaterFatShift": 12,
    "dataset": "unknown",
    "modality": "bold",
    "run_id": 1,
    "session_id": "1",
    "subject_id": "12",
    "task_id": "self"
  },
  "dummy_trs": 0,
  "dvars_nstd": 23.92869689286665,
  "dvars_std": 1.2862525583000008,
  "dvars_vstd": 0.9917746940666674,
  "efc": 0.43521366639934966,
  "fber": 331598944.0,
  "fd_mean": 0.18301566691753643,
  "fd_num": 106,
  "fd_perc": 35.21594684385382,
  "fwhm_avg": 2.5513533445921492,
  "fwhm_x": 2.4836933333333335,
  "fwhm_y": 2.8328333333333333,
  "fwhm_z": 2.337533367109781,
  "gcor": 0.0101425,
  "gsr_x": -0.003118697553873062,
  "gsr_y": 0.008331891149282455,
  "provenance": {
    "md5sum": "5ca9fb90609a59c5c781685a7808efc1",
    "settings": {
      "fd_thres": 0.2,
      "hmc_fsl": false
    },
    "software": "mriqc",
    "version": "0.15.0",
    "webapi_port": null,
    "webapi_url": "https://mriqc.nimh.nih.gov/api/v1"
  },
  "size_t": 301,
  "size_x": 80,
  "size_y": 80,
  "size_z": 37,
  "snr": 4.586488489036095,
  "spacing_tr": 2.0,
  "spacing_x": 3.0,
  "spacing_y": 3.0,
  "spacing_z": 3.299999952316284,
  "spikes_num": 0,
  "summary_bg_k": 83.9197006337081,
  "summary_bg_mad": 1.753473162651062,
  "summary_bg_mean": 192.08297729492188,
  "summary_bg_median": 1.193733811378479,
  "summary_bg_n": 146237.0,
  "summary_bg_p05": 0.0017649050569161773,
  "summary_bg_p95": 1101.1896240234303,
  "summary_bg_stdv": 1002.8760986328125,
  "summary_fg_k": 1.786745978413581,
  "summary_fg_mad": 4533.609375,
  "summary_fg_mean": 24198.470703125,
  "summary_fg_median": 23836.984375,
  "summary_fg_n": 48745.0,
  "summary_fg_p05": 17103.077343750003,
  "summary_fg_p95": 32982.28359375,
  "summary_fg_stdv": 5197.16552734375,
  "tsnr": 70.49373626708984
}