{
  "aor": 0.001116345514950166,
  "aqi": 0.003317879667774086,
  "bids_meta": {
    "AcquisitionNumber": 5,
    "BIDSVersion": "1.1.0",
    "BidsifyVersion": "0.3.1",
    "ConversionSoftware": "dcm2niix",
    "ConversionSoftwareVersion": "v1.0.20181125  GCC5.4.0",
    "EchoTime": 0.02762,
    "FlipAngle": 76.1,
    "ImageComments": "PredictingMentalizing",
    "ImageOrientationPatientDICOM": [
      0.998847,
      0.0449048,
      0.0169728,
      -0.0373243,
      0.948793,
      -0.313685
    ],
    "InstitutionName": "Spinoza Centre for Neuroimaging, location REC",
    "MagneticFieldStrength": 3,
    "Manufacturer": "Philips",
    "ParallelAcquisitionTechnique": "SENSE",
    "ParallelReductionFactorInPlane": 2,
    "PatientPosition": "HFS",
    "PhaseEncodingDirection": "j",
    "PhilipsRescaleIntercept": 0,
    "PhilipsRescaleSlope": 0.77973,
    "PhilipsScaleSlope": 0.0554793,
    "ProtocolName": "WIPPM_Zinnen2SENSE",
    "ReconMatrixPE": 80,
    "RepetitionTime": 2,
    "SeriesDescription": "ImageMRSERIES",
    "SeriesNumber": 5,
    "SliceEncodingDirection": "k",
    "SliceTiming": [
      0.0,
      0.05405405405405406,
      0.10810810810810811,
      0.16216216216216217,
      0.21621621621621623,
      0.2702702702702703,
      0.32432432432432434,
      0.3783783783783784,
      0.43243243243243246,
      0.4864864864864865,
      0.5405405405405406,
      0.5945945945945946,
      0.6486486486486487,
      0.7027027027027027,
      0.7567567567567568,
      0.8108108108108109,
      0.8648648648648649,
      0.918918918918919,
      0.972972972972973,
      1.0270270270270272,
      1.0810810810810811,
      1.135135135135135,
      1.1891891891891893,
      1.2432432432432434,
      1.2972972972972974,
      1.3513513513513513,
      1.4054054054054055,
      1.4594594594594597,
      1.5135135135135136,
      1.5675675675675675,
      1.6216216216216217,
      1.6756756756756759,
      1.7297297297297298,
      1.7837837837837838,
      1.837837837837838,
      1.891891891891892,
      1.945945945945946
    ],
    "TaskName": "self",
    "UsePhilipsFloatNotDisplayScaling": 1,
    "WaterFatShift": 12,
    "dataset": "unknown",
    "modality": "bold",
    "run_id": 2,
    "session_id": "1",
    "subject_id": "12",
    "task_id": "self"
  },
  "dummy_trs": 0,
  "dvars_nstd": 24.269522978966663,
  "dvars_std": 1.3639305203000012,
  "dvars_vstd": 1.0414421303333337,
  "efc": 0.435883825408515,
  "fber": 372986112.0,
  "fd_mean": 0.18228812276865475,
  "fd_num": 109,
  "fd_perc": 36.21262458471761,
  "fwhm_avg": 2.535677182888414,
  "fwhm_x": 2.46785,
  "fwhm_y": 2.81983,
  "fwhm_z": 2.3193515486652423,
  "gcor": 0.0135399,
  "gsr_x": -0.003160949796438217,
  "gsr_y": 0.007792591117322445,
  "provenance": {
    "md5sum": "ce61ea776f33f1e03a5ad7ce42ba8a2a",
    "settings": {
      "fd_thres": 0.2,
      "hmc_fsl": false
    },
    "software": "mriqc",
    "version": "0.15.0",
    "webapi_port": null,
    "webapi_url": "https://mriqc.nimh.nih.gov/api/v1"
  },
  "size_t": 301,
  "size_x": 80,
  "size_y": 80,
  "size_z": 37,
  "snr": 4.5857440775064555,
  "spacing_tr": 2.0,
  "spacing_x": 3.0,
  "spacing_y": 3.0,
  "spacing_z": 3.299999952316284,
  "spikes_num": 0,
  "summary_bg_k": 81.50056457242955,
  "summary_bg_mad": 1.6354565620422363,
  "summary_bg_mean": 197.3134002685547,
  "summary_bg_median": 1.119619369506836,
  "summary_bg_n": 146108.0,
  "summary_bg_p05": 0.0012645254784729334,
  "summary_bg_p95": 1136.6323364257762,
  "summary_bg_stdv": 1020.7562866210938,
  "summary_fg_k": 1.7892135312017965,
  "summary_fg_mad": 4553.87646484375,
  "summary_fg_mean": 24278.919921875,
  "summary_fg_median": 23915.87890625,
  "summary_fg_n": 48800.0,
  "summary_fg_p05": 17171.09736328125,
  "summary_fg_p95": 33058.96425781249,
  "summary_fg_stdv": 5215.21337890625,
  "tsnr": 83.79104614257812
}