{
  "aor": 0.0008163479923518163,
  "aqi": 0.0042260396558317405,
  "bids_meta": {
    "AcquisitionNumber": 2,
    "BIDSVersion": "1.1.0",
    "BidsifyVersion": "0.3.1",
    "ConversionSoftware": "dcm2niix",
    "ConversionSoftwareVersion": "v1.0.20181125  GCC5.4.0",
    "EchoTime": 0.02762,
    "FlipAngle": 76.1,
    "ImageComments": "PredictingMentalizing",
    "ImageOrientationPatientDICOM": [
      0.998847,
      0.0449048,
      0.0169728,
      -0.0373243,
      0.948793,
      -0.313685
    ],
    "InstitutionName": "Spinoza Centre for Neuroimaging, location REC",
    "MagneticFieldStrength": 3,
    "Manufacturer": "Philips",
    "ParallelAcquisitionTechnique": "SENSE",
    "ParallelReductionFactorInPlane": 2,
    "PatientPosition": "HFS",
    "PhaseEncodingDirection": "j",
    "PhilipsRescaleIntercept": 0,
    "PhilipsRescaleSlope": 0.76777,
    "PhilipsScaleSlope": 0.0559478,
    "ProtocolName": "WIPPM_HWWSENSE",
    "ReconMatrixPE": 80,
    "RepetitionTime": 2,
    "SeriesDescription": "ImageMRSERIES",
    "SeriesNumber": 2,
    "SliceEncodingDirection": "k",
    "SliceTiming": [
      0.0,
      0.05405405405405406,
      0.10810810810810811,
      0.16216216216216217,
      0.21621621621621623,
      0.2702702702702703,
      0.32432432432432434,
      0.3783783783783784,
      0.43243243243243246,
      0.4864864864864865,
      0.5405405405405406,
      0.5945945945945946,
      0.6486486486486487,
      0.7027027027027027,
      0.7567567567567568,
      0.8108108108108109,
      0.8648648648648649,
      0.918918918918919,
      0.972972972972973,
      1.0270270270270272,
      1.0810810810810811,
      1.135135135135135,
      1.1891891891891893,
      1.2432432432432434,
      1.2972972972972974,
      1.3513513513513513,
      1.4054054054054055,
      1.4594594594594597,
      1.5135135135135136,
      1.5675675675675675,
      1.6216216216216217,
      1.6756756756756759,
      1.7297297297297298,
      1.7837837837837838,
      1.837837837837838,
      1.891891891891892,
      1.945945945945946
    ],
    "TaskName": "other",
    "UsePhilipsFloatNotDisplayScaling": 1,
    "WaterFatShift": 12,
    "dataset": "unknown",
    "modality": "bold",
    "session_id": "1",
    "subject_id": "12",
    "task_id": "other"
  },
  "dummy_trs": 0,
  "dvars_nstd": 24.714481298812245,
  "dvars_std": 1.343543393946361,
  "dvars_vstd": 1.0206246335440612,
  "efc": 0.43516092127709166,
  "fber": 382907840.0,
  "fd_mean": 0.17292555501627593,
  "fd_num": 156,
  "fd_perc": 29.82791586998088,
  "fwhm_avg": 2.524017485855898,
  "fwhm_x": 2.4588300000000003,
  "fwhm_y": 2.8069133333333336,
  "fwhm_z": 2.3063091242343603,
  "gcor": 0.0094402,
  "gsr_x": -0.003259349847212434,
  "gsr_y": 0.009107115678489208,
  "provenance": {
    "md5sum": "fd859598e3dde7c61d5de67c9f541761",
    "settings": {
      "fd_thres": 0.2,
      "hmc_fsl": false
    },
    "software": "mriqc",
    "version": "0.15.0",
    "webapi_port": null,
    "webapi_url": "https://mriqc.nimh.nih.gov/api/v1"
  },
  "size_t": 523,
  "size_x": 80,
  "size_y": 80,
  "size_z": 37,
  "snr": 4.621056459184017,
  "spacing_tr": 2.0,
  "spacing_x": 3.0,
  "spacing_y": 3.0,
  "spacing_z": 3.299999952316284,
  "spikes_num": 1,
  "summary_bg_k": 83.4918160365272,
  "summary_bg_mad": 1.4955328702926636,
  "summary_bg_mean": 201.7021942138672,
  "summary_bg_median": 1.0087215900421143,
  "summary_bg_n": 146420.0,
  "summary_bg_p05": 0.0,
  "summary_bg_p95": 1123.5576660156196,
  "summary_bg_stdv": 1019.9069213867188,
  "summary_fg_k": 1.8818575237653565,
  "summary_fg_mad": 4590.0556640625,
  "summary_fg_mean": 24718.576171875,
  "summary_fg_median": 24348.015625,
  "summary_fg_n": 48447.0,
  "summary_fg_p05": 17530.1822265625,
  "summary_fg_p95": 33601.5359375,
  "summary_fg_stdv": 5268.8740234375,
  "tsnr": 77.7266845703125
}