{
  "bids_meta": {
    "AcquisitionNumber": 3,
    "BIDSVersion": "1.1.0",
    "BidsifyVersion": "0.3.1",
    "ConversionSoftware": "dcm2niix",
    "ConversionSoftwareVersion": "v1.0.20181125  GCC5.4.0",
    "EchoTime": 0.00374,
    "ImageComments": "HWW",
    "ImageOrientationPatientDICOM": [
      0.999969,
      0.00356772,
      0.00695311,
      -0.00314151,
      0.998171,
      -0.0603738
    ],
    "InstitutionName": "Spinoza Centre for Neuroimaging, location REC",
    "MagneticFieldStrength": 3,
    "Manufacturer": "Philips",
    "ParallelAcquisitionTechnique": "SENSE",
    "PatientPosition": "HFS",
    "PhilipsRescaleIntercept": 0,
    "PhilipsRescaleSlope": 15.8181,
    "PhilipsScaleSlope": 0.000295564,
    "ProtocolName": "WIPsT13DTFE_P25_S2_3mSENSE",
    "ReconMatrixPE": 240,
    "RepetitionTime": 0.00818,
    "SeriesDescription": "ImageMRSERIES",
    "SeriesNumber": 3,
    "UsePhilipsFloatNotDisplayScaling": 1,
    "dataset": "unknown",
    "modality": "T1w",
    "session_id": "1",
    "subject_id": "17"
  },
  "cjv": 0.3718865426792834,
  "cnr": 3.427414597046488,
  "efc": 0.7673719498823742,
  "fber": 1148.32080078125,
  "fwhm_avg": 3.8432135624067123,
  "fwhm_x": 3.806790226902379,
  "fwhm_y": 4.023100239795461,
  "fwhm_z": 3.6997502205222976,
  "icvs_csf": 0.19928238119126218,
  "icvs_gm": 0.43029059423075333,
  "icvs_wm": 0.3704270245779845,
  "inu_med": 0.2702341079711914,
  "inu_range": 0.13112986087799072,
  "provenance": {
    "md5sum": "2723e719be3a69d76f4ba4572fc6bc13",
    "settings": {
      "testing": false
    },
    "software": "mriqc",
    "version": "0.15.0",
    "warnings": {
      "large_rot_frame": true,
      "small_air_mask": true
    },
    "webapi_port": null,
    "webapi_url": "https://mriqc.nimh.nih.gov/api/v1"
  },
  "qi_1": 0.0,
  "qi_2": 1.6864499239973126e-05,
  "rpve_csf": 27.885789235399077,
  "rpve_gm": 14.106179980193167,
  "rpve_wm": 20.330594862907038,
  "size_x": 240,
  "size_y": 240,
  "size_z": 220,
  "snr_csf": 1.9450831627231455,
  "snr_gm": 6.6923258566247625,
  "snr_total": 8.081220087152857,
  "snr_wm": 15.606251242110666,
  "snrd_csf": 7.777521532791909,
  "snrd_gm": 17.16897217471696,
  "snrd_total": 17.650337324589355,
  "snrd_wm": 28.004518266259186,
  "spacing_x": 0.9999999403953552,
  "spacing_y": 0.9999999403953552,
  "spacing_z": 0.9999999403953552,
  "summary_bg_k": 16.756011027670173,
  "summary_bg_mad": 23.394678115844727,
  "summary_bg_mean": 16.56665802001953,
  "summary_bg_median": 15.880762100219727,
  "summary_bg_n": 146661.0,
  "summary_bg_p05": 0.0,
  "summary_bg_p95": 47.37211227416992,
  "summary_bg_stdv": 15.699135780334473,
  "summary_csf_k": 0.7677076575347637,
  "summary_csf_mad": 182.87875366210938,
  "summary_csf_mean": 275.5179138183594,
  "summary_csf_median": 277.732421875,
  "summary_csf_n": 10080.0,
  "summary_csf_p05": 68.75020561218263,
  "summary_csf_p95": 491.95634460449213,
  "summary_csf_stdv": 142.7798309326172,
  "summary_gm_k": 0.6831896376716173,
  "summary_gm_mad": 84.60406494140625,
  "summary_gm_mean": 621.5223999023438,
  "summary_gm_median": 613.09765625,
  "summary_gm_n": 25023.0,
  "summary_gm_p05": 487.12656860351564,
  "summary_gm_p95": 786.7332275390625,
  "summary_gm_stdv": 91.61021423339844,
  "summary_wm_k": 0.6300904764042485,
  "summary_wm_mad": 59.29124069213867,
  "summary_wm_mean": 998.5132446289062,
  "summary_wm_median": 1000.031005859375,
  "summary_wm_n": 208269.0,
  "summary_wm_p05": 888.5083374023437,
  "summary_wm_p95": 1100.2455810546876,
  "summary_wm_stdv": 64.07872009277344,
  "tpm_overlap_csf": 0.22425270080566406,
  "tpm_overlap_gm": 0.5217240452766418,
  "tpm_overlap_wm": 0.5582127571105957,
  "wm2max": 0.6081846512842882
}