{
  "bids_meta": {
    "AcquisitionNumber": 2,
    "BIDSVersion": "1.1.0",
    "BidsifyVersion": "0.3.1",
    "ConversionSoftware": "dcm2niix",
    "ConversionSoftwareVersion": "v1.0.20181125  GCC5.4.0",
    "EchoTime": 0.00378,
    "ImageComments": "PredictingMentalizing",
    "ImageOrientationPatientDICOM": [
      0.997821,
      0.0621183,
      0.0222251,
      -0.0603302,
      0.995456,
      -0.0736694
    ],
    "InstitutionName": "Spinoza Centre for Neuroimaging, location REC",
    "MagneticFieldStrength": 3,
    "Manufacturer": "Philips",
    "ParallelAcquisitionTechnique": "SENSE",
    "PatientPosition": "HFS",
    "PhilipsRescaleIntercept": 0,
    "PhilipsRescaleSlope": 11.9011,
    "PhilipsScaleSlope": 0.00550762,
    "ProtocolName": "WIPsT13DTFE_P25_S2_3mSENSE",
    "ReconMatrixPE": 240,
    "RepetitionTime": 0.008215,
    "SeriesDescription": "ImageMRSERIES",
    "SeriesNumber": 2,
    "UsePhilipsFloatNotDisplayScaling": 1,
    "dataset": "unknown",
    "modality": "T1w",
    "session_id": "1",
    "subject_id": "25"
  },
  "cjv": 0.3920647186113778,
  "cnr": 3.3657531024463276,
  "efc": 0.765746660105067,
  "fber": 440.7071228027344,
  "fwhm_avg": 3.2523767921066358,
  "fwhm_x": 3.2092301912850254,
  "fwhm_y": 3.44353,
  "fwhm_z": 3.104370185034882,
  "icvs_csf": 0.2150392692654523,
  "icvs_gm": 0.39883466355287994,
  "icvs_wm": 0.38612606718166775,
  "inu_med": 2.063504219055176,
  "inu_range": 0.41273978948593104,
  "provenance": {
    "md5sum": "98c479dd5237be7b257503c305f64701",
    "settings": {
      "testing": false
    },
    "software": "mriqc",
    "version": "0.15.0",
    "warnings": {
      "large_rot_frame": true,
      "small_air_mask": true
    },
    "webapi_port": null,
    "webapi_url": "https://mriqc.nimh.nih.gov/api/v1"
  },
  "qi_1": 0.0,
  "qi_2": 0.000256655829685756,
  "rpve_csf": 29.154361451258733,
  "rpve_gm": 15.985468655968864,
  "rpve_wm": 21.781995318748326,
  "size_x": 240,
  "size_y": 240,
  "size_z": 220,
  "snr_csf": 2.0204537810396817,
  "snr_gm": 6.770723112377435,
  "snr_total": 8.74960141639997,
  "snr_wm": 17.457627355782794,
  "snrd_csf": 20.129984687618155,
  "snrd_gm": 35.36899263199684,
  "snrd_total": 37.26523113273794,
  "snrd_wm": 56.29671607859882,
  "spacing_x": 0.9999999403953552,
  "spacing_y": 1.0,
  "spacing_z": 0.9999999403953552,
  "summary_bg_k": 355.6937047599762,
  "summary_bg_mad": 11.636655807495117,
  "summary_bg_mean": 17.382232666015625,
  "summary_bg_median": 15.619125366210938,
  "summary_bg_n": 61491.0,
  "summary_bg_p05": 0.0,
  "summary_bg_p95": 39.91175651550293,
  "summary_bg_stdv": 17.552791595458984,
  "summary_csf_k": 41.44657408809342,
  "summary_csf_mad": 91.0077896118164,
  "summary_csf_mean": 355.31561279296875,
  "summary_csf_median": 357.5525817871094,
  "summary_csf_n": 5593.0,
  "summary_csf_p05": 139.53025817871094,
  "summary_csf_p95": 504.3235778808594,
  "summary_csf_stdv": 176.95065307617188,
  "summary_gm_k": -0.07062108117239374,
  "summary_gm_mad": 91.99644470214844,
  "summary_gm_mean": 633.5011596679688,
  "summary_gm_median": 628.230712890625,
  "summary_gm_n": 12065.0,
  "summary_gm_p05": 486.7458740234375,
  "summary_gm_p95": 792.7801147460935,
  "summary_gm_stdv": 92.78250885009766,
  "summary_wm_k": 0.666991732499504,
  "summary_wm_mad": 53.74270248413086,
  "summary_wm_mean": 1000.6361694335938,
  "summary_wm_median": 999.952880859375,
  "summary_wm_n": 193555.0,
  "summary_wm_p05": 908.2281799316406,
  "summary_wm_p95": 1095.3507934570312,
  "summary_wm_stdv": 57.27870559692383,
  "tpm_overlap_csf": 0.19939376413822174,
  "tpm_overlap_gm": 0.4867755174636841,
  "tpm_overlap_wm": 0.5661278367042542,
  "wm2max": 0.6216050686686323
}