{
  "aor": 0.0011473089700996678,
  "aqi": 0.003515147109634552,
  "bids_meta": {
    "AcquisitionNumber": 4,
    "BIDSVersion": "1.1.0",
    "BidsifyVersion": "0.3.1",
    "ConversionSoftware": "dcm2niix",
    "ConversionSoftwareVersion": "v1.0.20181125  GCC5.4.0",
    "EchoTime": 0.02762,
    "FlipAngle": 76.1,
    "ImageComments": "PredictingMentalizing",
    "ImageOrientationPatientDICOM": [
      0.997004,
      0.0734305,
      -0.0243119,
      -0.0760152,
      0.871984,
      -0.483597
    ],
    "InstitutionName": "Spinoza Centre for Neuroimaging, location REC",
    "MagneticFieldStrength": 3,
    "Manufacturer": "Philips",
    "ParallelAcquisitionTechnique": "SENSE",
    "ParallelReductionFactorInPlane": 2,
    "PatientPosition": "HFS",
    "PhaseEncodingDirection": "j",
    "PhilipsRescaleIntercept": 0,
    "PhilipsRescaleSlope": 0.88254,
    "PhilipsScaleSlope": 0.0598272,
    "ProtocolName": "WIPPM_Zinnen1SENSE",
    "ReconMatrixPE": 80,
    "RepetitionTime": 2,
    "SeriesDescription": "ImageMRSERIES",
    "SeriesNumber": 4,
    "SliceEncodingDirection": "k",
    "SliceTiming": [
      0.0,
      0.05405405405405406,
      0.10810810810810811,
      0.16216216216216217,
      0.21621621621621623,
      0.2702702702702703,
      0.32432432432432434,
      0.3783783783783784,
      0.43243243243243246,
      0.4864864864864865,
      0.5405405405405406,
      0.5945945945945946,
      0.6486486486486487,
      0.7027027027027027,
      0.7567567567567568,
      0.8108108108108109,
      0.8648648648648649,
      0.918918918918919,
      0.972972972972973,
      1.0270270270270272,
      1.0810810810810811,
      1.135135135135135,
      1.1891891891891893,
      1.2432432432432434,
      1.2972972972972974,
      1.3513513513513513,
      1.4054054054054055,
      1.4594594594594597,
      1.5135135135135136,
      1.5675675675675675,
      1.6216216216216217,
      1.6756756756756759,
      1.7297297297297298,
      1.7837837837837838,
      1.837837837837838,
      1.891891891891892,
      1.945945945945946
    ],
    "TaskName": "self",
    "UsePhilipsFloatNotDisplayScaling": 1,
    "WaterFatShift": 12,
    "dataset": "unknown",
    "modality": "bold",
    "run_id": 1,
    "session_id": "1",
    "subject_id": "11",
    "task_id": "self"
  },
  "dummy_trs": 0,
  "dvars_nstd": 17.646948719266668,
  "dvars_std": 1.1231536119333336,
  "dvars_vstd": 0.9923135909666666,
  "efc": 0.3570931942131558,
  "fber": 757713920.0,
  "fd_mean": 0.0857718741508132,
  "fd_num": 2,
  "fd_perc": 0.6644518272425249,
  "fwhm_avg": 2.4484277887525785,
  "fwhm_x": 2.4118533333333336,
  "fwhm_y": 2.6548633333333336,
  "fwhm_z": 2.2785666995910687,
  "gcor": 0.00805671,
  "gsr_x": -0.011834310367703438,
  "gsr_y": 0.008030123077332973,
  "provenance": {
    "md5sum": "7eb253e73bf4530537bf40951b0302f1",
    "settings": {
      "fd_thres": 0.2,
      "hmc_fsl": false
    },
    "software": "mriqc",
    "version": "0.15.0",
    "webapi_port": null,
    "webapi_url": "https://mriqc.nimh.nih.gov/api/v1"
  },
  "size_t": 301,
  "size_x": 80,
  "size_y": 80,
  "size_z": 37,
  "snr": 4.6100615273053736,
  "spacing_tr": 2.0,
  "spacing_x": 3.0,
  "spacing_y": 3.0,
  "spacing_z": 3.299999952316284,
  "spikes_num": 1,
  "summary_bg_k": 187.13839730160439,
  "summary_bg_mad": 1.0573132038116455,
  "summary_bg_mean": 158.48770141601562,
  "summary_bg_median": 0.7161731123924255,
  "summary_bg_n": 163923.0,
  "summary_bg_p05": 0.00109287096420303,
  "summary_bg_p95": 502.3574981689427,
  "summary_bg_stdv": 907.7327270507812,
  "summary_fg_k": 2.1128383600885696,
  "summary_fg_mad": 3899.915771484375,
  "summary_fg_mean": 21798.431640625,
  "summary_fg_median": 21581.21484375,
  "summary_fg_n": 33095.0,
  "summary_fg_p05": 14622.58720703125,
  "summary_fg_p95": 29274.031445312503,
  "summary_fg_stdv": 4681.25830078125,
  "tsnr": 77.03608703613281
}