{
  "aor": 0.0012447418738049715,
  "aqi": 0.0049301855640535375,
  "bids_meta": {
    "AcquisitionNumber": 3,
    "BIDSVersion": "1.1.0",
    "BidsifyVersion": "0.3.1",
    "ConversionSoftware": "dcm2niix",
    "ConversionSoftwareVersion": "v1.0.20181125  GCC5.4.0",
    "EchoTime": 0.02762,
    "FlipAngle": 76.1,
    "ImageComments": "PredictingMentalizing",
    "ImageOrientationPatientDICOM": [
      0.997004,
      0.0734305,
      -0.0243119,
      -0.0760152,
      0.871984,
      -0.483597
    ],
    "InstitutionName": "Spinoza Centre for Neuroimaging, location REC",
    "MagneticFieldStrength": 3,
    "Manufacturer": "Philips",
    "ParallelAcquisitionTechnique": "SENSE",
    "ParallelReductionFactorInPlane": 2,
    "PatientPosition": "HFS",
    "PhaseEncodingDirection": "j",
    "PhilipsRescaleIntercept": 0,
    "PhilipsRescaleSlope": 0.8381,
    "PhilipsScaleSlope": 0.0598067,
    "ProtocolName": "WIPPM_HWWSENSE",
    "ReconMatrixPE": 80,
    "RepetitionTime": 2,
    "SeriesDescription": "ImageMRSERIES",
    "SeriesNumber": 3,
    "SliceEncodingDirection": "k",
    "SliceTiming": [
      0.0,
      0.05405405405405406,
      0.10810810810810811,
      0.16216216216216217,
      0.21621621621621623,
      0.2702702702702703,
      0.32432432432432434,
      0.3783783783783784,
      0.43243243243243246,
      0.4864864864864865,
      0.5405405405405406,
      0.5945945945945946,
      0.6486486486486487,
      0.7027027027027027,
      0.7567567567567568,
      0.8108108108108109,
      0.8648648648648649,
      0.918918918918919,
      0.972972972972973,
      1.0270270270270272,
      1.0810810810810811,
      1.135135135135135,
      1.1891891891891893,
      1.2432432432432434,
      1.2972972972972974,
      1.3513513513513513,
      1.4054054054054055,
      1.4594594594594597,
      1.5135135135135136,
      1.5675675675675675,
      1.6216216216216217,
      1.6756756756756759,
      1.7297297297297298,
      1.7837837837837838,
      1.837837837837838,
      1.891891891891892,
      1.945945945945946
    ],
    "TaskName": "other",
    "UsePhilipsFloatNotDisplayScaling": 1,
    "WaterFatShift": 12,
    "dataset": "unknown",
    "modality": "bold",
    "session_id": "1",
    "subject_id": "11",
    "task_id": "other"
  },
  "dummy_trs": 0,
  "dvars_nstd": 17.454306372375477,
  "dvars_std": 1.1165169417241376,
  "dvars_vstd": 2.0799672337356334,
  "efc": 0.3559050302638751,
  "fber": 429117440.0,
  "fd_mean": 0.09281105838592095,
  "fd_num": 5,
  "fd_perc": 0.9560229445506692,
  "fwhm_avg": 2.440752738226423,
  "fwhm_x": 2.4101500000000002,
  "fwhm_y": 2.6379233333333336,
  "fwhm_z": 2.274184881345935,
  "gcor": 0.0075653,
  "gsr_x": -0.011971372179687023,
  "gsr_y": 0.007546937558799982,
  "provenance": {
    "md5sum": "96add01e281dad60d4055bb31d5bcbaf",
    "settings": {
      "fd_thres": 0.2,
      "hmc_fsl": false
    },
    "software": "mriqc",
    "version": "0.15.0",
    "webapi_port": null,
    "webapi_url": "https://mriqc.nimh.nih.gov/api/v1"
  },
  "size_t": 523,
  "size_x": 80,
  "size_y": 80,
  "size_z": 37,
  "snr": 4.624892659468794,
  "spacing_tr": 2.0,
  "spacing_x": 3.0,
  "spacing_y": 3.0,
  "spacing_z": 3.299999952316284,
  "spikes_num": 2,
  "summary_bg_k": 134.07827440192887,
  "summary_bg_mad": 1.4693922996520996,
  "summary_bg_mean": 155.25994873046875,
  "summary_bg_median": 1.0044896602630615,
  "summary_bg_n": 164235.0,
  "summary_bg_p05": 0.0037587103433907036,
  "summary_bg_p95": 531.4633605957022,
  "summary_bg_stdv": 881.7288818359375,
  "summary_fg_k": 2.1165757618439907,
  "summary_fg_mad": 3896.30322265625,
  "summary_fg_mean": 21824.74609375,
  "summary_fg_median": 21605.984375,
  "summary_fg_n": 32876.0,
  "summary_fg_p05": 14740.732177734375,
  "summary_fg_p95": 29250.94873046875,
  "summary_fg_stdv": 4671.6015625,
  "tsnr": 68.73641204833984
}