{
  "aor": 0.0058142524916943526,
  "aqi": 0.006496089269102989,
  "bids_meta": {
    "AcquisitionNumber": 5,
    "BIDSVersion": "1.1.0",
    "BidsifyVersion": "0.3.1",
    "ConversionSoftware": "dcm2niix",
    "ConversionSoftwareVersion": "v1.0.20181125  GCC5.4.0",
    "EchoTime": 0.02762,
    "FlipAngle": 76.1,
    "ImageComments": "PredictingMentalizing",
    "ImageOrientationPatientDICOM": [
      0.997004,
      0.0734305,
      -0.0243119,
      -0.0760152,
      0.871984,
      -0.483597
    ],
    "InstitutionName": "Spinoza Centre for Neuroimaging, location REC",
    "MagneticFieldStrength": 3,
    "Manufacturer": "Philips",
    "ParallelAcquisitionTechnique": "SENSE",
    "ParallelReductionFactorInPlane": 2,
    "PatientPosition": "HFS",
    "PhaseEncodingDirection": "j",
    "PhilipsRescaleIntercept": 0,
    "PhilipsRescaleSlope": 0.8652,
    "PhilipsScaleSlope": 0.0609942,
    "ProtocolName": "WIPPM_Zinnen2SENSE",
    "ReconMatrixPE": 80,
    "RepetitionTime": 2,
    "SeriesDescription": "ImageMRSERIES",
    "SeriesNumber": 5,
    "SliceEncodingDirection": "k",
    "SliceTiming": [
      0.0,
      0.05405405405405406,
      0.10810810810810811,
      0.16216216216216217,
      0.21621621621621623,
      0.2702702702702703,
      0.32432432432432434,
      0.3783783783783784,
      0.43243243243243246,
      0.4864864864864865,
      0.5405405405405406,
      0.5945945945945946,
      0.6486486486486487,
      0.7027027027027027,
      0.7567567567567568,
      0.8108108108108109,
      0.8648648648648649,
      0.918918918918919,
      0.972972972972973,
      1.0270270270270272,
      1.0810810810810811,
      1.135135135135135,
      1.1891891891891893,
      1.2432432432432434,
      1.2972972972972974,
      1.3513513513513513,
      1.4054054054054055,
      1.4594594594594597,
      1.5135135135135136,
      1.5675675675675675,
      1.6216216216216217,
      1.6756756756756759,
      1.7297297297297298,
      1.7837837837837838,
      1.837837837837838,
      1.891891891891892,
      1.945945945945946
    ],
    "TaskName": "self",
    "UsePhilipsFloatNotDisplayScaling": 1,
    "WaterFatShift": 12,
    "dataset": "unknown",
    "modality": "bold",
    "run_id": 2,
    "session_id": "1",
    "subject_id": "11",
    "task_id": "self"
  },
  "dummy_trs": 0,
  "dvars_nstd": 19.146545619866664,
  "dvars_std": 1.198906746199999,
  "dvars_vstd": 1.0561998114666673,
  "efc": 0.3573936103207127,
  "fber": 143603200.0,
  "fd_mean": 0.11160300426127089,
  "fd_num": 20,
  "fd_perc": 6.644518272425249,
  "fwhm_avg": 2.4687345565741485,
  "fwhm_x": 2.418953333333333,
  "fwhm_y": 2.67862,
  "fwhm_z": 2.308630336389113,
  "gcor": 0.00921944,
  "gsr_x": -0.012164345942437649,
  "gsr_y": 0.008370378986001015,
  "provenance": {
    "md5sum": "653da4e47b7ec15ce7e635b1ac3c6d50",
    "settings": {
      "fd_thres": 0.2,
      "hmc_fsl": false
    },
    "software": "mriqc",
    "version": "0.15.0",
    "webapi_port": null,
    "webapi_url": "https://mriqc.nimh.nih.gov/api/v1"
  },
  "size_t": 301,
  "size_x": 80,
  "size_y": 80,
  "size_z": 37,
  "snr": 4.603983675485282,
  "spacing_tr": 2.0,
  "spacing_x": 3.0,
  "spacing_y": 3.0,
  "spacing_z": 3.299999952316284,
  "spikes_num": 6,
  "summary_bg_k": 191.1104520902286,
  "summary_bg_mad": 2.5353338718414307,
  "summary_bg_mean": 157.80859375,
  "summary_bg_median": 1.737626075744629,
  "summary_bg_n": 163894.0,
  "summary_bg_p05": 0.007918571773916482,
  "summary_bg_p95": 490.578843688965,
  "summary_bg_stdv": 913.8638305664062,
  "summary_fg_k": 2.0550003099196434,
  "summary_fg_mad": 3954.592529296875,
  "summary_fg_mean": 21903.29296875,
  "summary_fg_median": 21712.736328125,
  "summary_fg_n": 33217.0,
  "summary_fg_p05": 14702.27265625,
  "summary_fg_p95": 29358.09609375,
  "summary_fg_stdv": 4716.0048828125,
  "tsnr": 60.46934509277344
}