{
  "bids_meta": {
    "AcquisitionNumber": 3,
    "BIDSVersion": "1.1.0",
    "BidsifyVersion": "0.3.1",
    "ConversionSoftware": "dcm2niix",
    "ConversionSoftwareVersion": "v1.0.20181125  GCC5.4.0",
    "EchoTime": 0.00379,
    "ImageComments": "HWW",
    "ImageOrientationPatientDICOM": [
      0.993842,
      -0.110794,
      0.00159444,
      0.110775,
      0.993122,
      -0.0379214
    ],
    "InstitutionName": "Spinoza Centre for Neuroimaging, location REC",
    "MagneticFieldStrength": 3,
    "Manufacturer": "Philips",
    "ParallelAcquisitionTechnique": "SENSE",
    "PatientPosition": "HFS",
    "PhilipsRescaleIntercept": 0,
    "PhilipsRescaleSlope": 14.9927,
    "PhilipsScaleSlope": 0.0002773,
    "ProtocolName": "WIPsT13DTFE_P25_S2_3mSENSE",
    "ReconMatrixPE": 240,
    "RepetitionTime": 0.008198,
    "SeriesDescription": "ImageMRSERIES",
    "SeriesNumber": 3,
    "UsePhilipsFloatNotDisplayScaling": 1,
    "dataset": "unknown",
    "modality": "T1w",
    "session_id": "1",
    "subject_id": "19"
  },
  "cjv": 0.36889735887287517,
  "cnr": 3.4219964456420002,
  "efc": 0.7623607446673365,
  "fber": 1209.509521484375,
  "fwhm_avg": 3.7168899999999994,
  "fwhm_x": 3.73567,
  "fwhm_y": 3.88724,
  "fwhm_z": 3.52776,
  "icvs_csf": 0.23116174434945996,
  "icvs_gm": 0.41996672106257316,
  "icvs_wm": 0.3488715345879668,
  "inu_med": 0.7342255115509033,
  "inu_range": 0.369922637939453,
  "provenance": {
    "md5sum": "a7b4fda7045c43009dc4abb74b3113e0",
    "settings": {
      "testing": false
    },
    "software": "mriqc",
    "version": "0.15.0",
    "warnings": {
      "large_rot_frame": true,
      "small_air_mask": true
    },
    "webapi_port": null,
    "webapi_url": "https://mriqc.nimh.nih.gov/api/v1"
  },
  "qi_1": 0.0,
  "qi_2": 2.32773320229979e-05,
  "rpve_csf": 28.84202518748336,
  "rpve_gm": 16.37108810989618,
  "rpve_wm": 24.9833824706563,
  "size_x": 240,
  "size_y": 240,
  "size_z": 220,
  "snr_csf": 3.456760139887187,
  "snr_gm": 6.69471740935048,
  "snr_total": 8.364194680531448,
  "snr_wm": 14.941106492356674,
  "snrd_csf": 11.329075190728947,
  "snrd_gm": 18.503893943106895,
  "snrd_total": 20.05009044856133,
  "snrd_wm": 30.31730221184816,
  "spacing_x": 1.0,
  "spacing_y": 1.0,
  "spacing_z": 1.0,
  "summary_bg_k": 1.8980170085268817,
  "summary_bg_mad": 21.60956573486328,
  "summary_bg_mean": 13.67186450958252,
  "summary_bg_median": 14.575429916381836,
  "summary_bg_n": 156916.0,
  "summary_bg_p05": 0.0,
  "summary_bg_p95": 42.926910400390625,
  "summary_bg_stdv": 13.250570297241211,
  "summary_csf_k": 1.028911778762331,
  "summary_csf_mad": 85.992919921875,
  "summary_csf_mean": 354.6050720214844,
  "summary_csf_median": 373.68768310546875,
  "summary_csf_n": 5116.0,
  "summary_csf_p05": 126.34869003295898,
  "summary_csf_p95": 501.0057601928711,
  "summary_csf_stdv": 108.09288024902344,
  "summary_gm_k": 0.458674001159324,
  "summary_gm_mad": 82.74425506591797,
  "summary_gm_mean": 617.7073974609375,
  "summary_gm_median": 610.347900390625,
  "summary_gm_n": 16806.0,
  "summary_gm_p05": 480.3682174682617,
  "summary_gm_p95": 784.0858001708984,
  "summary_gm_stdv": 91.1658706665039,
  "summary_wm_k": 1.1145560790104705,
  "summary_wm_mad": 61.00151824951172,
  "summary_wm_mean": 996.8131713867188,
  "summary_wm_median": 1000.01123046875,
  "summary_wm_n": 156430.0,
  "summary_wm_p05": 879.2866333007812,
  "summary_wm_p95": 1099.258477783203,
  "summary_wm_stdv": 66.92998504638672,
  "tpm_overlap_csf": 0.17470060288906097,
  "tpm_overlap_gm": 0.4977489113807678,
  "tpm_overlap_wm": 0.5561744570732117,
  "wm2max": 0.6209785134874937
}