{
    "Manufacturer": "Philips",
    "PatientPosition": "HFS",
    "SeriesDescription": "ImageMRSERIES",
    "ProtocolName": "WIPPM_Zinnen2SENSE",
    "SeriesNumber": 5,
    "AcquisitionNumber": 5,
    "ImageComments": "HWW",
    "PhilipsRescaleSlope": 2.31551,
    "PhilipsRescaleIntercept": 0,
    "PhilipsScaleSlope": 0.00115687,
    "UsePhilipsFloatNotDisplayScaling": 1,
    "EchoTime": 0.02763,
    "RepetitionTime": 2,
    "ReconMatrixPE": 80,
    "ImageOrientationPatientDICOM": [
        0.999692,
        -0.0224427,
        -0.010618,
        0.0167516,
        0.92536,
        -0.378718
    ],
    "ConversionSoftware": "dcm2niix",
    "ConversionSoftwareVersion": "v1.0.20181125  GCC5.4.0",
    "BidsifyVersion": "0.3.1",
    "MagneticFieldStrength": 3,
    "ParallelAcquisitionTechnique": "SENSE",
    "BIDSVersion": "1.1.0",
    "InstitutionName": "Spinoza Centre for Neuroimaging, location REC",
    "PhaseEncodingDirection": "j",
    "SliceEncodingDirection": "k",
    "ParallelReductionFactorInPlane": 2,
    "WaterFatShift": 12,
    "FlipAngle": 76.1,
    "TaskName": "self",
    "SliceTiming": [
        0.0,
        0.05405405405405406,
        0.10810810810810811,
        0.16216216216216217,
        0.21621621621621623,
        0.2702702702702703,
        0.32432432432432434,
        0.3783783783783784,
        0.43243243243243246,
        0.4864864864864865,
        0.5405405405405406,
        0.5945945945945946,
        0.6486486486486487,
        0.7027027027027027,
        0.7567567567567568,
        0.8108108108108109,
        0.8648648648648649,
        0.918918918918919,
        0.972972972972973,
        1.0270270270270272,
        1.0810810810810811,
        1.135135135135135,
        1.1891891891891893,
        1.2432432432432434,
        1.2972972972972974,
        1.3513513513513513,
        1.4054054054054055,
        1.4594594594594597,
        1.5135135135135136,
        1.5675675675675675,
        1.6216216216216217,
        1.6756756756756759,
        1.7297297297297298,
        1.7837837837837838,
        1.837837837837838,
        1.891891891891892,
        1.945945945945946
    ]
}