{
  "aor": 0.0007828903654485051,
  "aqi": 0.0042188720265780725,
  "bids_meta": {
    "AcquisitionNumber": 5,
    "BIDSVersion": "1.1.0",
    "BidsifyVersion": "0.3.1",
    "ConversionSoftware": "dcm2niix",
    "ConversionSoftwareVersion": "v1.0.20181125  GCC5.4.0",
    "EchoTime": 0.02763,
    "FlipAngle": 76.1,
    "ImageComments": "HWW",
    "ImageOrientationPatientDICOM": [
      0.999985,
      -0.000290075,
      -0.00541116,
      -0.00139624,
      0.951058,
      -0.30901
    ],
    "InstitutionName": "Spinoza Centre for Neuroimaging, location REC",
    "MagneticFieldStrength": 3,
    "Manufacturer": "Philips",
    "ParallelAcquisitionTechnique": "SENSE",
    "ParallelReductionFactorInPlane": 2,
    "PatientPosition": "HFS",
    "PhaseEncodingDirection": "j",
    "PhilipsRescaleIntercept": 0,
    "PhilipsRescaleSlope": 1.85226,
    "PhilipsScaleSlope": 0.00103741,
    "ProtocolName": "WIPPM_Zinnen2SENSE",
    "ReconMatrixPE": 80,
    "RepetitionTime": 2,
    "SeriesDescription": "ImageMRSERIES",
    "SeriesNumber": 5,
    "SliceEncodingDirection": "k",
    "SliceTiming": [
      0.0,
      0.05405405405405406,
      0.10810810810810811,
      0.16216216216216217,
      0.21621621621621623,
      0.2702702702702703,
      0.32432432432432434,
      0.3783783783783784,
      0.43243243243243246,
      0.4864864864864865,
      0.5405405405405406,
      0.5945945945945946,
      0.6486486486486487,
      0.7027027027027027,
      0.7567567567567568,
      0.8108108108108109,
      0.8648648648648649,
      0.918918918918919,
      0.972972972972973,
      1.0270270270270272,
      1.0810810810810811,
      1.135135135135135,
      1.1891891891891893,
      1.2432432432432434,
      1.2972972972972974,
      1.3513513513513513,
      1.4054054054054055,
      1.4594594594594597,
      1.5135135135135136,
      1.5675675675675675,
      1.6216216216216217,
      1.6756756756756759,
      1.7297297297297298,
      1.7837837837837838,
      1.837837837837838,
      1.891891891891892,
      1.945945945945946
    ],
    "TaskName": "self",
    "UsePhilipsFloatNotDisplayScaling": 1,
    "WaterFatShift": 12,
    "dataset": "unknown",
    "modality": "bold",
    "run_id": 2,
    "session_id": "2",
    "subject_id": "15",
    "task_id": "self"
  },
  "dummy_trs": 0,
  "dvars_nstd": 22.58844973236667,
  "dvars_std": 1.2562089250333324,
  "dvars_vstd": 0.9773445964000007,
  "efc": 0.4287080157203575,
  "fber": 337059104.0,
  "fd_mean": 0.17927318942473885,
  "fd_num": 106,
  "fd_perc": 35.21594684385382,
  "fwhm_avg": 2.5489182944408806,
  "fwhm_x": 2.42405,
  "fwhm_y": 2.8117199999999998,
  "fwhm_z": 2.4109848833226417,
  "gcor": 0.0144278,
  "gsr_x": -0.0014913115883246064,
  "gsr_y": 0.006168745923787355,
  "provenance": {
    "md5sum": "e1fe978b08672273be57c615b561fd66",
    "settings": {
      "fd_thres": 0.2,
      "hmc_fsl": false
    },
    "software": "mriqc",
    "version": "0.15.0",
    "webapi_port": null,
    "webapi_url": "https://mriqc.nimh.nih.gov/api/v1"
  },
  "size_t": 301,
  "size_x": 80,
  "size_y": 80,
  "size_z": 37,
  "snr": 4.721293862504527,
  "spacing_tr": 2.0,
  "spacing_x": 3.0,
  "spacing_y": 3.0,
  "spacing_z": 3.299999952316284,
  "spikes_num": 5,
  "summary_bg_k": 47.986300144986984,
  "summary_bg_mad": 31.634532928466797,
  "summary_bg_mean": 4538.66455078125,
  "summary_bg_median": 21.660614013671875,
  "summary_bg_n": 148233.0,
  "summary_bg_p05": 0.1277814656496048,
  "summary_bg_p95": 24574.84687499998,
  "summary_bg_stdv": 21417.15234375,
  "summary_fg_k": 1.964383992024887,
  "summary_fg_mad": 77090.1015625,
  "summary_fg_mean": 445078.4375,
  "summary_fg_median": 442031.0625,
  "summary_fg_n": 46108.0,
  "summary_fg_p05": 296144.2546875,
  "summary_fg_p95": 592034.628125,
  "summary_fg_stdv": 93623.96875,
  "tsnr": 74.48477935791016
}