{
  "aor": 0.0013248374760994263,
  "aqi": 0.00526062793499044,
  "bids_meta": {
    "AcquisitionNumber": 3,
    "BIDSVersion": "1.1.0",
    "BidsifyVersion": "0.3.1",
    "ConversionSoftware": "dcm2niix",
    "ConversionSoftwareVersion": "v1.0.20181125  GCC5.4.0",
    "EchoTime": 0.02763,
    "FlipAngle": 76.1,
    "ImageComments": "HWW",
    "ImageOrientationPatientDICOM": [
      0.999985,
      -0.000290075,
      -0.00541116,
      -0.00139624,
      0.951058,
      -0.30901
    ],
    "InstitutionName": "Spinoza Centre for Neuroimaging, location REC",
    "MagneticFieldStrength": 3,
    "Manufacturer": "Philips",
    "ParallelAcquisitionTechnique": "SENSE",
    "ParallelReductionFactorInPlane": 2,
    "PatientPosition": "HFS",
    "PhaseEncodingDirection": "j",
    "PhilipsRescaleIntercept": 0,
    "PhilipsRescaleSlope": 1.73993,
    "PhilipsScaleSlope": 0.00104851,
    "ProtocolName": "WIPPM_HWWSENSE",
    "ReconMatrixPE": 80,
    "RepetitionTime": 2,
    "SeriesDescription": "ImageMRSERIES",
    "SeriesNumber": 3,
    "SliceEncodingDirection": "k",
    "SliceTiming": [
      0.0,
      0.05405405405405406,
      0.10810810810810811,
      0.16216216216216217,
      0.21621621621621623,
      0.2702702702702703,
      0.32432432432432434,
      0.3783783783783784,
      0.43243243243243246,
      0.4864864864864865,
      0.5405405405405406,
      0.5945945945945946,
      0.6486486486486487,
      0.7027027027027027,
      0.7567567567567568,
      0.8108108108108109,
      0.8648648648648649,
      0.918918918918919,
      0.972972972972973,
      1.0270270270270272,
      1.0810810810810811,
      1.135135135135135,
      1.1891891891891893,
      1.2432432432432434,
      1.2972972972972974,
      1.3513513513513513,
      1.4054054054054055,
      1.4594594594594597,
      1.5135135135135136,
      1.5675675675675675,
      1.6216216216216217,
      1.6756756756756759,
      1.7297297297297298,
      1.7837837837837838,
      1.837837837837838,
      1.891891891891892,
      1.945945945945946
    ],
    "TaskName": "other",
    "UsePhilipsFloatNotDisplayScaling": 1,
    "WaterFatShift": 12,
    "dataset": "unknown",
    "modality": "bold",
    "session_id": "2",
    "subject_id": "15",
    "task_id": "other"
  },
  "dummy_trs": 0,
  "dvars_nstd": 23.384111517816113,
  "dvars_std": 1.2886405637164733,
  "dvars_vstd": 0.9969420860344826,
  "efc": 0.4281373061999691,
  "fber": 76036496.0,
  "fd_mean": 0.20075120333286944,
  "fd_num": 214,
  "fd_perc": 40.91778202676864,
  "fwhm_avg": 2.5594900116560195,
  "fwhm_x": 2.4395166666666666,
  "fwhm_y": 2.8189533333333334,
  "fwhm_z": 2.4200000349680586,
  "gcor": 0.0182323,
  "gsr_x": -0.001227602013386786,
  "gsr_y": 0.006554690655320883,
  "provenance": {
    "md5sum": "ddf4bd748557f6881f066a5adfe44f18",
    "settings": {
      "fd_thres": 0.2,
      "hmc_fsl": false
    },
    "software": "mriqc",
    "version": "0.15.0",
    "webapi_port": null,
    "webapi_url": "https://mriqc.nimh.nih.gov/api/v1"
  },
  "size_t": 523,
  "size_x": 80,
  "size_y": 80,
  "size_z": 37,
  "snr": 4.736314397009766,
  "spacing_tr": 2.0,
  "spacing_x": 3.0,
  "spacing_y": 3.0,
  "spacing_z": 3.299999952316284,
  "spikes_num": 1,
  "summary_bg_k": 53.943991784435276,
  "summary_bg_mad": 66.41351318359375,
  "summary_bg_mean": 4446.23583984375,
  "summary_bg_median": 45.876075744628906,
  "summary_bg_n": 148304.0,
  "summary_bg_p05": 0.47495315521955495,
  "summary_bg_p95": 22574.445996093753,
  "summary_bg_stdv": 21114.97265625,
  "summary_fg_k": 1.9412724221868558,
  "summary_fg_mad": 77425.890625,
  "summary_fg_mean": 447376.90625,
  "summary_fg_median": 444110.125,
  "summary_fg_n": 45953.0,
  "summary_fg_p05": 299674.05,
  "summary_fg_p95": 595194.85,
  "summary_fg_stdv": 93766.0078125,
  "tsnr": 66.23192596435547
}