{
  "aor": 0.0033195016611295676,
  "aqi": 0.01357579926910299,
  "bids_meta": {
    "AcquisitionNumber": 7,
    "BIDSVersion": "1.1.0",
    "BidsifyVersion": "0.3.1",
    "ConversionSoftware": "dcm2niix",
    "ConversionSoftwareVersion": "v1.0.20181125  GCC5.4.0",
    "EchoTime": 0.02763,
    "FlipAngle": 76.1,
    "ImageComments": "HWW",
    "ImageOrientationPatientDICOM": [
      0.992547,
      0.0511408,
      -0.110609,
      -0.0919011,
      0.910206,
      -0.403832
    ],
    "InstitutionName": "Spinoza Centre for Neuroimaging, location REC",
    "MagneticFieldStrength": 3,
    "Manufacturer": "Philips",
    "ParallelAcquisitionTechnique": "SENSE",
    "ParallelReductionFactorInPlane": 2,
    "PatientPosition": "HFS",
    "PhaseEncodingDirection": "j",
    "PhilipsRescaleIntercept": 0,
    "PhilipsRescaleSlope": 1.86545,
    "PhilipsScaleSlope": 0.00115368,
    "ProtocolName": "WIPZinnen2SENSE",
    "ReconMatrixPE": 80,
    "RepetitionTime": 2,
    "SeriesDescription": "ImageMRSERIES",
    "SeriesNumber": 7,
    "SliceEncodingDirection": "k",
    "SliceTiming": [
      0.0,
      0.05405405405405406,
      0.10810810810810811,
      0.16216216216216217,
      0.21621621621621623,
      0.2702702702702703,
      0.32432432432432434,
      0.3783783783783784,
      0.43243243243243246,
      0.4864864864864865,
      0.5405405405405406,
      0.5945945945945946,
      0.6486486486486487,
      0.7027027027027027,
      0.7567567567567568,
      0.8108108108108109,
      0.8648648648648649,
      0.918918918918919,
      0.972972972972973,
      1.0270270270270272,
      1.0810810810810811,
      1.135135135135135,
      1.1891891891891893,
      1.2432432432432434,
      1.2972972972972974,
      1.3513513513513513,
      1.4054054054054055,
      1.4594594594594597,
      1.5135135135135136,
      1.5675675675675675,
      1.6216216216216217,
      1.6756756756756759,
      1.7297297297297298,
      1.7837837837837838,
      1.837837837837838,
      1.891891891891892,
      1.945945945945946
    ],
    "TaskName": "self",
    "UsePhilipsFloatNotDisplayScaling": 1,
    "WaterFatShift": 12,
    "dataset": "unknown",
    "modality": "bold",
    "run_id": 2,
    "session_id": "1",
    "subject_id": "26",
    "task_id": "self"
  },
  "dummy_trs": 0,
  "dvars_nstd": 22.31348587673334,
  "dvars_std": 1.1785989325666661,
  "dvars_vstd": 1.0160690701666668,
  "efc": 0.3986408229722435,
  "fber": 44147776.0,
  "fd_mean": 0.21795923387397959,
  "fd_num": 156,
  "fd_perc": 51.82724252491694,
  "fwhm_avg": 2.5132818291447965,
  "fwhm_x": 2.4878566666666666,
  "fwhm_y": 2.7758766666666665,
  "fwhm_z": 2.2761121541010563,
  "gcor": 0.0110556,
  "gsr_x": -0.0027761459350585938,
  "gsr_y": 0.0036862841807305813,
  "provenance": {
    "md5sum": "d0e27617361dafcb84f329da9b791e2e",
    "settings": {
      "fd_thres": 0.2,
      "hmc_fsl": false
    },
    "software": "mriqc",
    "version": "0.15.0",
    "webapi_port": null,
    "webapi_url": "https://mriqc.nimh.nih.gov/api/v1"
  },
  "size_t": 301,
  "size_x": 80,
  "size_y": 80,
  "size_z": 37,
  "snr": 5.105329607014352,
  "spacing_tr": 2.0,
  "spacing_x": 3.0,
  "spacing_y": 3.0,
  "spacing_z": 3.299999952316284,
  "spikes_num": 2,
  "summary_bg_k": 118.03985781118564,
  "summary_bg_mad": 78.83712768554688,
  "summary_bg_mean": 2902.083740234375,
  "summary_bg_median": 55.11247253417969,
  "summary_bg_n": 154004.0,
  "summary_bg_p05": 0.8994945019483567,
  "summary_bg_p95": 11759.52114257814,
  "summary_bg_stdv": 15631.7158203125,
  "summary_fg_k": 2.555462000831903,
  "summary_fg_mad": 67086.265625,
  "summary_fg_mean": 406999.53125,
  "summary_fg_median": 406466.34375,
  "summary_fg_n": 40903.0,
  "summary_fg_p05": 282991.690625,
  "summary_fg_p95": 526057.85625,
  "summary_fg_stdv": 79615.109375,
  "tsnr": 46.24120330810547
}