{
  "aor": 0.012746511627906975,
  "aqi": 0.012859959667774088,
  "bids_meta": {
    "AcquisitionNumber": 5,
    "BIDSVersion": "1.1.0",
    "BidsifyVersion": "0.3.1",
    "ConversionSoftware": "dcm2niix",
    "ConversionSoftwareVersion": "v1.0.20181125  GCC5.4.0",
    "EchoTime": 0.02763,
    "FlipAngle": 76.1,
    "ImageComments": "HWW",
    "ImageOrientationPatientDICOM": [
      0.992547,
      0.0511408,
      -0.110609,
      -0.0919011,
      0.910206,
      -0.403832
    ],
    "InstitutionName": "Spinoza Centre for Neuroimaging, location REC",
    "MagneticFieldStrength": 3,
    "Manufacturer": "Philips",
    "ParallelAcquisitionTechnique": "SENSE",
    "ParallelReductionFactorInPlane": 2,
    "PatientPosition": "HFS",
    "PhaseEncodingDirection": "j",
    "PhilipsRescaleIntercept": 0,
    "PhilipsRescaleSlope": 2.07741,
    "PhilipsScaleSlope": 0.00115326,
    "ProtocolName": "WIPZinnen1SENSE",
    "ReconMatrixPE": 80,
    "RepetitionTime": 2,
    "SeriesDescription": "ImageMRSERIES",
    "SeriesNumber": 5,
    "SliceEncodingDirection": "k",
    "SliceTiming": [
      0.0,
      0.05405405405405406,
      0.10810810810810811,
      0.16216216216216217,
      0.21621621621621623,
      0.2702702702702703,
      0.32432432432432434,
      0.3783783783783784,
      0.43243243243243246,
      0.4864864864864865,
      0.5405405405405406,
      0.5945945945945946,
      0.6486486486486487,
      0.7027027027027027,
      0.7567567567567568,
      0.8108108108108109,
      0.8648648648648649,
      0.918918918918919,
      0.972972972972973,
      1.0270270270270272,
      1.0810810810810811,
      1.135135135135135,
      1.1891891891891893,
      1.2432432432432434,
      1.2972972972972974,
      1.3513513513513513,
      1.4054054054054055,
      1.4594594594594597,
      1.5135135135135136,
      1.5675675675675675,
      1.6216216216216217,
      1.6756756756756759,
      1.7297297297297298,
      1.7837837837837838,
      1.837837837837838,
      1.891891891891892,
      1.945945945945946
    ],
    "TaskName": "self",
    "UsePhilipsFloatNotDisplayScaling": 1,
    "WaterFatShift": 12,
    "dataset": "unknown",
    "modality": "bold",
    "run_id": 1,
    "session_id": "1",
    "subject_id": "26",
    "task_id": "self"
  },
  "dummy_trs": 0,
  "dvars_nstd": 23.73722265863333,
  "dvars_std": 1.205092973866667,
  "dvars_vstd": 1.1096109775333332,
  "efc": 0.3987921662015971,
  "fber": 141866368.0,
  "fd_mean": 0.263400998454393,
  "fd_num": 173,
  "fd_perc": 57.475083056478404,
  "fwhm_avg": 2.5074171826379543,
  "fwhm_x": 2.4821866666666668,
  "fwhm_y": 2.7727133333333334,
  "fwhm_z": 2.267351547913863,
  "gcor": 0.0144386,
  "gsr_x": -0.002716922201216221,
  "gsr_y": 0.0037371611688286066,
  "provenance": {
    "md5sum": "ba23af64cd6e11c22c5ecfaf4fe6c46a",
    "settings": {
      "fd_thres": 0.2,
      "hmc_fsl": false
    },
    "software": "mriqc",
    "version": "0.15.0",
    "webapi_port": null,
    "webapi_url": "https://mriqc.nimh.nih.gov/api/v1"
  },
  "size_t": 301,
  "size_x": 80,
  "size_y": 80,
  "size_z": 37,
  "snr": 5.186004002169339,
  "spacing_tr": 2.0,
  "spacing_x": 3.0,
  "spacing_y": 3.0,
  "spacing_z": 3.299999952316284,
  "spikes_num": 41,
  "summary_bg_k": 122.76003335092105,
  "summary_bg_mad": 45.3614501953125,
  "summary_bg_mean": 2745.271484375,
  "summary_bg_median": 30.979948043823242,
  "summary_bg_n": 153794.0,
  "summary_bg_p05": 0.0,
  "summary_bg_p95": 11015.653662109493,
  "summary_bg_stdv": 15357.9296875,
  "summary_fg_k": 2.6245147041778,
  "summary_fg_mad": 64722.76953125,
  "summary_fg_mean": 399084.5625,
  "summary_fg_median": 399159.4375,
  "summary_fg_n": 41031.0,
  "summary_fg_p05": 279552.84375,
  "summary_fg_p95": 513282.96875,
  "summary_fg_stdv": 76967.65625,
  "tsnr": 45.29170227050781
}