{
  "aor": 0.004886080305927342,
  "aqi": 0.01107110793499044,
  "bids_meta": {
    "AcquisitionNumber": 4,
    "BIDSVersion": "1.1.0",
    "BidsifyVersion": "0.3.1",
    "ConversionSoftware": "dcm2niix",
    "ConversionSoftwareVersion": "v1.0.20181125  GCC5.4.0",
    "EchoTime": 0.02763,
    "FlipAngle": 76.1,
    "ImageComments": "HWW",
    "ImageOrientationPatientDICOM": [
      0.992547,
      0.0511408,
      -0.110609,
      -0.0919011,
      0.910206,
      -0.403832
    ],
    "InstitutionName": "Spinoza Centre for Neuroimaging, location REC",
    "MagneticFieldStrength": 3,
    "Manufacturer": "Philips",
    "ParallelAcquisitionTechnique": "SENSE",
    "ParallelReductionFactorInPlane": 2,
    "PatientPosition": "HFS",
    "PhaseEncodingDirection": "j",
    "PhilipsRescaleIntercept": 0,
    "PhilipsRescaleSlope": 2.09573,
    "PhilipsScaleSlope": 0.00116056,
    "ProtocolName": "WIPHWWSENSE",
    "ReconMatrixPE": 80,
    "RepetitionTime": 2,
    "SeriesDescription": "ImageMRSERIES",
    "SeriesNumber": 4,
    "SliceEncodingDirection": "k",
    "SliceTiming": [
      0.0,
      0.05405405405405406,
      0.10810810810810811,
      0.16216216216216217,
      0.21621621621621623,
      0.2702702702702703,
      0.32432432432432434,
      0.3783783783783784,
      0.43243243243243246,
      0.4864864864864865,
      0.5405405405405406,
      0.5945945945945946,
      0.6486486486486487,
      0.7027027027027027,
      0.7567567567567568,
      0.8108108108108109,
      0.8648648648648649,
      0.918918918918919,
      0.972972972972973,
      1.0270270270270272,
      1.0810810810810811,
      1.135135135135135,
      1.1891891891891893,
      1.2432432432432434,
      1.2972972972972974,
      1.3513513513513513,
      1.4054054054054055,
      1.4594594594594597,
      1.5135135135135136,
      1.5675675675675675,
      1.6216216216216217,
      1.6756756756756759,
      1.7297297297297298,
      1.7837837837837838,
      1.837837837837838,
      1.891891891891892,
      1.945945945945946
    ],
    "TaskName": "other",
    "UsePhilipsFloatNotDisplayScaling": 1,
    "WaterFatShift": 12,
    "dataset": "unknown",
    "modality": "bold",
    "session_id": "1",
    "subject_id": "26",
    "task_id": "other"
  },
  "dummy_trs": 0,
  "dvars_nstd": 21.60244590938697,
  "dvars_std": 1.1643076855938692,
  "dvars_vstd": 1.1760559828927193,
  "efc": 0.39992965266984587,
  "fber": 74350976.0,
  "fd_mean": 0.19464940342309547,
  "fd_num": 216,
  "fd_perc": 41.30019120458891,
  "fwhm_avg": 2.523370819053405,
  "fwhm_x": 2.49954,
  "fwhm_y": 2.7924633333333335,
  "fwhm_z": 2.2781091238268814,
  "gcor": 0.00954372,
  "gsr_x": -0.002570563927292824,
  "gsr_y": 0.0030892009381204844,
  "provenance": {
    "md5sum": "2cf279bf1ee0a5101bfdf0e9cf34a693",
    "settings": {
      "fd_thres": 0.2,
      "hmc_fsl": false
    },
    "software": "mriqc",
    "version": "0.15.0",
    "webapi_port": null,
    "webapi_url": "https://mriqc.nimh.nih.gov/api/v1"
  },
  "size_t": 523,
  "size_x": 80,
  "size_y": 80,
  "size_z": 37,
  "snr": 5.168091485126047,
  "spacing_tr": 2.0,
  "spacing_x": 3.0,
  "spacing_y": 3.0,
  "spacing_z": 3.299999952316284,
  "spikes_num": 0,
  "summary_bg_k": 122.47174782904597,
  "summary_bg_mad": 60.45045471191406,
  "summary_bg_mean": 2851.874267578125,
  "summary_bg_median": 41.613426208496094,
  "summary_bg_n": 153648.0,
  "summary_bg_p05": 0.37433756738901147,
  "summary_bg_p95": 11954.401660156233,
  "summary_bg_stdv": 15476.4306640625,
  "summary_fg_k": 2.491083660277482,
  "summary_fg_mad": 65629.0546875,
  "summary_fg_mean": 400164.84375,
  "summary_fg_median": 400049.125,
  "summary_fg_n": 41262.0,
  "summary_fg_p05": 278369.3578125,
  "summary_fg_p95": 515290.0234375,
  "summary_fg_stdv": 77406.578125,
  "tsnr": 49.395416259765625
}