{
  "aor": 0.001384378585086042,
  "aqi": 0.00484834690248566,
  "bids_meta": {
    "AcquisitionNumber": 2,
    "BIDSVersion": "1.1.0",
    "BidsifyVersion": "0.3.1",
    "ConversionSoftware": "dcm2niix",
    "ConversionSoftwareVersion": "v1.0.20181125  GCC5.4.0",
    "EchoTime": 0.02762,
    "FlipAngle": 76.1,
    "ImageComments": "PredictingMentalizing",
    "ImageOrientationPatientDICOM": [
      0.997234,
      0.0714644,
      -0.0204127,
      -0.0742823,
      0.949337,
      -0.305355
    ],
    "InstitutionName": "Spinoza Centre for Neuroimaging, location REC",
    "MagneticFieldStrength": 3,
    "Manufacturer": "Philips",
    "ParallelAcquisitionTechnique": "SENSE",
    "ParallelReductionFactorInPlane": 2,
    "PatientPosition": "HFS",
    "PhaseEncodingDirection": "j",
    "PhilipsRescaleIntercept": 0,
    "PhilipsRescaleSlope": 0.81636,
    "PhilipsScaleSlope": 0.0567316,
    "ProtocolName": "WIPPM_HWWSENSE",
    "ReconMatrixPE": 80,
    "RepetitionTime": 2,
    "SeriesDescription": "ImageMRSERIES",
    "SeriesNumber": 2,
    "SliceEncodingDirection": "k",
    "SliceTiming": [
      0.0,
      0.05405405405405406,
      0.10810810810810811,
      0.16216216216216217,
      0.21621621621621623,
      0.2702702702702703,
      0.32432432432432434,
      0.3783783783783784,
      0.43243243243243246,
      0.4864864864864865,
      0.5405405405405406,
      0.5945945945945946,
      0.6486486486486487,
      0.7027027027027027,
      0.7567567567567568,
      0.8108108108108109,
      0.8648648648648649,
      0.918918918918919,
      0.972972972972973,
      1.0270270270270272,
      1.0810810810810811,
      1.135135135135135,
      1.1891891891891893,
      1.2432432432432434,
      1.2972972972972974,
      1.3513513513513513,
      1.4054054054054055,
      1.4594594594594597,
      1.5135135135135136,
      1.5675675675675675,
      1.6216216216216217,
      1.6756756756756759,
      1.7297297297297298,
      1.7837837837837838,
      1.837837837837838,
      1.891891891891892,
      1.945945945945946
    ],
    "TaskName": "other",
    "UsePhilipsFloatNotDisplayScaling": 1,
    "WaterFatShift": 12,
    "dataset": "unknown",
    "modality": "bold",
    "session_id": "1",
    "subject_id": "04",
    "task_id": "other"
  },
  "dummy_trs": 0,
  "dvars_nstd": 20.117820173314172,
  "dvars_std": 1.1350242414559388,
  "dvars_vstd": 0.9858858264559388,
  "efc": 0.3893619789052333,
  "fber": 103723272.0,
  "fd_mean": 0.15900000798329966,
  "fd_num": 110,
  "fd_perc": 21.032504780114724,
  "fwhm_avg": 2.549417890119891,
  "fwhm_x": 2.532156666666667,
  "fwhm_y": 2.7633666666666667,
  "fwhm_z": 2.352730337026341,
  "gcor": 0.0334418,
  "gsr_x": -0.005060537252575159,
  "gsr_y": 0.004953011404722929,
  "provenance": {
    "md5sum": "30fc9a3eb8af339b9de5a9f6e3f4b503",
    "settings": {
      "fd_thres": 0.2,
      "hmc_fsl": false
    },
    "software": "mriqc",
    "version": "0.15.0",
    "webapi_port": null,
    "webapi_url": "https://mriqc.nimh.nih.gov/api/v1"
  },
  "size_t": 523,
  "size_x": 80,
  "size_y": 80,
  "size_z": 37,
  "snr": 4.662086996979787,
  "spacing_tr": 2.0,
  "spacing_x": 3.0,
  "spacing_y": 3.0,
  "spacing_z": 3.299999952316284,
  "spikes_num": 0,
  "summary_bg_k": 87.9074694839488,
  "summary_bg_mad": 2.891122341156006,
  "summary_bg_mean": 182.06045532226562,
  "summary_bg_median": 1.978031039237976,
  "summary_bg_n": 157159.0,
  "summary_bg_p05": 0.011718913726508618,
  "summary_bg_p95": 867.3492797851569,
  "summary_bg_stdv": 955.6219482421875,
  "summary_fg_k": 2.0954734718800863,
  "summary_fg_mad": 4021.52685546875,
  "summary_fg_mean": 22249.265625,
  "summary_fg_median": 22026.408203125,
  "summary_fg_n": 38663.0,
  "summary_fg_p05": 15202.9517578125,
  "summary_fg_p95": 29781.684570312504,
  "summary_fg_stdv": 4724.52001953125,
  "tsnr": 63.87997817993164
}