{
  "aor": 0.0013088704318936877,
  "aqi": 0.004670771162790697,
  "bids_meta": {
    "AcquisitionNumber": 4,
    "BIDSVersion": "1.1.0",
    "BidsifyVersion": "0.3.1",
    "ConversionSoftware": "dcm2niix",
    "ConversionSoftwareVersion": "v1.0.20181125  GCC5.4.0",
    "EchoTime": 0.02762,
    "FlipAngle": 76.1,
    "ImageComments": "PredictingMentalizing",
    "ImageOrientationPatientDICOM": [
      0.997234,
      0.0714644,
      -0.0204127,
      -0.0742823,
      0.949337,
      -0.305355
    ],
    "InstitutionName": "Spinoza Centre for Neuroimaging, location REC",
    "MagneticFieldStrength": 3,
    "Manufacturer": "Philips",
    "ParallelAcquisitionTechnique": "SENSE",
    "ParallelReductionFactorInPlane": 2,
    "PatientPosition": "HFS",
    "PhaseEncodingDirection": "j",
    "PhilipsRescaleIntercept": 0,
    "PhilipsRescaleSlope": 0.82882,
    "PhilipsScaleSlope": 0.0587223,
    "ProtocolName": "WIPPM_Zinnen2SENSE",
    "ReconMatrixPE": 80,
    "RepetitionTime": 2,
    "SeriesDescription": "ImageMRSERIES",
    "SeriesNumber": 4,
    "SliceEncodingDirection": "k",
    "SliceTiming": [
      0.0,
      0.05405405405405406,
      0.10810810810810811,
      0.16216216216216217,
      0.21621621621621623,
      0.2702702702702703,
      0.32432432432432434,
      0.3783783783783784,
      0.43243243243243246,
      0.4864864864864865,
      0.5405405405405406,
      0.5945945945945946,
      0.6486486486486487,
      0.7027027027027027,
      0.7567567567567568,
      0.8108108108108109,
      0.8648648648648649,
      0.918918918918919,
      0.972972972972973,
      1.0270270270270272,
      1.0810810810810811,
      1.135135135135135,
      1.1891891891891893,
      1.2432432432432434,
      1.2972972972972974,
      1.3513513513513513,
      1.4054054054054055,
      1.4594594594594597,
      1.5135135135135136,
      1.5675675675675675,
      1.6216216216216217,
      1.6756756756756759,
      1.7297297297297298,
      1.7837837837837838,
      1.837837837837838,
      1.891891891891892,
      1.945945945945946
    ],
    "TaskName": "self",
    "UsePhilipsFloatNotDisplayScaling": 1,
    "WaterFatShift": 12,
    "dataset": "unknown",
    "modality": "bold",
    "run_id": 2,
    "session_id": "1",
    "subject_id": "04",
    "task_id": "self"
  },
  "dummy_trs": 0,
  "dvars_nstd": 16.96734887143333,
  "dvars_std": 1.072753256766668,
  "dvars_vstd": 0.9683181093999993,
  "efc": 0.38932662629446546,
  "fber": 178284832.0,
  "fd_mean": 0.14236822974941013,
  "fd_num": 41,
  "fd_perc": 13.621262458471762,
  "fwhm_avg": 2.5719347588687036,
  "fwhm_x": 2.5567466666666667,
  "fwhm_y": 2.7934666666666668,
  "fwhm_z": 2.3655909432727777,
  "gcor": 0.00973039,
  "gsr_x": -0.004657020792365074,
  "gsr_y": 0.004049096256494522,
  "provenance": {
    "md5sum": "5c981e427d03398e928f375b96bd27bf",
    "settings": {
      "fd_thres": 0.2,
      "hmc_fsl": false
    },
    "software": "mriqc",
    "version": "0.15.0",
    "webapi_port": null,
    "webapi_url": "https://mriqc.nimh.nih.gov/api/v1"
  },
  "size_t": 301,
  "size_x": 80,
  "size_y": 80,
  "size_z": 37,
  "snr": 4.6300984176371465,
  "spacing_tr": 2.0,
  "spacing_x": 3.0,
  "spacing_y": 3.0,
  "spacing_z": 3.299999952316284,
  "spikes_num": 2,
  "summary_bg_k": 85.02715351822685,
  "summary_bg_mad": 2.199406862258911,
  "summary_bg_mean": 183.47256469726562,
  "summary_bg_median": 1.5247952938079834,
  "summary_bg_n": 157047.0,
  "summary_bg_p05": 0.009686847217381,
  "summary_bg_p95": 856.5719848632596,
  "summary_bg_stdv": 981.9268798828125,
  "summary_fg_k": 2.0009028803826396,
  "summary_fg_mad": 3965.54541015625,
  "summary_fg_mean": 21858.31640625,
  "summary_fg_median": 21653.90625,
  "summary_fg_n": 38826.0,
  "summary_fg_p05": 14754.381591796875,
  "summary_fg_p95": 29331.58837890625,
  "summary_fg_stdv": 4676.7099609375,
  "tsnr": 69.24288177490234
}