{
  "aor": 0.0016272757475083055,
  "aqi": 0.004979904916943521,
  "bids_meta": {
    "AcquisitionNumber": 3,
    "BIDSVersion": "1.1.0",
    "BidsifyVersion": "0.3.1",
    "ConversionSoftware": "dcm2niix",
    "ConversionSoftwareVersion": "v1.0.20181125  GCC5.4.0",
    "EchoTime": 0.02762,
    "FlipAngle": 76.1,
    "ImageComments": "PredictingMentalizing",
    "ImageOrientationPatientDICOM": [
      0.997234,
      0.0714644,
      -0.0204127,
      -0.0742823,
      0.949337,
      -0.305355
    ],
    "InstitutionName": "Spinoza Centre for Neuroimaging, location REC",
    "MagneticFieldStrength": 3,
    "Manufacturer": "Philips",
    "ParallelAcquisitionTechnique": "SENSE",
    "ParallelReductionFactorInPlane": 2,
    "PatientPosition": "HFS",
    "PhaseEncodingDirection": "j",
    "PhilipsRescaleIntercept": 0,
    "PhilipsRescaleSlope": 0.82173,
    "PhilipsScaleSlope": 0.0583492,
    "ProtocolName": "WIPPM_Zinnen1SENSE",
    "ReconMatrixPE": 80,
    "RepetitionTime": 2,
    "SeriesDescription": "ImageMRSERIES",
    "SeriesNumber": 3,
    "SliceEncodingDirection": "k",
    "SliceTiming": [
      0.0,
      0.05405405405405406,
      0.10810810810810811,
      0.16216216216216217,
      0.21621621621621623,
      0.2702702702702703,
      0.32432432432432434,
      0.3783783783783784,
      0.43243243243243246,
      0.4864864864864865,
      0.5405405405405406,
      0.5945945945945946,
      0.6486486486486487,
      0.7027027027027027,
      0.7567567567567568,
      0.8108108108108109,
      0.8648648648648649,
      0.918918918918919,
      0.972972972972973,
      1.0270270270270272,
      1.0810810810810811,
      1.135135135135135,
      1.1891891891891893,
      1.2432432432432434,
      1.2972972972972974,
      1.3513513513513513,
      1.4054054054054055,
      1.4594594594594597,
      1.5135135135135136,
      1.5675675675675675,
      1.6216216216216217,
      1.6756756756756759,
      1.7297297297297298,
      1.7837837837837838,
      1.837837837837838,
      1.891891891891892,
      1.945945945945946
    ],
    "TaskName": "self",
    "UsePhilipsFloatNotDisplayScaling": 1,
    "WaterFatShift": 12,
    "dataset": "unknown",
    "modality": "bold",
    "run_id": 1,
    "session_id": "1",
    "subject_id": "04",
    "task_id": "self"
  },
  "dummy_trs": 0,
  "dvars_nstd": 17.83168375003332,
  "dvars_std": 1.0890549546666666,
  "dvars_vstd": 0.9645897958666664,
  "efc": 0.3899022413950178,
  "fber": 72807656.0,
  "fd_mean": 0.14914608432692103,
  "fd_num": 50,
  "fd_perc": 16.611295681063122,
  "fwhm_avg": 2.5625411225097667,
  "fwhm_x": 2.5436633333333334,
  "fwhm_y": 2.777393333333333,
  "fwhm_z": 2.3665667008626343,
  "gcor": 0.00841833,
  "gsr_x": -0.0045957425609230995,
  "gsr_y": 0.004761960823088884,
  "provenance": {
    "md5sum": "1a4de93bf1039343ee8892afead051b4",
    "settings": {
      "fd_thres": 0.2,
      "hmc_fsl": false
    },
    "software": "mriqc",
    "version": "0.15.0",
    "webapi_port": null,
    "webapi_url": "https://mriqc.nimh.nih.gov/api/v1"
  },
  "size_t": 301,
  "size_x": 80,
  "size_y": 80,
  "size_z": 37,
  "snr": 4.6268060084208775,
  "spacing_tr": 2.0,
  "spacing_x": 3.0,
  "spacing_y": 3.0,
  "spacing_z": 3.299999952316284,
  "spikes_num": 0,
  "summary_bg_k": 89.41271603295674,
  "summary_bg_mad": 3.437703847885132,
  "summary_bg_mean": 187.18653869628906,
  "summary_bg_median": 2.361833095550537,
  "summary_bg_n": 157061.0,
  "summary_bg_p05": 0.014716940000653267,
  "summary_bg_p95": 827.2093505859375,
  "summary_bg_stdv": 977.1741333007812,
  "summary_fg_k": 1.8910319942560436,
  "summary_fg_mad": 4030.08349609375,
  "summary_fg_mean": 22078.525390625,
  "summary_fg_median": 21837.66796875,
  "summary_fg_n": 38687.0,
  "summary_fg_p05": 14937.595117187499,
  "summary_fg_p95": 29664.295507812494,
  "summary_fg_stdv": 4719.75390625,
  "tsnr": 66.31016540527344
}