{
  "aor": 0.0015212956810631228,
  "aqi": 0.007974218139534885,
  "bids_meta": {
    "AcquisitionNumber": 6,
    "BIDSVersion": "1.1.0",
    "BidsifyVersion": "0.3.1",
    "ConversionSoftware": "dcm2niix",
    "ConversionSoftwareVersion": "v1.0.20181125  GCC5.4.0",
    "EchoTime": 0.02763,
    "FlipAngle": 76.1,
    "ImageComments": "HWW",
    "ImageOrientationPatientDICOM": [
      0.999374,
      0.00100586,
      0.0353524,
      0.0148271,
      0.895592,
      -0.444629
    ],
    "InstitutionName": "Spinoza Centre for Neuroimaging, location REC",
    "MagneticFieldStrength": 3,
    "Manufacturer": "Philips",
    "ParallelAcquisitionTechnique": "SENSE",
    "ParallelReductionFactorInPlane": 2,
    "PatientPosition": "HFS",
    "PhaseEncodingDirection": "j",
    "PhilipsRescaleIntercept": 0,
    "PhilipsRescaleSlope": 2.44811,
    "PhilipsScaleSlope": 0.00110787,
    "ProtocolName": "WIPPM_Zinnen2SENSE",
    "ReconMatrixPE": 80,
    "RepetitionTime": 2,
    "SeriesDescription": "ImageMRSERIES",
    "SeriesNumber": 6,
    "SliceEncodingDirection": "k",
    "SliceTiming": [
      0.0,
      0.05405405405405406,
      0.10810810810810811,
      0.16216216216216217,
      0.21621621621621623,
      0.2702702702702703,
      0.32432432432432434,
      0.3783783783783784,
      0.43243243243243246,
      0.4864864864864865,
      0.5405405405405406,
      0.5945945945945946,
      0.6486486486486487,
      0.7027027027027027,
      0.7567567567567568,
      0.8108108108108109,
      0.8648648648648649,
      0.918918918918919,
      0.972972972972973,
      1.0270270270270272,
      1.0810810810810811,
      1.135135135135135,
      1.1891891891891893,
      1.2432432432432434,
      1.2972972972972974,
      1.3513513513513513,
      1.4054054054054055,
      1.4594594594594597,
      1.5135135135135136,
      1.5675675675675675,
      1.6216216216216217,
      1.6756756756756759,
      1.7297297297297298,
      1.7837837837837838,
      1.837837837837838,
      1.891891891891892,
      1.945945945945946
    ],
    "TaskName": "self",
    "UsePhilipsFloatNotDisplayScaling": 1,
    "WaterFatShift": 12,
    "dataset": "unknown",
    "modality": "bold",
    "run_id": 2,
    "session_id": "1",
    "subject_id": "15",
    "task_id": "self"
  },
  "dummy_trs": 0,
  "dvars_nstd": 20.843732967533334,
  "dvars_std": 1.1454179737333336,
  "dvars_vstd": 0.9974246386999976,
  "efc": 0.4284075996128006,
  "fber": 65947956.0,
  "fd_mean": 0.19549281672798238,
  "fd_num": 128,
  "fd_perc": 42.524916943521596,
  "fwhm_avg": 2.57237991108761,
  "fwhm_x": 2.4189966666666667,
  "fwhm_y": 2.7864400000000002,
  "fwhm_z": 2.511703066596162,
  "gcor": 0.00934986,
  "gsr_x": 9.891797526506707e-05,
  "gsr_y": 0.007569171022623777,
  "provenance": {
    "md5sum": "2c5eef9cc4c80ce19491e6a565617cc6",
    "settings": {
      "fd_thres": 0.2,
      "hmc_fsl": false
    },
    "software": "mriqc",
    "version": "0.15.0",
    "webapi_port": null,
    "webapi_url": "https://mriqc.nimh.nih.gov/api/v1"
  },
  "size_t": 301,
  "size_x": 80,
  "size_y": 80,
  "size_z": 37,
  "snr": 4.68424651016908,
  "spacing_tr": 2.0,
  "spacing_x": 3.0,
  "spacing_y": 3.0,
  "spacing_z": 3.299999952316284,
  "spikes_num": 0,
  "summary_bg_k": 48.77943960184269,
  "summary_bg_mad": 62.82121658325195,
  "summary_bg_mean": 4517.6220703125,
  "summary_bg_median": 42.54648208618164,
  "summary_bg_n": 148846.0,
  "summary_bg_p05": 0.09709091857075691,
  "summary_bg_p95": 22663.2548828125,
  "summary_bg_stdv": 20099.458984375,
  "summary_fg_k": 1.874318215044572,
  "summary_fg_mad": 70651.203125,
  "summary_fg_mean": 403806.03125,
  "summary_fg_median": 400917.9375,
  "summary_fg_n": 45520.0,
  "summary_fg_p05": 268318.3359375,
  "summary_fg_p95": 539696.9406249998,
  "summary_fg_stdv": 85587.625,
  "tsnr": 58.923885345458984
}