{
  "aor": 0.0013419933554817277,
  "aqi": 0.005537131362126246,
  "bids_meta": {
    "AcquisitionNumber": 5,
    "BIDSVersion": "1.1.0",
    "BidsifyVersion": "0.3.1",
    "ConversionSoftware": "dcm2niix",
    "ConversionSoftwareVersion": "v1.0.20181125  GCC5.4.0",
    "EchoTime": 0.02763,
    "FlipAngle": 76.1,
    "ImageComments": "HWW",
    "ImageOrientationPatientDICOM": [
      0.999374,
      0.00100586,
      0.0353524,
      0.0148271,
      0.895592,
      -0.444629
    ],
    "InstitutionName": "Spinoza Centre for Neuroimaging, location REC",
    "MagneticFieldStrength": 3,
    "Manufacturer": "Philips",
    "ParallelAcquisitionTechnique": "SENSE",
    "ParallelReductionFactorInPlane": 2,
    "PatientPosition": "HFS",
    "PhaseEncodingDirection": "j",
    "PhilipsRescaleIntercept": 0,
    "PhilipsRescaleSlope": 2.4525,
    "PhilipsScaleSlope": 0.00111138,
    "ProtocolName": "WIPPM_Zinnen1SENSE",
    "ReconMatrixPE": 80,
    "RepetitionTime": 2,
    "SeriesDescription": "ImageMRSERIES",
    "SeriesNumber": 5,
    "SliceEncodingDirection": "k",
    "SliceTiming": [
      0.0,
      0.05405405405405406,
      0.10810810810810811,
      0.16216216216216217,
      0.21621621621621623,
      0.2702702702702703,
      0.32432432432432434,
      0.3783783783783784,
      0.43243243243243246,
      0.4864864864864865,
      0.5405405405405406,
      0.5945945945945946,
      0.6486486486486487,
      0.7027027027027027,
      0.7567567567567568,
      0.8108108108108109,
      0.8648648648648649,
      0.918918918918919,
      0.972972972972973,
      1.0270270270270272,
      1.0810810810810811,
      1.135135135135135,
      1.1891891891891893,
      1.2432432432432434,
      1.2972972972972974,
      1.3513513513513513,
      1.4054054054054055,
      1.4594594594594597,
      1.5135135135135136,
      1.5675675675675675,
      1.6216216216216217,
      1.6756756756756759,
      1.7297297297297298,
      1.7837837837837838,
      1.837837837837838,
      1.891891891891892,
      1.945945945945946
    ],
    "TaskName": "self",
    "UsePhilipsFloatNotDisplayScaling": 1,
    "WaterFatShift": 12,
    "dataset": "unknown",
    "modality": "bold",
    "run_id": 1,
    "session_id": "1",
    "subject_id": "15",
    "task_id": "self"
  },
  "dummy_trs": 0,
  "dvars_nstd": 20.719552097600005,
  "dvars_std": 1.1927514550999996,
  "dvars_vstd": 0.9875515120666671,
  "efc": 0.4290056749729463,
  "fber": 47244768.0,
  "fd_mean": 0.1946039877851931,
  "fd_num": 121,
  "fd_perc": 40.199335548172755,
  "fwhm_avg": 2.5640768807705676,
  "fwhm_x": 2.41534,
  "fwhm_y": 2.7680966666666666,
  "fwhm_z": 2.5087939756450357,
  "gcor": 0.0201511,
  "gsr_x": 0.0003806520835496485,
  "gsr_y": 0.007621395867317915,
  "provenance": {
    "md5sum": "aa89b10666aae1c551ef524ede8e0987",
    "settings": {
      "fd_thres": 0.2,
      "hmc_fsl": false
    },
    "software": "mriqc",
    "version": "0.15.0",
    "webapi_port": null,
    "webapi_url": "https://mriqc.nimh.nih.gov/api/v1"
  },
  "size_t": 301,
  "size_x": 80,
  "size_y": 80,
  "size_z": 37,
  "snr": 4.667241136544319,
  "spacing_tr": 2.0,
  "spacing_x": 3.0,
  "spacing_y": 3.0,
  "spacing_z": 3.299999952316284,
  "spikes_num": 0,
  "summary_bg_k": 50.018069619854124,
  "summary_bg_mad": 74.41563415527344,
  "summary_bg_mean": 4444.740234375,
  "summary_bg_median": 50.826541900634766,
  "summary_bg_n": 148619.0,
  "summary_bg_p05": 0.29059489369392394,
  "summary_bg_p95": 21993.975000000013,
  "summary_bg_stdv": 19902.0625,
  "summary_fg_k": 1.8344942883902178,
  "summary_fg_mad": 70836.34375,
  "summary_fg_mean": 402259.28125,
  "summary_fg_median": 399523.0625,
  "summary_fg_n": 45638.0,
  "summary_fg_p05": 266663.1796875,
  "summary_fg_p95": 538020.384375,
  "summary_fg_stdv": 85600.609375,
  "tsnr": 64.61961364746094
}