{
  "aor": 0.0007604971319311665,
  "aqi": 0.01728278833652008,
  "bids_meta": {
    "AcquisitionNumber": 4,
    "BIDSVersion": "1.1.0",
    "BidsifyVersion": "0.3.1",
    "ConversionSoftware": "dcm2niix",
    "ConversionSoftwareVersion": "v1.0.20181125  GCC5.4.0",
    "EchoTime": 0.02763,
    "FlipAngle": 76.1,
    "ImageComments": "HWW",
    "ImageOrientationPatientDICOM": [
      0.999374,
      0.00100586,
      0.0353524,
      0.0148271,
      0.895592,
      -0.444629
    ],
    "InstitutionName": "Spinoza Centre for Neuroimaging, location REC",
    "MagneticFieldStrength": 3,
    "Manufacturer": "Philips",
    "ParallelAcquisitionTechnique": "SENSE",
    "ParallelReductionFactorInPlane": 2,
    "PatientPosition": "HFS",
    "PhaseEncodingDirection": "j",
    "PhilipsRescaleIntercept": 0,
    "PhilipsRescaleSlope": 2.47228,
    "PhilipsScaleSlope": 0.00111689,
    "ProtocolName": "WIPPM_HWWSENSE",
    "ReconMatrixPE": 80,
    "RepetitionTime": 2,
    "SeriesDescription": "ImageMRSERIES",
    "SeriesNumber": 4,
    "SliceEncodingDirection": "k",
    "SliceTiming": [
      0.0,
      0.05405405405405406,
      0.10810810810810811,
      0.16216216216216217,
      0.21621621621621623,
      0.2702702702702703,
      0.32432432432432434,
      0.3783783783783784,
      0.43243243243243246,
      0.4864864864864865,
      0.5405405405405406,
      0.5945945945945946,
      0.6486486486486487,
      0.7027027027027027,
      0.7567567567567568,
      0.8108108108108109,
      0.8648648648648649,
      0.918918918918919,
      0.972972972972973,
      1.0270270270270272,
      1.0810810810810811,
      1.135135135135135,
      1.1891891891891893,
      1.2432432432432434,
      1.2972972972972974,
      1.3513513513513513,
      1.4054054054054055,
      1.4594594594594597,
      1.5135135135135136,
      1.5675675675675675,
      1.6216216216216217,
      1.6756756756756759,
      1.7297297297297298,
      1.7837837837837838,
      1.837837837837838,
      1.891891891891892,
      1.945945945945946
    ],
    "TaskName": "other",
    "UsePhilipsFloatNotDisplayScaling": 1,
    "WaterFatShift": 12,
    "dataset": "unknown",
    "modality": "bold",
    "session_id": "1",
    "subject_id": "15",
    "task_id": "other"
  },
  "dummy_trs": 0,
  "dvars_nstd": 21.336328943065144,
  "dvars_std": 1.063623978869732,
  "dvars_vstd": 0.8951059581609189,
  "efc": 0.42891940162923764,
  "fber": 51695080.0,
  "fd_mean": 0.20200371688759983,
  "fd_num": 227,
  "fd_perc": 43.40344168260038,
  "fwhm_avg": 2.6096713253110218,
  "fwhm_x": 2.46494,
  "fwhm_y": 2.8353466666666667,
  "fwhm_z": 2.528727309266398,
  "gcor": 0.0083114,
  "gsr_x": 9.448948731005657e-06,
  "gsr_y": 0.006557429675012827,
  "provenance": {
    "md5sum": "a6bd9bc2853dee76dc81c1b3f4a7511a",
    "settings": {
      "fd_thres": 0.2,
      "hmc_fsl": false
    },
    "software": "mriqc",
    "version": "0.15.0",
    "webapi_port": null,
    "webapi_url": "https://mriqc.nimh.nih.gov/api/v1"
  },
  "size_t": 523,
  "size_x": 80,
  "size_y": 80,
  "size_z": 37,
  "snr": 4.648142142168106,
  "spacing_tr": 2.0,
  "spacing_x": 3.0,
  "spacing_y": 3.0,
  "spacing_z": 3.299999952316284,
  "spikes_num": 0,
  "summary_bg_k": 54.99222519490375,
  "summary_bg_mad": 73.79457092285156,
  "summary_bg_mean": 4357.482421875,
  "summary_bg_median": 51.303466796875,
  "summary_bg_n": 148292.0,
  "summary_bg_p05": 0.5276024460792542,
  "summary_bg_p95": 22615.22802734368,
  "summary_bg_stdv": 19917.072265625,
  "summary_fg_k": 1.8246983095982978,
  "summary_fg_mad": 72232.796875,
  "summary_fg_mean": 405050.15625,
  "summary_fg_median": 402103.5,
  "summary_fg_n": 45903.0,
  "summary_fg_p05": 267725.209375,
  "summary_fg_p95": 543192.13125,
  "summary_fg_stdv": 86507.4921875,
  "tsnr": 43.61402130126953
}