{
  "bids_meta": {
    "AcquisitionNumber": 3,
    "BIDSVersion": "1.1.0",
    "BidsifyVersion": "0.3.1",
    "ConversionSoftware": "dcm2niix",
    "ConversionSoftwareVersion": "v1.0.20181125  GCC5.4.0",
    "EchoTime": 0.00372,
    "ImageComments": "HWW",
    "ImageOrientationPatientDICOM": [
      0.999957,
      0.00925011,
      0.000349051,
      -0.00925011,
      0.999957,
      -3.2289e-06
    ],
    "InstitutionName": "Spinoza Centre for Neuroimaging, location REC",
    "MagneticFieldStrength": 3,
    "Manufacturer": "Philips",
    "ParallelAcquisitionTechnique": "SENSE",
    "PatientPosition": "HFS",
    "PhilipsRescaleIntercept": 0,
    "PhilipsRescaleSlope": 13.5267,
    "PhilipsScaleSlope": 0.000264317,
    "ProtocolName": "WIPsT13DTFE_P25_S2_3mSENSE",
    "ReconMatrixPE": 240,
    "RepetitionTime": 0.00817,
    "SeriesDescription": "ImageMRSERIES",
    "SeriesNumber": 3,
    "UsePhilipsFloatNotDisplayScaling": 1,
    "dataset": "unknown",
    "modality": "T1w",
    "session_id": "2",
    "subject_id": "21"
  },
  "cjv": 0.3413568691824897,
  "cnr": 3.749046729563326,
  "efc": 0.7393173934703027,
  "fber": 789.9358520507812,
  "fwhm_avg": 3.7206566666666667,
  "fwhm_x": 3.6869,
  "fwhm_y": 3.90457,
  "fwhm_z": 3.5705,
  "icvs_csf": 0.20471201814025908,
  "icvs_gm": 0.4332805067542693,
  "icvs_wm": 0.3620074751054716,
  "inu_med": 3.3162975311279297,
  "inu_range": 0.7751083254814151,
  "provenance": {
    "md5sum": "0ab4374681c20c00c9c5a3961690ec46",
    "settings": {
      "testing": false
    },
    "software": "mriqc",
    "version": "0.15.0",
    "warnings": {
      "large_rot_frame": true,
      "small_air_mask": true
    },
    "webapi_port": null,
    "webapi_url": "https://mriqc.nimh.nih.gov/api/v1"
  },
  "qi_1": 0.0,
  "qi_2": 1.9569872095692128e-05,
  "rpve_csf": 29.71554590374286,
  "rpve_gm": 15.227914441367789,
  "rpve_wm": 22.470607953897066,
  "size_x": 240,
  "size_y": 240,
  "size_z": 220,
  "snr_csf": 1.6524788157009922,
  "snr_gm": 6.960962129715613,
  "snr_total": 8.826804602387185,
  "snr_wm": 17.866972861744948,
  "snrd_csf": 10.52421594601253,
  "snrd_gm": 34.84550930869577,
  "snrd_total": 34.19245078101327,
  "snrd_wm": 57.20762708833152,
  "spacing_x": 1.0,
  "spacing_y": 1.0,
  "spacing_z": 1.0,
  "summary_bg_k": 7.757329748619721,
  "summary_bg_mad": 11.45184326171875,
  "summary_bg_mean": 9.608592987060547,
  "summary_bg_median": 7.724150657653809,
  "summary_bg_n": 139862.0,
  "summary_bg_p05": 0.0,
  "summary_bg_p95": 23.95672540664673,
  "summary_bg_stdv": 9.068862915039062,
  "summary_csf_k": 4.1923490911541945,
  "summary_csf_mad": 109.83063507080078,
  "summary_csf_mean": 207.14820861816406,
  "summary_csf_median": 183.96424865722656,
  "summary_csf_n": 8333.0,
  "summary_csf_p05": 62.47370223999024,
  "summary_csf_p95": 400.68726806640615,
  "summary_csf_stdv": 111.3195571899414,
  "summary_gm_k": 0.39233675430244874,
  "summary_gm_mad": 83.05201721191406,
  "summary_gm_mean": 614.824462890625,
  "summary_gm_median": 609.1026611328125,
  "summary_gm_n": 18810.0,
  "summary_gm_p05": 480.97842864990236,
  "summary_gm_p95": 771.0736328124999,
  "summary_gm_stdv": 87.50032806396484,
  "summary_wm_k": 0.8429141755570306,
  "summary_wm_mad": 50.38159942626953,
  "summary_wm_mean": 997.460693359375,
  "summary_wm_median": 999.9945068359375,
  "summary_wm_n": 184483.0,
  "summary_wm_p05": 900.8051208496094,
  "summary_wm_p95": 1084.8415771484374,
  "summary_wm_stdv": 55.96873092651367,
  "tpm_overlap_csf": 0.22937637567520142,
  "tpm_overlap_gm": 0.5172479748725891,
  "tpm_overlap_wm": 0.5674929618835449,
  "wm2max": 0.7550101251406971
}