{
  "bids_meta": {
    "AcquisitionNumber": 3,
    "BIDSVersion": "1.1.0",
    "BidsifyVersion": "0.3.1",
    "ConversionSoftware": "dcm2niix",
    "ConversionSoftwareVersion": "v1.0.20181125  GCC5.4.0",
    "EchoTime": 0.00372,
    "ImageComments": "HWW",
    "ImageOrientationPatientDICOM": [
      0.999515,
      0.00134572,
      0.0311032,
      -0.00209338,
      0.999709,
      0.0240181
    ],
    "InstitutionName": "Spinoza Centre for Neuroimaging, location REC",
    "MagneticFieldStrength": 3,
    "Manufacturer": "Philips",
    "ParallelAcquisitionTechnique": "SENSE",
    "PatientPosition": "HFS",
    "PhilipsRescaleIntercept": 0,
    "PhilipsRescaleSlope": 14.6523,
    "PhilipsScaleSlope": 0.000275924,
    "ProtocolName": "WIPsT13DTFE_P25_S2_3mSENSE",
    "ReconMatrixPE": 240,
    "RepetitionTime": 0.008149,
    "SeriesDescription": "ImageMRSERIES",
    "SeriesNumber": 3,
    "UsePhilipsFloatNotDisplayScaling": 1,
    "dataset": "unknown",
    "modality": "T1w",
    "session_id": "1",
    "subject_id": "15"
  },
  "cjv": 0.36020803462279266,
  "cnr": 3.518941928373937,
  "efc": 0.7470030380229861,
  "fber": 538.6078491210938,
  "fwhm_avg": 3.9049365125898703,
  "fwhm_x": 3.8774695377696116,
  "fwhm_y": 4.03484,
  "fwhm_z": 3.8025,
  "icvs_csf": 0.23217172002369477,
  "icvs_gm": 0.41624066964747364,
  "icvs_wm": 0.35158761032883157,
  "inu_med": 4.083994388580322,
  "inu_range": 1.1934739589691161,
  "provenance": {
    "md5sum": "12a890dc0912b6b7aafc8ea4242a4157",
    "settings": {
      "testing": false
    },
    "software": "mriqc",
    "version": "0.15.0",
    "warnings": {
      "large_rot_frame": true,
      "small_air_mask": true
    },
    "webapi_port": null,
    "webapi_url": "https://mriqc.nimh.nih.gov/api/v1"
  },
  "qi_1": 0.0,
  "qi_2": 1.0149271630184385e-05,
  "rpve_csf": 22.83775593224041,
  "rpve_gm": 13.18347759816756,
  "rpve_wm": 19.8670113189574,
  "size_x": 240,
  "size_y": 240,
  "size_z": 220,
  "snr_csf": 2.1388121535597975,
  "snr_gm": 6.503525774104072,
  "snr_total": 8.948730581128597,
  "snr_wm": 18.20385381572192,
  "snrd_csf": 11.35761886493441,
  "snrd_gm": 29.615535462288864,
  "snrd_total": 29.731456196184357,
  "snrd_wm": 48.2212142613298,
  "spacing_x": 1.0000001192092896,
  "spacing_y": 1.0,
  "spacing_z": 1.0,
  "summary_bg_k": 2.6905926575768184,
  "summary_bg_mad": 13.58608627319336,
  "summary_bg_mean": 10.454358100891113,
  "summary_bg_median": 9.207585334777832,
  "summary_bg_n": 175774.0,
  "summary_bg_p05": 0.0,
  "summary_bg_p95": 27.82477378845215,
  "summary_bg_stdv": 9.340359687805176,
  "summary_csf_k": -0.746035060562976,
  "summary_csf_mad": 133.906494140625,
  "summary_csf_mean": 231.47344970703125,
  "summary_csf_median": 235.53201293945312,
  "summary_csf_n": 8938.0,
  "summary_csf_p05": 62.78995132446289,
  "summary_csf_p95": 403.6088989257812,
  "summary_csf_stdv": 110.11665344238281,
  "summary_gm_k": 0.402553311144513,
  "summary_gm_mad": 89.34487915039062,
  "summary_gm_mean": 620.4388427734375,
  "summary_gm_median": 614.1610107421875,
  "summary_gm_n": 18614.0,
  "summary_gm_p05": 474.8108352661133,
  "summary_gm_p95": 785.7133178710936,
  "summary_gm_stdv": 94.43254852294922,
  "summary_wm_k": 1.0926252150864944,
  "summary_wm_mad": 49.638084411621094,
  "summary_wm_mean": 997.9579467773438,
  "summary_wm_median": 1000.0018310546875,
  "summary_wm_n": 221004.0,
  "summary_wm_p05": 905.351284790039,
  "summary_wm_p95": 1083.410577392578,
  "summary_wm_stdv": 54.93339920043945,
  "tpm_overlap_csf": 0.20943257212638855,
  "tpm_overlap_gm": 0.5019261240959167,
  "tpm_overlap_wm": 0.5634947419166565,
  "wm2max": 0.8183953754402099
}