{
  "aor": 0.00022265780730897007,
  "aqi": 0.003276422956810631,
  "bids_meta": {
    "AcquisitionNumber": 4,
    "BIDSVersion": "1.1.0",
    "BidsifyVersion": "0.3.1",
    "ConversionSoftware": "dcm2niix",
    "ConversionSoftwareVersion": "v1.0.20181125  GCC5.4.0",
    "EchoTime": 0.02763,
    "FlipAngle": 76.1,
    "ImageComments": "HWW",
    "ImageOrientationPatientDICOM": [
      0.999464,
      0.0160176,
      -0.0285375,
      -0.0240773,
      0.950514,
      -0.309747
    ],
    "InstitutionName": "Spinoza Centre for Neuroimaging, location REC",
    "MagneticFieldStrength": 3,
    "Manufacturer": "Philips",
    "ParallelAcquisitionTechnique": "SENSE",
    "ParallelReductionFactorInPlane": 2,
    "PatientPosition": "HFS",
    "PhaseEncodingDirection": "j",
    "PhilipsRescaleIntercept": 0,
    "PhilipsRescaleSlope": 2.18877,
    "PhilipsScaleSlope": 0.0011018,
    "ProtocolName": "WIPPM_Zinnen1SENSE",
    "ReconMatrixPE": 80,
    "RepetitionTime": 2,
    "SeriesDescription": "ImageMRSERIES",
    "SeriesNumber": 4,
    "SliceEncodingDirection": "k",
    "SliceTiming": [
      0.0,
      0.05405405405405406,
      0.10810810810810811,
      0.16216216216216217,
      0.21621621621621623,
      0.2702702702702703,
      0.32432432432432434,
      0.3783783783783784,
      0.43243243243243246,
      0.4864864864864865,
      0.5405405405405406,
      0.5945945945945946,
      0.6486486486486487,
      0.7027027027027027,
      0.7567567567567568,
      0.8108108108108109,
      0.8648648648648649,
      0.918918918918919,
      0.972972972972973,
      1.0270270270270272,
      1.0810810810810811,
      1.135135135135135,
      1.1891891891891893,
      1.2432432432432434,
      1.2972972972972974,
      1.3513513513513513,
      1.4054054054054055,
      1.4594594594594597,
      1.5135135135135136,
      1.5675675675675675,
      1.6216216216216217,
      1.6756756756756759,
      1.7297297297297298,
      1.7837837837837838,
      1.837837837837838,
      1.891891891891892,
      1.945945945945946
    ],
    "TaskName": "self",
    "UsePhilipsFloatNotDisplayScaling": 1,
    "WaterFatShift": 12,
    "dataset": "unknown",
    "modality": "bold",
    "run_id": 1,
    "session_id": "2",
    "subject_id": "20",
    "task_id": "self"
  },
  "dummy_trs": 0,
  "dvars_nstd": 19.17869581553331,
  "dvars_std": 1.2295985355333336,
  "dvars_vstd": 0.9943913415666666,
  "efc": 0.43808594439828125,
  "fber": 528570848.0,
  "fd_mean": 0.15005863458412408,
  "fd_num": 69,
  "fd_perc": 22.92358803986711,
  "fwhm_avg": 2.4510782938720475,
  "fwhm_x": 2.35652,
  "fwhm_y": 2.70383,
  "fwhm_z": 2.2928848816161427,
  "gcor": 0.0201651,
  "gsr_x": -0.004201831296086311,
  "gsr_y": 0.004991482477635145,
  "provenance": {
    "md5sum": "77f6eba69cdce1958d9ef569a758dbf7",
    "settings": {
      "fd_thres": 0.2,
      "hmc_fsl": false
    },
    "software": "mriqc",
    "version": "0.15.0",
    "webapi_port": null,
    "webapi_url": "https://mriqc.nimh.nih.gov/api/v1"
  },
  "size_t": 301,
  "size_x": 80,
  "size_y": 80,
  "size_z": 37,
  "snr": 5.086102793090273,
  "spacing_tr": 2.0,
  "spacing_x": 3.0,
  "spacing_y": 3.0,
  "spacing_z": 3.299999952316284,
  "spikes_num": 1,
  "summary_bg_k": 52.18031892885371,
  "summary_bg_mad": 22.56093978881836,
  "summary_bg_mean": 4599.56884765625,
  "summary_bg_median": 15.31668472290039,
  "summary_bg_n": 147094.0,
  "summary_bg_p05": 0.05959430187940598,
  "summary_bg_p95": 24102.735839843794,
  "summary_bg_stdv": 22477.51171875,
  "summary_fg_k": 3.0001318363919287,
  "summary_fg_mad": 64410.2890625,
  "summary_fg_mean": 403676.71875,
  "summary_fg_median": 403385.75,
  "summary_fg_n": 47620.0,
  "summary_fg_p05": 279289.74375,
  "summary_fg_p95": 520550.4671875,
  "summary_fg_stdv": 79310.53125,
  "tsnr": 88.73082733154297
}