{
  "aor": 0.0030716611295681065,
  "aqi": 0.004668424983388704,
  "bids_meta": {
    "AcquisitionNumber": 5,
    "BIDSVersion": "1.1.0",
    "BidsifyVersion": "0.3.1",
    "ConversionSoftware": "dcm2niix",
    "ConversionSoftwareVersion": "v1.0.20181125  GCC5.4.0",
    "EchoTime": 0.02763,
    "FlipAngle": 76.1,
    "ImageComments": "HWW",
    "ImageOrientationPatientDICOM": [
      0.999464,
      0.0160176,
      -0.0285375,
      -0.0240773,
      0.950514,
      -0.309747
    ],
    "InstitutionName": "Spinoza Centre for Neuroimaging, location REC",
    "MagneticFieldStrength": 3,
    "Manufacturer": "Philips",
    "ParallelAcquisitionTechnique": "SENSE",
    "ParallelReductionFactorInPlane": 2,
    "PatientPosition": "HFS",
    "PhaseEncodingDirection": "j",
    "PhilipsRescaleIntercept": 0,
    "PhilipsRescaleSlope": 2.19512,
    "PhilipsScaleSlope": 0.00110419,
    "ProtocolName": "WIPPM_Zinnen2SENSE",
    "ReconMatrixPE": 80,
    "RepetitionTime": 2,
    "SeriesDescription": "ImageMRSERIES",
    "SeriesNumber": 5,
    "SliceEncodingDirection": "k",
    "SliceTiming": [
      0.0,
      0.05405405405405406,
      0.10810810810810811,
      0.16216216216216217,
      0.21621621621621623,
      0.2702702702702703,
      0.32432432432432434,
      0.3783783783783784,
      0.43243243243243246,
      0.4864864864864865,
      0.5405405405405406,
      0.5945945945945946,
      0.6486486486486487,
      0.7027027027027027,
      0.7567567567567568,
      0.8108108108108109,
      0.8648648648648649,
      0.918918918918919,
      0.972972972972973,
      1.0270270270270272,
      1.0810810810810811,
      1.135135135135135,
      1.1891891891891893,
      1.2432432432432434,
      1.2972972972972974,
      1.3513513513513513,
      1.4054054054054055,
      1.4594594594594597,
      1.5135135135135136,
      1.5675675675675675,
      1.6216216216216217,
      1.6756756756756759,
      1.7297297297297298,
      1.7837837837837838,
      1.837837837837838,
      1.891891891891892,
      1.945945945945946
    ],
    "TaskName": "self",
    "UsePhilipsFloatNotDisplayScaling": 1,
    "WaterFatShift": 12,
    "dataset": "unknown",
    "modality": "bold",
    "run_id": 2,
    "session_id": "2",
    "subject_id": "20",
    "task_id": "self"
  },
  "dummy_trs": 0,
  "dvars_nstd": 20.205118748499995,
  "dvars_std": 1.2826059895333328,
  "dvars_vstd": 1.0274607566999998,
  "efc": 0.4385411903458867,
  "fber": 146026528.0,
  "fd_mean": 0.1552602427817536,
  "fd_num": 80,
  "fd_perc": 26.578073089700997,
  "fwhm_avg": 2.461957283827537,
  "fwhm_x": 2.3659333333333334,
  "fwhm_y": 2.7153233333333335,
  "fwhm_z": 2.304615184815944,
  "gcor": 0.0154173,
  "gsr_x": -0.004372972529381514,
  "gsr_y": 0.005378273315727711,
  "provenance": {
    "md5sum": "93e5b45476d2ba816c3db0abf938761d",
    "settings": {
      "fd_thres": 0.2,
      "hmc_fsl": false
    },
    "software": "mriqc",
    "version": "0.15.0",
    "webapi_port": null,
    "webapi_url": "https://mriqc.nimh.nih.gov/api/v1"
  },
  "size_t": 301,
  "size_x": 80,
  "size_y": 80,
  "size_z": 37,
  "snr": 5.089541971794139,
  "spacing_tr": 2.0,
  "spacing_x": 3.0,
  "spacing_y": 3.0,
  "spacing_z": 3.299999952316284,
  "spikes_num": 0,
  "summary_bg_k": 52.848313110487226,
  "summary_bg_mad": 43.10648727416992,
  "summary_bg_mean": 4659.68017578125,
  "summary_bg_median": 29.51891326904297,
  "summary_bg_n": 147096.0,
  "summary_bg_p05": 0.1832226738333702,
  "summary_bg_p95": 22863.8447265625,
  "summary_bg_stdv": 22690.7734375,
  "summary_fg_k": 2.8657644883983586,
  "summary_fg_mad": 65112.32421875,
  "summary_fg_mean": 405374.34375,
  "summary_fg_median": 404969.6875,
  "summary_fg_n": 47572.0,
  "summary_fg_p05": 279991.871875,
  "summary_fg_p95": 523607.99843749986,
  "summary_fg_stdv": 79568.1484375,
  "tsnr": 76.31954956054688
}