{
  "aor": 0.00028565965583173995,
  "aqi": 0.00390927621414914,
  "bids_meta": {
    "AcquisitionNumber": 3,
    "BIDSVersion": "1.1.0",
    "BidsifyVersion": "0.3.1",
    "ConversionSoftware": "dcm2niix",
    "ConversionSoftwareVersion": "v1.0.20181125  GCC5.4.0",
    "EchoTime": 0.02763,
    "FlipAngle": 76.1,
    "ImageComments": "HWW",
    "ImageOrientationPatientDICOM": [
      0.999464,
      0.0160176,
      -0.0285375,
      -0.0240773,
      0.950514,
      -0.309747
    ],
    "InstitutionName": "Spinoza Centre for Neuroimaging, location REC",
    "MagneticFieldStrength": 3,
    "Manufacturer": "Philips",
    "ParallelAcquisitionTechnique": "SENSE",
    "ParallelReductionFactorInPlane": 2,
    "PatientPosition": "HFS",
    "PhaseEncodingDirection": "j",
    "PhilipsRescaleIntercept": 0,
    "PhilipsRescaleSlope": 2.11453,
    "PhilipsScaleSlope": 0.00110862,
    "ProtocolName": "WIPPM_HWWSENSE",
    "ReconMatrixPE": 80,
    "RepetitionTime": 2,
    "SeriesDescription": "ImageMRSERIES",
    "SeriesNumber": 3,
    "SliceEncodingDirection": "k",
    "SliceTiming": [
      0.0,
      0.05405405405405406,
      0.10810810810810811,
      0.16216216216216217,
      0.21621621621621623,
      0.2702702702702703,
      0.32432432432432434,
      0.3783783783783784,
      0.43243243243243246,
      0.4864864864864865,
      0.5405405405405406,
      0.5945945945945946,
      0.6486486486486487,
      0.7027027027027027,
      0.7567567567567568,
      0.8108108108108109,
      0.8648648648648649,
      0.918918918918919,
      0.972972972972973,
      1.0270270270270272,
      1.0810810810810811,
      1.135135135135135,
      1.1891891891891893,
      1.2432432432432434,
      1.2972972972972974,
      1.3513513513513513,
      1.4054054054054055,
      1.4594594594594597,
      1.5135135135135136,
      1.5675675675675675,
      1.6216216216216217,
      1.6756756756756759,
      1.7297297297297298,
      1.7837837837837838,
      1.837837837837838,
      1.891891891891892,
      1.945945945945946
    ],
    "TaskName": "other",
    "UsePhilipsFloatNotDisplayScaling": 1,
    "WaterFatShift": 12,
    "dataset": "unknown",
    "modality": "bold",
    "session_id": "2",
    "subject_id": "20",
    "task_id": "other"
  },
  "dummy_trs": 0,
  "dvars_nstd": 18.684035816647505,
  "dvars_std": 1.2021096901149415,
  "dvars_vstd": 0.9790106643486589,
  "efc": 0.43798373805453616,
  "fber": 117506096.0,
  "fd_mean": 0.1442359037556525,
  "fd_num": 104,
  "fd_perc": 19.88527724665392,
  "fwhm_avg": 2.4594285969149907,
  "fwhm_x": 2.3612100000000003,
  "fwhm_y": 2.7215666666666665,
  "fwhm_z": 2.2955091240783045,
  "gcor": 0.010912,
  "gsr_x": -0.004362133797258139,
  "gsr_y": 0.0057586561888456345,
  "provenance": {
    "md5sum": "69c627348f171926e0908cd29e1f1efe",
    "settings": {
      "fd_thres": 0.2,
      "hmc_fsl": false
    },
    "software": "mriqc",
    "version": "0.15.0",
    "webapi_port": null,
    "webapi_url": "https://mriqc.nimh.nih.gov/api/v1"
  },
  "size_t": 523,
  "size_x": 80,
  "size_y": 80,
  "size_z": 37,
  "snr": 5.029426367332379,
  "spacing_tr": 2.0,
  "spacing_x": 3.0,
  "spacing_y": 3.0,
  "spacing_z": 3.299999952316284,
  "spikes_num": 0,
  "summary_bg_k": 55.483544021972726,
  "summary_bg_mad": 51.386627197265625,
  "summary_bg_mean": 4518.45166015625,
  "summary_bg_median": 35.5678596496582,
  "summary_bg_n": 147011.0,
  "summary_bg_p05": 0.1397094428539276,
  "summary_bg_p95": 22713.7412109375,
  "summary_bg_stdv": 22213.15234375,
  "summary_fg_k": 2.923801795786388,
  "summary_fg_mad": 65785.890625,
  "summary_fg_mean": 404900.78125,
  "summary_fg_median": 404652.28125,
  "summary_fg_n": 47689.0,
  "summary_fg_p05": 279501.50625,
  "summary_fg_p95": 523794.44375000003,
  "summary_fg_stdv": 80456.1015625,
  "tsnr": 80.37130737304688
}