{
  "aor": 0.0005040152963671128,
  "aqi": 0.0052452963097514346,
  "bids_meta": {
    "AcquisitionNumber": 3,
    "BIDSVersion": "1.1.0",
    "BidsifyVersion": "0.3.1",
    "ConversionSoftware": "dcm2niix",
    "ConversionSoftwareVersion": "v1.0.20181125  GCC5.4.0",
    "EchoTime": 0.02763,
    "FlipAngle": 76.1,
    "ImageComments": "HWW",
    "ImageOrientationPatientDICOM": [
      0.99927,
      0.0198617,
      0.0326375,
      -0.0108136,
      0.966352,
      -0.256995
    ],
    "InstitutionName": "Spinoza Centre for Neuroimaging, location REC",
    "MagneticFieldStrength": 3,
    "Manufacturer": "Philips",
    "ParallelAcquisitionTechnique": "SENSE",
    "ParallelReductionFactorInPlane": 2,
    "PatientPosition": "HFS",
    "PhaseEncodingDirection": "j",
    "PhilipsRescaleIntercept": 0,
    "PhilipsRescaleSlope": 2.74725,
    "PhilipsScaleSlope": 0.00115781,
    "ProtocolName": "WIPPM_HWWSENSE",
    "ReconMatrixPE": 80,
    "RepetitionTime": 2,
    "SeriesDescription": "ImageMRSERIES",
    "SeriesNumber": 3,
    "SliceEncodingDirection": "k",
    "SliceTiming": [
      0.0,
      0.05405405405405406,
      0.10810810810810811,
      0.16216216216216217,
      0.21621621621621623,
      0.2702702702702703,
      0.32432432432432434,
      0.3783783783783784,
      0.43243243243243246,
      0.4864864864864865,
      0.5405405405405406,
      0.5945945945945946,
      0.6486486486486487,
      0.7027027027027027,
      0.7567567567567568,
      0.8108108108108109,
      0.8648648648648649,
      0.918918918918919,
      0.972972972972973,
      1.0270270270270272,
      1.0810810810810811,
      1.135135135135135,
      1.1891891891891893,
      1.2432432432432434,
      1.2972972972972974,
      1.3513513513513513,
      1.4054054054054055,
      1.4594594594594597,
      1.5135135135135136,
      1.5675675675675675,
      1.6216216216216217,
      1.6756756756756759,
      1.7297297297297298,
      1.7837837837837838,
      1.837837837837838,
      1.891891891891892,
      1.945945945945946
    ],
    "TaskName": "other",
    "UsePhilipsFloatNotDisplayScaling": 1,
    "WaterFatShift": 12,
    "dataset": "unknown",
    "modality": "bold",
    "session_id": "2",
    "subject_id": "13",
    "task_id": "other"
  },
  "dummy_trs": 0,
  "dvars_nstd": 23.23653040812261,
  "dvars_std": 1.3009169013026793,
  "dvars_vstd": 0.9752877138697312,
  "efc": 0.42600195985921047,
  "fber": 96870448.0,
  "fd_mean": 0.1412297327978854,
  "fd_num": 89,
  "fd_perc": 17.017208413001914,
  "fwhm_avg": 2.4593146571809306,
  "fwhm_x": 2.3995166666666665,
  "fwhm_y": 2.7535333333333334,
  "fwhm_z": 2.2248939715427913,
  "gcor": 0.0280108,
  "gsr_x": -0.005540760699659586,
  "gsr_y": 0.007033064495772123,
  "provenance": {
    "md5sum": "51ba900b380dce78dd2ac62700226c8f",
    "settings": {
      "fd_thres": 0.2,
      "hmc_fsl": false
    },
    "software": "mriqc",
    "version": "0.15.0",
    "webapi_port": null,
    "webapi_url": "https://mriqc.nimh.nih.gov/api/v1"
  },
  "size_t": 523,
  "size_x": 80,
  "size_y": 80,
  "size_z": 37,
  "snr": 5.078003202949069,
  "spacing_tr": 2.0,
  "spacing_x": 3.0,
  "spacing_y": 3.0,
  "spacing_z": 3.299999952316284,
  "spikes_num": 0,
  "summary_bg_k": 79.03227845506444,
  "summary_bg_mad": 48.17732238769531,
  "summary_bg_mean": 3042.1875,
  "summary_bg_median": 33.0377311706543,
  "summary_bg_n": 148384.0,
  "summary_bg_p05": 0.2000141650438309,
  "summary_bg_p95": 13845.082568359412,
  "summary_bg_stdv": 15378.8037109375,
  "summary_fg_k": 2.533312127187174,
  "summary_fg_mad": 61595.3125,
  "summary_fg_mean": 369234.21875,
  "summary_fg_median": 367873.65625,
  "summary_fg_n": 46188.0,
  "summary_fg_p05": 261664.82265624998,
  "summary_fg_p95": 480603.784375,
  "summary_fg_stdv": 72443.765625,
  "tsnr": 70.1234359741211
}