{
  "aor": 0.0004968770764119602,
  "aqi": 0.004315001328903655,
  "bids_meta": {
    "AcquisitionNumber": 5,
    "BIDSVersion": "1.1.0",
    "BidsifyVersion": "0.3.1",
    "ConversionSoftware": "dcm2niix",
    "ConversionSoftwareVersion": "v1.0.20181125  GCC5.4.0",
    "EchoTime": 0.02763,
    "FlipAngle": 76.1,
    "ImageComments": "HWW",
    "ImageOrientationPatientDICOM": [
      0.99927,
      0.0198617,
      0.0326375,
      -0.0108136,
      0.966352,
      -0.256995
    ],
    "InstitutionName": "Spinoza Centre for Neuroimaging, location REC",
    "MagneticFieldStrength": 3,
    "Manufacturer": "Philips",
    "ParallelAcquisitionTechnique": "SENSE",
    "ParallelReductionFactorInPlane": 2,
    "PatientPosition": "HFS",
    "PhaseEncodingDirection": "j",
    "PhilipsRescaleIntercept": 0,
    "PhilipsRescaleSlope": 2.95067,
    "PhilipsScaleSlope": 0.00116888,
    "ProtocolName": "WIPPM_Zinnen2SENSE",
    "ReconMatrixPE": 80,
    "RepetitionTime": 2,
    "SeriesDescription": "ImageMRSERIES",
    "SeriesNumber": 5,
    "SliceEncodingDirection": "k",
    "SliceTiming": [
      0.0,
      0.05405405405405406,
      0.10810810810810811,
      0.16216216216216217,
      0.21621621621621623,
      0.2702702702702703,
      0.32432432432432434,
      0.3783783783783784,
      0.43243243243243246,
      0.4864864864864865,
      0.5405405405405406,
      0.5945945945945946,
      0.6486486486486487,
      0.7027027027027027,
      0.7567567567567568,
      0.8108108108108109,
      0.8648648648648649,
      0.918918918918919,
      0.972972972972973,
      1.0270270270270272,
      1.0810810810810811,
      1.135135135135135,
      1.1891891891891893,
      1.2432432432432434,
      1.2972972972972974,
      1.3513513513513513,
      1.4054054054054055,
      1.4594594594594597,
      1.5135135135135136,
      1.5675675675675675,
      1.6216216216216217,
      1.6756756756756759,
      1.7297297297297298,
      1.7837837837837838,
      1.837837837837838,
      1.891891891891892,
      1.945945945945946
    ],
    "TaskName": "self",
    "UsePhilipsFloatNotDisplayScaling": 1,
    "WaterFatShift": 12,
    "dataset": "unknown",
    "modality": "bold",
    "run_id": 2,
    "session_id": "2",
    "subject_id": "13",
    "task_id": "self"
  },
  "dummy_trs": 0,
  "dvars_nstd": 21.908288593466676,
  "dvars_std": 1.2777057584000007,
  "dvars_vstd": 0.9900820120999998,
  "efc": 0.4246276271156111,
  "fber": 460328800.0,
  "fd_mean": 0.14969791955979944,
  "fd_num": 61,
  "fd_perc": 20.26578073089701,
  "fwhm_avg": 2.4585656672968867,
  "fwhm_x": 2.3931999999999998,
  "fwhm_y": 2.7545,
  "fwhm_z": 2.2279970018906594,
  "gcor": 0.0463143,
  "gsr_x": -0.0055090561509132385,
  "gsr_y": 0.006761533673852682,
  "provenance": {
    "md5sum": "2a10c9bf83004fb6224cc97518057d98",
    "settings": {
      "fd_thres": 0.2,
      "hmc_fsl": false
    },
    "software": "mriqc",
    "version": "0.15.0",
    "webapi_port": null,
    "webapi_url": "https://mriqc.nimh.nih.gov/api/v1"
  },
  "size_t": 301,
  "size_x": 80,
  "size_y": 80,
  "size_z": 37,
  "snr": 5.0288912232259015,
  "spacing_tr": 2.0,
  "spacing_x": 3.0,
  "spacing_y": 3.0,
  "spacing_z": 3.299999952316284,
  "spikes_num": 1,
  "summary_bg_k": 77.06503517661967,
  "summary_bg_mad": 22.617586135864258,
  "summary_bg_mean": 2943.776611328125,
  "summary_bg_median": 15.536808967590332,
  "summary_bg_n": 148661.0,
  "summary_bg_p05": 0.07884792238473892,
  "summary_bg_p95": 13358.9287109375,
  "summary_bg_stdv": 15237.3515625,
  "summary_fg_k": 2.519724194662924,
  "summary_fg_mad": 60960.2265625,
  "summary_fg_mean": 364199.09375,
  "summary_fg_median": 362442.8125,
  "summary_fg_n": 45960.0,
  "summary_fg_p05": 257294.18046875,
  "summary_fg_p95": 474278.8531249999,
  "summary_fg_stdv": 72071.328125,
  "tsnr": 75.83346557617188
}