{
  "aor": 0.0008711089866156788,
  "aqi": 0.007500307151051625,
  "bids_meta": {
    "AcquisitionNumber": 4,
    "BIDSVersion": "1.1.0",
    "BidsifyVersion": "0.3.1",
    "ConversionSoftware": "dcm2niix",
    "ConversionSoftwareVersion": "v1.0.20181125  GCC5.4.0",
    "EchoTime": 0.02763,
    "FlipAngle": 76.1,
    "ImageComments": "HWW",
    "ImageOrientationPatientDICOM": [
      0.999386,
      0.00953112,
      0.0337035,
      0.00296525,
      0.935785,
      -0.35256
    ],
    "InstitutionName": "Spinoza Centre for Neuroimaging, location REC",
    "MagneticFieldStrength": 3,
    "Manufacturer": "Philips",
    "ParallelAcquisitionTechnique": "SENSE",
    "ParallelReductionFactorInPlane": 2,
    "PatientPosition": "HFS",
    "PhaseEncodingDirection": "j",
    "PhilipsRescaleIntercept": 0,
    "PhilipsRescaleSlope": 2.69182,
    "PhilipsScaleSlope": 0.00120788,
    "ProtocolName": "WIPPM_HWWSENSE",
    "ReconMatrixPE": 80,
    "RepetitionTime": 2,
    "SeriesDescription": "ImageMRSERIES",
    "SeriesNumber": 4,
    "SliceEncodingDirection": "k",
    "SliceTiming": [
      0.0,
      0.05405405405405406,
      0.10810810810810811,
      0.16216216216216217,
      0.21621621621621623,
      0.2702702702702703,
      0.32432432432432434,
      0.3783783783783784,
      0.43243243243243246,
      0.4864864864864865,
      0.5405405405405406,
      0.5945945945945946,
      0.6486486486486487,
      0.7027027027027027,
      0.7567567567567568,
      0.8108108108108109,
      0.8648648648648649,
      0.918918918918919,
      0.972972972972973,
      1.0270270270270272,
      1.0810810810810811,
      1.135135135135135,
      1.1891891891891893,
      1.2432432432432434,
      1.2972972972972974,
      1.3513513513513513,
      1.4054054054054055,
      1.4594594594594597,
      1.5135135135135136,
      1.5675675675675675,
      1.6216216216216217,
      1.6756756756756759,
      1.7297297297297298,
      1.7837837837837838,
      1.837837837837838,
      1.891891891891892,
      1.945945945945946
    ],
    "TaskName": "other",
    "UsePhilipsFloatNotDisplayScaling": 1,
    "WaterFatShift": 12,
    "dataset": "unknown",
    "modality": "bold",
    "session_id": "1",
    "subject_id": "13",
    "task_id": "other"
  },
  "dummy_trs": 0,
  "dvars_nstd": 23.744213533448267,
  "dvars_std": 1.2332335970881214,
  "dvars_vstd": 1.0101551661302686,
  "efc": 0.4239690631141058,
  "fber": 128049880.0,
  "fd_mean": 0.1814902417810111,
  "fd_num": 194,
  "fd_perc": 37.09369024856596,
  "fwhm_avg": 2.469867990680274,
  "fwhm_x": 2.4075866666666665,
  "fwhm_y": 2.7426566666666665,
  "fwhm_z": 2.2593606387074883,
  "gcor": 0.0166579,
  "gsr_x": -0.005209681112319231,
  "gsr_y": 0.007034542504698038,
  "provenance": {
    "md5sum": "6d82306c88f0008edb9d7e19b4d8fcc0",
    "settings": {
      "fd_thres": 0.2,
      "hmc_fsl": false
    },
    "software": "mriqc",
    "version": "0.15.0",
    "webapi_port": null,
    "webapi_url": "https://mriqc.nimh.nih.gov/api/v1"
  },
  "size_t": 523,
  "size_x": 80,
  "size_y": 80,
  "size_z": 37,
  "snr": 5.014185290090998,
  "spacing_tr": 2.0,
  "spacing_x": 3.0,
  "spacing_y": 3.0,
  "spacing_z": 3.299999952316284,
  "spikes_num": 0,
  "summary_bg_k": 84.38698859388336,
  "summary_bg_mad": 39.943233489990234,
  "summary_bg_mean": 3057.33447265625,
  "summary_bg_median": 27.154266357421875,
  "summary_bg_n": 149031.0,
  "summary_bg_p05": 0.14266064018011093,
  "summary_bg_p95": 14438.26318359375,
  "summary_bg_stdv": 15311.95703125,
  "summary_fg_k": 2.3037995414956187,
  "summary_fg_mad": 60793.91796875,
  "summary_fg_mean": 355887.90625,
  "summary_fg_median": 353873.9375,
  "summary_fg_n": 45573.0,
  "summary_fg_p05": 250201.065625,
  "summary_fg_p95": 464515.90625,
  "summary_fg_stdv": 70573.7890625,
  "tsnr": 61.27022933959961
}