{
  "aor": 0.0018977076411960134,
  "aqi": 0.004897475913621263,
  "bids_meta": {
    "AcquisitionNumber": 5,
    "BIDSVersion": "1.1.0",
    "BidsifyVersion": "0.3.1",
    "ConversionSoftware": "dcm2niix",
    "ConversionSoftwareVersion": "v1.0.20181125  GCC5.4.0",
    "EchoTime": 0.02763,
    "FlipAngle": 76.1,
    "ImageComments": "HWW",
    "ImageOrientationPatientDICOM": [
      0.999386,
      0.00953112,
      0.0337035,
      0.00296525,
      0.935785,
      -0.35256
    ],
    "InstitutionName": "Spinoza Centre for Neuroimaging, location REC",
    "MagneticFieldStrength": 3,
    "Manufacturer": "Philips",
    "ParallelAcquisitionTechnique": "SENSE",
    "ParallelReductionFactorInPlane": 2,
    "PatientPosition": "HFS",
    "PhaseEncodingDirection": "j",
    "PhilipsRescaleIntercept": 0,
    "PhilipsRescaleSlope": 2.97729,
    "PhilipsScaleSlope": 0.00118274,
    "ProtocolName": "WIPPM_Zinnen1SENSE",
    "ReconMatrixPE": 80,
    "RepetitionTime": 2,
    "SeriesDescription": "ImageMRSERIES",
    "SeriesNumber": 5,
    "SliceEncodingDirection": "k",
    "SliceTiming": [
      0.0,
      0.05405405405405406,
      0.10810810810810811,
      0.16216216216216217,
      0.21621621621621623,
      0.2702702702702703,
      0.32432432432432434,
      0.3783783783783784,
      0.43243243243243246,
      0.4864864864864865,
      0.5405405405405406,
      0.5945945945945946,
      0.6486486486486487,
      0.7027027027027027,
      0.7567567567567568,
      0.8108108108108109,
      0.8648648648648649,
      0.918918918918919,
      0.972972972972973,
      1.0270270270270272,
      1.0810810810810811,
      1.135135135135135,
      1.1891891891891893,
      1.2432432432432434,
      1.2972972972972974,
      1.3513513513513513,
      1.4054054054054055,
      1.4594594594594597,
      1.5135135135135136,
      1.5675675675675675,
      1.6216216216216217,
      1.6756756756756759,
      1.7297297297297298,
      1.7837837837837838,
      1.837837837837838,
      1.891891891891892,
      1.945945945945946
    ],
    "TaskName": "self",
    "UsePhilipsFloatNotDisplayScaling": 1,
    "WaterFatShift": 12,
    "dataset": "unknown",
    "modality": "bold",
    "run_id": 1,
    "session_id": "1",
    "subject_id": "13",
    "task_id": "self"
  },
  "dummy_trs": 0,
  "dvars_nstd": 22.90259435036667,
  "dvars_std": 1.2723023179666666,
  "dvars_vstd": 0.9995209014666667,
  "efc": 0.423752731083077,
  "fber": 233435360.0,
  "fd_mean": 0.16931674323984458,
  "fd_num": 84,
  "fd_perc": 27.906976744186046,
  "fwhm_avg": 2.4708696068723217,
  "fwhm_x": 2.4041633333333334,
  "fwhm_y": 2.742766666666667,
  "fwhm_z": 2.2656788206169653,
  "gcor": 0.015799,
  "gsr_x": -0.00542659405618906,
  "gsr_y": 0.007105652708560228,
  "provenance": {
    "md5sum": "5f17995458f35c4df50e0bf754cf3f16",
    "settings": {
      "fd_thres": 0.2,
      "hmc_fsl": false
    },
    "software": "mriqc",
    "version": "0.15.0",
    "webapi_port": null,
    "webapi_url": "https://mriqc.nimh.nih.gov/api/v1"
  },
  "size_t": 301,
  "size_x": 80,
  "size_y": 80,
  "size_z": 37,
  "snr": 4.980049976968195,
  "spacing_tr": 2.0,
  "spacing_x": 3.0,
  "spacing_y": 3.0,
  "spacing_z": 3.299999952316284,
  "spikes_num": 1,
  "summary_bg_k": 78.56963457738274,
  "summary_bg_mad": 30.50774383544922,
  "summary_bg_mean": 3116.07763671875,
  "summary_bg_median": 21.072429656982422,
  "summary_bg_n": 148910.0,
  "summary_bg_p05": 0.1427607096731663,
  "summary_bg_p95": 14104.421337890592,
  "summary_bg_stdv": 15921.763671875,
  "summary_fg_k": 2.2459528741085624,
  "summary_fg_mad": 62414.6796875,
  "summary_fg_mean": 363031.4375,
  "summary_fg_median": 360931.5625,
  "summary_fg_n": 45598.0,
  "summary_fg_p05": 254204.39921874998,
  "summary_fg_p95": 475136.65937500005,
  "summary_fg_stdv": 72474.6953125,
  "tsnr": 73.04519653320312
}