{
  "aor": 0.0035946845124282985,
  "aqi": 0.01376360841300191,
  "bids_meta": {
    "AcquisitionNumber": 4,
    "BIDSVersion": "1.1.0",
    "BidsifyVersion": "0.3.1",
    "ConversionSoftware": "dcm2niix",
    "ConversionSoftwareVersion": "v1.0.20181125  GCC5.4.0",
    "EchoTime": 0.02763,
    "FlipAngle": 76.1,
    "ImageComments": "HWW",
    "ImageOrientationPatientDICOM": [
      0.999803,
      -0.017163,
      -0.0100151,
      0.0137863,
      0.962073,
      -0.272444
    ],
    "InstitutionName": "Spinoza Centre for Neuroimaging, location REC",
    "MagneticFieldStrength": 3,
    "Manufacturer": "Philips",
    "ParallelAcquisitionTechnique": "SENSE",
    "ParallelReductionFactorInPlane": 2,
    "PatientPosition": "HFS",
    "PhaseEncodingDirection": "j",
    "PhilipsRescaleIntercept": 0,
    "PhilipsRescaleSlope": 2.19609,
    "PhilipsScaleSlope": 0.00116684,
    "ProtocolName": "WIPPM_HWWSENSE",
    "ReconMatrixPE": 80,
    "RepetitionTime": 2,
    "SeriesDescription": "ImageMRSERIES",
    "SeriesNumber": 4,
    "SliceEncodingDirection": "k",
    "SliceTiming": [
      0.0,
      0.05405405405405406,
      0.10810810810810811,
      0.16216216216216217,
      0.21621621621621623,
      0.2702702702702703,
      0.32432432432432434,
      0.3783783783783784,
      0.43243243243243246,
      0.4864864864864865,
      0.5405405405405406,
      0.5945945945945946,
      0.6486486486486487,
      0.7027027027027027,
      0.7567567567567568,
      0.8108108108108109,
      0.8648648648648649,
      0.918918918918919,
      0.972972972972973,
      1.0270270270270272,
      1.0810810810810811,
      1.135135135135135,
      1.1891891891891893,
      1.2432432432432434,
      1.2972972972972974,
      1.3513513513513513,
      1.4054054054054055,
      1.4594594594594597,
      1.5135135135135136,
      1.5675675675675675,
      1.6216216216216217,
      1.6756756756756759,
      1.7297297297297298,
      1.7837837837837838,
      1.837837837837838,
      1.891891891891892,
      1.945945945945946
    ],
    "TaskName": "other",
    "UsePhilipsFloatNotDisplayScaling": 1,
    "WaterFatShift": 12,
    "dataset": "unknown",
    "modality": "bold",
    "session_id": "1",
    "subject_id": "06",
    "task_id": "other"
  },
  "dummy_trs": 0,
  "dvars_nstd": 25.80114228681991,
  "dvars_std": 1.1355972966858239,
  "dvars_vstd": 1.1640698491570887,
  "efc": 0.4031531864253055,
  "fber": 46881124.0,
  "fd_mean": 0.25146245252388993,
  "fd_num": 235,
  "fd_perc": 44.93307839388145,
  "fwhm_avg": 2.512522839656832,
  "fwhm_x": 2.4354566666666666,
  "fwhm_y": 2.7406633333333335,
  "fwhm_z": 2.361448518970497,
  "gcor": 0.0165948,
  "gsr_x": -0.008080605417490005,
  "gsr_y": 0.0043519060127437115,
  "provenance": {
    "md5sum": "aba4741f0dea6f91ff2ed9dc3c7a251f",
    "settings": {
      "fd_thres": 0.2,
      "hmc_fsl": false
    },
    "software": "mriqc",
    "version": "0.15.0",
    "webapi_port": null,
    "webapi_url": "https://mriqc.nimh.nih.gov/api/v1"
  },
  "size_t": 523,
  "size_x": 80,
  "size_y": 80,
  "size_z": 37,
  "snr": 4.705978258702286,
  "spacing_tr": 2.0,
  "spacing_x": 3.0,
  "spacing_y": 3.0,
  "spacing_z": 3.299999952316284,
  "spikes_num": 3,
  "summary_bg_k": 103.8889515011765,
  "summary_bg_mad": 71.57780456542969,
  "summary_bg_mean": 2673.894775390625,
  "summary_bg_median": 50.723670959472656,
  "summary_bg_n": 153378.0,
  "summary_bg_p05": 0.7632349401712418,
  "summary_bg_p95": 11133.62124023436,
  "summary_bg_stdv": 14676.3154296875,
  "summary_fg_k": 2.1356450145286114,
  "summary_fg_mad": 68804.234375,
  "summary_fg_mean": 388535.125,
  "summary_fg_median": 382341.03125,
  "summary_fg_n": 42237.0,
  "summary_fg_p05": 272583.8625,
  "summary_fg_p95": 521317.83125,
  "summary_fg_stdv": 81244.8515625,
  "tsnr": 41.017738342285156
}