{
  "aor": 0.0014882724252491695,
  "aqi": 0.010513386877076411,
  "bids_meta": {
    "AcquisitionNumber": 5,
    "BIDSVersion": "1.1.0",
    "BidsifyVersion": "0.3.1",
    "ConversionSoftware": "dcm2niix",
    "ConversionSoftwareVersion": "v1.0.20181125  GCC5.4.0",
    "EchoTime": 0.02763,
    "FlipAngle": 76.1,
    "ImageComments": "HWW",
    "ImageOrientationPatientDICOM": [
      0.999803,
      -0.017163,
      -0.0100151,
      0.0137863,
      0.962073,
      -0.272444
    ],
    "InstitutionName": "Spinoza Centre for Neuroimaging, location REC",
    "MagneticFieldStrength": 3,
    "Manufacturer": "Philips",
    "ParallelAcquisitionTechnique": "SENSE",
    "ParallelReductionFactorInPlane": 2,
    "PatientPosition": "HFS",
    "PhaseEncodingDirection": "j",
    "PhilipsRescaleIntercept": 0,
    "PhilipsRescaleSlope": 2.14628,
    "PhilipsScaleSlope": 0.00118267,
    "ProtocolName": "WIPPM_Zinnen1SENSE",
    "ReconMatrixPE": 80,
    "RepetitionTime": 2,
    "SeriesDescription": "ImageMRSERIES",
    "SeriesNumber": 5,
    "SliceEncodingDirection": "k",
    "SliceTiming": [
      0.0,
      0.05405405405405406,
      0.10810810810810811,
      0.16216216216216217,
      0.21621621621621623,
      0.2702702702702703,
      0.32432432432432434,
      0.3783783783783784,
      0.43243243243243246,
      0.4864864864864865,
      0.5405405405405406,
      0.5945945945945946,
      0.6486486486486487,
      0.7027027027027027,
      0.7567567567567568,
      0.8108108108108109,
      0.8648648648648649,
      0.918918918918919,
      0.972972972972973,
      1.0270270270270272,
      1.0810810810810811,
      1.135135135135135,
      1.1891891891891893,
      1.2432432432432434,
      1.2972972972972974,
      1.3513513513513513,
      1.4054054054054055,
      1.4594594594594597,
      1.5135135135135136,
      1.5675675675675675,
      1.6216216216216217,
      1.6756756756756759,
      1.7297297297297298,
      1.7837837837837838,
      1.837837837837838,
      1.891891891891892,
      1.945945945945946
    ],
    "TaskName": "self",
    "UsePhilipsFloatNotDisplayScaling": 1,
    "WaterFatShift": 12,
    "dataset": "unknown",
    "modality": "bold",
    "run_id": 1,
    "session_id": "1",
    "subject_id": "06",
    "task_id": "self"
  },
  "dummy_trs": 0,
  "dvars_nstd": 24.889335867533322,
  "dvars_std": 1.1114059076999996,
  "dvars_vstd": 1.2762870686333352,
  "efc": 0.4042314815957091,
  "fber": 104426200.0,
  "fd_mean": 0.2245612413488123,
  "fd_num": 128,
  "fd_perc": 42.524916943521596,
  "fwhm_avg": 2.5111532435009845,
  "fwhm_x": 2.4521566666666668,
  "fwhm_y": 2.7606,
  "fwhm_z": 2.3207030638362864,
  "gcor": 0.0255765,
  "gsr_x": -0.007587288971990347,
  "gsr_y": 0.004275516141206026,
  "provenance": {
    "md5sum": "feb490388f7d7d989270307975488121",
    "settings": {
      "fd_thres": 0.2,
      "hmc_fsl": false
    },
    "software": "mriqc",
    "version": "0.15.0",
    "webapi_port": null,
    "webapi_url": "https://mriqc.nimh.nih.gov/api/v1"
  },
  "size_t": 301,
  "size_x": 80,
  "size_y": 80,
  "size_z": 37,
  "snr": 4.674833745837747,
  "spacing_tr": 2.0,
  "spacing_x": 3.0,
  "spacing_y": 3.0,
  "spacing_z": 3.299999952316284,
  "spikes_num": 1,
  "summary_bg_k": 109.61909455367616,
  "summary_bg_mad": 47.62434005737305,
  "summary_bg_mean": 2545.3720703125,
  "summary_bg_median": 32.91671371459961,
  "summary_bg_n": 152995.0,
  "summary_bg_p05": 0.2864463567733765,
  "summary_bg_p95": 9915.699218749996,
  "summary_bg_stdv": 14582.5908203125,
  "summary_fg_k": 2.034354815884008,
  "summary_fg_mad": 68109.125,
  "summary_fg_mean": 382476.375,
  "summary_fg_median": 376256.5,
  "summary_fg_n": 42707.0,
  "summary_fg_p05": 266505.546875,
  "summary_fg_p95": 514240.390625,
  "summary_fg_stdv": 80484.59375,
  "tsnr": 46.83975601196289
}