{
  "aor": 0.002058239202657807,
  "aqi": 0.01234959531561462,
  "bids_meta": {
    "AcquisitionNumber": 6,
    "BIDSVersion": "1.1.0",
    "BidsifyVersion": "0.3.1",
    "ConversionSoftware": "dcm2niix",
    "ConversionSoftwareVersion": "v1.0.20181125  GCC5.4.0",
    "EchoTime": 0.02763,
    "FlipAngle": 76.1,
    "ImageComments": "HWW",
    "ImageOrientationPatientDICOM": [
      0.999803,
      -0.017163,
      -0.0100151,
      0.0137863,
      0.962073,
      -0.272444
    ],
    "InstitutionName": "Spinoza Centre for Neuroimaging, location REC",
    "MagneticFieldStrength": 3,
    "Manufacturer": "Philips",
    "ParallelAcquisitionTechnique": "SENSE",
    "ParallelReductionFactorInPlane": 2,
    "PatientPosition": "HFS",
    "PhaseEncodingDirection": "j",
    "PhilipsRescaleIntercept": 0,
    "PhilipsRescaleSlope": 2.12308,
    "PhilipsScaleSlope": 0.00117189,
    "ProtocolName": "WIPPM_Zinnen2SENSE",
    "ReconMatrixPE": 80,
    "RepetitionTime": 2,
    "SeriesDescription": "ImageMRSERIES",
    "SeriesNumber": 6,
    "SliceEncodingDirection": "k",
    "SliceTiming": [
      0.0,
      0.05405405405405406,
      0.10810810810810811,
      0.16216216216216217,
      0.21621621621621623,
      0.2702702702702703,
      0.32432432432432434,
      0.3783783783783784,
      0.43243243243243246,
      0.4864864864864865,
      0.5405405405405406,
      0.5945945945945946,
      0.6486486486486487,
      0.7027027027027027,
      0.7567567567567568,
      0.8108108108108109,
      0.8648648648648649,
      0.918918918918919,
      0.972972972972973,
      1.0270270270270272,
      1.0810810810810811,
      1.135135135135135,
      1.1891891891891893,
      1.2432432432432434,
      1.2972972972972974,
      1.3513513513513513,
      1.4054054054054055,
      1.4594594594594597,
      1.5135135135135136,
      1.5675675675675675,
      1.6216216216216217,
      1.6756756756756759,
      1.7297297297297298,
      1.7837837837837838,
      1.837837837837838,
      1.891891891891892,
      1.945945945945946
    ],
    "TaskName": "self",
    "UsePhilipsFloatNotDisplayScaling": 1,
    "WaterFatShift": 12,
    "dataset": "unknown",
    "modality": "bold",
    "run_id": 2,
    "session_id": "1",
    "subject_id": "06",
    "task_id": "self"
  },
  "dummy_trs": 0,
  "dvars_nstd": 28.575327402800006,
  "dvars_std": 1.0834531006333334,
  "dvars_vstd": 0.9341211083333341,
  "efc": 0.40348263059399747,
  "fber": 129799736.0,
  "fd_mean": 0.3189549850131147,
  "fd_num": 188,
  "fd_perc": 62.458471760797345,
  "fwhm_avg": 2.511060819284438,
  "fwhm_x": 2.4581166666666667,
  "fwhm_y": 2.7489899999999996,
  "fwhm_z": 2.3260757911866476,
  "gcor": 0.0251742,
  "gsr_x": -0.007876714691519737,
  "gsr_y": 0.004458565264940262,
  "provenance": {
    "md5sum": "951fd583a26cdb478cb886245aee87db",
    "settings": {
      "fd_thres": 0.2,
      "hmc_fsl": false
    },
    "software": "mriqc",
    "version": "0.15.0",
    "webapi_port": null,
    "webapi_url": "https://mriqc.nimh.nih.gov/api/v1"
  },
  "size_t": 301,
  "size_x": 80,
  "size_y": 80,
  "size_z": 37,
  "snr": 4.693593152947466,
  "spacing_tr": 2.0,
  "spacing_x": 3.0,
  "spacing_y": 3.0,
  "spacing_z": 3.299999952316284,
  "spikes_num": 2,
  "summary_bg_k": 113.23424279176866,
  "summary_bg_mad": 42.66896438598633,
  "summary_bg_mean": 2653.329345703125,
  "summary_bg_median": 30.029584884643555,
  "summary_bg_n": 153353.0,
  "summary_bg_p05": 0.6160822153091431,
  "summary_bg_p95": 11006.912890624992,
  "summary_bg_stdv": 14932.158203125,
  "summary_fg_k": 2.042984342708567,
  "summary_fg_mad": 68833.234375,
  "summary_fg_mean": 388571.96875,
  "summary_fg_median": 382151.0625,
  "summary_fg_n": 42446.0,
  "summary_fg_p05": 272184.9609375,
  "summary_fg_p95": 522642.5078125,
  "summary_fg_stdv": 81418.765625,
  "tsnr": 42.10581588745117
}