{
  "bids_meta": {
    "AcquisitionNumber": 2,
    "BIDSVersion": "1.1.0",
    "BidsifyVersion": "0.3.1",
    "ConversionSoftware": "dcm2niix",
    "ConversionSoftwareVersion": "v1.0.20181125  GCC5.4.0",
    "EchoTime": 0.00378,
    "ImageComments": "PredictingMentalizing",
    "ImageOrientationPatientDICOM": [
      0.997393,
      0.0688803,
      -0.021504,
      -0.0702693,
      0.994895,
      -0.0724282
    ],
    "InstitutionName": "Spinoza Centre for Neuroimaging, location REC",
    "MagneticFieldStrength": 3,
    "Manufacturer": "Philips",
    "ParallelAcquisitionTechnique": "SENSE",
    "PatientPosition": "HFS",
    "PhilipsRescaleIntercept": 0,
    "PhilipsRescaleSlope": 13.2735,
    "PhilipsScaleSlope": 0.00549976,
    "ProtocolName": "WIPsT13DTFE_P25_S2_3mSENSE",
    "ReconMatrixPE": 240,
    "RepetitionTime": 0.00822,
    "SeriesDescription": "ImageMRSERIES",
    "SeriesNumber": 2,
    "UsePhilipsFloatNotDisplayScaling": 1,
    "dataset": "unknown",
    "modality": "T1w",
    "session_id": "1",
    "subject_id": "11"
  },
  "cjv": 0.371051850559966,
  "cnr": 3.5357014701926235,
  "efc": 0.774686512443234,
  "fber": 784.8428344726562,
  "fwhm_avg": 3.307233333333333,
  "fwhm_x": 3.25827,
  "fwhm_y": 3.53661,
  "fwhm_z": 3.12682,
  "icvs_csf": 0.18711629005860553,
  "icvs_gm": 0.42616523112358007,
  "icvs_wm": 0.3867184788178144,
  "inu_med": 1.9451850652694702,
  "inu_range": 0.4189577817916872,
  "provenance": {
    "md5sum": "ed5a221c59d346419884927b190440f3",
    "settings": {
      "testing": false
    },
    "software": "mriqc",
    "version": "0.15.0",
    "warnings": {
      "large_rot_frame": true,
      "small_air_mask": true
    },
    "webapi_port": null,
    "webapi_url": "https://mriqc.nimh.nih.gov/api/v1"
  },
  "qi_1": 0.0,
  "qi_2": 0.00015991419163535295,
  "rpve_csf": 37.31764165753384,
  "rpve_gm": 18.06977518230506,
  "rpve_wm": 24.421627587275157,
  "size_x": 240,
  "size_y": 240,
  "size_z": 220,
  "snr_csf": 1.641000630592922,
  "snr_gm": 7.259182749646545,
  "snr_total": 9.095063032270039,
  "snr_wm": 18.385005716570653,
  "snrd_csf": 12.368972873805307,
  "snrd_gm": 32.89378535017838,
  "snrd_total": 32.40758216386936,
  "snrd_wm": 51.95998826762438,
  "spacing_x": 1.0,
  "spacing_y": 1.0,
  "spacing_z": 1.0,
  "summary_bg_k": 67.14883824570418,
  "summary_bg_mad": 12.608345031738281,
  "summary_bg_mean": 17.18905258178711,
  "summary_bg_median": 17.01583480834961,
  "summary_bg_n": 92500.0,
  "summary_bg_p05": 0.0,
  "summary_bg_p95": 42.66189098358154,
  "summary_bg_stdv": 14.403387069702148,
  "summary_csf_k": 1.9907137443387324,
  "summary_csf_mad": 156.08502197265625,
  "summary_csf_mean": 260.0193786621094,
  "summary_csf_median": 238.04551696777344,
  "summary_csf_n": 5549.0,
  "summary_csf_p05": 71.68934173583985,
  "summary_csf_p95": 498.8907897949217,
  "summary_csf_stdv": 145.04812622070312,
  "summary_gm_k": 0.0784771038838965,
  "summary_gm_mad": 85.75800323486328,
  "summary_gm_mean": 636.59814453125,
  "summary_gm_median": 633.05322265625,
  "summary_gm_n": 12055.0,
  "summary_gm_p05": 497.2745086669922,
  "summary_gm_p95": 788.8098937988282,
  "summary_gm_stdv": 87.20361328125,
  "summary_wm_k": 0.7633620054022225,
  "summary_wm_mad": 50.39435958862305,
  "summary_wm_mean": 998.8983154296875,
  "summary_wm_median": 999.9894409179688,
  "summary_wm_n": 172314.0,
  "summary_wm_p05": 908.0723052978516,
  "summary_wm_p95": 1085.2851501464843,
  "summary_wm_stdv": 54.39141845703125,
  "tpm_overlap_csf": 0.23146362602710724,
  "tpm_overlap_gm": 0.5227567553520203,
  "tpm_overlap_wm": 0.5852386355400085,
  "wm2max": 0.7429999017773993
}