{
  "aor": 0.003824512428298279,
  "aqi": 0.008121584206500958,
  "bids_meta": {
    "AcquisitionNumber": 3,
    "BIDSVersion": "1.1.0",
    "BidsifyVersion": "0.3.1",
    "ConversionSoftware": "dcm2niix",
    "ConversionSoftwareVersion": "v1.0.20181125  GCC5.4.0",
    "EchoTime": 0.02763,
    "FlipAngle": 76.1,
    "ImageComments": "HWW",
    "ImageOrientationPatientDICOM": [
      0.999979,
      -0.00551194,
      0.00332353,
      0.00628314,
      0.947975,
      -0.318283
    ],
    "InstitutionName": "Spinoza Centre for Neuroimaging, location REC",
    "MagneticFieldStrength": 3,
    "Manufacturer": "Philips",
    "ParallelAcquisitionTechnique": "SENSE",
    "ParallelReductionFactorInPlane": 2,
    "PatientPosition": "HFS",
    "PhaseEncodingDirection": "j",
    "PhilipsRescaleIntercept": 0,
    "PhilipsRescaleSlope": 2.19267,
    "PhilipsScaleSlope": 0.00113045,
    "ProtocolName": "WIPPM_HWWSENSE",
    "ReconMatrixPE": 80,
    "RepetitionTime": 2,
    "SeriesDescription": "ImageMRSERIES",
    "SeriesNumber": 3,
    "SliceEncodingDirection": "k",
    "SliceTiming": [
      0.0,
      0.05405405405405406,
      0.10810810810810811,
      0.16216216216216217,
      0.21621621621621623,
      0.2702702702702703,
      0.32432432432432434,
      0.3783783783783784,
      0.43243243243243246,
      0.4864864864864865,
      0.5405405405405406,
      0.5945945945945946,
      0.6486486486486487,
      0.7027027027027027,
      0.7567567567567568,
      0.8108108108108109,
      0.8648648648648649,
      0.918918918918919,
      0.972972972972973,
      1.0270270270270272,
      1.0810810810810811,
      1.135135135135135,
      1.1891891891891893,
      1.2432432432432434,
      1.2972972972972974,
      1.3513513513513513,
      1.4054054054054055,
      1.4594594594594597,
      1.5135135135135136,
      1.5675675675675675,
      1.6216216216216217,
      1.6756756756756759,
      1.7297297297297298,
      1.7837837837837838,
      1.837837837837838,
      1.891891891891892,
      1.945945945945946
    ],
    "TaskName": "other",
    "UsePhilipsFloatNotDisplayScaling": 1,
    "WaterFatShift": 12,
    "dataset": "unknown",
    "modality": "bold",
    "session_id": "2",
    "subject_id": "08",
    "task_id": "other"
  },
  "dummy_trs": 0,
  "dvars_nstd": 26.207464371417604,
  "dvars_std": 1.265450626743295,
  "dvars_vstd": 7.633143781609192,
  "efc": 0.39914893566806137,
  "fber": 32082756.0,
  "fd_mean": 0.22048907191645192,
  "fd_num": 271,
  "fd_perc": 51.81644359464627,
  "fwhm_avg": 2.477939000991299,
  "fwhm_x": 2.4061566666666665,
  "fwhm_y": 2.7246966666666665,
  "fwhm_z": 2.3029636696405653,
  "gcor": 0.0209124,
  "gsr_x": -0.008089435286819935,
  "gsr_y": 0.0024670937564224005,
  "provenance": {
    "md5sum": "7a28c591a024680ee057ab93bcd3deba",
    "settings": {
      "fd_thres": 0.2,
      "hmc_fsl": false
    },
    "software": "mriqc",
    "version": "0.15.0",
    "webapi_port": null,
    "webapi_url": "https://mriqc.nimh.nih.gov/api/v1"
  },
  "size_t": 523,
  "size_x": 80,
  "size_y": 80,
  "size_z": 37,
  "snr": 4.3809063526655025,
  "spacing_tr": 2.0,
  "spacing_x": 3.0,
  "spacing_y": 3.0,
  "spacing_z": 3.299999952316284,
  "spikes_num": 1,
  "summary_bg_k": 136.71467997790717,
  "summary_bg_mad": 96.12232971191406,
  "summary_bg_mean": 3050.402099609375,
  "summary_bg_median": 65.72525024414062,
  "summary_bg_n": 154265.0,
  "summary_bg_p05": 0.24346168935298923,
  "summary_bg_p95": 12932.796679687483,
  "summary_bg_stdv": 15838.7607421875,
  "summary_fg_k": 1.632682555895638,
  "summary_fg_mad": 80193.3984375,
  "summary_fg_mean": 424487.78125,
  "summary_fg_median": 417380.75,
  "summary_fg_n": 40972.0,
  "summary_fg_p05": 283689.6359375,
  "summary_fg_p95": 582865.003125,
  "summary_fg_stdv": 95271.53125,
  "tsnr": 50.71336364746094
}