{
  "aor": 0.0008547508305647841,
  "aqi": 0.010737198870431893,
  "bids_meta": {
    "AcquisitionNumber": 4,
    "BIDSVersion": "1.1.0",
    "BidsifyVersion": "0.3.1",
    "ConversionSoftware": "dcm2niix",
    "ConversionSoftwareVersion": "v1.0.20181125  GCC5.4.0",
    "EchoTime": 0.02763,
    "FlipAngle": 76.1,
    "ImageComments": "HWW",
    "ImageOrientationPatientDICOM": [
      0.999979,
      -0.00551194,
      0.00332353,
      0.00628314,
      0.947975,
      -0.318283
    ],
    "InstitutionName": "Spinoza Centre for Neuroimaging, location REC",
    "MagneticFieldStrength": 3,
    "Manufacturer": "Philips",
    "ParallelAcquisitionTechnique": "SENSE",
    "ParallelReductionFactorInPlane": 2,
    "PatientPosition": "HFS",
    "PhaseEncodingDirection": "j",
    "PhilipsRescaleIntercept": 0,
    "PhilipsRescaleSlope": 1.82833,
    "PhilipsScaleSlope": 0.00111673,
    "ProtocolName": "WIPPM_Zinnen1SENSE",
    "ReconMatrixPE": 80,
    "RepetitionTime": 2,
    "SeriesDescription": "ImageMRSERIES",
    "SeriesNumber": 4,
    "SliceEncodingDirection": "k",
    "SliceTiming": [
      0.0,
      0.05405405405405406,
      0.10810810810810811,
      0.16216216216216217,
      0.21621621621621623,
      0.2702702702702703,
      0.32432432432432434,
      0.3783783783783784,
      0.43243243243243246,
      0.4864864864864865,
      0.5405405405405406,
      0.5945945945945946,
      0.6486486486486487,
      0.7027027027027027,
      0.7567567567567568,
      0.8108108108108109,
      0.8648648648648649,
      0.918918918918919,
      0.972972972972973,
      1.0270270270270272,
      1.0810810810810811,
      1.135135135135135,
      1.1891891891891893,
      1.2432432432432434,
      1.2972972972972974,
      1.3513513513513513,
      1.4054054054054055,
      1.4594594594594597,
      1.5135135135135136,
      1.5675675675675675,
      1.6216216216216217,
      1.6756756756756759,
      1.7297297297297298,
      1.7837837837837838,
      1.837837837837838,
      1.891891891891892,
      1.945945945945946
    ],
    "TaskName": "self",
    "UsePhilipsFloatNotDisplayScaling": 1,
    "WaterFatShift": 12,
    "dataset": "unknown",
    "modality": "bold",
    "run_id": 1,
    "session_id": "2",
    "subject_id": "08",
    "task_id": "self"
  },
  "dummy_trs": 0,
  "dvars_nstd": 26.51254277556666,
  "dvars_std": 1.145421624966667,
  "dvars_vstd": 1.0640909565333339,
  "efc": 0.3982409168339249,
  "fber": 43180764.0,
  "fd_mean": 0.27961264415837966,
  "fd_num": 208,
  "fd_perc": 69.1029900332226,
  "fwhm_avg": 2.489975364700276,
  "fwhm_x": 2.414683333333333,
  "fwhm_y": 2.7372033333333334,
  "fwhm_z": 2.3180394274341616,
  "gcor": 0.0335427,
  "gsr_x": -0.00891277939081192,
  "gsr_y": 0.0027754269540309906,
  "provenance": {
    "md5sum": "acfe374e288b0bc184837e91472b7aaa",
    "settings": {
      "fd_thres": 0.2,
      "hmc_fsl": false
    },
    "software": "mriqc",
    "version": "0.15.0",
    "webapi_port": null,
    "webapi_url": "https://mriqc.nimh.nih.gov/api/v1"
  },
  "size_t": 301,
  "size_x": 80,
  "size_y": 80,
  "size_z": 37,
  "snr": 4.367471358770496,
  "spacing_tr": 2.0,
  "spacing_x": 3.0,
  "spacing_y": 3.0,
  "spacing_z": 3.299999952316284,
  "spikes_num": 1,
  "summary_bg_k": 143.39800920050072,
  "summary_bg_mad": 81.42521667480469,
  "summary_bg_mean": 3192.4521484375,
  "summary_bg_median": 57.160648345947266,
  "summary_bg_n": 154629.0,
  "summary_bg_p05": 1.1482711076736452,
  "summary_bg_p95": 13850.216406250001,
  "summary_bg_stdv": 17048.607421875,
  "summary_fg_k": 1.722381530490872,
  "summary_fg_mad": 80548.296875,
  "summary_fg_mean": 429909.84375,
  "summary_fg_median": 422946.90625,
  "summary_fg_n": 40851.0,
  "summary_fg_p05": 286064.09375,
  "summary_fg_p95": 590893.1875,
  "summary_fg_stdv": 96839.0390625,
  "tsnr": 44.50516128540039
}