{
  "aor": 0.0012187707641196015,
  "aqi": 0.0053913830232558135,
  "bids_meta": {
    "AcquisitionNumber": 5,
    "BIDSVersion": "1.1.0",
    "BidsifyVersion": "0.3.1",
    "ConversionSoftware": "dcm2niix",
    "ConversionSoftwareVersion": "v1.0.20181125  GCC5.4.0",
    "EchoTime": 0.02763,
    "FlipAngle": 76.1,
    "ImageComments": "HWW",
    "ImageOrientationPatientDICOM": [
      0.999979,
      -0.00551194,
      0.00332353,
      0.00628314,
      0.947975,
      -0.318283
    ],
    "InstitutionName": "Spinoza Centre for Neuroimaging, location REC",
    "MagneticFieldStrength": 3,
    "Manufacturer": "Philips",
    "ParallelAcquisitionTechnique": "SENSE",
    "ParallelReductionFactorInPlane": 2,
    "PatientPosition": "HFS",
    "PhaseEncodingDirection": "j",
    "PhilipsRescaleIntercept": 0,
    "PhilipsRescaleSlope": 2.29499,
    "PhilipsScaleSlope": 0.00111437,
    "ProtocolName": "WIPPM_Zinnen2SENSE",
    "ReconMatrixPE": 80,
    "RepetitionTime": 2,
    "SeriesDescription": "ImageMRSERIES",
    "SeriesNumber": 5,
    "SliceEncodingDirection": "k",
    "SliceTiming": [
      0.0,
      0.05405405405405406,
      0.10810810810810811,
      0.16216216216216217,
      0.21621621621621623,
      0.2702702702702703,
      0.32432432432432434,
      0.3783783783783784,
      0.43243243243243246,
      0.4864864864864865,
      0.5405405405405406,
      0.5945945945945946,
      0.6486486486486487,
      0.7027027027027027,
      0.7567567567567568,
      0.8108108108108109,
      0.8648648648648649,
      0.918918918918919,
      0.972972972972973,
      1.0270270270270272,
      1.0810810810810811,
      1.135135135135135,
      1.1891891891891893,
      1.2432432432432434,
      1.2972972972972974,
      1.3513513513513513,
      1.4054054054054055,
      1.4594594594594597,
      1.5135135135135136,
      1.5675675675675675,
      1.6216216216216217,
      1.6756756756756759,
      1.7297297297297298,
      1.7837837837837838,
      1.837837837837838,
      1.891891891891892,
      1.945945945945946
    ],
    "TaskName": "self",
    "UsePhilipsFloatNotDisplayScaling": 1,
    "WaterFatShift": 12,
    "dataset": "unknown",
    "modality": "bold",
    "run_id": 2,
    "session_id": "2",
    "subject_id": "08",
    "task_id": "self"
  },
  "dummy_trs": 0,
  "dvars_nstd": 25.265023104200022,
  "dvars_std": 1.2200199704333332,
  "dvars_vstd": 1.0017453895333344,
  "efc": 0.3982691340553634,
  "fber": 179415200.0,
  "fd_mean": 0.2588677276610872,
  "fd_num": 187,
  "fd_perc": 62.12624584717608,
  "fwhm_avg": 2.446636677584472,
  "fwhm_x": 2.36728,
  "fwhm_y": 2.7058966666666664,
  "fwhm_z": 2.2667333660867484,
  "gcor": 0.035148,
  "gsr_x": -0.008608639240264893,
  "gsr_y": 0.0035368469543755054,
  "provenance": {
    "md5sum": "afb2c7f33824556233b62f9f38382406",
    "settings": {
      "fd_thres": 0.2,
      "hmc_fsl": false
    },
    "software": "mriqc",
    "version": "0.15.0",
    "webapi_port": null,
    "webapi_url": "https://mriqc.nimh.nih.gov/api/v1"
  },
  "size_t": 301,
  "size_x": 80,
  "size_y": 80,
  "size_z": 37,
  "snr": 4.426197877709853,
  "spacing_tr": 2.0,
  "spacing_x": 3.0,
  "spacing_y": 3.0,
  "spacing_z": 3.299999952316284,
  "spikes_num": 1,
  "summary_bg_k": 166.9491634267776,
  "summary_bg_mad": 41.01518249511719,
  "summary_bg_mean": 3037.416748046875,
  "summary_bg_median": 28.405242919921875,
  "summary_bg_n": 154497.0,
  "summary_bg_p05": 0.3641530394554138,
  "summary_bg_p95": 12799.65371093728,
  "summary_bg_stdv": 17327.541015625,
  "summary_fg_k": 1.7817198231635087,
  "summary_fg_mad": 80135.90625,
  "summary_fg_mean": 427961.375,
  "summary_fg_median": 421201.71875,
  "summary_fg_n": 40944.0,
  "summary_fg_p05": 287360.1859375,
  "summary_fg_p95": 585064.140625,
  "summary_fg_stdv": 95159.90625,
  "tsnr": 60.89048767089844
}