{
  "aor": 0.0012571760797342193,
  "aqi": 0.005178688239202657,
  "bids_meta": {
    "AcquisitionNumber": 5,
    "BIDSVersion": "1.1.0",
    "BidsifyVersion": "0.3.1",
    "ConversionSoftware": "dcm2niix",
    "ConversionSoftwareVersion": "v1.0.20181125  GCC5.4.0",
    "EchoTime": 0.02763,
    "FlipAngle": 76.1,
    "ImageComments": "HWW",
    "ImageOrientationPatientDICOM": [
      0.999935,
      -0.00135593,
      0.011317,
      0.00226878,
      0.996708,
      -0.0810433
    ],
    "InstitutionName": "Spinoza Centre for Neuroimaging, location REC",
    "MagneticFieldStrength": 3,
    "Manufacturer": "Philips",
    "ParallelAcquisitionTechnique": "SENSE",
    "ParallelReductionFactorInPlane": 2,
    "PatientPosition": "HFS",
    "PhaseEncodingDirection": "j",
    "PhilipsRescaleIntercept": 0,
    "PhilipsRescaleSlope": 2.17192,
    "PhilipsScaleSlope": 0.00118781,
    "ProtocolName": "WIPPM_Zinnen2SENSE",
    "ReconMatrixPE": 80,
    "RepetitionTime": 2,
    "SeriesDescription": "ImageMRSERIES",
    "SeriesNumber": 5,
    "SliceEncodingDirection": "k",
    "SliceTiming": [
      0.0,
      0.05405405405405406,
      0.10810810810810811,
      0.16216216216216217,
      0.21621621621621623,
      0.2702702702702703,
      0.32432432432432434,
      0.3783783783783784,
      0.43243243243243246,
      0.4864864864864865,
      0.5405405405405406,
      0.5945945945945946,
      0.6486486486486487,
      0.7027027027027027,
      0.7567567567567568,
      0.8108108108108109,
      0.8648648648648649,
      0.918918918918919,
      0.972972972972973,
      1.0270270270270272,
      1.0810810810810811,
      1.135135135135135,
      1.1891891891891893,
      1.2432432432432434,
      1.2972972972972974,
      1.3513513513513513,
      1.4054054054054055,
      1.4594594594594597,
      1.5135135135135136,
      1.5675675675675675,
      1.6216216216216217,
      1.6756756756756759,
      1.7297297297297298,
      1.7837837837837838,
      1.837837837837838,
      1.891891891891892,
      1.945945945945946
    ],
    "TaskName": "self",
    "UsePhilipsFloatNotDisplayScaling": 1,
    "WaterFatShift": 12,
    "dataset": "unknown",
    "modality": "bold",
    "run_id": 2,
    "session_id": "2",
    "subject_id": "06",
    "task_id": "self"
  },
  "dummy_trs": 0,
  "dvars_nstd": 21.21343998246666,
  "dvars_std": 1.1807732098,
  "dvars_vstd": 0.9831627995333324,
  "efc": 0.3989554287744893,
  "fber": 746819712.0,
  "fd_mean": 0.15590549046939292,
  "fd_num": 69,
  "fd_perc": 22.92358803986711,
  "fwhm_avg": 2.4363707177674914,
  "fwhm_x": 2.391793333333333,
  "fwhm_y": 2.6964733333333335,
  "fwhm_z": 2.2208454866358074,
  "gcor": 0.0232597,
  "gsr_x": -0.006660240702331066,
  "gsr_y": 0.001766321947798133,
  "provenance": {
    "md5sum": "809c022bbb5733691f05e07e0b596012",
    "settings": {
      "fd_thres": 0.2,
      "hmc_fsl": false
    },
    "software": "mriqc",
    "version": "0.15.0",
    "webapi_port": null,
    "webapi_url": "https://mriqc.nimh.nih.gov/api/v1"
  },
  "size_t": 301,
  "size_x": 80,
  "size_y": 80,
  "size_z": 37,
  "snr": 4.618674071889716,
  "spacing_tr": 2.0,
  "spacing_x": 3.0,
  "spacing_y": 3.0,
  "spacing_z": 3.299999952316284,
  "spikes_num": 1,
  "summary_bg_k": 112.67056432127852,
  "summary_bg_mad": 17.20444679260254,
  "summary_bg_mean": 2316.95263671875,
  "summary_bg_median": 11.772945404052734,
  "summary_bg_n": 154184.0,
  "summary_bg_p05": 0.07799571938812734,
  "summary_bg_p95": 8894.441455078142,
  "summary_bg_stdv": 13955.34375,
  "summary_fg_k": 2.1650531502408565,
  "summary_fg_mad": 65656.9453125,
  "summary_fg_mean": 367564.78125,
  "summary_fg_median": 361497.1875,
  "summary_fg_n": 41833.0,
  "summary_fg_p05": 255713.4125,
  "summary_fg_p95": 494097.475,
  "summary_fg_stdv": 78267.671875,
  "tsnr": 66.22041320800781
}