{
  "aor": 0.0045977437858508614,
  "aqi": 0.007429120956022945,
  "bids_meta": {
    "AcquisitionNumber": 3,
    "BIDSVersion": "1.1.0",
    "BidsifyVersion": "0.3.1",
    "ConversionSoftware": "dcm2niix",
    "ConversionSoftwareVersion": "v1.0.20181125  GCC5.4.0",
    "EchoTime": 0.02763,
    "FlipAngle": 76.1,
    "ImageComments": "HWW",
    "ImageOrientationPatientDICOM": [
      0.999935,
      -0.00135593,
      0.011317,
      0.00226878,
      0.996708,
      -0.0810433
    ],
    "InstitutionName": "Spinoza Centre for Neuroimaging, location REC",
    "MagneticFieldStrength": 3,
    "Manufacturer": "Philips",
    "ParallelAcquisitionTechnique": "SENSE",
    "ParallelReductionFactorInPlane": 2,
    "PatientPosition": "HFS",
    "PhaseEncodingDirection": "j",
    "PhilipsRescaleIntercept": 0,
    "PhilipsRescaleSlope": 2.60073,
    "PhilipsScaleSlope": 0.00118136,
    "ProtocolName": "WIPPM_HWWSENSE",
    "ReconMatrixPE": 80,
    "RepetitionTime": 2,
    "SeriesDescription": "ImageMRSERIES",
    "SeriesNumber": 3,
    "SliceEncodingDirection": "k",
    "SliceTiming": [
      0.0,
      0.05405405405405406,
      0.10810810810810811,
      0.16216216216216217,
      0.21621621621621623,
      0.2702702702702703,
      0.32432432432432434,
      0.3783783783783784,
      0.43243243243243246,
      0.4864864864864865,
      0.5405405405405406,
      0.5945945945945946,
      0.6486486486486487,
      0.7027027027027027,
      0.7567567567567568,
      0.8108108108108109,
      0.8648648648648649,
      0.918918918918919,
      0.972972972972973,
      1.0270270270270272,
      1.0810810810810811,
      1.135135135135135,
      1.1891891891891893,
      1.2432432432432434,
      1.2972972972972974,
      1.3513513513513513,
      1.4054054054054055,
      1.4594594594594597,
      1.5135135135135136,
      1.5675675675675675,
      1.6216216216216217,
      1.6756756756756759,
      1.7297297297297298,
      1.7837837837837838,
      1.837837837837838,
      1.891891891891892,
      1.945945945945946
    ],
    "TaskName": "other",
    "UsePhilipsFloatNotDisplayScaling": 1,
    "WaterFatShift": 12,
    "dataset": "unknown",
    "modality": "bold",
    "session_id": "2",
    "subject_id": "06",
    "task_id": "other"
  },
  "dummy_trs": 0,
  "dvars_nstd": 21.07209938971264,
  "dvars_std": 1.1896022137739448,
  "dvars_vstd": 1.023689847739463,
  "efc": 0.39705445564800684,
  "fber": 207500240.0,
  "fd_mean": 0.18758853430111735,
  "fd_num": 183,
  "fd_perc": 34.990439770554495,
  "fwhm_avg": 2.446471929919836,
  "fwhm_x": 2.400866666666667,
  "fwhm_y": 2.71124,
  "fwhm_z": 2.2273091230928412,
  "gcor": 0.0215053,
  "gsr_x": -0.006374863907694817,
  "gsr_y": 0.00199917983263731,
  "provenance": {
    "md5sum": "a0062848dba6f67abd80dea3e8a7f41a",
    "settings": {
      "fd_thres": 0.2,
      "hmc_fsl": false
    },
    "software": "mriqc",
    "version": "0.15.0",
    "webapi_port": null,
    "webapi_url": "https://mriqc.nimh.nih.gov/api/v1"
  },
  "size_t": 523,
  "size_x": 80,
  "size_y": 80,
  "size_z": 37,
  "snr": 4.5682962567533645,
  "spacing_tr": 2.0,
  "spacing_x": 3.0,
  "spacing_y": 3.0,
  "spacing_z": 3.299999952316284,
  "spikes_num": 10,
  "summary_bg_k": 122.712810297922,
  "summary_bg_mad": 33.38623809814453,
  "summary_bg_mean": 2263.189208984375,
  "summary_bg_median": 23.051145553588867,
  "summary_bg_n": 154547.0,
  "summary_bg_p05": 0.27769543826580045,
  "summary_bg_p95": 8396.866894531238,
  "summary_bg_stdv": 13675.2861328125,
  "summary_fg_k": 2.149819517515235,
  "summary_fg_mad": 67338.7734375,
  "summary_fg_mean": 374206.1875,
  "summary_fg_median": 367578.4375,
  "summary_fg_n": 41451.0,
  "summary_fg_p05": 259435.53125,
  "summary_fg_p95": 505865.171875,
  "summary_fg_stdv": 80461.9453125,
  "tsnr": 55.84605407714844
}