{
  "aor": 0.001339800664451827,
  "aqi": 0.0043469773089701,
  "bids_meta": {
    "AcquisitionNumber": 4,
    "BIDSVersion": "1.1.0",
    "BidsifyVersion": "0.3.1",
    "ConversionSoftware": "dcm2niix",
    "ConversionSoftwareVersion": "v1.0.20181125  GCC5.4.0",
    "EchoTime": 0.02763,
    "FlipAngle": 76.1,
    "ImageComments": "HWW",
    "ImageOrientationPatientDICOM": [
      0.999935,
      -0.00135593,
      0.011317,
      0.00226878,
      0.996708,
      -0.0810433
    ],
    "InstitutionName": "Spinoza Centre for Neuroimaging, location REC",
    "MagneticFieldStrength": 3,
    "Manufacturer": "Philips",
    "ParallelAcquisitionTechnique": "SENSE",
    "ParallelReductionFactorInPlane": 2,
    "PatientPosition": "HFS",
    "PhaseEncodingDirection": "j",
    "PhilipsRescaleIntercept": 0,
    "PhilipsRescaleSlope": 2.45983,
    "PhilipsScaleSlope": 0.00117953,
    "ProtocolName": "WIPPM_Zinnen1SENSE",
    "ReconMatrixPE": 80,
    "RepetitionTime": 2,
    "SeriesDescription": "ImageMRSERIES",
    "SeriesNumber": 4,
    "SliceEncodingDirection": "k",
    "SliceTiming": [
      0.0,
      0.05405405405405406,
      0.10810810810810811,
      0.16216216216216217,
      0.21621621621621623,
      0.2702702702702703,
      0.32432432432432434,
      0.3783783783783784,
      0.43243243243243246,
      0.4864864864864865,
      0.5405405405405406,
      0.5945945945945946,
      0.6486486486486487,
      0.7027027027027027,
      0.7567567567567568,
      0.8108108108108109,
      0.8648648648648649,
      0.918918918918919,
      0.972972972972973,
      1.0270270270270272,
      1.0810810810810811,
      1.135135135135135,
      1.1891891891891893,
      1.2432432432432434,
      1.2972972972972974,
      1.3513513513513513,
      1.4054054054054055,
      1.4594594594594597,
      1.5135135135135136,
      1.5675675675675675,
      1.6216216216216217,
      1.6756756756756759,
      1.7297297297297298,
      1.7837837837837838,
      1.837837837837838,
      1.891891891891892,
      1.945945945945946
    ],
    "TaskName": "self",
    "UsePhilipsFloatNotDisplayScaling": 1,
    "WaterFatShift": 12,
    "dataset": "unknown",
    "modality": "bold",
    "run_id": 1,
    "session_id": "2",
    "subject_id": "06",
    "task_id": "self"
  },
  "dummy_trs": 0,
  "dvars_nstd": 20.79732482916667,
  "dvars_std": 1.1778856760999998,
  "dvars_vstd": 0.9938329286999997,
  "efc": 0.3973626963586351,
  "fber": 724938112.0,
  "fd_mean": 0.16013483916833676,
  "fd_num": 73,
  "fd_perc": 24.25249169435216,
  "fwhm_avg": 2.4370925358695743,
  "fwhm_x": 2.3954233333333335,
  "fwhm_y": 2.7115633333333338,
  "fwhm_z": 2.2042909409420552,
  "gcor": 0.027379,
  "gsr_x": -0.00658045057207346,
  "gsr_y": 0.0021679981146007776,
  "provenance": {
    "md5sum": "0e9826de3a25478a120c1f150f7f6401",
    "settings": {
      "fd_thres": 0.2,
      "hmc_fsl": false
    },
    "software": "mriqc",
    "version": "0.15.0",
    "webapi_port": null,
    "webapi_url": "https://mriqc.nimh.nih.gov/api/v1"
  },
  "size_t": 301,
  "size_x": 80,
  "size_y": 80,
  "size_z": 37,
  "snr": 4.5841071053175995,
  "spacing_tr": 2.0,
  "spacing_x": 3.0,
  "spacing_y": 3.0,
  "spacing_z": 3.299999952316284,
  "spikes_num": 2,
  "summary_bg_k": 114.63199818706543,
  "summary_bg_mad": 17.745136260986328,
  "summary_bg_mean": 2313.489501953125,
  "summary_bg_median": 12.129921913146973,
  "summary_bg_n": 154589.0,
  "summary_bg_p05": 0.06789146959781647,
  "summary_bg_p95": 8813.413085937507,
  "summary_bg_stdv": 13857.5556640625,
  "summary_fg_k": 2.1410467892881773,
  "summary_fg_mad": 66779.671875,
  "summary_fg_mean": 372031.75,
  "summary_fg_median": 365831.875,
  "summary_fg_n": 41516.0,
  "summary_fg_p05": 257986.62890625,
  "summary_fg_p95": 502491.9453125,
  "summary_fg_stdv": 79803.4296875,
  "tsnr": 70.80513763427734
}