{
    "Manufacturer": "Philips",
    "PatientPosition": "HFS",
    "SeriesDescription": "ImageMRSERIES",
    "ProtocolName": "WIPsT13DTFE_P25_S2_3mSENSE",
    "SeriesNumber": 3,
    "AcquisitionNumber": 3,
    "ImageComments": "HWW",
    "PhilipsRescaleSlope": 13.5412,
    "PhilipsRescaleIntercept": 0,
    "PhilipsScaleSlope": 0.000282051,
    "UsePhilipsFloatNotDisplayScaling": 1,
    "EchoTime": 0.00376,
    "RepetitionTime": 0.008228,
    "ReconMatrixPE": 240,
    "ImageOrientationPatientDICOM": [
        0.992345,
        0.0477716,
        -0.113887,
        -0.0513119,
        0.99828,
        -0.0283586
    ],
    "ConversionSoftware": "dcm2niix",
    "ConversionSoftwareVersion": "v1.0.20181125  GCC5.4.0",
    "BidsifyVersion": "0.3.1",
    "MagneticFieldStrength": 3,
    "ParallelAcquisitionTechnique": "SENSE",
    "BIDSVersion": "1.1.0",
    "InstitutionName": "Spinoza Centre for Neuroimaging, location REC"
}