{
  "aor": 0.0030320930232558135,
  "aqi": 0.00746161318936877,
  "bids_meta": {
    "AcquisitionNumber": 5,
    "BIDSVersion": "1.1.0",
    "BidsifyVersion": "0.3.1",
    "ConversionSoftware": "dcm2niix",
    "ConversionSoftwareVersion": "v1.0.20181125  GCC5.4.0",
    "EchoTime": 0.02763,
    "FlipAngle": 76.1,
    "ImageComments": "HWW",
    "ImageOrientationPatientDICOM": [
      0.998896,
      0.000863843,
      -0.0469767,
      -0.0165638,
      0.942114,
      -0.334883
    ],
    "InstitutionName": "Spinoza Centre for Neuroimaging, location REC",
    "MagneticFieldStrength": 3,
    "Manufacturer": "Philips",
    "ParallelAcquisitionTechnique": "SENSE",
    "ParallelReductionFactorInPlane": 2,
    "PatientPosition": "HFS",
    "PhaseEncodingDirection": "j",
    "PhilipsRescaleIntercept": 0,
    "PhilipsRescaleSlope": 1.83223,
    "PhilipsScaleSlope": 0.00111557,
    "ProtocolName": "WIPPM_Zinnen1SENSE",
    "ReconMatrixPE": 80,
    "RepetitionTime": 2,
    "SeriesDescription": "ImageMRSERIES",
    "SeriesNumber": 5,
    "SliceEncodingDirection": "k",
    "SliceTiming": [
      0.0,
      0.05405405405405406,
      0.10810810810810811,
      0.16216216216216217,
      0.21621621621621623,
      0.2702702702702703,
      0.32432432432432434,
      0.3783783783783784,
      0.43243243243243246,
      0.4864864864864865,
      0.5405405405405406,
      0.5945945945945946,
      0.6486486486486487,
      0.7027027027027027,
      0.7567567567567568,
      0.8108108108108109,
      0.8648648648648649,
      0.918918918918919,
      0.972972972972973,
      1.0270270270270272,
      1.0810810810810811,
      1.135135135135135,
      1.1891891891891893,
      1.2432432432432434,
      1.2972972972972974,
      1.3513513513513513,
      1.4054054054054055,
      1.4594594594594597,
      1.5135135135135136,
      1.5675675675675675,
      1.6216216216216217,
      1.6756756756756759,
      1.7297297297297298,
      1.7837837837837838,
      1.837837837837838,
      1.891891891891892,
      1.945945945945946
    ],
    "TaskName": "self",
    "UsePhilipsFloatNotDisplayScaling": 1,
    "WaterFatShift": 12,
    "dataset": "unknown",
    "modality": "bold",
    "run_id": 1,
    "session_id": "2",
    "subject_id": "26",
    "task_id": "self"
  },
  "dummy_trs": 0,
  "dvars_nstd": 22.49256302519999,
  "dvars_std": 1.1750398122666665,
  "dvars_vstd": 1.0066520346333339,
  "efc": 0.40097827110735723,
  "fber": 74165184.0,
  "fd_mean": 0.2870747870603266,
  "fd_num": 209,
  "fd_perc": 69.43521594684385,
  "fwhm_avg": 2.559802839515226,
  "fwhm_x": 2.54167,
  "fwhm_y": 2.8056900000000002,
  "fwhm_z": 2.3320485185456783,
  "gcor": 0.0217811,
  "gsr_x": -0.003115365980193019,
  "gsr_y": 0.0037180758081376553,
  "provenance": {
    "md5sum": "0a811929413bbf6a064d221490598b3d",
    "settings": {
      "fd_thres": 0.2,
      "hmc_fsl": false
    },
    "software": "mriqc",
    "version": "0.15.0",
    "webapi_port": null,
    "webapi_url": "https://mriqc.nimh.nih.gov/api/v1"
  },
  "size_t": 301,
  "size_x": 80,
  "size_y": 80,
  "size_z": 37,
  "snr": 4.923617426033548,
  "spacing_tr": 2.0,
  "spacing_x": 3.0,
  "spacing_y": 3.0,
  "spacing_z": 3.299999952316284,
  "spikes_num": 1,
  "summary_bg_k": 103.23996678114808,
  "summary_bg_mad": 63.85321807861328,
  "summary_bg_mean": 2977.505126953125,
  "summary_bg_median": 44.57666778564453,
  "summary_bg_n": 152890.0,
  "summary_bg_p05": 0.44072875678539275,
  "summary_bg_p95": 12043.032470703067,
  "summary_bg_stdv": 16687.03515625,
  "summary_fg_k": 2.234202350411733,
  "summary_fg_mad": 75032.046875,
  "summary_fg_mean": 423303.09375,
  "summary_fg_median": 421997.53125,
  "summary_fg_n": 41765.0,
  "summary_fg_p05": 290607.31875,
  "summary_fg_p95": 551950.9499999998,
  "summary_fg_stdv": 85707.8125,
  "tsnr": 55.54389572143555
}