{
  "aor": 0.001057641196013289,
  "aqi": 0.009786819999999998,
  "bids_meta": {
    "AcquisitionNumber": 6,
    "BIDSVersion": "1.1.0",
    "BidsifyVersion": "0.3.1",
    "ConversionSoftware": "dcm2niix",
    "ConversionSoftwareVersion": "v1.0.20181125  GCC5.4.0",
    "EchoTime": 0.02763,
    "FlipAngle": 76.1,
    "ImageComments": "HWW",
    "ImageOrientationPatientDICOM": [
      0.998896,
      0.000863843,
      -0.0469767,
      -0.0165638,
      0.942114,
      -0.334883
    ],
    "InstitutionName": "Spinoza Centre for Neuroimaging, location REC",
    "MagneticFieldStrength": 3,
    "Manufacturer": "Philips",
    "ParallelAcquisitionTechnique": "SENSE",
    "ParallelReductionFactorInPlane": 2,
    "PatientPosition": "HFS",
    "PhaseEncodingDirection": "j",
    "PhilipsRescaleIntercept": 0,
    "PhilipsRescaleSlope": 2.14994,
    "PhilipsScaleSlope": 0.00110555,
    "ProtocolName": "WIPPM_Zinnen2SENSE",
    "ReconMatrixPE": 80,
    "RepetitionTime": 2,
    "SeriesDescription": "ImageMRSERIES",
    "SeriesNumber": 6,
    "SliceEncodingDirection": "k",
    "SliceTiming": [
      0.0,
      0.05405405405405406,
      0.10810810810810811,
      0.16216216216216217,
      0.21621621621621623,
      0.2702702702702703,
      0.32432432432432434,
      0.3783783783783784,
      0.43243243243243246,
      0.4864864864864865,
      0.5405405405405406,
      0.5945945945945946,
      0.6486486486486487,
      0.7027027027027027,
      0.7567567567567568,
      0.8108108108108109,
      0.8648648648648649,
      0.918918918918919,
      0.972972972972973,
      1.0270270270270272,
      1.0810810810810811,
      1.135135135135135,
      1.1891891891891893,
      1.2432432432432434,
      1.2972972972972974,
      1.3513513513513513,
      1.4054054054054055,
      1.4594594594594597,
      1.5135135135135136,
      1.5675675675675675,
      1.6216216216216217,
      1.6756756756756759,
      1.7297297297297298,
      1.7837837837837838,
      1.837837837837838,
      1.891891891891892,
      1.945945945945946
    ],
    "TaskName": "self",
    "UsePhilipsFloatNotDisplayScaling": 1,
    "WaterFatShift": 12,
    "dataset": "unknown",
    "modality": "bold",
    "run_id": 2,
    "session_id": "2",
    "subject_id": "26",
    "task_id": "self"
  },
  "dummy_trs": 0,
  "dvars_nstd": 21.10619752919999,
  "dvars_std": 1.0923442800666665,
  "dvars_vstd": 0.9413195322666664,
  "efc": 0.40214985338484427,
  "fber": 68882816.0,
  "fd_mean": 0.2632342449365914,
  "fd_num": 194,
  "fd_perc": 64.45182724252491,
  "fwhm_avg": 2.5393674859350495,
  "fwhm_x": 2.506283333333333,
  "fwhm_y": 2.7890766666666664,
  "fwhm_z": 2.3227424578051488,
  "gcor": 0.026943,
  "gsr_x": -0.003265668172389269,
  "gsr_y": 0.003912458196282387,
  "provenance": {
    "md5sum": "965e7c238981f6b6bf24179b02115fde",
    "settings": {
      "fd_thres": 0.2,
      "hmc_fsl": false
    },
    "software": "mriqc",
    "version": "0.15.0",
    "webapi_port": null,
    "webapi_url": "https://mriqc.nimh.nih.gov/api/v1"
  },
  "size_t": 301,
  "size_x": 80,
  "size_y": 80,
  "size_z": 37,
  "snr": 5.016333289332313,
  "spacing_tr": 2.0,
  "spacing_x": 3.0,
  "spacing_y": 3.0,
  "spacing_z": 3.299999952316284,
  "spikes_num": 1,
  "summary_bg_k": 101.31437390181013,
  "summary_bg_mad": 66.11956787109375,
  "summary_bg_mean": 3074.494873046875,
  "summary_bg_median": 45.90067672729492,
  "summary_bg_n": 152929.0,
  "summary_bg_p05": 0.40389719009399416,
  "summary_bg_p95": 12664.897656250003,
  "summary_bg_stdv": 16690.326171875,
  "summary_fg_k": 2.1549053692540427,
  "summary_fg_mad": 74640.453125,
  "summary_fg_mean": 425436.34375,
  "summary_fg_median": 424173.375,
  "summary_fg_n": 41697.0,
  "summary_fg_p05": 294458.69375000003,
  "summary_fg_p95": 553080.05,
  "summary_fg_stdv": 84557.4375,
  "tsnr": 51.52582550048828
}