{
  "aor": 0.0028577437858508608,
  "aqi": 0.010581275583173995,
  "bids_meta": {
    "AcquisitionNumber": 4,
    "BIDSVersion": "1.1.0",
    "BidsifyVersion": "0.3.1",
    "ConversionSoftware": "dcm2niix",
    "ConversionSoftwareVersion": "v1.0.20181125  GCC5.4.0",
    "EchoTime": 0.02763,
    "FlipAngle": 76.1,
    "ImageComments": "HWW",
    "ImageOrientationPatientDICOM": [
      0.998896,
      0.000863843,
      -0.0469767,
      -0.0165638,
      0.942114,
      -0.334883
    ],
    "InstitutionName": "Spinoza Centre for Neuroimaging, location REC",
    "MagneticFieldStrength": 3,
    "Manufacturer": "Philips",
    "ParallelAcquisitionTechnique": "SENSE",
    "ParallelReductionFactorInPlane": 2,
    "PatientPosition": "HFS",
    "PhaseEncodingDirection": "j",
    "PhilipsRescaleIntercept": 0,
    "PhilipsRescaleSlope": 2.30525,
    "PhilipsScaleSlope": 0.00111772,
    "ProtocolName": "WIPPM_HWWSENSE",
    "ReconMatrixPE": 80,
    "RepetitionTime": 2,
    "SeriesDescription": "ImageMRSERIES",
    "SeriesNumber": 4,
    "SliceEncodingDirection": "k",
    "SliceTiming": [
      0.0,
      0.05405405405405406,
      0.10810810810810811,
      0.16216216216216217,
      0.21621621621621623,
      0.2702702702702703,
      0.32432432432432434,
      0.3783783783783784,
      0.43243243243243246,
      0.4864864864864865,
      0.5405405405405406,
      0.5945945945945946,
      0.6486486486486487,
      0.7027027027027027,
      0.7567567567567568,
      0.8108108108108109,
      0.8648648648648649,
      0.918918918918919,
      0.972972972972973,
      1.0270270270270272,
      1.0810810810810811,
      1.135135135135135,
      1.1891891891891893,
      1.2432432432432434,
      1.2972972972972974,
      1.3513513513513513,
      1.4054054054054055,
      1.4594594594594597,
      1.5135135135135136,
      1.5675675675675675,
      1.6216216216216217,
      1.6756756756756759,
      1.7297297297297298,
      1.7837837837837838,
      1.837837837837838,
      1.891891891891892,
      1.945945945945946
    ],
    "TaskName": "other",
    "UsePhilipsFloatNotDisplayScaling": 1,
    "WaterFatShift": 12,
    "dataset": "unknown",
    "modality": "bold",
    "session_id": "2",
    "subject_id": "26",
    "task_id": "other"
  },
  "dummy_trs": 0,
  "dvars_nstd": 22.387809307662838,
  "dvars_std": 1.1721426764750962,
  "dvars_vstd": 0.9715077172222217,
  "efc": 0.40327489346375167,
  "fber": 40141768.0,
  "fd_mean": 0.23203317114572852,
  "fd_num": 293,
  "fd_perc": 56.022944550669216,
  "fwhm_avg": 2.5513965768821616,
  "fwhm_x": 2.52493,
  "fwhm_y": 2.7986233333333335,
  "fwhm_z": 2.3306363973131523,
  "gcor": 0.0140117,
  "gsr_x": -0.0034291900228708982,
  "gsr_y": 0.0038203326985239983,
  "provenance": {
    "md5sum": "7eb61fdd692bcd3bb475ba2b6d73b473",
    "settings": {
      "fd_thres": 0.2,
      "hmc_fsl": false
    },
    "software": "mriqc",
    "version": "0.15.0",
    "webapi_port": null,
    "webapi_url": "https://mriqc.nimh.nih.gov/api/v1"
  },
  "size_t": 523,
  "size_x": 80,
  "size_y": 80,
  "size_z": 37,
  "snr": 4.959974669751502,
  "spacing_tr": 2.0,
  "spacing_x": 3.0,
  "spacing_y": 3.0,
  "spacing_z": 3.299999952316284,
  "spikes_num": 2,
  "summary_bg_k": 106.78746450431674,
  "summary_bg_mad": 84.12445831298828,
  "summary_bg_mean": 3051.093505859375,
  "summary_bg_median": 58.605316162109375,
  "summary_bg_n": 152637.0,
  "summary_bg_p05": 0.9204654216766357,
  "summary_bg_p95": 12357.730468749989,
  "summary_bg_stdv": 16606.458984375,
  "summary_fg_k": 2.112599099663976,
  "summary_fg_mad": 75075.0390625,
  "summary_fg_mean": 421728.0,
  "summary_fg_median": 420215.3125,
  "summary_fg_n": 41867.0,
  "summary_fg_p05": 289764.121875,
  "summary_fg_p95": 550104.25,
  "summary_fg_stdv": 84720.25,
  "tsnr": 49.42286682128906
}