{
  "bids_meta": {
    "AcquisitionNumber": 3,
    "BIDSVersion": "1.1.0",
    "BidsifyVersion": "0.3.1",
    "ConversionSoftware": "dcm2niix",
    "ConversionSoftwareVersion": "v1.0.20181125  GCC5.4.0",
    "EchoTime": 0.00378,
    "ImageComments": "HWW",
    "ImageOrientationPatientDICOM": [
      0.999799,
      -0.0136238,
      0.0147319,
      0.015357,
      0.992066,
      -0.124775
    ],
    "InstitutionName": "Spinoza Centre for Neuroimaging, location REC",
    "MagneticFieldStrength": 3,
    "Manufacturer": "Philips",
    "ParallelAcquisitionTechnique": "SENSE",
    "PatientPosition": "HFS",
    "PhilipsRescaleIntercept": 0,
    "PhilipsRescaleSlope": 16.2208,
    "PhilipsScaleSlope": 0.000296322,
    "ProtocolName": "WIPsT13DTFE_P25_S2_3mSENSE",
    "ReconMatrixPE": 240,
    "RepetitionTime": 0.008237,
    "SeriesDescription": "ImageMRSERIES",
    "SeriesNumber": 3,
    "UsePhilipsFloatNotDisplayScaling": 1,
    "dataset": "unknown",
    "modality": "T1w",
    "session_id": "1",
    "subject_id": "07"
  },
  "cjv": 0.36518661528838603,
  "cnr": 3.4030183075408953,
  "efc": 0.7625726489686401,
  "fber": 2111.830078125,
  "fwhm_avg": 3.8001666666666662,
  "fwhm_x": 3.75342,
  "fwhm_y": 3.975,
  "fwhm_z": 3.67208,
  "icvs_csf": 0.20211138146947857,
  "icvs_gm": 0.43080518328821005,
  "icvs_wm": 0.36708343524231135,
  "inu_med": 3.680616617202759,
  "inu_range": 1.0108689308166499,
  "provenance": {
    "md5sum": "33470e70eb5828216a547d6b682ee3d5",
    "settings": {
      "testing": false
    },
    "software": "mriqc",
    "version": "0.15.0",
    "warnings": {
      "large_rot_frame": true,
      "small_air_mask": true
    },
    "webapi_port": null,
    "webapi_url": "https://mriqc.nimh.nih.gov/api/v1"
  },
  "qi_1": 0.0,
  "qi_2": 3.148302021846852e-05,
  "rpve_csf": 26.1716884415828,
  "rpve_gm": 13.400535227777741,
  "rpve_wm": 19.531699079336477,
  "size_x": 240,
  "size_y": 240,
  "size_z": 220,
  "snr_csf": 1.7425886003603528,
  "snr_gm": 6.414430550591543,
  "snr_total": 8.28852851934415,
  "snr_wm": 16.70856640708055,
  "snrd_csf": 9.425972488961518,
  "snrd_gm": 28.244670775609436,
  "snrd_total": 27.888877604324147,
  "snrd_wm": 45.99598954840148,
  "spacing_x": 1.0,
  "spacing_y": 1.0,
  "spacing_z": 1.0,
  "summary_bg_k": 5.108020573189629,
  "summary_bg_mad": 14.243172645568848,
  "summary_bg_mean": 12.760404586791992,
  "summary_bg_median": 9.722798347473145,
  "summary_bg_n": 173843.0,
  "summary_bg_p05": 0.0,
  "summary_bg_p95": 29.601037216186523,
  "summary_bg_stdv": 10.738938331604004,
  "summary_csf_k": 0.8634401162028267,
  "summary_csf_mad": 128.55361938476562,
  "summary_csf_mean": 224.38587951660156,
  "summary_csf_median": 204.92794799804688,
  "summary_csf_n": 7748.0,
  "summary_csf_p05": 62.61971015930176,
  "summary_csf_p95": 433.37266998291017,
  "summary_csf_stdv": 117.5921401977539,
  "summary_gm_k": 0.872701614454499,
  "summary_gm_mad": 85.80949401855469,
  "summary_gm_mean": 623.3130493164062,
  "summary_gm_median": 614.06103515625,
  "summary_gm_n": 22027.0,
  "summary_gm_p05": 482.84014892578125,
  "summary_gm_p95": 796.8045166015626,
  "summary_gm_stdv": 95.72901153564453,
  "summary_wm_k": 0.7923669561420303,
  "summary_wm_mad": 55.12603759765625,
  "summary_wm_mean": 997.6433715820312,
  "summary_wm_median": 999.9884643554688,
  "summary_wm_n": 214234.0,
  "summary_wm_p05": 895.0947814941406,
  "summary_wm_p95": 1090.8732360839845,
  "summary_wm_stdv": 59.84870910644531,
  "tpm_overlap_csf": 0.23710227012634277,
  "tpm_overlap_gm": 0.5239893794059753,
  "tpm_overlap_wm": 0.5707394480705261,
  "wm2max": 0.7469281542378208
}