{
  "bids_meta": {
    "AcquisitionNumber": 4,
    "BIDSVersion": "1.1.0",
    "BidsifyVersion": "0.3.1",
    "ConversionSoftware": "dcm2niix",
    "ConversionSoftwareVersion": "v1.0.20181125  GCC5.4.0",
    "EchoTime": 0.00375,
    "ImageComments": "PredictingMentalizing",
    "ImageOrientationPatientDICOM": [
      0.995899,
      0.0902105,
      -0.00680713,
      -0.0902834,
      0.995852,
      -0.0112995
    ],
    "InstitutionName": "Spinoza Centre for Neuroimaging, location REC",
    "MagneticFieldStrength": 3,
    "Manufacturer": "Philips",
    "ParallelAcquisitionTechnique": "SENSE",
    "PatientPosition": "HFS",
    "PhilipsRescaleIntercept": 0,
    "PhilipsRescaleSlope": 12.2671,
    "PhilipsScaleSlope": 0.00521407,
    "ProtocolName": "WIPsT13DTFE_P25_S2_3mSENSE",
    "ReconMatrixPE": 240,
    "RepetitionTime": 0.008148,
    "SeriesDescription": "ImageMRSERIES",
    "SeriesNumber": 4,
    "UsePhilipsFloatNotDisplayScaling": 1,
    "dataset": "unknown",
    "modality": "T1w",
    "session_id": "1",
    "subject_id": "14"
  },
  "cjv": 0.3695253016126943,
  "cnr": 3.5171920206525087,
  "efc": 0.7671836771979882,
  "fber": 733.85546875,
  "fwhm_avg": 3.2717167294697003,
  "fwhm_x": 3.2739,
  "fwhm_y": 3.38027,
  "fwhm_z": 3.160980188409101,
  "icvs_csf": 0.2024372884709612,
  "icvs_gm": 0.4310602072847173,
  "icvs_wm": 0.36650250424432157,
  "inu_med": 1.4119739532470703,
  "inu_range": 0.3466186404228211,
  "provenance": {
    "md5sum": "35852d33f65a4e595ac1ec4187f75a08",
    "settings": {
      "testing": false
    },
    "software": "mriqc",
    "version": "0.15.0",
    "warnings": {
      "large_rot_frame": true,
      "small_air_mask": true
    },
    "webapi_port": null,
    "webapi_url": "https://mriqc.nimh.nih.gov/api/v1"
  },
  "qi_1": 0.0,
  "qi_2": 0.00013395807816590042,
  "rpve_csf": 28.498893376797838,
  "rpve_gm": 14.380496918690213,
  "rpve_wm": 20.474249624568497,
  "size_x": 240,
  "size_y": 240,
  "size_z": 220,
  "snr_csf": 2.1838521116294154,
  "snr_gm": 7.071501453400227,
  "snr_total": 8.482078382039516,
  "snr_wm": 16.190881581088902,
  "snrd_csf": 13.086937958161654,
  "snrd_gm": 30.27292433966705,
  "snrd_total": 30.73514514347406,
  "snrd_wm": 48.84557313259348,
  "spacing_x": 1.0,
  "spacing_y": 1.0,
  "spacing_z": 0.9999999403953552,
  "summary_bg_k": 2.158481956977914,
  "summary_bg_mad": 13.412487030029297,
  "summary_bg_mean": 17.650863647460938,
  "summary_bg_median": 18.125444412231445,
  "summary_bg_n": 95459.0,
  "summary_bg_p05": 0.0,
  "summary_bg_p95": 45.6232364654541,
  "summary_bg_stdv": 13.845534324645996,
  "summary_csf_k": 2.281509806974406,
  "summary_csf_mad": 143.90603637695312,
  "summary_csf_mean": 271.59869384765625,
  "summary_csf_median": 267.9264831542969,
  "summary_csf_n": 10288.0,
  "summary_csf_p05": 86.82565650939941,
  "summary_csf_p95": 462.5288330078124,
  "summary_csf_stdv": 122.67930603027344,
  "summary_gm_k": 0.12497135082796129,
  "summary_gm_mad": 83.49066925048828,
  "summary_gm_mean": 622.0492553710938,
  "summary_gm_median": 619.7720336914062,
  "summary_gm_n": 12502.0,
  "summary_gm_p05": 478.0900054931641,
  "summary_gm_p95": 770.1747222900391,
  "summary_gm_stdv": 87.64012145996094,
  "summary_wm_k": 0.8545206984992046,
  "summary_wm_mad": 57.01557540893555,
  "summary_wm_mean": 999.6530151367188,
  "summary_wm_median": 1000.0064697265625,
  "summary_wm_n": 190889.0,
  "summary_wm_p05": 898.0606079101562,
  "summary_wm_p95": 1099.6145263671874,
  "summary_wm_stdv": 61.763397216796875,
  "tpm_overlap_csf": 0.22002968192100525,
  "tpm_overlap_gm": 0.502016007900238,
  "tpm_overlap_wm": 0.5467560291290283,
  "wm2max": 0.6266617265449239
}