{
    "Manufacturer": "Philips",
    "PatientPosition": "HFS",
    "SeriesDescription": "ImageMRSERIES",
    "ProtocolName": "WIPsT13DTFE_P25_S2_3mSENSE",
    "SeriesNumber": 3,
    "AcquisitionNumber": 3,
    "ImageComments": "HWW",
    "PhilipsRescaleSlope": 14.6523,
    "PhilipsRescaleIntercept": 0,
    "PhilipsScaleSlope": 0.000275924,
    "UsePhilipsFloatNotDisplayScaling": 1,
    "EchoTime": 0.00372,
    "RepetitionTime": 0.008149,
    "ReconMatrixPE": 240,
    "ImageOrientationPatientDICOM": [
        0.999515,
        0.00134572,
        0.0311032,
        -0.00209338,
        0.999709,
        0.0240181
    ],
    "ConversionSoftware": "dcm2niix",
    "ConversionSoftwareVersion": "v1.0.20181125  GCC5.4.0",
    "BidsifyVersion": "0.3.1",
    "MagneticFieldStrength": 3,
    "ParallelAcquisitionTechnique": "SENSE",
    "BIDSVersion": "1.1.0",
    "InstitutionName": "Spinoza Centre for Neuroimaging, location REC"
}