{
    "Manufacturer": "Philips",
    "PatientPosition": "HFS",
    "SeriesDescription": "ImageMRSERIES",
    "ProtocolName": "WIPsT13DTFE_P25_S2_3mSENSE",
    "SeriesNumber": 2,
    "AcquisitionNumber": 2,
    "ImageComments": "PredictingMentalizing",
    "PhilipsRescaleSlope": 11.9011,
    "PhilipsRescaleIntercept": 0,
    "PhilipsScaleSlope": 0.00550762,
    "UsePhilipsFloatNotDisplayScaling": 1,
    "EchoTime": 0.00378,
    "RepetitionTime": 0.008215,
    "ReconMatrixPE": 240,
    "ImageOrientationPatientDICOM": [
        0.997821,
        0.0621183,
        0.0222251,
        -0.0603302,
        0.995456,
        -0.0736694
    ],
    "ConversionSoftware": "dcm2niix",
    "ConversionSoftwareVersion": "v1.0.20181125  GCC5.4.0",
    "BidsifyVersion": "0.3.1",
    "MagneticFieldStrength": 3,
    "ParallelAcquisitionTechnique": "SENSE",
    "BIDSVersion": "1.1.0",
    "InstitutionName": "Spinoza Centre for Neuroimaging, location REC"
}