{
  "aor": 0.0027782392026578073,
  "aqi": 0.005425227840531561,
  "bids_meta": {
    "AcquisitionNumber": 6,
    "BIDSVersion": "1.1.0",
    "BidsifyVersion": "0.3.1",
    "ConversionSoftware": "dcm2niix",
    "ConversionSoftwareVersion": "v1.0.20181125  GCC5.4.0",
    "EchoTime": 0.02763,
    "FlipAngle": 76.1,
    "ImageComments": "HWW",
    "ImageOrientationPatientDICOM": [
      0.999461,
      -0.0208862,
      -0.0253343,
      0.0129092,
      0.959419,
      -0.281687
    ],
    "InstitutionName": "Spinoza Centre for Neuroimaging, location REC",
    "MagneticFieldStrength": 3,
    "Manufacturer": "Philips",
    "ParallelAcquisitionTechnique": "SENSE",
    "ParallelReductionFactorInPlane": 2,
    "PatientPosition": "HFS",
    "PhaseEncodingDirection": "j",
    "PhilipsRescaleIntercept": 0,
    "PhilipsRescaleSlope": 2.57241,
    "PhilipsScaleSlope": 0.00109342,
    "ProtocolName": "WIPPM_Zinnen2SENSE",
    "ReconMatrixPE": 80,
    "RepetitionTime": 2,
    "SeriesDescription": "ImageMRSERIES",
    "SeriesNumber": 6,
    "SliceEncodingDirection": "k",
    "SliceTiming": [
      0.0,
      0.05405405405405406,
      0.10810810810810811,
      0.16216216216216217,
      0.21621621621621623,
      0.2702702702702703,
      0.32432432432432434,
      0.3783783783783784,
      0.43243243243243246,
      0.4864864864864865,
      0.5405405405405406,
      0.5945945945945946,
      0.6486486486486487,
      0.7027027027027027,
      0.7567567567567568,
      0.8108108108108109,
      0.8648648648648649,
      0.918918918918919,
      0.972972972972973,
      1.0270270270270272,
      1.0810810810810811,
      1.135135135135135,
      1.1891891891891893,
      1.2432432432432434,
      1.2972972972972974,
      1.3513513513513513,
      1.4054054054054055,
      1.4594594594594597,
      1.5135135135135136,
      1.5675675675675675,
      1.6216216216216217,
      1.6756756756756759,
      1.7297297297297298,
      1.7837837837837838,
      1.837837837837838,
      1.891891891891892,
      1.945945945945946
    ],
    "TaskName": "self",
    "UsePhilipsFloatNotDisplayScaling": 1,
    "WaterFatShift": 12,
    "dataset": "unknown",
    "modality": "bold",
    "run_id": 2,
    "session_id": "2",
    "subject_id": "07",
    "task_id": "self"
  },
  "dummy_trs": 0,
  "dvars_nstd": 18.735928103133347,
  "dvars_std": 1.1466625424666674,
  "dvars_vstd": 1.0073877140333327,
  "efc": 0.4244561345197993,
  "fber": 140074976.0,
  "fd_mean": 0.16003279374199172,
  "fd_num": 86,
  "fd_perc": 28.571428571428573,
  "fwhm_avg": 2.5766099104940516,
  "fwhm_x": 2.49092,
  "fwhm_y": 2.8504400000000003,
  "fwhm_z": 2.388469731482155,
  "gcor": 0.0152518,
  "gsr_x": -0.003380519337952137,
  "gsr_y": 0.0026220926083624363,
  "provenance": {
    "md5sum": "f907d6b5c7670efa0bd9fd863e8d55a9",
    "settings": {
      "fd_thres": 0.2,
      "hmc_fsl": false
    },
    "software": "mriqc",
    "version": "0.15.0",
    "webapi_port": null,
    "webapi_url": "https://mriqc.nimh.nih.gov/api/v1"
  },
  "size_t": 301,
  "size_x": 80,
  "size_y": 80,
  "size_z": 37,
  "snr": 4.674957459773372,
  "spacing_tr": 2.0,
  "spacing_x": 3.0,
  "spacing_y": 3.0,
  "spacing_z": 3.299999952316284,
  "spikes_num": 3,
  "summary_bg_k": 61.1458347960975,
  "summary_bg_mad": 45.99290466308594,
  "summary_bg_mean": 4110.98583984375,
  "summary_bg_median": 32.141212463378906,
  "summary_bg_n": 149532.0,
  "summary_bg_p05": 0.5106954455375672,
  "summary_bg_p95": 18753.674121093725,
  "summary_bg_stdv": 20995.484375,
  "summary_fg_k": 2.247197723497706,
  "summary_fg_mad": 74015.7421875,
  "summary_fg_mean": 421522.625,
  "summary_fg_median": 420050.9375,
  "summary_fg_n": 45442.0,
  "summary_fg_p05": 277292.36875,
  "summary_fg_p95": 558523.8718750001,
  "summary_fg_stdv": 89850.296875,
  "tsnr": 66.56610107421875
}