{
  "aor": 0.0032199235181644362,
  "aqi": 0.008085171988527724,
  "bids_meta": {
    "AcquisitionNumber": 3,
    "BIDSVersion": "1.1.0",
    "BidsifyVersion": "0.3.1",
    "ConversionSoftware": "dcm2niix",
    "ConversionSoftwareVersion": "v1.0.20181125  GCC5.4.0",
    "EchoTime": 0.02763,
    "FlipAngle": 76.1,
    "ImageComments": "HWW",
    "ImageOrientationPatientDICOM": [
      0.999461,
      -0.0208862,
      -0.0253343,
      0.0129092,
      0.959419,
      -0.281687
    ],
    "InstitutionName": "Spinoza Centre for Neuroimaging, location REC",
    "MagneticFieldStrength": 3,
    "Manufacturer": "Philips",
    "ParallelAcquisitionTechnique": "SENSE",
    "ParallelReductionFactorInPlane": 2,
    "PatientPosition": "HFS",
    "PhaseEncodingDirection": "j",
    "PhilipsRescaleIntercept": 0,
    "PhilipsRescaleSlope": 1.97485,
    "PhilipsScaleSlope": 0.00109591,
    "ProtocolName": "WIPPM_HWWSENSE",
    "ReconMatrixPE": 80,
    "RepetitionTime": 2,
    "SeriesDescription": "ImageMRSERIES",
    "SeriesNumber": 3,
    "SliceEncodingDirection": "k",
    "SliceTiming": [
      0.0,
      0.05405405405405406,
      0.10810810810810811,
      0.16216216216216217,
      0.21621621621621623,
      0.2702702702702703,
      0.32432432432432434,
      0.3783783783783784,
      0.43243243243243246,
      0.4864864864864865,
      0.5405405405405406,
      0.5945945945945946,
      0.6486486486486487,
      0.7027027027027027,
      0.7567567567567568,
      0.8108108108108109,
      0.8648648648648649,
      0.918918918918919,
      0.972972972972973,
      1.0270270270270272,
      1.0810810810810811,
      1.135135135135135,
      1.1891891891891893,
      1.2432432432432434,
      1.2972972972972974,
      1.3513513513513513,
      1.4054054054054055,
      1.4594594594594597,
      1.5135135135135136,
      1.5675675675675675,
      1.6216216216216217,
      1.6756756756756759,
      1.7297297297297298,
      1.7837837837837838,
      1.837837837837838,
      1.891891891891892,
      1.945945945945946
    ],
    "TaskName": "other",
    "UsePhilipsFloatNotDisplayScaling": 1,
    "WaterFatShift": 12,
    "dataset": "unknown",
    "modality": "bold",
    "session_id": "2",
    "subject_id": "07",
    "task_id": "other"
  },
  "dummy_trs": 0,
  "dvars_nstd": 21.157882408908065,
  "dvars_std": 1.177568898141763,
  "dvars_vstd": 1.0349656498659003,
  "efc": 0.4244904735809465,
  "fber": 31397148.0,
  "fd_mean": 0.15062235488036002,
  "fd_num": 124,
  "fd_perc": 23.709369024856596,
  "fwhm_avg": 2.6105918298404647,
  "fwhm_x": 2.5243266666666666,
  "fwhm_y": 2.886903333333333,
  "fwhm_z": 2.420545489521395,
  "gcor": 0.011514,
  "gsr_x": -0.003071227576583624,
  "gsr_y": 0.0019585834816098213,
  "provenance": {
    "md5sum": "414e7a92f00e33ae603815fd6341ebe9",
    "settings": {
      "fd_thres": 0.2,
      "hmc_fsl": false
    },
    "software": "mriqc",
    "version": "0.15.0",
    "webapi_port": null,
    "webapi_url": "https://mriqc.nimh.nih.gov/api/v1"
  },
  "size_t": 523,
  "size_x": 80,
  "size_y": 80,
  "size_z": 37,
  "snr": 4.614352881525222,
  "spacing_tr": 2.0,
  "spacing_x": 3.0,
  "spacing_y": 3.0,
  "spacing_z": 3.299999952316284,
  "spikes_num": 0,
  "summary_bg_k": 63.7511123017065,
  "summary_bg_mad": 98.0344009399414,
  "summary_bg_mean": 4112.9619140625,
  "summary_bg_median": 67.4290542602539,
  "summary_bg_n": 149581.0,
  "summary_bg_p05": 0.5196796655654907,
  "summary_bg_p95": 17359.658203125,
  "summary_bg_stdv": 20458.70703125,
  "summary_fg_k": 2.215824120922127,
  "summary_fg_mad": 75101.4921875,
  "summary_fg_mean": 422441.09375,
  "summary_fg_median": 421077.125,
  "summary_fg_n": 45503.0,
  "summary_fg_p05": 277036.03125,
  "summary_fg_p95": 563358.55,
  "summary_fg_stdv": 91252.7734375,
  "tsnr": 54.99391174316406
}