{
  "aor": 0.001531328903654485,
  "aqi": 0.004681282126245847,
  "bids_meta": {
    "AcquisitionNumber": 6,
    "BIDSVersion": "1.1.0",
    "BidsifyVersion": "0.3.1",
    "ConversionSoftware": "dcm2niix",
    "ConversionSoftwareVersion": "v1.0.20181125  GCC5.4.0",
    "EchoTime": 0.02763,
    "FlipAngle": 76.1,
    "ImageComments": "HWW",
    "ImageOrientationPatientDICOM": [
      0.999978,
      -0.00616189,
      0.00260361,
      0.0066322,
      0.964029,
      -0.265713
    ],
    "InstitutionName": "Spinoza Centre for Neuroimaging, location REC",
    "MagneticFieldStrength": 3,
    "Manufacturer": "Philips",
    "ParallelAcquisitionTechnique": "SENSE",
    "ParallelReductionFactorInPlane": 2,
    "PatientPosition": "HFS",
    "PhaseEncodingDirection": "j",
    "PhilipsRescaleIntercept": 0,
    "PhilipsRescaleSlope": 1.94286,
    "PhilipsScaleSlope": 0.00111935,
    "ProtocolName": "WIPPM_Zinnen2SENSE",
    "ReconMatrixPE": 80,
    "RepetitionTime": 2,
    "SeriesDescription": "ImageMRSERIES",
    "SeriesNumber": 6,
    "SliceEncodingDirection": "k",
    "SliceTiming": [
      0.0,
      0.05405405405405406,
      0.10810810810810811,
      0.16216216216216217,
      0.21621621621621623,
      0.2702702702702703,
      0.32432432432432434,
      0.3783783783783784,
      0.43243243243243246,
      0.4864864864864865,
      0.5405405405405406,
      0.5945945945945946,
      0.6486486486486487,
      0.7027027027027027,
      0.7567567567567568,
      0.8108108108108109,
      0.8648648648648649,
      0.918918918918919,
      0.972972972972973,
      1.0270270270270272,
      1.0810810810810811,
      1.135135135135135,
      1.1891891891891893,
      1.2432432432432434,
      1.2972972972972974,
      1.3513513513513513,
      1.4054054054054055,
      1.4594594594594597,
      1.5135135135135136,
      1.5675675675675675,
      1.6216216216216217,
      1.6756756756756759,
      1.7297297297297298,
      1.7837837837837838,
      1.837837837837838,
      1.891891891891892,
      1.945945945945946
    ],
    "TaskName": "self",
    "UsePhilipsFloatNotDisplayScaling": 1,
    "WaterFatShift": 12,
    "dataset": "unknown",
    "modality": "bold",
    "run_id": 2,
    "session_id": "1",
    "subject_id": "08",
    "task_id": "self"
  },
  "dummy_trs": 0,
  "dvars_nstd": 25.361096846,
  "dvars_std": 1.2467862218000008,
  "dvars_vstd": 1.0173009588333326,
  "efc": 0.39798140758905687,
  "fber": 245619648.0,
  "fd_mean": 0.26731568394108635,
  "fd_num": 197,
  "fd_perc": 65.4485049833887,
  "fwhm_avg": 2.48420061704126,
  "fwhm_x": 2.407223333333333,
  "fwhm_y": 2.7655966666666667,
  "fwhm_z": 2.279781851123779,
  "gcor": 0.0211379,
  "gsr_x": -0.007976225577294827,
  "gsr_y": 0.002992189023643732,
  "provenance": {
    "md5sum": "a868c0c02877fe46fe2cf0b891b9f2b8",
    "settings": {
      "fd_thres": 0.2,
      "hmc_fsl": false
    },
    "software": "mriqc",
    "version": "0.15.0",
    "webapi_port": null,
    "webapi_url": "https://mriqc.nimh.nih.gov/api/v1"
  },
  "size_t": 301,
  "size_x": 80,
  "size_y": 80,
  "size_z": 37,
  "snr": 4.3899500817066865,
  "spacing_tr": 2.0,
  "spacing_x": 3.0,
  "spacing_y": 3.0,
  "spacing_z": 3.299999952316284,
  "spikes_num": 3,
  "summary_bg_k": 124.02254257313862,
  "summary_bg_mad": 34.435482025146484,
  "summary_bg_mean": 2766.597900390625,
  "summary_bg_median": 23.82765007019043,
  "summary_bg_n": 154039.0,
  "summary_bg_p05": 0.276694080233574,
  "summary_bg_p95": 11801.041601562505,
  "summary_bg_stdv": 15637.12890625,
  "summary_fg_k": 1.6192049421743082,
  "summary_fg_mad": 81277.734375,
  "summary_fg_mean": 425338.65625,
  "summary_fg_median": 418559.65625,
  "summary_fg_n": 41207.0,
  "summary_fg_p05": 282974.65,
  "summary_fg_p95": 584481.7124999999,
  "summary_fg_stdv": 95343.8125,
  "tsnr": 65.47468566894531
}