{
  "aor": 0.0013860797342192693,
  "aqi": 0.006169891794019934,
  "bids_meta": {
    "AcquisitionNumber": 5,
    "BIDSVersion": "1.1.0",
    "BidsifyVersion": "0.3.1",
    "ConversionSoftware": "dcm2niix",
    "ConversionSoftwareVersion": "v1.0.20181125  GCC5.4.0",
    "EchoTime": 0.02763,
    "FlipAngle": 76.1,
    "ImageComments": "HWW",
    "ImageOrientationPatientDICOM": [
      0.999978,
      -0.00616189,
      0.00260361,
      0.0066322,
      0.964029,
      -0.265713
    ],
    "InstitutionName": "Spinoza Centre for Neuroimaging, location REC",
    "MagneticFieldStrength": 3,
    "Manufacturer": "Philips",
    "ParallelAcquisitionTechnique": "SENSE",
    "ParallelReductionFactorInPlane": 2,
    "PatientPosition": "HFS",
    "PhaseEncodingDirection": "j",
    "PhilipsRescaleIntercept": 0,
    "PhilipsRescaleSlope": 1.83516,
    "PhilipsScaleSlope": 0.00112551,
    "ProtocolName": "WIPPM_Zinnen1SENSE",
    "ReconMatrixPE": 80,
    "RepetitionTime": 2,
    "SeriesDescription": "ImageMRSERIES",
    "SeriesNumber": 5,
    "SliceEncodingDirection": "k",
    "SliceTiming": [
      0.0,
      0.05405405405405406,
      0.10810810810810811,
      0.16216216216216217,
      0.21621621621621623,
      0.2702702702702703,
      0.32432432432432434,
      0.3783783783783784,
      0.43243243243243246,
      0.4864864864864865,
      0.5405405405405406,
      0.5945945945945946,
      0.6486486486486487,
      0.7027027027027027,
      0.7567567567567568,
      0.8108108108108109,
      0.8648648648648649,
      0.918918918918919,
      0.972972972972973,
      1.0270270270270272,
      1.0810810810810811,
      1.135135135135135,
      1.1891891891891893,
      1.2432432432432434,
      1.2972972972972974,
      1.3513513513513513,
      1.4054054054054055,
      1.4594594594594597,
      1.5135135135135136,
      1.5675675675675675,
      1.6216216216216217,
      1.6756756756756759,
      1.7297297297297298,
      1.7837837837837838,
      1.837837837837838,
      1.891891891891892,
      1.945945945945946
    ],
    "TaskName": "self",
    "UsePhilipsFloatNotDisplayScaling": 1,
    "WaterFatShift": 12,
    "dataset": "unknown",
    "modality": "bold",
    "run_id": 1,
    "session_id": "1",
    "subject_id": "08",
    "task_id": "self"
  },
  "dummy_trs": 0,
  "dvars_nstd": 25.04818775796667,
  "dvars_std": 1.2010312003666663,
  "dvars_vstd": 0.9491396593666667,
  "efc": 0.39739642729000985,
  "fber": 432631584.0,
  "fd_mean": 0.24823324593105453,
  "fd_num": 182,
  "fd_perc": 60.46511627906977,
  "fwhm_avg": 2.488539505964667,
  "fwhm_x": 2.4139266666666668,
  "fwhm_y": 2.7647433333333336,
  "fwhm_z": 2.2869485178940008,
  "gcor": 0.0231445,
  "gsr_x": -0.007789985742419958,
  "gsr_y": 0.0024804379791021347,
  "provenance": {
    "md5sum": "9781cf22118a2a5c8f38e76e96cbf779",
    "settings": {
      "fd_thres": 0.2,
      "hmc_fsl": false
    },
    "software": "mriqc",
    "version": "0.15.0",
    "webapi_port": null,
    "webapi_url": "https://mriqc.nimh.nih.gov/api/v1"
  },
  "size_t": 301,
  "size_x": 80,
  "size_y": 80,
  "size_z": 37,
  "snr": 4.402076824223428,
  "spacing_tr": 2.0,
  "spacing_x": 3.0,
  "spacing_y": 3.0,
  "spacing_z": 3.299999952316284,
  "spikes_num": 0,
  "summary_bg_k": 118.71558504698929,
  "summary_bg_mad": 26.23382568359375,
  "summary_bg_mean": 2682.247314453125,
  "summary_bg_median": 18.036161422729492,
  "summary_bg_n": 154171.0,
  "summary_bg_p05": 0.13510020822286606,
  "summary_bg_p95": 11708.611328125,
  "summary_bg_stdv": 15111.3564453125,
  "summary_fg_k": 1.7263137563011384,
  "summary_fg_mad": 79368.28125,
  "summary_fg_mean": 421455.75,
  "summary_fg_median": 415366.0,
  "summary_fg_n": 41132.0,
  "summary_fg_p05": 280920.2984375,
  "summary_fg_p95": 578296.7874999999,
  "summary_fg_stdv": 94355.6796875,
  "tsnr": 59.693824768066406
}