{
  "aor": 0.0011260229445506692,
  "aqi": 0.0045081437667304014,
  "bids_meta": {
    "AcquisitionNumber": 4,
    "BIDSVersion": "1.1.0",
    "BidsifyVersion": "0.3.1",
    "ConversionSoftware": "dcm2niix",
    "ConversionSoftwareVersion": "v1.0.20181125  GCC5.4.0",
    "EchoTime": 0.02763,
    "FlipAngle": 76.1,
    "ImageComments": "HWW",
    "ImageOrientationPatientDICOM": [
      0.999978,
      -0.00616189,
      0.00260361,
      0.0066322,
      0.964029,
      -0.265713
    ],
    "InstitutionName": "Spinoza Centre for Neuroimaging, location REC",
    "MagneticFieldStrength": 3,
    "Manufacturer": "Philips",
    "ParallelAcquisitionTechnique": "SENSE",
    "ParallelReductionFactorInPlane": 2,
    "PatientPosition": "HFS",
    "PhaseEncodingDirection": "j",
    "PhilipsRescaleIntercept": 0,
    "PhilipsRescaleSlope": 2.31453,
    "PhilipsScaleSlope": 0.00113694,
    "ProtocolName": "WIPPM_HWWSENSE",
    "ReconMatrixPE": 80,
    "RepetitionTime": 2,
    "SeriesDescription": "ImageMRSERIES",
    "SeriesNumber": 4,
    "SliceEncodingDirection": "k",
    "SliceTiming": [
      0.0,
      0.05405405405405406,
      0.10810810810810811,
      0.16216216216216217,
      0.21621621621621623,
      0.2702702702702703,
      0.32432432432432434,
      0.3783783783783784,
      0.43243243243243246,
      0.4864864864864865,
      0.5405405405405406,
      0.5945945945945946,
      0.6486486486486487,
      0.7027027027027027,
      0.7567567567567568,
      0.8108108108108109,
      0.8648648648648649,
      0.918918918918919,
      0.972972972972973,
      1.0270270270270272,
      1.0810810810810811,
      1.135135135135135,
      1.1891891891891893,
      1.2432432432432434,
      1.2972972972972974,
      1.3513513513513513,
      1.4054054054054055,
      1.4594594594594597,
      1.5135135135135136,
      1.5675675675675675,
      1.6216216216216217,
      1.6756756756756759,
      1.7297297297297298,
      1.7837837837837838,
      1.837837837837838,
      1.891891891891892,
      1.945945945945946
    ],
    "TaskName": "other",
    "UsePhilipsFloatNotDisplayScaling": 1,
    "WaterFatShift": 12,
    "dataset": "unknown",
    "modality": "bold",
    "session_id": "1",
    "subject_id": "08",
    "task_id": "other"
  },
  "dummy_trs": 0,
  "dvars_nstd": 25.435680188314187,
  "dvars_std": 1.2557303875095784,
  "dvars_vstd": 1.0502241309578548,
  "efc": 0.3972281780529841,
  "fber": 158619200.0,
  "fd_mean": 0.2616281999979257,
  "fd_num": 322,
  "fd_perc": 61.5678776290631,
  "fwhm_avg": 2.4865303140055417,
  "fwhm_x": 2.4244533333333336,
  "fwhm_y": 2.75648,
  "fwhm_z": 2.2786576086832913,
  "gcor": 0.00979777,
  "gsr_x": -0.007558504585176706,
  "gsr_y": 0.002846701070666313,
  "provenance": {
    "md5sum": "087fc83aae837acb4336e7b5967a803e",
    "settings": {
      "fd_thres": 0.2,
      "hmc_fsl": false
    },
    "software": "mriqc",
    "version": "0.15.0",
    "webapi_port": null,
    "webapi_url": "https://mriqc.nimh.nih.gov/api/v1"
  },
  "size_t": 523,
  "size_x": 80,
  "size_y": 80,
  "size_z": 37,
  "snr": 4.361438685359476,
  "spacing_tr": 2.0,
  "spacing_x": 3.0,
  "spacing_y": 3.0,
  "spacing_z": 3.299999952316284,
  "spikes_num": 0,
  "summary_bg_k": 116.34645577003933,
  "summary_bg_mad": 43.28451156616211,
  "summary_bg_mean": 2740.825927734375,
  "summary_bg_median": 29.86832618713379,
  "summary_bg_n": 154273.0,
  "summary_bg_p05": 0.2999653160572052,
  "summary_bg_p95": 11531.31835937496,
  "summary_bg_stdv": 15038.087890625,
  "summary_fg_k": 1.6108490265284656,
  "summary_fg_mad": 80820.125,
  "summary_fg_mean": 422632.375,
  "summary_fg_median": 415844.125,
  "summary_fg_n": 41006.0,
  "summary_fg_p05": 281241.609375,
  "summary_fg_p95": 582817.46875,
  "summary_fg_stdv": 95344.46875,
  "tsnr": 64.35165405273438
}