{
  "aor": 0.0016163479923518166,
  "aqi": 0.004960081835564054,
  "bids_meta": {
    "AcquisitionNumber": 4,
    "BIDSVersion": "1.1.0",
    "BidsifyVersion": "0.3.1",
    "ConversionSoftware": "dcm2niix",
    "ConversionSoftwareVersion": "v1.0.20181125  GCC5.4.0",
    "EchoTime": 0.02763,
    "FlipAngle": 76.1,
    "ImageComments": "HWW",
    "ImageOrientationPatientDICOM": [
      0.994015,
      -0.109235,
      0.00111305,
      0.0943122,
      0.852991,
      -0.513333
    ],
    "InstitutionName": "Spinoza Centre for Neuroimaging, location REC",
    "MagneticFieldStrength": 3,
    "Manufacturer": "Philips",
    "ParallelAcquisitionTechnique": "SENSE",
    "ParallelReductionFactorInPlane": 2,
    "PatientPosition": "HFS",
    "PhaseEncodingDirection": "j",
    "PhilipsRescaleIntercept": 0,
    "PhilipsRescaleSlope": 2.22882,
    "PhilipsScaleSlope": 0.0011354,
    "ProtocolName": "WIPHWWSENSE",
    "ReconMatrixPE": 80,
    "RepetitionTime": 2,
    "SeriesDescription": "ImageMRSERIES",
    "SeriesNumber": 4,
    "SliceEncodingDirection": "k",
    "SliceTiming": [
      0.0,
      0.05405405405405406,
      0.10810810810810811,
      0.16216216216216217,
      0.21621621621621623,
      0.2702702702702703,
      0.32432432432432434,
      0.3783783783783784,
      0.43243243243243246,
      0.4864864864864865,
      0.5405405405405406,
      0.5945945945945946,
      0.6486486486486487,
      0.7027027027027027,
      0.7567567567567568,
      0.8108108108108109,
      0.8648648648648649,
      0.918918918918919,
      0.972972972972973,
      1.0270270270270272,
      1.0810810810810811,
      1.135135135135135,
      1.1891891891891893,
      1.2432432432432434,
      1.2972972972972974,
      1.3513513513513513,
      1.4054054054054055,
      1.4594594594594597,
      1.5135135135135136,
      1.5675675675675675,
      1.6216216216216217,
      1.6756756756756759,
      1.7297297297297298,
      1.7837837837837838,
      1.837837837837838,
      1.891891891891892,
      1.945945945945946
    ],
    "TaskName": "other",
    "UsePhilipsFloatNotDisplayScaling": 1,
    "WaterFatShift": 12,
    "dataset": "unknown",
    "modality": "bold",
    "session_id": "1",
    "subject_id": "19",
    "task_id": "other"
  },
  "dummy_trs": 0,
  "dvars_nstd": 21.56634499015324,
  "dvars_std": 1.2180535899999991,
  "dvars_vstd": 1.0226914228160922,
  "efc": 0.39043707125883564,
  "fber": 155682080.0,
  "fd_mean": 0.1949519653483323,
  "fd_num": 230,
  "fd_perc": 43.977055449330784,
  "fwhm_avg": 2.4696533442188673,
  "fwhm_x": 2.3896866666666665,
  "fwhm_y": 2.75924,
  "fwhm_z": 2.2600333659899356,
  "gcor": 0.0115741,
  "gsr_x": -0.00617228401824832,
  "gsr_y": 0.004049339797347784,
  "provenance": {
    "md5sum": "5d088885a036798a9348f06b845f0a48",
    "settings": {
      "fd_thres": 0.2,
      "hmc_fsl": false
    },
    "software": "mriqc",
    "version": "0.15.0",
    "webapi_port": null,
    "webapi_url": "https://mriqc.nimh.nih.gov/api/v1"
  },
  "size_t": 523,
  "size_x": 80,
  "size_y": 80,
  "size_z": 37,
  "snr": 4.453162013935031,
  "spacing_tr": 2.0,
  "spacing_x": 3.0,
  "spacing_y": 3.0,
  "spacing_z": 3.299999952316284,
  "spikes_num": 0,
  "summary_bg_k": 129.38427163241263,
  "summary_bg_mad": 41.15879821777344,
  "summary_bg_mean": 2650.360107421875,
  "summary_bg_median": 28.089704513549805,
  "summary_bg_n": 155268.0,
  "summary_bg_p05": 0.163106669485569,
  "summary_bg_p95": 11175.43203124997,
  "summary_bg_stdv": 14330.607421875,
  "summary_fg_k": 2.3178994566905056,
  "summary_fg_mad": 74400.5,
  "summary_fg_mean": 411817.28125,
  "summary_fg_median": 406783.09375,
  "summary_fg_n": 39779.0,
  "summary_fg_p05": 280642.3125,
  "summary_fg_p95": 556596.01875,
  "summary_fg_stdv": 91345.875,
  "tsnr": 66.74715423583984
}