{
  "aor": 0.0007102325581395349,
  "aqi": 0.004747124518272425,
  "bids_meta": {
    "AcquisitionNumber": 6,
    "BIDSVersion": "1.1.0",
    "BidsifyVersion": "0.3.1",
    "ConversionSoftware": "dcm2niix",
    "ConversionSoftwareVersion": "v1.0.20181125  GCC5.4.0",
    "EchoTime": 0.02763,
    "FlipAngle": 76.1,
    "ImageComments": "HWW",
    "ImageOrientationPatientDICOM": [
      0.994015,
      -0.109235,
      0.00111305,
      0.0943122,
      0.852991,
      -0.513333
    ],
    "InstitutionName": "Spinoza Centre for Neuroimaging, location REC",
    "MagneticFieldStrength": 3,
    "Manufacturer": "Philips",
    "ParallelAcquisitionTechnique": "SENSE",
    "ParallelReductionFactorInPlane": 2,
    "PatientPosition": "HFS",
    "PhaseEncodingDirection": "j",
    "PhilipsRescaleIntercept": 0,
    "PhilipsRescaleSlope": 2.12747,
    "PhilipsScaleSlope": 0.0011488,
    "ProtocolName": "WIPZinnen2SENSE",
    "ReconMatrixPE": 80,
    "RepetitionTime": 2,
    "SeriesDescription": "ImageMRSERIES",
    "SeriesNumber": 6,
    "SliceEncodingDirection": "k",
    "SliceTiming": [
      0.0,
      0.05405405405405406,
      0.10810810810810811,
      0.16216216216216217,
      0.21621621621621623,
      0.2702702702702703,
      0.32432432432432434,
      0.3783783783783784,
      0.43243243243243246,
      0.4864864864864865,
      0.5405405405405406,
      0.5945945945945946,
      0.6486486486486487,
      0.7027027027027027,
      0.7567567567567568,
      0.8108108108108109,
      0.8648648648648649,
      0.918918918918919,
      0.972972972972973,
      1.0270270270270272,
      1.0810810810810811,
      1.135135135135135,
      1.1891891891891893,
      1.2432432432432434,
      1.2972972972972974,
      1.3513513513513513,
      1.4054054054054055,
      1.4594594594594597,
      1.5135135135135136,
      1.5675675675675675,
      1.6216216216216217,
      1.6756756756756759,
      1.7297297297297298,
      1.7837837837837838,
      1.837837837837838,
      1.891891891891892,
      1.945945945945946
    ],
    "TaskName": "self",
    "UsePhilipsFloatNotDisplayScaling": 1,
    "WaterFatShift": 12,
    "dataset": "unknown",
    "modality": "bold",
    "run_id": 2,
    "session_id": "1",
    "subject_id": "19",
    "task_id": "self"
  },
  "dummy_trs": 0,
  "dvars_nstd": 20.98994818993335,
  "dvars_std": 1.1930807893000006,
  "dvars_vstd": 0.9776143617333328,
  "efc": 0.3902491591591695,
  "fber": 384573888.0,
  "fd_mean": 0.15767207084791976,
  "fd_num": 84,
  "fd_perc": 27.906976744186046,
  "fwhm_avg": 2.4576226371042718,
  "fwhm_x": 2.37812,
  "fwhm_y": 2.7438266666666666,
  "fwhm_z": 2.250921244646148,
  "gcor": 0.0213741,
  "gsr_x": -0.006018062587827444,
  "gsr_y": 0.004368653986603022,
  "provenance": {
    "md5sum": "3a903f9843f42437ecdacd87a7b72bf2",
    "settings": {
      "fd_thres": 0.2,
      "hmc_fsl": false
    },
    "software": "mriqc",
    "version": "0.15.0",
    "webapi_port": null,
    "webapi_url": "https://mriqc.nimh.nih.gov/api/v1"
  },
  "size_t": 301,
  "size_x": 80,
  "size_y": 80,
  "size_z": 37,
  "snr": 4.471840228107612,
  "spacing_tr": 2.0,
  "spacing_x": 3.0,
  "spacing_y": 3.0,
  "spacing_z": 3.299999952316284,
  "spikes_num": 1,
  "summary_bg_k": 122.29664930293958,
  "summary_bg_mad": 27.180070877075195,
  "summary_bg_mean": 2542.443603515625,
  "summary_bg_median": 18.526378631591797,
  "summary_bg_n": 155266.0,
  "summary_bg_p05": 0.07480620592832565,
  "summary_bg_p95": 11590.958251953125,
  "summary_bg_stdv": 14195.4384765625,
  "summary_fg_k": 2.3960634100796527,
  "summary_fg_mad": 72004.6640625,
  "summary_fg_mean": 403655.4375,
  "summary_fg_median": 399817.15625,
  "summary_fg_n": 39871.0,
  "summary_fg_p05": 273250.171875,
  "summary_fg_p95": 542889.53125,
  "summary_fg_stdv": 89406.625,
  "tsnr": 70.29920959472656
}