{
  "aor": 0.00033059800664451825,
  "aqi": 0.0037607352823920263,
  "bids_meta": {
    "AcquisitionNumber": 5,
    "BIDSVersion": "1.1.0",
    "BidsifyVersion": "0.3.1",
    "ConversionSoftware": "dcm2niix",
    "ConversionSoftwareVersion": "v1.0.20181125  GCC5.4.0",
    "EchoTime": 0.02763,
    "FlipAngle": 76.1,
    "ImageComments": "HWW",
    "ImageOrientationPatientDICOM": [
      0.994015,
      -0.109235,
      0.00111305,
      0.0943122,
      0.852991,
      -0.513333
    ],
    "InstitutionName": "Spinoza Centre for Neuroimaging, location REC",
    "MagneticFieldStrength": 3,
    "Manufacturer": "Philips",
    "ParallelAcquisitionTechnique": "SENSE",
    "ParallelReductionFactorInPlane": 2,
    "PatientPosition": "HFS",
    "PhaseEncodingDirection": "j",
    "PhilipsRescaleIntercept": 0,
    "PhilipsRescaleSlope": 2.18803,
    "PhilipsScaleSlope": 0.00115062,
    "ProtocolName": "WIPZinnen1SENSE",
    "ReconMatrixPE": 80,
    "RepetitionTime": 2,
    "SeriesDescription": "ImageMRSERIES",
    "SeriesNumber": 5,
    "SliceEncodingDirection": "k",
    "SliceTiming": [
      0.0,
      0.05405405405405406,
      0.10810810810810811,
      0.16216216216216217,
      0.21621621621621623,
      0.2702702702702703,
      0.32432432432432434,
      0.3783783783783784,
      0.43243243243243246,
      0.4864864864864865,
      0.5405405405405406,
      0.5945945945945946,
      0.6486486486486487,
      0.7027027027027027,
      0.7567567567567568,
      0.8108108108108109,
      0.8648648648648649,
      0.918918918918919,
      0.972972972972973,
      1.0270270270270272,
      1.0810810810810811,
      1.135135135135135,
      1.1891891891891893,
      1.2432432432432434,
      1.2972972972972974,
      1.3513513513513513,
      1.4054054054054055,
      1.4594594594594597,
      1.5135135135135136,
      1.5675675675675675,
      1.6216216216216217,
      1.6756756756756759,
      1.7297297297297298,
      1.7837837837837838,
      1.837837837837838,
      1.891891891891892,
      1.945945945945946
    ],
    "TaskName": "self",
    "UsePhilipsFloatNotDisplayScaling": 1,
    "WaterFatShift": 12,
    "dataset": "unknown",
    "modality": "bold",
    "run_id": 1,
    "session_id": "1",
    "subject_id": "19",
    "task_id": "self"
  },
  "dummy_trs": 0,
  "dvars_nstd": 20.63069514256665,
  "dvars_std": 1.2190116742999997,
  "dvars_vstd": 0.9822234483666661,
  "efc": 0.3889840870646749,
  "fber": 552692032.0,
  "fd_mean": 0.16683387222097348,
  "fd_num": 94,
  "fd_perc": 31.229235880398672,
  "fwhm_avg": 2.449485768367019,
  "fwhm_x": 2.3739733333333333,
  "fwhm_y": 2.7340233333333335,
  "fwhm_z": 2.2404606384343904,
  "gcor": 0.0226637,
  "gsr_x": -0.0060787806287407875,
  "gsr_y": 0.004070398397743702,
  "provenance": {
    "md5sum": "98685fa9d9c16966430e6c46a38013f6",
    "settings": {
      "fd_thres": 0.2,
      "hmc_fsl": false
    },
    "software": "mriqc",
    "version": "0.15.0",
    "webapi_port": null,
    "webapi_url": "https://mriqc.nimh.nih.gov/api/v1"
  },
  "size_t": 301,
  "size_x": 80,
  "size_y": 80,
  "size_z": 37,
  "snr": 4.4739327564403,
  "spacing_tr": 2.0,
  "spacing_x": 3.0,
  "spacing_y": 3.0,
  "spacing_z": 3.299999952316284,
  "spikes_num": 2,
  "summary_bg_k": 121.66226585737675,
  "summary_bg_mad": 22.06121826171875,
  "summary_bg_mean": 2490.9775390625,
  "summary_bg_median": 15.043584823608398,
  "summary_bg_n": 155422.0,
  "summary_bg_p05": 0.07612488344311714,
  "summary_bg_p95": 10184.00034179685,
  "summary_bg_stdv": 14277.4873046875,
  "summary_fg_k": 2.386883873358837,
  "summary_fg_mad": 72656.84375,
  "summary_fg_mean": 404712.5625,
  "summary_fg_median": 400615.59375,
  "summary_fg_n": 39708.0,
  "summary_fg_p05": 274921.1296875,
  "summary_fg_p95": 545049.98125,
  "summary_fg_stdv": 89543.265625,
  "tsnr": 76.91246032714844
}