{
  "aor": 0.00038906976744186047,
  "aqi": 0.005445888106312293,
  "bids_meta": {
    "AcquisitionNumber": 4,
    "BIDSVersion": "1.1.0",
    "BidsifyVersion": "0.3.1",
    "ConversionSoftware": "dcm2niix",
    "ConversionSoftwareVersion": "v1.0.20181125  GCC5.4.0",
    "EchoTime": 0.02763,
    "FlipAngle": 76.1,
    "ImageComments": "HWW",
    "ImageOrientationPatientDICOM": [
      0.99927,
      0.0198617,
      0.0326375,
      -0.0108136,
      0.966352,
      -0.256995
    ],
    "InstitutionName": "Spinoza Centre for Neuroimaging, location REC",
    "MagneticFieldStrength": 3,
    "Manufacturer": "Philips",
    "ParallelAcquisitionTechnique": "SENSE",
    "ParallelReductionFactorInPlane": 2,
    "PatientPosition": "HFS",
    "PhaseEncodingDirection": "j",
    "PhilipsRescaleIntercept": 0,
    "PhilipsRescaleSlope": 2.21368,
    "PhilipsScaleSlope": 0.0011687,
    "ProtocolName": "WIPPM_Zinnen1SENSE",
    "ReconMatrixPE": 80,
    "RepetitionTime": 2,
    "SeriesDescription": "ImageMRSERIES",
    "SeriesNumber": 4,
    "SliceEncodingDirection": "k",
    "SliceTiming": [
      0.0,
      0.05405405405405406,
      0.10810810810810811,
      0.16216216216216217,
      0.21621621621621623,
      0.2702702702702703,
      0.32432432432432434,
      0.3783783783783784,
      0.43243243243243246,
      0.4864864864864865,
      0.5405405405405406,
      0.5945945945945946,
      0.6486486486486487,
      0.7027027027027027,
      0.7567567567567568,
      0.8108108108108109,
      0.8648648648648649,
      0.918918918918919,
      0.972972972972973,
      1.0270270270270272,
      1.0810810810810811,
      1.135135135135135,
      1.1891891891891893,
      1.2432432432432434,
      1.2972972972972974,
      1.3513513513513513,
      1.4054054054054055,
      1.4594594594594597,
      1.5135135135135136,
      1.5675675675675675,
      1.6216216216216217,
      1.6756756756756759,
      1.7297297297297298,
      1.7837837837837838,
      1.837837837837838,
      1.891891891891892,
      1.945945945945946
    ],
    "TaskName": "self",
    "UsePhilipsFloatNotDisplayScaling": 1,
    "WaterFatShift": 12,
    "dataset": "unknown",
    "modality": "bold",
    "run_id": 1,
    "session_id": "2",
    "subject_id": "13",
    "task_id": "self"
  },
  "dummy_trs": 0,
  "dvars_nstd": 22.03875576956667,
  "dvars_std": 1.2584988190666666,
  "dvars_vstd": 0.9761348335666667,
  "efc": 0.4247297118334017,
  "fber": 231902800.0,
  "fd_mean": 0.1474661576384655,
  "fd_num": 62,
  "fd_perc": 20.59800664451827,
  "fwhm_avg": 2.470518798666561,
  "fwhm_x": 2.4041533333333334,
  "fwhm_y": 2.767666666666667,
  "fwhm_z": 2.239736395999683,
  "gcor": 0.0419469,
  "gsr_x": -0.005419768393039703,
  "gsr_y": 0.0064807008020579815,
  "provenance": {
    "md5sum": "70886cb250c6d1dad932e4ba48d5687e",
    "settings": {
      "fd_thres": 0.2,
      "hmc_fsl": false
    },
    "software": "mriqc",
    "version": "0.15.0",
    "webapi_port": null,
    "webapi_url": "https://mriqc.nimh.nih.gov/api/v1"
  },
  "size_t": 301,
  "size_x": 80,
  "size_y": 80,
  "size_z": 37,
  "snr": 5.039659355790776,
  "spacing_tr": 2.0,
  "spacing_x": 3.0,
  "spacing_y": 3.0,
  "spacing_z": 3.299999952316284,
  "spikes_num": 0,
  "summary_bg_k": 78.93913229705592,
  "summary_bg_mad": 31.547941207885742,
  "summary_bg_mean": 2910.802001953125,
  "summary_bg_median": 21.786996841430664,
  "summary_bg_n": 148584.0,
  "summary_bg_p05": 0.20221230983734134,
  "summary_bg_p95": 13576.512939453129,
  "summary_bg_stdv": 14932.328125,
  "summary_fg_k": 2.542558741993557,
  "summary_fg_mad": 60906.4609375,
  "summary_fg_mean": 365393.125,
  "summary_fg_median": 363446.9375,
  "summary_fg_n": 46008.0,
  "summary_fg_p05": 258605.01015625,
  "summary_fg_p95": 476248.8328125,
  "summary_fg_stdv": 72116.578125,
  "tsnr": 69.46234130859375
}