{
  "bids_meta": {
    "AcquisitionNumber": 3,
    "BIDSVersion": "1.1.0",
    "BidsifyVersion": "0.3.1",
    "ConversionSoftware": "dcm2niix",
    "ConversionSoftwareVersion": "v1.0.20181125  GCC5.4.0",
    "EchoTime": 0.00376,
    "ImageComments": "HWW",
    "ImageOrientationPatientDICOM": [
      0.992345,
      0.0477716,
      -0.113887,
      -0.0513119,
      0.99828,
      -0.0283586
    ],
    "InstitutionName": "Spinoza Centre for Neuroimaging, location REC",
    "MagneticFieldStrength": 3,
    "Manufacturer": "Philips",
    "ParallelAcquisitionTechnique": "SENSE",
    "PatientPosition": "HFS",
    "PhilipsRescaleIntercept": 0,
    "PhilipsRescaleSlope": 13.5412,
    "PhilipsScaleSlope": 0.000282051,
    "ProtocolName": "WIPsT13DTFE_P25_S2_3mSENSE",
    "ReconMatrixPE": 240,
    "RepetitionTime": 0.008228,
    "SeriesDescription": "ImageMRSERIES",
    "SeriesNumber": 3,
    "UsePhilipsFloatNotDisplayScaling": 1,
    "dataset": "unknown",
    "modality": "T1w",
    "session_id": "1",
    "subject_id": "26"
  },
  "cjv": 0.3089067250944896,
  "cnr": 4.0913186662209755,
  "efc": 0.7475328892899391,
  "fber": 668.0974731445312,
  "fwhm_avg": 3.7066433333333335,
  "fwhm_x": 3.72792,
  "fwhm_y": 3.83065,
  "fwhm_z": 3.56136,
  "icvs_csf": 0.20133144475986667,
  "icvs_gm": 0.45593703220821863,
  "icvs_wm": 0.3427315230319147,
  "inu_med": 3.505096673965454,
  "inu_range": 0.8463563442230226,
  "provenance": {
    "md5sum": "5c431d4b8fbc538a58ffef8264c1586f",
    "settings": {
      "testing": false
    },
    "software": "mriqc",
    "version": "0.15.0",
    "warnings": {
      "large_rot_frame": true,
      "small_air_mask": true
    },
    "webapi_port": null,
    "webapi_url": "https://mriqc.nimh.nih.gov/api/v1"
  },
  "qi_1": 6.768169592673898e-05,
  "qi_2": 1.2950119979257155e-05,
  "rpve_csf": 28.67135370820544,
  "rpve_gm": 14.141365094736651,
  "rpve_wm": 22.34895845344128,
  "size_x": 240,
  "size_y": 240,
  "size_z": 220,
  "snr_csf": 2.691996842843332,
  "snr_gm": 7.048363184793761,
  "snr_total": 8.893408574123507,
  "snr_wm": 16.939865694733427,
  "snrd_csf": 14.976096585255416,
  "snrd_gm": 29.36121019276749,
  "snrd_total": 31.574157848566532,
  "snrd_wm": 50.3851667676767,
  "spacing_x": 1.0,
  "spacing_y": 1.0,
  "spacing_z": 1.0,
  "summary_bg_k": 12.173821214628424,
  "summary_bg_mad": 13.002569198608398,
  "summary_bg_mean": 9.724693298339844,
  "summary_bg_median": 8.779067993164062,
  "summary_bg_n": 181311.0,
  "summary_bg_p05": 0.0,
  "summary_bg_p95": 26.46495819091797,
  "summary_bg_stdv": 9.03656005859375,
  "summary_csf_k": 9.78567110061597,
  "summary_csf_mad": 114.02043151855469,
  "summary_csf_mean": 280.5738220214844,
  "summary_csf_median": 297.23236083984375,
  "summary_csf_n": 6085.0,
  "summary_csf_p05": 85.59727630615234,
  "summary_csf_p95": 424.0433288574219,
  "summary_csf_stdv": 110.40426635742188,
  "summary_gm_k": 0.598090374566123,
  "summary_gm_mad": 77.02220153808594,
  "summary_gm_mean": 587.9380493164062,
  "summary_gm_median": 582.7354125976562,
  "summary_gm_n": 18652.0,
  "summary_gm_p05": 461.4361343383789,
  "summary_gm_p95": 733.26220703125,
  "summary_gm_stdv": 82.67448425292969,
  "summary_wm_k": 1.314772965869964,
  "summary_wm_mad": 51.873748779296875,
  "summary_wm_mean": 996.3515014648438,
  "summary_wm_median": 1000.0003662109375,
  "summary_wm_n": 169024.0,
  "summary_wm_p05": 892.4792755126953,
  "summary_wm_p95": 1084.9563232421876,
  "summary_wm_stdv": 59.03219223022461,
  "tpm_overlap_csf": 0.21026524901390076,
  "tpm_overlap_gm": 0.5219574570655823,
  "tpm_overlap_wm": 0.5421060919761658,
  "wm2max": 0.724424465477758
}