{
  "aor": 0.0006311627906976744,
  "aqi": 0.003213308970099668,
  "bids_meta": {
    "AcquisitionNumber": 3,
    "BIDSVersion": "1.1.0",
    "BidsifyVersion": "0.3.1",
    "ConversionSoftware": "dcm2niix",
    "ConversionSoftwareVersion": "v1.0.20181125  GCC5.4.0",
    "EchoTime": 0.02762,
    "FlipAngle": 76.1,
    "ImageComments": "PredictingMentalizing",
    "ImageOrientationPatientDICOM": [
      0.998631,
      -0.0472856,
      0.0223547,
      0.0518117,
      0.952809,
      -0.299117
    ],
    "InstitutionName": "Spinoza Centre for Neuroimaging, location REC",
    "MagneticFieldStrength": 3,
    "Manufacturer": "Philips",
    "ParallelAcquisitionTechnique": "SENSE",
    "ParallelReductionFactorInPlane": 2,
    "PatientPosition": "HFS",
    "PhaseEncodingDirection": "j",
    "PhilipsRescaleIntercept": 0,
    "PhilipsRescaleSlope": 0.74945,
    "PhilipsScaleSlope": 0.0657209,
    "ProtocolName": "WIPPM_Zinnen1SENSE",
    "ReconMatrixPE": 80,
    "RepetitionTime": 2,
    "SeriesDescription": "ImageMRSERIES",
    "SeriesNumber": 3,
    "SliceEncodingDirection": "k",
    "SliceTiming": [
      0.0,
      0.05405405405405406,
      0.10810810810810811,
      0.16216216216216217,
      0.21621621621621623,
      0.2702702702702703,
      0.32432432432432434,
      0.3783783783783784,
      0.43243243243243246,
      0.4864864864864865,
      0.5405405405405406,
      0.5945945945945946,
      0.6486486486486487,
      0.7027027027027027,
      0.7567567567567568,
      0.8108108108108109,
      0.8648648648648649,
      0.918918918918919,
      0.972972972972973,
      1.0270270270270272,
      1.0810810810810811,
      1.135135135135135,
      1.1891891891891893,
      1.2432432432432434,
      1.2972972972972974,
      1.3513513513513513,
      1.4054054054054055,
      1.4594594594594597,
      1.5135135135135136,
      1.5675675675675675,
      1.6216216216216217,
      1.6756756756756759,
      1.7297297297297298,
      1.7837837837837838,
      1.837837837837838,
      1.891891891891892,
      1.945945945945946
    ],
    "TaskName": "self",
    "UsePhilipsFloatNotDisplayScaling": 1,
    "WaterFatShift": 12,
    "dataset": "unknown",
    "modality": "bold",
    "run_id": 1,
    "session_id": "1",
    "subject_id": "24",
    "task_id": "self"
  },
  "dummy_trs": 0,
  "dvars_nstd": 22.886071106633345,
  "dvars_std": 1.4283669667,
  "dvars_vstd": 0.9880378850000003,
  "efc": 0.36614463828727983,
  "fber": 1276280064.0,
  "fd_mean": 0.10102913891741735,
  "fd_num": 2,
  "fd_perc": 0.6644518272425249,
  "fwhm_avg": 2.5518771828969236,
  "fwhm_x": 2.55065,
  "fwhm_y": 2.783863333333333,
  "fwhm_z": 2.321118215357437,
  "gcor": 0.0237743,
  "gsr_x": -0.004566255025565624,
  "gsr_y": 0.0017218232387676835,
  "provenance": {
    "md5sum": "6c11bb530deca63af8b98e53badf8c55",
    "settings": {
      "fd_thres": 0.2,
      "hmc_fsl": false
    },
    "software": "mriqc",
    "version": "0.15.0",
    "webapi_port": null,
    "webapi_url": "https://mriqc.nimh.nih.gov/api/v1"
  },
  "size_t": 301,
  "size_x": 80,
  "size_y": 80,
  "size_z": 37,
  "snr": 4.985742198829056,
  "spacing_tr": 2.0,
  "spacing_x": 3.0,
  "spacing_y": 3.0,
  "spacing_z": 3.299999952316284,
  "spikes_num": 1,
  "summary_bg_k": 118.51995732357972,
  "summary_bg_mad": 0.8823031783103943,
  "summary_bg_mean": 146.44895935058594,
  "summary_bg_median": 0.595104455947876,
  "summary_bg_n": 161726.0,
  "summary_bg_p05": 0.0,
  "summary_bg_p95": 504.62115478515625,
  "summary_bg_stdv": 922.98193359375,
  "summary_fg_k": 2.4428533216524757,
  "summary_fg_mad": 3774.6865234375,
  "summary_fg_mean": 22742.87890625,
  "summary_fg_median": 22675.623046875,
  "summary_fg_n": 35270.0,
  "summary_fg_p05": 15699.1859375,
  "summary_fg_p95": 29698.594042968743,
  "summary_fg_stdv": 4548.029296875,
  "tsnr": 92.65884399414062
}