{
  "aor": 0.0010011960132890363,
  "aqi": 0.003430937176079734,
  "bids_meta": {
    "AcquisitionNumber": 5,
    "BIDSVersion": "1.1.0",
    "BidsifyVersion": "0.3.1",
    "ConversionSoftware": "dcm2niix",
    "ConversionSoftwareVersion": "v1.0.20181125  GCC5.4.0",
    "EchoTime": 0.02762,
    "FlipAngle": 76.1,
    "ImageComments": "PredictingMentalizing",
    "ImageOrientationPatientDICOM": [
      0.998631,
      -0.0472856,
      0.0223547,
      0.0518117,
      0.952809,
      -0.299117
    ],
    "InstitutionName": "Spinoza Centre for Neuroimaging, location REC",
    "MagneticFieldStrength": 3,
    "Manufacturer": "Philips",
    "ParallelAcquisitionTechnique": "SENSE",
    "ParallelReductionFactorInPlane": 2,
    "PatientPosition": "HFS",
    "PhaseEncodingDirection": "j",
    "PhilipsRescaleIntercept": 0,
    "PhilipsRescaleSlope": 0.74725,
    "PhilipsScaleSlope": 0.066192,
    "ProtocolName": "WIPPM_Zinnen2SENSE",
    "ReconMatrixPE": 80,
    "RepetitionTime": 2,
    "SeriesDescription": "ImageMRSERIES",
    "SeriesNumber": 5,
    "SliceEncodingDirection": "k",
    "SliceTiming": [
      0.0,
      0.05405405405405406,
      0.10810810810810811,
      0.16216216216216217,
      0.21621621621621623,
      0.2702702702702703,
      0.32432432432432434,
      0.3783783783783784,
      0.43243243243243246,
      0.4864864864864865,
      0.5405405405405406,
      0.5945945945945946,
      0.6486486486486487,
      0.7027027027027027,
      0.7567567567567568,
      0.8108108108108109,
      0.8648648648648649,
      0.918918918918919,
      0.972972972972973,
      1.0270270270270272,
      1.0810810810810811,
      1.135135135135135,
      1.1891891891891893,
      1.2432432432432434,
      1.2972972972972974,
      1.3513513513513513,
      1.4054054054054055,
      1.4594594594594597,
      1.5135135135135136,
      1.5675675675675675,
      1.6216216216216217,
      1.6756756756756759,
      1.7297297297297298,
      1.7837837837837838,
      1.837837837837838,
      1.891891891891892,
      1.945945945945946
    ],
    "TaskName": "self",
    "UsePhilipsFloatNotDisplayScaling": 1,
    "WaterFatShift": 12,
    "dataset": "unknown",
    "modality": "bold",
    "run_id": 2,
    "session_id": "1",
    "subject_id": "24",
    "task_id": "self"
  },
  "dummy_trs": 0,
  "dvars_nstd": 22.354534133000005,
  "dvars_std": 1.416382939333332,
  "dvars_vstd": 0.9940263663333333,
  "efc": 0.3664973940972464,
  "fber": 1327087104.0,
  "fd_mean": 0.09304465774854398,
  "fd_num": 3,
  "fd_perc": 0.9966777408637874,
  "fwhm_avg": 2.546905061677402,
  "fwhm_x": 2.5482299999999998,
  "fwhm_y": 2.7729033333333333,
  "fwhm_z": 2.3195818516988735,
  "gcor": 0.0231225,
  "gsr_x": -0.004430906847119331,
  "gsr_y": 0.0011711039114743471,
  "provenance": {
    "md5sum": "3e9eb1a1028e67fd5cb2d0fdea95c015",
    "settings": {
      "fd_thres": 0.2,
      "hmc_fsl": false
    },
    "software": "mriqc",
    "version": "0.15.0",
    "webapi_port": null,
    "webapi_url": "https://mriqc.nimh.nih.gov/api/v1"
  },
  "size_t": 301,
  "size_x": 80,
  "size_y": 80,
  "size_z": 37,
  "snr": 4.967206290151236,
  "spacing_tr": 2.0,
  "spacing_x": 3.0,
  "spacing_y": 3.0,
  "spacing_z": 3.299999952316284,
  "spikes_num": 0,
  "summary_bg_k": 117.82673484258417,
  "summary_bg_mad": 0.8541444540023804,
  "summary_bg_mean": 149.4121856689453,
  "summary_bg_median": 0.5799872875213623,
  "summary_bg_n": 161738.0,
  "summary_bg_p05": 0.0004101173646631651,
  "summary_bg_p95": 517.0911071777339,
  "summary_bg_stdv": 928.8804931640625,
  "summary_fg_k": 2.508239818346339,
  "summary_fg_mad": 3779.620849609375,
  "summary_fg_mean": 22756.203125,
  "summary_fg_median": 22695.43359375,
  "summary_fg_n": 35306.0,
  "summary_fg_p05": 15660.638916015625,
  "summary_fg_p95": 29687.48974609375,
  "summary_fg_stdv": 4568.9892578125,
  "tsnr": 88.6495361328125
}