{
  "aor": 0.001370076481835564,
  "aqi": 0.005452623556405354,
  "bids_meta": {
    "AcquisitionNumber": 2,
    "BIDSVersion": "1.1.0",
    "BidsifyVersion": "0.3.1",
    "ConversionSoftware": "dcm2niix",
    "ConversionSoftwareVersion": "v1.0.20181125  GCC5.4.0",
    "EchoTime": 0.02762,
    "FlipAngle": 76.1,
    "ImageComments": "PredictingMentalizing",
    "ImageOrientationPatientDICOM": [
      0.998631,
      -0.0472856,
      0.0223547,
      0.0518117,
      0.952809,
      -0.299117
    ],
    "InstitutionName": "Spinoza Centre for Neuroimaging, location REC",
    "MagneticFieldStrength": 3,
    "Manufacturer": "Philips",
    "ParallelAcquisitionTechnique": "SENSE",
    "ParallelReductionFactorInPlane": 2,
    "PatientPosition": "HFS",
    "PhaseEncodingDirection": "j",
    "PhilipsRescaleIntercept": 0,
    "PhilipsRescaleSlope": 0.76313,
    "PhilipsScaleSlope": 0.0639272,
    "ProtocolName": "WIPPM_HWWSENSE",
    "ReconMatrixPE": 80,
    "RepetitionTime": 2,
    "SeriesDescription": "ImageMRSERIES",
    "SeriesNumber": 2,
    "SliceEncodingDirection": "k",
    "SliceTiming": [
      0.0,
      0.05405405405405406,
      0.10810810810810811,
      0.16216216216216217,
      0.21621621621621623,
      0.2702702702702703,
      0.32432432432432434,
      0.3783783783783784,
      0.43243243243243246,
      0.4864864864864865,
      0.5405405405405406,
      0.5945945945945946,
      0.6486486486486487,
      0.7027027027027027,
      0.7567567567567568,
      0.8108108108108109,
      0.8648648648648649,
      0.918918918918919,
      0.972972972972973,
      1.0270270270270272,
      1.0810810810810811,
      1.135135135135135,
      1.1891891891891893,
      1.2432432432432434,
      1.2972972972972974,
      1.3513513513513513,
      1.4054054054054055,
      1.4594594594594597,
      1.5135135135135136,
      1.5675675675675675,
      1.6216216216216217,
      1.6756756756756759,
      1.7297297297297298,
      1.7837837837837838,
      1.837837837837838,
      1.891891891891892,
      1.945945945945946
    ],
    "TaskName": "other",
    "UsePhilipsFloatNotDisplayScaling": 1,
    "WaterFatShift": 12,
    "dataset": "unknown",
    "modality": "bold",
    "session_id": "1",
    "subject_id": "24",
    "task_id": "other"
  },
  "dummy_trs": 0,
  "dvars_nstd": 20.45396273900383,
  "dvars_std": 1.298432214444444,
  "dvars_vstd": 0.9835668177011498,
  "efc": 0.3663605648984604,
  "fber": 1593101952.0,
  "fd_mean": 0.10927518034396855,
  "fd_num": 19,
  "fd_perc": 3.632887189292543,
  "fwhm_avg": 2.555990112275324,
  "fwhm_x": 2.54729,
  "fwhm_y": 2.7818166666666664,
  "fwhm_z": 2.338863670159306,
  "gcor": 0.0221361,
  "gsr_x": -0.0047179292887449265,
  "gsr_y": 0.001739002764225006,
  "provenance": {
    "md5sum": "c56c02f43d4f5d51a07f0b71b8ed8e76",
    "settings": {
      "fd_thres": 0.2,
      "hmc_fsl": false
    },
    "software": "mriqc",
    "version": "0.15.0",
    "webapi_port": null,
    "webapi_url": "https://mriqc.nimh.nih.gov/api/v1"
  },
  "size_t": 523,
  "size_x": 80,
  "size_y": 80,
  "size_z": 37,
  "snr": 4.980784940542999,
  "spacing_tr": 2.0,
  "spacing_x": 3.0,
  "spacing_y": 3.0,
  "spacing_z": 3.299999952316284,
  "spikes_num": 0,
  "summary_bg_k": 119.49588699542277,
  "summary_bg_mad": 0.789897084236145,
  "summary_bg_mean": 148.3319549560547,
  "summary_bg_median": 0.5327774882316589,
  "summary_bg_n": 161760.0,
  "summary_bg_p05": 0.0,
  "summary_bg_p95": 505.7677841186477,
  "summary_bg_stdv": 922.1550903320312,
  "summary_fg_k": 2.5574350156669663,
  "summary_fg_mad": 3862.14111328125,
  "summary_fg_mean": 23149.052734375,
  "summary_fg_median": 23081.939453125,
  "summary_fg_n": 35205.0,
  "summary_fg_p05": 16007.356054687501,
  "summary_fg_p95": 30188.491406249992,
  "summary_fg_stdv": 4634.13134765625,
  "tsnr": 70.83379364013672
}