{
  "aor": 0.000619734219269103,
  "aqi": 0.005374838205980066,
  "bids_meta": {
    "AcquisitionNumber": 3,
    "BIDSVersion": "1.1.0",
    "BidsifyVersion": "0.3.1",
    "ConversionSoftware": "dcm2niix",
    "ConversionSoftwareVersion": "v1.0.20181125  GCC5.4.0",
    "EchoTime": 0.02762,
    "FlipAngle": 76.1,
    "ImageComments": "PredictingMentalizing",
    "ImageOrientationPatientDICOM": [
      0.998615,
      0.0524264,
      0.00439298,
      -0.0462201,
      0.914146,
      -0.402741
    ],
    "InstitutionName": "Spinoza Centre for Neuroimaging, location REC",
    "MagneticFieldStrength": 3,
    "Manufacturer": "Philips",
    "ParallelAcquisitionTechnique": "SENSE",
    "ParallelReductionFactorInPlane": 2,
    "PatientPosition": "HFS",
    "PhaseEncodingDirection": "j",
    "PhilipsRescaleIntercept": 0,
    "PhilipsRescaleSlope": 0.84103,
    "PhilipsScaleSlope": 0.062728,
    "ProtocolName": "WIPPM_Zinnen1SENSE",
    "ReconMatrixPE": 80,
    "RepetitionTime": 2,
    "SeriesDescription": "ImageMRSERIES",
    "SeriesNumber": 3,
    "SliceEncodingDirection": "k",
    "SliceTiming": [
      0.0,
      0.05405405405405406,
      0.10810810810810811,
      0.16216216216216217,
      0.21621621621621623,
      0.2702702702702703,
      0.32432432432432434,
      0.3783783783783784,
      0.43243243243243246,
      0.4864864864864865,
      0.5405405405405406,
      0.5945945945945946,
      0.6486486486486487,
      0.7027027027027027,
      0.7567567567567568,
      0.8108108108108109,
      0.8648648648648649,
      0.918918918918919,
      0.972972972972973,
      1.0270270270270272,
      1.0810810810810811,
      1.135135135135135,
      1.1891891891891893,
      1.2432432432432434,
      1.2972972972972974,
      1.3513513513513513,
      1.4054054054054055,
      1.4594594594594597,
      1.5135135135135136,
      1.5675675675675675,
      1.6216216216216217,
      1.6756756756756759,
      1.7297297297297298,
      1.7837837837837838,
      1.837837837837838,
      1.891891891891892,
      1.945945945945946
    ],
    "TaskName": "self",
    "UsePhilipsFloatNotDisplayScaling": 1,
    "WaterFatShift": 12,
    "dataset": "unknown",
    "modality": "bold",
    "run_id": 1,
    "session_id": "1",
    "subject_id": "18",
    "task_id": "self"
  },
  "dummy_trs": 0,
  "dvars_nstd": 23.247404798166645,
  "dvars_std": 1.1427290429999999,
  "dvars_vstd": 0.9595330375333333,
  "efc": 0.40260201814160296,
  "fber": 127787320.0,
  "fd_mean": 0.14385648738068121,
  "fd_num": 48,
  "fd_perc": 15.946843853820598,
  "fwhm_avg": 2.379799505724001,
  "fwhm_x": 2.356786666666667,
  "fwhm_y": 2.54563,
  "fwhm_z": 2.2369818505053356,
  "gcor": 0.0152814,
  "gsr_x": -0.007674286607652903,
  "gsr_y": 0.009112554602324963,
  "provenance": {
    "md5sum": "a0240a0022b13fc649d4b8798280f795",
    "settings": {
      "fd_thres": 0.2,
      "hmc_fsl": false
    },
    "software": "mriqc",
    "version": "0.15.0",
    "webapi_port": null,
    "webapi_url": "https://mriqc.nimh.nih.gov/api/v1"
  },
  "size_t": 301,
  "size_x": 80,
  "size_y": 80,
  "size_z": 37,
  "snr": 4.345066551594687,
  "spacing_tr": 2.0,
  "spacing_x": 3.0,
  "spacing_y": 3.0,
  "spacing_z": 3.299999952316284,
  "spikes_num": 1,
  "summary_bg_k": 139.58649360633635,
  "summary_bg_mad": 2.48368501663208,
  "summary_bg_mean": 176.4486541748047,
  "summary_bg_median": 1.718029260635376,
  "summary_bg_n": 153828.0,
  "summary_bg_p05": 0.01359568010084331,
  "summary_bg_p95": 850.6390533447254,
  "summary_bg_stdv": 935.0446166992188,
  "summary_fg_k": 1.1947876104457151,
  "summary_fg_mad": 4371.37158203125,
  "summary_fg_mean": 21515.478515625,
  "summary_fg_median": 21242.5234375,
  "summary_fg_n": 41697.0,
  "summary_fg_p05": 13966.708203125001,
  "summary_fg_p95": 29518.2578125,
  "summary_fg_stdv": 4888.82470703125,
  "tsnr": 60.95582580566406
}