{
  "aor": 0.003916749521988528,
  "aqi": 0.005686971969407265,
  "bids_meta": {
    "AcquisitionNumber": 2,
    "BIDSVersion": "1.1.0",
    "BidsifyVersion": "0.3.1",
    "ConversionSoftware": "dcm2niix",
    "ConversionSoftwareVersion": "v1.0.20181125  GCC5.4.0",
    "EchoTime": 0.02762,
    "FlipAngle": 76.1,
    "ImageComments": "PredictingMentalizing",
    "ImageOrientationPatientDICOM": [
      0.998615,
      0.0524264,
      0.00439298,
      -0.0462201,
      0.914146,
      -0.402741
    ],
    "InstitutionName": "Spinoza Centre for Neuroimaging, location REC",
    "MagneticFieldStrength": 3,
    "Manufacturer": "Philips",
    "ParallelAcquisitionTechnique": "SENSE",
    "ParallelReductionFactorInPlane": 2,
    "PatientPosition": "HFS",
    "PhaseEncodingDirection": "j",
    "PhilipsRescaleIntercept": 0,
    "PhilipsRescaleSlope": 0.82173,
    "PhilipsScaleSlope": 0.0587721,
    "ProtocolName": "WIPPM_HWWSENSE",
    "ReconMatrixPE": 80,
    "RepetitionTime": 2,
    "SeriesDescription": "ImageMRSERIES",
    "SeriesNumber": 2,
    "SliceEncodingDirection": "k",
    "SliceTiming": [
      0.0,
      0.05405405405405406,
      0.10810810810810811,
      0.16216216216216217,
      0.21621621621621623,
      0.2702702702702703,
      0.32432432432432434,
      0.3783783783783784,
      0.43243243243243246,
      0.4864864864864865,
      0.5405405405405406,
      0.5945945945945946,
      0.6486486486486487,
      0.7027027027027027,
      0.7567567567567568,
      0.8108108108108109,
      0.8648648648648649,
      0.918918918918919,
      0.972972972972973,
      1.0270270270270272,
      1.0810810810810811,
      1.135135135135135,
      1.1891891891891893,
      1.2432432432432434,
      1.2972972972972974,
      1.3513513513513513,
      1.4054054054054055,
      1.4594594594594597,
      1.5135135135135136,
      1.5675675675675675,
      1.6216216216216217,
      1.6756756756756759,
      1.7297297297297298,
      1.7837837837837838,
      1.837837837837838,
      1.891891891891892,
      1.945945945945946
    ],
    "TaskName": "other",
    "UsePhilipsFloatNotDisplayScaling": 1,
    "WaterFatShift": 12,
    "dataset": "unknown",
    "modality": "bold",
    "session_id": "1",
    "subject_id": "18",
    "task_id": "other"
  },
  "dummy_trs": 0,
  "dvars_nstd": 23.199249154559396,
  "dvars_std": 1.2207925222605376,
  "dvars_vstd": 1.4123809051341005,
  "efc": 0.40294407086757567,
  "fber": 152133792.0,
  "fd_mean": 0.126670077801094,
  "fd_num": 43,
  "fd_perc": 8.221797323135755,
  "fwhm_avg": 2.40851182908764,
  "fwhm_x": 2.38984,
  "fwhm_y": 2.57145,
  "fwhm_z": 2.2642454872629205,
  "gcor": 0.0136414,
  "gsr_x": -0.008308936841785908,
  "gsr_y": 0.009929950349032879,
  "provenance": {
    "md5sum": "128bf47c855cb7edf00ebe59d9984779",
    "settings": {
      "fd_thres": 0.2,
      "hmc_fsl": false
    },
    "software": "mriqc",
    "version": "0.15.0",
    "webapi_port": null,
    "webapi_url": "https://mriqc.nimh.nih.gov/api/v1"
  },
  "size_t": 523,
  "size_x": 80,
  "size_y": 80,
  "size_z": 37,
  "snr": 4.22465544757811,
  "spacing_tr": 2.0,
  "spacing_x": 3.0,
  "spacing_y": 3.0,
  "spacing_z": 3.299999952316284,
  "spikes_num": 25,
  "summary_bg_k": 123.14828181805684,
  "summary_bg_mad": 2.359407424926758,
  "summary_bg_mean": 187.0425567626953,
  "summary_bg_median": 1.6332473754882812,
  "summary_bg_n": 153792.0,
  "summary_bg_p05": 0.012517090560868385,
  "summary_bg_p95": 847.8558319091571,
  "summary_bg_stdv": 964.1832275390625,
  "summary_fg_k": 1.1938601242697988,
  "summary_fg_mad": 4600.65234375,
  "summary_fg_mean": 22133.92578125,
  "summary_fg_median": 21849.88671875,
  "summary_fg_n": 41752.0,
  "summary_fg_p05": 14040.61884765625,
  "summary_fg_p95": 30604.883007812496,
  "summary_fg_stdv": 5171.9306640625,
  "tsnr": 57.50392150878906
}