{
  "aor": 0.0029577408637873753,
  "aqi": 0.0067524406976744175,
  "bids_meta": {
    "AcquisitionNumber": 5,
    "BIDSVersion": "1.1.0",
    "BidsifyVersion": "0.3.1",
    "ConversionSoftware": "dcm2niix",
    "ConversionSoftwareVersion": "v1.0.20181125  GCC5.4.0",
    "EchoTime": 0.02762,
    "FlipAngle": 76.1,
    "ImageComments": "PredictingMentalizing",
    "ImageOrientationPatientDICOM": [
      0.998615,
      0.0524264,
      0.00439298,
      -0.0462201,
      0.914146,
      -0.402741
    ],
    "InstitutionName": "Spinoza Centre for Neuroimaging, location REC",
    "MagneticFieldStrength": 3,
    "Manufacturer": "Philips",
    "ParallelAcquisitionTechnique": "SENSE",
    "ParallelReductionFactorInPlane": 2,
    "PatientPosition": "HFS",
    "PhaseEncodingDirection": "j",
    "PhilipsRescaleIntercept": 0,
    "PhilipsRescaleSlope": 0.85153,
    "PhilipsScaleSlope": 0.062043,
    "ProtocolName": "WIPPM_Zinnen2SENSE",
    "ReconMatrixPE": 80,
    "RepetitionTime": 2,
    "SeriesDescription": "ImageMRSERIES",
    "SeriesNumber": 5,
    "SliceEncodingDirection": "k",
    "SliceTiming": [
      0.0,
      0.05405405405405406,
      0.10810810810810811,
      0.16216216216216217,
      0.21621621621621623,
      0.2702702702702703,
      0.32432432432432434,
      0.3783783783783784,
      0.43243243243243246,
      0.4864864864864865,
      0.5405405405405406,
      0.5945945945945946,
      0.6486486486486487,
      0.7027027027027027,
      0.7567567567567568,
      0.8108108108108109,
      0.8648648648648649,
      0.918918918918919,
      0.972972972972973,
      1.0270270270270272,
      1.0810810810810811,
      1.135135135135135,
      1.1891891891891893,
      1.2432432432432434,
      1.2972972972972974,
      1.3513513513513513,
      1.4054054054054055,
      1.4594594594594597,
      1.5135135135135136,
      1.5675675675675675,
      1.6216216216216217,
      1.6756756756756759,
      1.7297297297297298,
      1.7837837837837838,
      1.837837837837838,
      1.891891891891892,
      1.945945945945946
    ],
    "TaskName": "self",
    "UsePhilipsFloatNotDisplayScaling": 1,
    "WaterFatShift": 12,
    "dataset": "unknown",
    "modality": "bold",
    "run_id": 2,
    "session_id": "1",
    "subject_id": "18",
    "task_id": "self"
  },
  "dummy_trs": 0,
  "dvars_nstd": 25.027915999233333,
  "dvars_std": 1.1889400952333333,
  "dvars_vstd": 1.0052120390000008,
  "efc": 0.40308487318087455,
  "fber": 95436448.0,
  "fd_mean": 0.1696725841233715,
  "fd_num": 90,
  "fd_perc": 29.900332225913623,
  "fwhm_avg": 2.399928091678158,
  "fwhm_x": 2.37941,
  "fwhm_y": 2.5635499999999998,
  "fwhm_z": 2.256824275034475,
  "gcor": 0.0147177,
  "gsr_x": -0.007928806357085705,
  "gsr_y": 0.009509875439107418,
  "provenance": {
    "md5sum": "7e9215a82fe5d3e526bb952ece8076d3",
    "settings": {
      "fd_thres": 0.2,
      "hmc_fsl": false
    },
    "software": "mriqc",
    "version": "0.15.0",
    "webapi_port": null,
    "webapi_url": "https://mriqc.nimh.nih.gov/api/v1"
  },
  "size_t": 301,
  "size_x": 80,
  "size_y": 80,
  "size_z": 37,
  "snr": 4.285111825266914,
  "spacing_tr": 2.0,
  "spacing_x": 3.0,
  "spacing_y": 3.0,
  "spacing_z": 3.299999952316284,
  "spikes_num": 3,
  "summary_bg_k": 108.36998616466015,
  "summary_bg_mad": 2.878256320953369,
  "summary_bg_mean": 184.40774536132812,
  "summary_bg_median": 1.9716044664382935,
  "summary_bg_n": 153819.0,
  "summary_bg_p05": 0.009917594958096744,
  "summary_bg_p95": 845.9123718261751,
  "summary_bg_stdv": 941.652587890625,
  "summary_fg_k": 1.206543043786648,
  "summary_fg_mad": 4445.4208984375,
  "summary_fg_mean": 21726.697265625,
  "summary_fg_median": 21439.353515625,
  "summary_fg_n": 41719.0,
  "summary_fg_p05": 13987.8681640625,
  "summary_fg_p95": 29915.416796875,
  "summary_fg_stdv": 5003.1591796875,
  "tsnr": 55.86398696899414
}