{
  "bids_meta": {
    "AcquisitionNumber": 5,
    "BIDSVersion": "1.1.0",
    "BidsifyVersion": "0.3.1",
    "ConversionSoftware": "dcm2niix",
    "ConversionSoftwareVersion": "v1.0.20181125  GCC5.4.0",
    "EchoTime": 0.00374,
    "ImageComments": "PredictingMentalizing",
    "ImageOrientationPatientDICOM": [
      0.998373,
      0.0445992,
      -0.0355173,
      -0.0448121,
      0.998982,
      -0.00521939
    ],
    "InstitutionName": "Spinoza Centre for Neuroimaging, location REC",
    "MagneticFieldStrength": 3,
    "Manufacturer": "Philips",
    "ParallelAcquisitionTechnique": "SENSE",
    "PatientPosition": "HFS",
    "PhilipsRescaleIntercept": 0,
    "PhilipsRescaleSlope": 13.3924,
    "PhilipsScaleSlope": 0.00549825,
    "ProtocolName": "WIPsT13DTFE_P25_S2_3mSENSE",
    "ReconMatrixPE": 240,
    "RepetitionTime": 0.008153,
    "SeriesDescription": "ImageMRSERIES",
    "SeriesNumber": 5,
    "UsePhilipsFloatNotDisplayScaling": 1,
    "dataset": "unknown",
    "modality": "T1w",
    "session_id": "1",
    "subject_id": "05"
  },
  "cjv": 0.2919512855928509,
  "cnr": 4.154876260422444,
  "efc": 0.7846727407636602,
  "fber": 602.6762084960938,
  "fwhm_avg": 4.317356487201077,
  "fwhm_x": 4.09875,
  "fwhm_y": 4.33692,
  "fwhm_z": 4.516399461603229,
  "icvs_csf": 0.257443470582967,
  "icvs_gm": 0.39413109853616013,
  "icvs_wm": 0.34842543088087286,
  "inu_med": 0.7102806568145752,
  "inu_range": 0.20276923179626472,
  "provenance": {
    "md5sum": "295f01b2124e894baecf44d586e72e9a",
    "settings": {
      "testing": false
    },
    "software": "mriqc",
    "version": "0.15.0",
    "warnings": {
      "large_rot_frame": true,
      "small_air_mask": true
    },
    "webapi_port": null,
    "webapi_url": "https://mriqc.nimh.nih.gov/api/v1"
  },
  "qi_1": 0.0,
  "qi_2": 0.000134418076243779,
  "rpve_csf": 30.420122765265845,
  "rpve_gm": 19.16498892645544,
  "rpve_wm": 28.005049899667927,
  "size_x": 240,
  "size_y": 240,
  "size_z": 220,
  "snr_csf": 3.049748866481108,
  "snr_gm": 9.124693722213319,
  "snr_total": 11.876987708171967,
  "snr_wm": 23.456520535821475,
  "snrd_csf": 14.295794400780863,
  "snrd_gm": 29.153456346892494,
  "snrd_total": 29.39152010738438,
  "snrd_wm": 44.72530957447978,
  "spacing_x": 1.0,
  "spacing_y": 1.0,
  "spacing_z": 1.0000001192092896,
  "summary_bg_k": 14.983981627560961,
  "summary_bg_mad": 14.648133277893066,
  "summary_bg_mean": 14.795524597167969,
  "summary_bg_median": 10.273896217346191,
  "summary_bg_n": 48597.0,
  "summary_bg_p05": 0.0,
  "summary_bg_p95": 30.751466369628908,
  "summary_bg_stdv": 10.081366539001465,
  "summary_csf_k": 32.96450598917019,
  "summary_csf_mad": 105.349365234375,
  "summary_csf_mean": 306.0675354003906,
  "summary_csf_median": 319.6383361816406,
  "summary_csf_n": 13306.0,
  "summary_csf_p05": 131.91358184814453,
  "summary_csf_p95": 457.29454803466797,
  "summary_csf_stdv": 104.80414581298828,
  "summary_gm_k": 0.4946060813844584,
  "summary_gm_mad": 63.84474182128906,
  "summary_gm_mean": 658.716064453125,
  "summary_gm_median": 651.8394165039062,
  "summary_gm_n": 17252.0,
  "summary_gm_p05": 552.7126617431641,
  "summary_gm_p95": 791.3137817382812,
  "summary_gm_stdv": 71.43478393554688,
  "summary_wm_k": 1.1443185962732283,
  "summary_wm_mad": 37.80382537841797,
  "summary_wm_mean": 997.03271484375,
  "summary_wm_median": 1000.009033203125,
  "summary_wm_n": 150917.0,
  "summary_wm_p05": 919.9727783203125,
  "summary_wm_p95": 1060.2575439453126,
  "summary_wm_stdv": 42.6323127746582,
  "tpm_overlap_csf": 0.20956869423389435,
  "tpm_overlap_gm": 0.4914267361164093,
  "tpm_overlap_wm": 0.5606188178062439,
  "wm2max": 0.6640316384091459
}