{
    "Manufacturer": "Philips",
    "PatientPosition": "HFS",
    "SeriesDescription": "ImageMRSERIES",
    "ProtocolName": "WIPsT13DTFE_P25_S2_3mSENSE",
    "SeriesNumber": 4,
    "AcquisitionNumber": 4,
    "ImageComments": "PredictingMentalizing",
    "PhilipsRescaleSlope": 11.841,
    "PhilipsRescaleIntercept": 0,
    "PhilipsScaleSlope": 0.00520489,
    "UsePhilipsFloatNotDisplayScaling": 1,
    "EchoTime": 0.00374,
    "RepetitionTime": 0.008176,
    "ReconMatrixPE": 240,
    "ImageOrientationPatientDICOM": [
        0.999616,
        0.0212528,
        -0.0177819,
        -0.020939,
        0.999625,
        0.0176542
    ],
    "ConversionSoftware": "dcm2niix",
    "ConversionSoftwareVersion": "v1.0.20181125  GCC5.4.0",
    "BidsifyVersion": "0.3.1",
    "MagneticFieldStrength": 3,
    "ParallelAcquisitionTechnique": "SENSE",
    "BIDSVersion": "1.1.0",
    "InstitutionName": "Spinoza Centre for Neuroimaging, location REC"
}