{
    "Manufacturer": "Philips",
    "PatientPosition": "HFS",
    "SeriesDescription": "ImageMRSERIES",
    "ProtocolName": "WIPsT13DTFE_P25_S2_3mSENSE",
    "SeriesNumber": 2,
    "AcquisitionNumber": 2,
    "ImageComments": "PredictingMentalizing",
    "PhilipsRescaleSlope": 13.0379,
    "PhilipsRescaleIntercept": 0,
    "PhilipsScaleSlope": 0.00539864,
    "UsePhilipsFloatNotDisplayScaling": 1,
    "EchoTime": 0.00373,
    "RepetitionTime": 0.008152,
    "ReconMatrixPE": 240,
    "ImageOrientationPatientDICOM": [
        0.998642,
        0.0324203,
        0.0407752,
        -0.031907,
        0.999404,
        -0.0131768
    ],
    "ConversionSoftware": "dcm2niix",
    "ConversionSoftwareVersion": "v1.0.20181125  GCC5.4.0",
    "BidsifyVersion": "0.3.1",
    "MagneticFieldStrength": 3,
    "ParallelAcquisitionTechnique": "SENSE",
    "BIDSVersion": "1.1.0",
    "InstitutionName": "Spinoza Centre for Neuroimaging, location REC"
}