{
  "bids_meta": {
    "AcquisitionNumber": 4,
    "BIDSVersion": "1.1.0",
    "BidsifyVersion": "0.3.1",
    "ConversionSoftware": "dcm2niix",
    "ConversionSoftwareVersion": "v1.0.20181125  GCC5.4.0",
    "EchoTime": 0.00373,
    "ImageComments": "PredictingMentalizing",
    "ImageOrientationPatientDICOM": [
      0.997407,
      0.0713367,
      0.00947512,
      -0.0713201,
      0.997451,
      -0.00207735
    ],
    "InstitutionName": "Spinoza Centre for Neuroimaging, location REC",
    "MagneticFieldStrength": 3,
    "Manufacturer": "Philips",
    "ParallelAcquisitionTechnique": "SENSE",
    "PatientPosition": "HFS",
    "PhilipsRescaleIntercept": 0,
    "PhilipsRescaleSlope": 12.9013,
    "PhilipsScaleSlope": 0.00555547,
    "ProtocolName": "WIPsT13DTFE_P25_S2_3mSENSE",
    "ReconMatrixPE": 240,
    "RepetitionTime": 0.008123,
    "SeriesDescription": "ImageMRSERIES",
    "SeriesNumber": 4,
    "UsePhilipsFloatNotDisplayScaling": 1,
    "dataset": "unknown",
    "modality": "T1w",
    "session_id": "1",
    "subject_id": "18"
  },
  "cjv": 0.38736897943069465,
  "cnr": 3.4023275981756638,
  "efc": 0.7723932014058666,
  "fber": 329.8778381347656,
  "fwhm_avg": 3.486900135387985,
  "fwhm_x": 3.4589502061694986,
  "fwhm_y": 3.6464,
  "fwhm_z": 3.3553501999944566,
  "icvs_csf": 0.21645164939469555,
  "icvs_gm": 0.40458135456631034,
  "icvs_wm": 0.3789669960389941,
  "inu_med": 1.8510366678237915,
  "inu_range": 0.4280812740325928,
  "provenance": {
    "md5sum": "f20385dbd9a743b876ba11a3b95f2d69",
    "settings": {
      "testing": false
    },
    "software": "mriqc",
    "version": "0.15.0",
    "warnings": {
      "large_rot_frame": true,
      "small_air_mask": true
    },
    "webapi_port": null,
    "webapi_url": "https://mriqc.nimh.nih.gov/api/v1"
  },
  "qi_1": 0.0,
  "qi_2": 0.00025642440769139545,
  "rpve_csf": 27.88891600046139,
  "rpve_gm": 15.41916059136623,
  "rpve_wm": 21.013491931181647,
  "size_x": 240,
  "size_y": 240,
  "size_z": 220,
  "snr_csf": 2.2181544213099564,
  "snr_gm": 6.723325009056336,
  "snr_total": 8.712607797596421,
  "snr_wm": 17.196343962422972,
  "snrd_csf": 14.416331709528569,
  "snrd_gm": 32.039070347164994,
  "snrd_total": 32.59131885919219,
  "snrd_wm": 51.31855452088301,
  "spacing_x": 0.9999999403953552,
  "spacing_y": 1.0,
  "spacing_z": 0.9999999403953552,
  "summary_bg_k": 1.0182455434314344,
  "summary_bg_mad": 12.765787124633789,
  "summary_bg_mean": 18.823057174682617,
  "summary_bg_median": 17.17586898803711,
  "summary_bg_n": 85810.0,
  "summary_bg_p05": 0.0,
  "summary_bg_p95": 43.34071102142334,
  "summary_bg_stdv": 13.734908103942871,
  "summary_csf_k": -0.17703176829720713,
  "summary_csf_mad": 146.74147033691406,
  "summary_csf_mean": 271.4986267089844,
  "summary_csf_median": 280.9122314453125,
  "summary_csf_n": 12051.0,
  "summary_csf_p05": 72.61407470703125,
  "summary_csf_p95": 462.39710998535156,
  "summary_csf_stdv": 126.63706970214844,
  "summary_gm_k": 0.03917577280371187,
  "summary_gm_mad": 91.24392700195312,
  "summary_gm_mean": 627.923828125,
  "summary_gm_median": 624.3035278320312,
  "summary_gm_n": 15461.0,
  "summary_gm_p05": 479.4958190917969,
  "summary_gm_p95": 786.4524536132812,
  "summary_gm_stdv": 92.85336303710938,
  "summary_wm_k": 0.6728671349627717,
  "summary_wm_mad": 54.28057861328125,
  "summary_wm_mean": 998.8375244140625,
  "summary_wm_median": 999.9776611328125,
  "summary_wm_n": 205993.0,
  "summary_wm_p05": 901.9458740234375,
  "summary_wm_p95": 1091.86884765625,
  "summary_wm_stdv": 58.150455474853516,
  "tpm_overlap_csf": 0.22126345336437225,
  "tpm_overlap_gm": 0.5021159052848816,
  "tpm_overlap_wm": 0.5736011266708374,
  "wm2max": 0.74731311893884
}