{
    "Manufacturer": "Philips",
    "PatientPosition": "HFS",
    "SeriesDescription": "ImageMRSERIES",
    "ProtocolName": "WIPsT13DTFE_P25_S2_3mSENSE",
    "SeriesNumber": 3,
    "AcquisitionNumber": 3,
    "ImageComments": "HWW",
    "PhilipsRescaleSlope": 14.725,
    "PhilipsRescaleIntercept": 0,
    "PhilipsScaleSlope": 0.000277571,
    "UsePhilipsFloatNotDisplayScaling": 1,
    "EchoTime": 0.00373,
    "RepetitionTime": 0.00818,
    "ReconMatrixPE": 240,
    "ImageOrientationPatientDICOM": [
        0.999823,
        -0.00871244,
        -0.0166709,
        0.00855081,
        0.999916,
        -0.00974209
    ],
    "ConversionSoftware": "dcm2niix",
    "ConversionSoftwareVersion": "v1.0.20181125  GCC5.4.0",
    "BidsifyVersion": "0.3.1",
    "MagneticFieldStrength": 3,
    "ParallelAcquisitionTechnique": "SENSE",
    "BIDSVersion": "1.1.0",
    "InstitutionName": "Spinoza Centre for Neuroimaging, location REC"
}