{
  "aor": 0.0030548172757475078,
  "aqi": 0.004598013056478406,
  "bids_meta": {
    "AcquisitionNumber": 5,
    "BIDSVersion": "1.1.0",
    "BidsifyVersion": "0.3.1",
    "ConversionSoftware": "dcm2niix",
    "ConversionSoftwareVersion": "v1.0.20181125  GCC5.4.0",
    "EchoTime": 0.02763,
    "FlipAngle": 76.1,
    "ImageComments": "HWW",
    "ImageOrientationPatientDICOM": [
      0.999919,
      -0.0106777,
      -0.00698531,
      0.00820256,
      0.957264,
      -0.289099
    ],
    "InstitutionName": "Spinoza Centre for Neuroimaging, location REC",
    "MagneticFieldStrength": 3,
    "Manufacturer": "Philips",
    "ParallelAcquisitionTechnique": "SENSE",
    "ParallelReductionFactorInPlane": 2,
    "PatientPosition": "HFS",
    "PhaseEncodingDirection": "j",
    "PhilipsRescaleIntercept": 0,
    "PhilipsRescaleSlope": 2.61172,
    "PhilipsScaleSlope": 0.00113167,
    "ProtocolName": "WIPPM_Zinnen1SENSE",
    "ReconMatrixPE": 80,
    "RepetitionTime": 2,
    "SeriesDescription": "ImageMRSERIES",
    "SeriesNumber": 5,
    "SliceEncodingDirection": "k",
    "SliceTiming": [
      0.0,
      0.05405405405405406,
      0.10810810810810811,
      0.16216216216216217,
      0.21621621621621623,
      0.2702702702702703,
      0.32432432432432434,
      0.3783783783783784,
      0.43243243243243246,
      0.4864864864864865,
      0.5405405405405406,
      0.5945945945945946,
      0.6486486486486487,
      0.7027027027027027,
      0.7567567567567568,
      0.8108108108108109,
      0.8648648648648649,
      0.918918918918919,
      0.972972972972973,
      1.0270270270270272,
      1.0810810810810811,
      1.135135135135135,
      1.1891891891891893,
      1.2432432432432434,
      1.2972972972972974,
      1.3513513513513513,
      1.4054054054054055,
      1.4594594594594597,
      1.5135135135135136,
      1.5675675675675675,
      1.6216216216216217,
      1.6756756756756759,
      1.7297297297297298,
      1.7837837837837838,
      1.837837837837838,
      1.891891891891892,
      1.945945945945946
    ],
    "TaskName": "self",
    "UsePhilipsFloatNotDisplayScaling": 1,
    "WaterFatShift": 12,
    "dataset": "unknown",
    "modality": "bold",
    "run_id": 1,
    "session_id": "1",
    "subject_id": "01",
    "task_id": "self"
  },
  "dummy_trs": 0,
  "dvars_nstd": 19.973498338066666,
  "dvars_std": 1.2296266202333341,
  "dvars_vstd": 1.0185169218666668,
  "efc": 0.40711758441146617,
  "fber": 165212704.0,
  "fd_mean": 0.17829385290221264,
  "fd_num": 110,
  "fd_perc": 36.54485049833887,
  "fwhm_avg": 2.6287221329837522,
  "fwhm_x": 2.5400199999999997,
  "fwhm_y": 2.902143333333333,
  "fwhm_z": 2.4440030656179235,
  "gcor": 0.0195489,
  "gsr_x": -0.0036650022957473993,
  "gsr_y": 0.00448300875723362,
  "provenance": {
    "md5sum": "cacdd91c35b4b2dd8c31d10e842478d5",
    "settings": {
      "fd_thres": 0.2,
      "hmc_fsl": false
    },
    "software": "mriqc",
    "version": "0.15.0",
    "webapi_port": null,
    "webapi_url": "https://mriqc.nimh.nih.gov/api/v1"
  },
  "size_t": 301,
  "size_x": 80,
  "size_y": 80,
  "size_z": 37,
  "snr": 4.8844030377125005,
  "spacing_tr": 2.0,
  "spacing_x": 3.0,
  "spacing_y": 3.0,
  "spacing_z": 3.299999952316284,
  "spikes_num": 0,
  "summary_bg_k": 95.54776700166468,
  "summary_bg_mad": 38.79551315307617,
  "summary_bg_mean": 3064.85986328125,
  "summary_bg_median": 26.329696655273438,
  "summary_bg_n": 152298.0,
  "summary_bg_p05": 0.09466611109673977,
  "summary_bg_p95": 11043.436328124993,
  "summary_bg_stdv": 17470.5859375,
  "summary_fg_k": 1.2549188245532301,
  "summary_fg_mad": 72344.5,
  "summary_fg_mean": 393150.5,
  "summary_fg_median": 393105.71875,
  "summary_fg_n": 42617.0,
  "summary_fg_p05": 258720.528125,
  "summary_fg_p95": 520487.83124999993,
  "summary_fg_stdv": 80480.890625,
  "tsnr": 67.7896499633789
}