{
  "aor": 0.0012927906976744185,
  "aqi": 0.00502346365448505,
  "bids_meta": {
    "AcquisitionNumber": 4,
    "BIDSVersion": "1.1.0",
    "BidsifyVersion": "0.3.1",
    "ConversionSoftware": "dcm2niix",
    "ConversionSoftwareVersion": "v1.0.20181125  GCC5.4.0",
    "EchoTime": 0.02762,
    "FlipAngle": 76.1,
    "ImageComments": "PredictingMentalizing",
    "ImageOrientationPatientDICOM": [
      0.997925,
      0.0466003,
      -0.0444274,
      -0.0622596,
      0.874259,
      -0.48145
    ],
    "InstitutionName": "Spinoza Centre for Neuroimaging, location REC",
    "MagneticFieldStrength": 3,
    "Manufacturer": "Philips",
    "ParallelAcquisitionTechnique": "SENSE",
    "ParallelReductionFactorInPlane": 2,
    "PatientPosition": "HFS",
    "PhaseEncodingDirection": "j",
    "PhilipsRescaleIntercept": 0,
    "PhilipsRescaleSlope": 0.82247,
    "PhilipsScaleSlope": 0.0624107,
    "ProtocolName": "WIPPM_Zinnen1SENSE",
    "ReconMatrixPE": 80,
    "RepetitionTime": 2,
    "SeriesDescription": "ImageMRSERIES",
    "SeriesNumber": 4,
    "SliceEncodingDirection": "k",
    "SliceTiming": [
      0.0,
      0.05405405405405406,
      0.10810810810810811,
      0.16216216216216217,
      0.21621621621621623,
      0.2702702702702703,
      0.32432432432432434,
      0.3783783783783784,
      0.43243243243243246,
      0.4864864864864865,
      0.5405405405405406,
      0.5945945945945946,
      0.6486486486486487,
      0.7027027027027027,
      0.7567567567567568,
      0.8108108108108109,
      0.8648648648648649,
      0.918918918918919,
      0.972972972972973,
      1.0270270270270272,
      1.0810810810810811,
      1.135135135135135,
      1.1891891891891893,
      1.2432432432432434,
      1.2972972972972974,
      1.3513513513513513,
      1.4054054054054055,
      1.4594594594594597,
      1.5135135135135136,
      1.5675675675675675,
      1.6216216216216217,
      1.6756756756756759,
      1.7297297297297298,
      1.7837837837837838,
      1.837837837837838,
      1.891891891891892,
      1.945945945945946
    ],
    "TaskName": "self",
    "UsePhilipsFloatNotDisplayScaling": 1,
    "WaterFatShift": 12,
    "dataset": "unknown",
    "modality": "bold",
    "run_id": 1,
    "session_id": "1",
    "subject_id": "09",
    "task_id": "self"
  },
  "dummy_trs": 0,
  "dvars_nstd": 17.960291226766667,
  "dvars_std": 1.2038786709999998,
  "dvars_vstd": 1.3694447040666673,
  "efc": 0.35982844030337724,
  "fber": 524756160.0,
  "fd_mean": 0.14766375569851103,
  "fd_num": 58,
  "fd_perc": 19.269102990033222,
  "fwhm_avg": 2.5528854658985285,
  "fwhm_x": 2.5315866666666667,
  "fwhm_y": 2.769966666666667,
  "fwhm_z": 2.3571030643622524,
  "gcor": 0.0542017,
  "gsr_x": -0.005027607548981905,
  "gsr_y": 0.002340015722438693,
  "provenance": {
    "md5sum": "09bf3a66848e33d6aad9478eb01e9f36",
    "settings": {
      "fd_thres": 0.2,
      "hmc_fsl": false
    },
    "software": "mriqc",
    "version": "0.15.0",
    "webapi_port": null,
    "webapi_url": "https://mriqc.nimh.nih.gov/api/v1"
  },
  "size_t": 301,
  "size_x": 80,
  "size_y": 80,
  "size_z": 37,
  "snr": 5.832971557480101,
  "spacing_tr": 2.0,
  "spacing_x": 3.0,
  "spacing_y": 3.0,
  "spacing_z": 3.299999952316284,
  "spikes_num": 5,
  "summary_bg_k": 83.1466145126059,
  "summary_bg_mad": 1.431134581565857,
  "summary_bg_mean": 166.73350524902344,
  "summary_bg_median": 0.9727770686149597,
  "summary_bg_n": 163721.0,
  "summary_bg_p05": 0.0011440487578511238,
  "summary_bg_p95": 329.89666748046875,
  "summary_bg_stdv": 956.9796752929688,
  "summary_fg_k": 3.3777436811436106,
  "summary_fg_mad": 3380.83984375,
  "summary_fg_mean": 23946.078125,
  "summary_fg_median": 24016.3984375,
  "summary_fg_n": 33632.0,
  "summary_fg_p05": 17467.9306640625,
  "summary_fg_p95": 29972.438281249997,
  "summary_fg_stdv": 4117.291015625,
  "tsnr": 79.65545654296875
}