{
  "aor": 0.0014431931166347992,
  "aqi": 0.008291066347992352,
  "bids_meta": {
    "AcquisitionNumber": 2,
    "BIDSVersion": "1.1.0",
    "BidsifyVersion": "0.3.1",
    "ConversionSoftware": "dcm2niix",
    "ConversionSoftwareVersion": "v1.0.20181125  GCC5.4.0",
    "EchoTime": 0.02762,
    "FlipAngle": 76.1,
    "ImageComments": "PredictingMentalizing",
    "ImageOrientationPatientDICOM": [
      0.997925,
      0.0466003,
      -0.0444274,
      -0.0622596,
      0.874259,
      -0.48145
    ],
    "InstitutionName": "Spinoza Centre for Neuroimaging, location REC",
    "MagneticFieldStrength": 3,
    "Manufacturer": "Philips",
    "ParallelAcquisitionTechnique": "SENSE",
    "ParallelReductionFactorInPlane": 2,
    "PatientPosition": "HFS",
    "PhaseEncodingDirection": "j",
    "PhilipsRescaleIntercept": 0,
    "PhilipsRescaleSlope": 0.75995,
    "PhilipsScaleSlope": 0.0646245,
    "ProtocolName": "WIPPM_HWWSENSE",
    "ReconMatrixPE": 80,
    "RepetitionTime": 2,
    "SeriesDescription": "ImageMRSERIES",
    "SeriesNumber": 2,
    "SliceEncodingDirection": "k",
    "SliceTiming": [
      0.0,
      0.05405405405405406,
      0.10810810810810811,
      0.16216216216216217,
      0.21621621621621623,
      0.2702702702702703,
      0.32432432432432434,
      0.3783783783783784,
      0.43243243243243246,
      0.4864864864864865,
      0.5405405405405406,
      0.5945945945945946,
      0.6486486486486487,
      0.7027027027027027,
      0.7567567567567568,
      0.8108108108108109,
      0.8648648648648649,
      0.918918918918919,
      0.972972972972973,
      1.0270270270270272,
      1.0810810810810811,
      1.135135135135135,
      1.1891891891891893,
      1.2432432432432434,
      1.2972972972972974,
      1.3513513513513513,
      1.4054054054054055,
      1.4594594594594597,
      1.5135135135135136,
      1.5675675675675675,
      1.6216216216216217,
      1.6756756756756759,
      1.7297297297297298,
      1.7837837837837838,
      1.837837837837838,
      1.891891891891892,
      1.945945945945946
    ],
    "TaskName": "other",
    "UsePhilipsFloatNotDisplayScaling": 1,
    "WaterFatShift": 12,
    "dataset": "unknown",
    "modality": "bold",
    "session_id": "1",
    "subject_id": "09",
    "task_id": "other"
  },
  "dummy_trs": 0,
  "dvars_nstd": 18.856554707413782,
  "dvars_std": 1.177754331360153,
  "dvars_vstd": 1.281561840249042,
  "efc": 0.35991329467761696,
  "fber": 131199352.0,
  "fd_mean": 0.15992745976758516,
  "fd_num": 104,
  "fd_perc": 19.88527724665392,
  "fwhm_avg": 2.584624354937372,
  "fwhm_x": 2.5583199999999997,
  "fwhm_y": 2.807316666666667,
  "fwhm_z": 2.38823639814545,
  "gcor": 0.0266131,
  "gsr_x": -0.00494703184813261,
  "gsr_y": 0.0019401895115152001,
  "provenance": {
    "md5sum": "1bd371cf8512595c69a9fdd100ee8ff5",
    "settings": {
      "fd_thres": 0.2,
      "hmc_fsl": false
    },
    "software": "mriqc",
    "version": "0.15.0",
    "webapi_port": null,
    "webapi_url": "https://mriqc.nimh.nih.gov/api/v1"
  },
  "size_t": 523,
  "size_x": 80,
  "size_y": 80,
  "size_z": 37,
  "snr": 5.755492968262945,
  "spacing_tr": 2.0,
  "spacing_x": 3.0,
  "spacing_y": 3.0,
  "spacing_z": 3.299999952316284,
  "spikes_num": 2,
  "summary_bg_k": 86.66541371345824,
  "summary_bg_mad": 2.8557329177856445,
  "summary_bg_mean": 167.63475036621094,
  "summary_bg_median": 1.9677233695983887,
  "summary_bg_n": 163780.0,
  "summary_bg_p05": 0.020227857120335105,
  "summary_bg_p95": 461.1406616210918,
  "summary_bg_stdv": 937.4072875976562,
  "summary_fg_k": 3.5395693240007615,
  "summary_fg_mad": 3429.4951171875,
  "summary_fg_mean": 24215.044921875,
  "summary_fg_median": 24306.673828125,
  "summary_fg_n": 33624.0,
  "summary_fg_p05": 17540.73935546875,
  "summary_fg_p95": 30354.428125,
  "summary_fg_stdv": 4223.150390625,
  "tsnr": 64.54205322265625
}