{
  "aor": 0.00011691029900332228,
  "aqi": 0.0031490932890365446,
  "bids_meta": {
    "AcquisitionNumber": 5,
    "BIDSVersion": "1.1.0",
    "BidsifyVersion": "0.3.1",
    "ConversionSoftware": "dcm2niix",
    "ConversionSoftwareVersion": "v1.0.20181125  GCC5.4.0",
    "EchoTime": 0.02762,
    "FlipAngle": 76.1,
    "ImageComments": "PredictingMentalizing",
    "ImageOrientationPatientDICOM": [
      0.99833,
      0.0567023,
      0.0110492,
      -0.0465562,
      0.902943,
      -0.427231
    ],
    "InstitutionName": "Spinoza Centre for Neuroimaging, location REC",
    "MagneticFieldStrength": 3,
    "Manufacturer": "Philips",
    "ParallelAcquisitionTechnique": "SENSE",
    "ParallelReductionFactorInPlane": 2,
    "PatientPosition": "HFS",
    "PhaseEncodingDirection": "j",
    "PhilipsRescaleIntercept": 0,
    "PhilipsRescaleSlope": 0.79731,
    "PhilipsScaleSlope": 0.0552387,
    "ProtocolName": "WIPPM_Zinnen2SENSE",
    "ReconMatrixPE": 80,
    "RepetitionTime": 2,
    "SeriesDescription": "ImageMRSERIES",
    "SeriesNumber": 5,
    "SliceEncodingDirection": "k",
    "SliceTiming": [
      0.0,
      0.05405405405405406,
      0.10810810810810811,
      0.16216216216216217,
      0.21621621621621623,
      0.2702702702702703,
      0.32432432432432434,
      0.3783783783783784,
      0.43243243243243246,
      0.4864864864864865,
      0.5405405405405406,
      0.5945945945945946,
      0.6486486486486487,
      0.7027027027027027,
      0.7567567567567568,
      0.8108108108108109,
      0.8648648648648649,
      0.918918918918919,
      0.972972972972973,
      1.0270270270270272,
      1.0810810810810811,
      1.135135135135135,
      1.1891891891891893,
      1.2432432432432434,
      1.2972972972972974,
      1.3513513513513513,
      1.4054054054054055,
      1.4594594594594597,
      1.5135135135135136,
      1.5675675675675675,
      1.6216216216216217,
      1.6756756756756759,
      1.7297297297297298,
      1.7837837837837838,
      1.837837837837838,
      1.891891891891892,
      1.945945945945946
    ],
    "TaskName": "self",
    "UsePhilipsFloatNotDisplayScaling": 1,
    "WaterFatShift": 12,
    "dataset": "unknown",
    "modality": "bold",
    "run_id": 2,
    "session_id": "1",
    "subject_id": "25",
    "task_id": "self"
  },
  "dummy_trs": 0,
  "dvars_nstd": 27.40792284656667,
  "dvars_std": 1.3368510691333346,
  "dvars_vstd": 0.9920054754333332,
  "efc": 0.39427055917599485,
  "fber": 2293501696.0,
  "fd_mean": 0.12632498750811852,
  "fd_num": 31,
  "fd_perc": 10.299003322259136,
  "fwhm_avg": 2.2829795053019115,
  "fwhm_x": 2.2509866666666665,
  "fwhm_y": 2.4486033333333332,
  "fwhm_z": 2.1493485159057344,
  "gcor": 0.0111629,
  "gsr_x": -0.00617219228297472,
  "gsr_y": 0.0034569483250379562,
  "provenance": {
    "md5sum": "22379d795c23855acb4629e4b6bbefb3",
    "settings": {
      "fd_thres": 0.2,
      "hmc_fsl": false
    },
    "software": "mriqc",
    "version": "0.15.0",
    "webapi_port": null,
    "webapi_url": "https://mriqc.nimh.nih.gov/api/v1"
  },
  "size_t": 301,
  "size_x": 80,
  "size_y": 80,
  "size_z": 37,
  "snr": 4.773571876197226,
  "spacing_tr": 2.0,
  "spacing_x": 3.0,
  "spacing_y": 3.0,
  "spacing_z": 3.299999952316284,
  "spikes_num": 0,
  "summary_bg_k": 136.5566472714485,
  "summary_bg_mad": 0.6116020083427429,
  "summary_bg_mean": 148.10499572753906,
  "summary_bg_median": 0.41507166624069214,
  "summary_bg_n": 155376.0,
  "summary_bg_p05": 0.001112920988816768,
  "summary_bg_p95": 657.9586639404297,
  "summary_bg_stdv": 896.5196533203125,
  "summary_fg_k": 2.298268323473965,
  "summary_fg_mad": 4080.822265625,
  "summary_fg_mean": 22465.978515625,
  "summary_fg_median": 22266.09765625,
  "summary_fg_n": 40129.0,
  "summary_fg_p05": 15527.4130859375,
  "summary_fg_p95": 29726.096875,
  "summary_fg_stdv": 4664.39404296875,
  "tsnr": 84.80838775634766
}