{
  "aor": 0.00044252390057361384,
  "aqi": 0.004990749407265775,
  "bids_meta": {
    "AcquisitionNumber": 3,
    "BIDSVersion": "1.1.0",
    "BidsifyVersion": "0.3.1",
    "ConversionSoftware": "dcm2niix",
    "ConversionSoftwareVersion": "v1.0.20181125  GCC5.4.0",
    "EchoTime": 0.02762,
    "FlipAngle": 76.1,
    "ImageComments": "PredictingMentalizing",
    "ImageOrientationPatientDICOM": [
      0.99833,
      0.0567023,
      0.0110492,
      -0.0465562,
      0.902943,
      -0.427231
    ],
    "InstitutionName": "Spinoza Centre for Neuroimaging, location REC",
    "MagneticFieldStrength": 3,
    "Manufacturer": "Philips",
    "ParallelAcquisitionTechnique": "SENSE",
    "ParallelReductionFactorInPlane": 2,
    "PatientPosition": "HFS",
    "PhaseEncodingDirection": "j",
    "PhilipsRescaleIntercept": 0,
    "PhilipsRescaleSlope": 0.80586,
    "PhilipsScaleSlope": 0.0551221,
    "ProtocolName": "WIPPM_HWWSENSE",
    "ReconMatrixPE": 80,
    "RepetitionTime": 2,
    "SeriesDescription": "ImageMRSERIES",
    "SeriesNumber": 3,
    "SliceEncodingDirection": "k",
    "SliceTiming": [
      0.0,
      0.05405405405405406,
      0.10810810810810811,
      0.16216216216216217,
      0.21621621621621623,
      0.2702702702702703,
      0.32432432432432434,
      0.3783783783783784,
      0.43243243243243246,
      0.4864864864864865,
      0.5405405405405406,
      0.5945945945945946,
      0.6486486486486487,
      0.7027027027027027,
      0.7567567567567568,
      0.8108108108108109,
      0.8648648648648649,
      0.918918918918919,
      0.972972972972973,
      1.0270270270270272,
      1.0810810810810811,
      1.135135135135135,
      1.1891891891891893,
      1.2432432432432434,
      1.2972972972972974,
      1.3513513513513513,
      1.4054054054054055,
      1.4594594594594597,
      1.5135135135135136,
      1.5675675675675675,
      1.6216216216216217,
      1.6756756756756759,
      1.7297297297297298,
      1.7837837837837838,
      1.837837837837838,
      1.891891891891892,
      1.945945945945946
    ],
    "TaskName": "other",
    "UsePhilipsFloatNotDisplayScaling": 1,
    "WaterFatShift": 12,
    "dataset": "unknown",
    "modality": "bold",
    "session_id": "1",
    "subject_id": "25",
    "task_id": "other"
  },
  "dummy_trs": 0,
  "dvars_nstd": 25.484083698237537,
  "dvars_std": 1.253771052950192,
  "dvars_vstd": 0.9815883152681986,
  "efc": 0.39471745347472625,
  "fber": 904415616.0,
  "fd_mean": 0.13890443561225282,
  "fd_num": 95,
  "fd_perc": 18.164435946462714,
  "fwhm_avg": 2.2909746568092544,
  "fwhm_x": 2.2622733333333334,
  "fwhm_y": 2.4629233333333334,
  "fwhm_z": 2.1477273037610964,
  "gcor": 0.00935084,
  "gsr_x": -0.006384738255292177,
  "gsr_y": 0.003201527986675501,
  "provenance": {
    "md5sum": "1b81b300793fb99420700b3931a60feb",
    "settings": {
      "fd_thres": 0.2,
      "hmc_fsl": false
    },
    "software": "mriqc",
    "version": "0.15.0",
    "webapi_port": null,
    "webapi_url": "https://mriqc.nimh.nih.gov/api/v1"
  },
  "size_t": 523,
  "size_x": 80,
  "size_y": 80,
  "size_z": 37,
  "snr": 4.797254613519597,
  "spacing_tr": 2.0,
  "spacing_x": 3.0,
  "spacing_y": 3.0,
  "spacing_z": 3.299999952316284,
  "spikes_num": 1,
  "summary_bg_k": 136.59575296729366,
  "summary_bg_mad": 0.9573481678962708,
  "summary_bg_mean": 151.5887451171875,
  "summary_bg_median": 0.647675633430481,
  "summary_bg_n": 155336.0,
  "summary_bg_p05": 0.0009158644679700956,
  "summary_bg_p95": 648.3249664306641,
  "summary_bg_stdv": 900.9651489257812,
  "summary_fg_k": 2.1840320524545014,
  "summary_fg_mad": 4146.7314453125,
  "summary_fg_mean": 22641.087890625,
  "summary_fg_median": 22423.76953125,
  "summary_fg_n": 40121.0,
  "summary_fg_p05": 15642.55078125,
  "summary_fg_p95": 29863.95703125,
  "summary_fg_stdv": 4674.23388671875,
  "tsnr": 68.96194458007812
}