{
  "aor": 0.00012973421926910298,
  "aqi": 0.0034066744186046507,
  "bids_meta": {
    "AcquisitionNumber": 4,
    "BIDSVersion": "1.1.0",
    "BidsifyVersion": "0.3.1",
    "ConversionSoftware": "dcm2niix",
    "ConversionSoftwareVersion": "v1.0.20181125  GCC5.4.0",
    "EchoTime": 0.02762,
    "FlipAngle": 76.1,
    "ImageComments": "PredictingMentalizing",
    "ImageOrientationPatientDICOM": [
      0.99833,
      0.0567023,
      0.0110492,
      -0.0465562,
      0.902943,
      -0.427231
    ],
    "InstitutionName": "Spinoza Centre for Neuroimaging, location REC",
    "MagneticFieldStrength": 3,
    "Manufacturer": "Philips",
    "ParallelAcquisitionTechnique": "SENSE",
    "ParallelReductionFactorInPlane": 2,
    "PatientPosition": "HFS",
    "PhaseEncodingDirection": "j",
    "PhilipsRescaleIntercept": 0,
    "PhilipsRescaleSlope": 0.78217,
    "PhilipsScaleSlope": 0.0564796,
    "ProtocolName": "WIPPM_Zinnen1SENSE",
    "ReconMatrixPE": 80,
    "RepetitionTime": 2,
    "SeriesDescription": "ImageMRSERIES",
    "SeriesNumber": 4,
    "SliceEncodingDirection": "k",
    "SliceTiming": [
      0.0,
      0.05405405405405406,
      0.10810810810810811,
      0.16216216216216217,
      0.21621621621621623,
      0.2702702702702703,
      0.32432432432432434,
      0.3783783783783784,
      0.43243243243243246,
      0.4864864864864865,
      0.5405405405405406,
      0.5945945945945946,
      0.6486486486486487,
      0.7027027027027027,
      0.7567567567567568,
      0.8108108108108109,
      0.8648648648648649,
      0.918918918918919,
      0.972972972972973,
      1.0270270270270272,
      1.0810810810810811,
      1.135135135135135,
      1.1891891891891893,
      1.2432432432432434,
      1.2972972972972974,
      1.3513513513513513,
      1.4054054054054055,
      1.4594594594594597,
      1.5135135135135136,
      1.5675675675675675,
      1.6216216216216217,
      1.6756756756756759,
      1.7297297297297298,
      1.7837837837837838,
      1.837837837837838,
      1.891891891891892,
      1.945945945945946
    ],
    "TaskName": "self",
    "UsePhilipsFloatNotDisplayScaling": 1,
    "WaterFatShift": 12,
    "dataset": "unknown",
    "modality": "bold",
    "run_id": 1,
    "session_id": "1",
    "subject_id": "25",
    "task_id": "self"
  },
  "dummy_trs": 0,
  "dvars_nstd": 26.315111630933323,
  "dvars_std": 1.3189756115,
  "dvars_vstd": 0.9827513437999996,
  "efc": 0.39470042584109954,
  "fber": 988027136.0,
  "fd_mean": 0.1180358696900826,
  "fd_num": 17,
  "fd_perc": 5.647840531561462,
  "fwhm_avg": 2.2828187982052968,
  "fwhm_x": 2.251723333333333,
  "fwhm_y": 2.4527633333333334,
  "fwhm_z": 2.143969727949225,
  "gcor": 0.0107703,
  "gsr_x": -0.0062068453989923,
  "gsr_y": 0.0033302397932857275,
  "provenance": {
    "md5sum": "029a152b4ea69fe5a97f8f86d73f67c2",
    "settings": {
      "fd_thres": 0.2,
      "hmc_fsl": false
    },
    "software": "mriqc",
    "version": "0.15.0",
    "webapi_port": null,
    "webapi_url": "https://mriqc.nimh.nih.gov/api/v1"
  },
  "size_t": 301,
  "size_x": 80,
  "size_y": 80,
  "size_z": 37,
  "snr": 4.815810579424577,
  "spacing_tr": 2.0,
  "spacing_x": 3.0,
  "spacing_y": 3.0,
  "spacing_z": 3.299999952316284,
  "spikes_num": 0,
  "summary_bg_k": 140.96690145994683,
  "summary_bg_mad": 0.9509427547454834,
  "summary_bg_mean": 146.14987182617188,
  "summary_bg_median": 0.6471248865127563,
  "summary_bg_n": 155272.0,
  "summary_bg_p05": 0.002182294544763863,
  "summary_bg_p95": 643.9766082763633,
  "summary_bg_stdv": 886.041748046875,
  "summary_fg_k": 2.2550292344920093,
  "summary_fg_mad": 4077.7412109375,
  "summary_fg_mean": 22398.173828125,
  "summary_fg_median": 22188.40625,
  "summary_fg_n": 40167.0,
  "summary_fg_p05": 15553.521875,
  "summary_fg_p95": 29571.5453125,
  "summary_fg_stdv": 4607.35107421875,
  "tsnr": 81.83432006835938
}