{
  "aor": 0.001452093023255814,
  "aqi": 0.0040774985382059795,
  "bids_meta": {
    "AcquisitionNumber": 6,
    "BIDSVersion": "1.1.0",
    "BidsifyVersion": "0.3.1",
    "ConversionSoftware": "dcm2niix",
    "ConversionSoftwareVersion": "v1.0.20181125  GCC5.4.0",
    "EchoTime": 0.02763,
    "FlipAngle": 76.1,
    "ImageComments": "HWW",
    "ImageOrientationPatientDICOM": [
      0.999386,
      0.00953112,
      0.0337035,
      0.00296525,
      0.935785,
      -0.35256
    ],
    "InstitutionName": "Spinoza Centre for Neuroimaging, location REC",
    "MagneticFieldStrength": 3,
    "Manufacturer": "Philips",
    "ParallelAcquisitionTechnique": "SENSE",
    "ParallelReductionFactorInPlane": 2,
    "PatientPosition": "HFS",
    "PhaseEncodingDirection": "j",
    "PhilipsRescaleIntercept": 0,
    "PhilipsRescaleSlope": 2.91306,
    "PhilipsScaleSlope": 0.00118874,
    "ProtocolName": "WIPPM_Zinnen2SENSE",
    "ReconMatrixPE": 80,
    "RepetitionTime": 2,
    "SeriesDescription": "ImageMRSERIES",
    "SeriesNumber": 6,
    "SliceEncodingDirection": "k",
    "SliceTiming": [
      0.0,
      0.05405405405405406,
      0.10810810810810811,
      0.16216216216216217,
      0.21621621621621623,
      0.2702702702702703,
      0.32432432432432434,
      0.3783783783783784,
      0.43243243243243246,
      0.4864864864864865,
      0.5405405405405406,
      0.5945945945945946,
      0.6486486486486487,
      0.7027027027027027,
      0.7567567567567568,
      0.8108108108108109,
      0.8648648648648649,
      0.918918918918919,
      0.972972972972973,
      1.0270270270270272,
      1.0810810810810811,
      1.135135135135135,
      1.1891891891891893,
      1.2432432432432434,
      1.2972972972972974,
      1.3513513513513513,
      1.4054054054054055,
      1.4594594594594597,
      1.5135135135135136,
      1.5675675675675675,
      1.6216216216216217,
      1.6756756756756759,
      1.7297297297297298,
      1.7837837837837838,
      1.837837837837838,
      1.891891891891892,
      1.945945945945946
    ],
    "TaskName": "self",
    "UsePhilipsFloatNotDisplayScaling": 1,
    "WaterFatShift": 12,
    "dataset": "unknown",
    "modality": "bold",
    "run_id": 2,
    "session_id": "1",
    "subject_id": "13",
    "task_id": "self"
  },
  "dummy_trs": 0,
  "dvars_nstd": 22.860125477733334,
  "dvars_std": 1.2969663591333331,
  "dvars_vstd": 1.0080403361666666,
  "efc": 0.4235948605941665,
  "fber": 319817792.0,
  "fd_mean": 0.15554931663709856,
  "fd_num": 70,
  "fd_perc": 23.25581395348837,
  "fwhm_avg": 2.451197990615732,
  "fwhm_x": 2.3865633333333336,
  "fwhm_y": 2.7210699999999997,
  "fwhm_z": 2.2459606385138633,
  "gcor": 0.0232525,
  "gsr_x": -0.0052709076553583145,
  "gsr_y": 0.006906977854669094,
  "provenance": {
    "md5sum": "335d7bbf3312ae79a9ace368123fecee",
    "settings": {
      "fd_thres": 0.2,
      "hmc_fsl": false
    },
    "software": "mriqc",
    "version": "0.15.0",
    "webapi_port": null,
    "webapi_url": "https://mriqc.nimh.nih.gov/api/v1"
  },
  "size_t": 301,
  "size_x": 80,
  "size_y": 80,
  "size_z": 37,
  "snr": 5.001550584151518,
  "spacing_tr": 2.0,
  "spacing_x": 3.0,
  "spacing_y": 3.0,
  "spacing_z": 3.299999952316284,
  "spikes_num": 0,
  "summary_bg_k": 77.11938582113946,
  "summary_bg_mad": 26.168132781982422,
  "summary_bg_mean": 3034.888671875,
  "summary_bg_median": 17.95760726928711,
  "summary_bg_n": 148942.0,
  "summary_bg_p05": 0.13188523650169373,
  "summary_bg_p95": 13872.409082031165,
  "summary_bg_stdv": 15969.9560546875,
  "summary_fg_k": 2.3792158345560024,
  "summary_fg_mad": 61252.04296875,
  "summary_fg_mean": 359270.96875,
  "summary_fg_median": 357391.0,
  "summary_fg_n": 45661.0,
  "summary_fg_p05": 252231.140625,
  "summary_fg_p95": 468847.25,
  "summary_fg_stdv": 71455.2578125,
  "tsnr": 77.67216491699219
}