{
  "bids_meta": {
    "AcquisitionNumber": 3,
    "BIDSVersion": "1.1.0",
    "BidsifyVersion": "0.3.1",
    "ConversionSoftware": "dcm2niix",
    "ConversionSoftwareVersion": "v1.0.20181125  GCC5.4.0",
    "EchoTime": 0.00383,
    "ImageComments": "PredictingMentalizing",
    "ImageOrientationPatientDICOM": [
      0.999589,
      0.00920028,
      -0.0271557,
      -0.0150048,
      0.974927,
      -0.222017
    ],
    "InstitutionName": "Spinoza Centre for Neuroimaging, location REC",
    "MagneticFieldStrength": 3,
    "Manufacturer": "Philips",
    "ParallelAcquisitionTechnique": "SENSE",
    "PatientPosition": "HFS",
    "PhilipsRescaleIntercept": 0,
    "PhilipsRescaleSlope": 13.1458,
    "PhilipsScaleSlope": 0.00550703,
    "ProtocolName": "WIPsT13DTFE_P25_S2_3mSENSE",
    "ReconMatrixPE": 240,
    "RepetitionTime": 0.008342,
    "SeriesDescription": "ImageMRSERIES",
    "SeriesNumber": 3,
    "UsePhilipsFloatNotDisplayScaling": 1,
    "dataset": "unknown",
    "modality": "T1w",
    "session_id": "1",
    "subject_id": "09"
  },
  "cjv": 0.26457369954897125,
  "cnr": 4.867914310099239,
  "efc": 0.7703720837725013,
  "fber": 619.0827026367188,
  "fwhm_avg": 4.349823414359296,
  "fwhm_x": 4.078170243077889,
  "fwhm_y": 4.32907,
  "fwhm_z": 4.64223,
  "icvs_csf": 0.2478588404854252,
  "icvs_gm": 0.41887602420510106,
  "icvs_wm": 0.3332651353094737,
  "inu_med": 1.6418876647949219,
  "inu_range": 0.39017735719680724,
  "provenance": {
    "md5sum": "d3f240f7f0e19a75e31564e35d332f04",
    "settings": {
      "testing": false
    },
    "software": "mriqc",
    "version": "0.15.0",
    "warnings": {
      "large_rot_frame": true,
      "small_air_mask": true
    },
    "webapi_port": null,
    "webapi_url": "https://mriqc.nimh.nih.gov/api/v1"
  },
  "qi_1": 0.0,
  "qi_2": 0.0001517071780389817,
  "rpve_csf": 31.401587044130306,
  "rpve_gm": 18.499528668481073,
  "rpve_wm": 28.132785341669234,
  "size_x": 240,
  "size_y": 240,
  "size_z": 220,
  "snr_csf": 2.579465619185399,
  "snr_gm": 10.682910618189139,
  "snr_total": 11.305195486841276,
  "snr_wm": 20.653210223149287,
  "snrd_csf": 12.833690301879209,
  "snrd_gm": 31.900907994304582,
  "snrd_total": 31.92556303607391,
  "snrd_wm": 51.04209081203794,
  "spacing_x": 0.9999999403953552,
  "spacing_y": 1.0,
  "spacing_z": 1.0,
  "summary_bg_k": 137.16187632424663,
  "summary_bg_mad": 12.835318565368652,
  "summary_bg_mean": 16.458541870117188,
  "summary_bg_median": 17.44500732421875,
  "summary_bg_n": 102205.0,
  "summary_bg_p05": 0.0,
  "summary_bg_p95": 35.608300781249994,
  "summary_bg_stdv": 12.952105522155762,
  "summary_csf_k": -0.624668493188218,
  "summary_csf_mad": 113.034423828125,
  "summary_csf_mean": 248.25111389160156,
  "summary_csf_median": 251.43544006347656,
  "summary_csf_n": 11066.0,
  "summary_csf_p05": 92.67900085449219,
  "summary_csf_p95": 397.84424591064453,
  "summary_csf_stdv": 97.47138214111328,
  "summary_gm_k": 0.4237374118664552,
  "summary_gm_mad": 56.446571350097656,
  "summary_gm_mean": 628.4168701171875,
  "summary_gm_median": 624.9970703125,
  "summary_gm_n": 20987.0,
  "summary_gm_p05": 539.6795532226563,
  "summary_gm_p95": 729.9082092285156,
  "summary_gm_stdv": 58.502986907958984,
  "summary_wm_k": 0.9382563720703709,
  "summary_wm_mad": 42.77140808105469,
  "summary_wm_mean": 997.6448364257812,
  "summary_wm_median": 1000.0078125,
  "summary_wm_n": 130383.0,
  "summary_wm_p05": 911.95087890625,
  "summary_wm_p95": 1071.8216796875,
  "summary_wm_stdv": 48.41881561279297,
  "tpm_overlap_csf": 0.21807092428207397,
  "tpm_overlap_gm": 0.5092776417732239,
  "tpm_overlap_wm": 0.5545194745063782,
  "wm2max": 0.7787076735684185
}