{
  "bids_meta": {
    "AcquisitionNumber": 3,
    "BIDSVersion": "1.1.0",
    "BidsifyVersion": "0.3.1",
    "ConversionSoftware": "dcm2niix",
    "ConversionSoftwareVersion": "v1.0.20181125  GCC5.4.0",
    "EchoTime": 0.00376,
    "ImageComments": "HWW",
    "ImageOrientationPatientDICOM": [
      0.998837,
      0.0015046,
      -0.0481999,
      0.00261495,
      0.996353,
      0.085291
    ],
    "InstitutionName": "Spinoza Centre for Neuroimaging, location REC",
    "MagneticFieldStrength": 3,
    "Manufacturer": "Philips",
    "ParallelAcquisitionTechnique": "SENSE",
    "PatientPosition": "HFS",
    "PhilipsRescaleIntercept": 0,
    "PhilipsRescaleSlope": 14.0635,
    "PhilipsScaleSlope": 0.00027368,
    "ProtocolName": "WIPsT13DTFE_P25_S2_3mSENSE",
    "ReconMatrixPE": 240,
    "RepetitionTime": 0.008216,
    "SeriesDescription": "ImageMRSERIES",
    "SeriesNumber": 3,
    "UsePhilipsFloatNotDisplayScaling": 1,
    "dataset": "unknown",
    "modality": "T1w",
    "session_id": "2",
    "subject_id": "26"
  },
  "cjv": 0.3052476912880833,
  "cnr": 4.102123642635269,
  "efc": 0.7447003299303641,
  "fber": 640.8438110351562,
  "fwhm_avg": 3.667806666666667,
  "fwhm_x": 3.69049,
  "fwhm_y": 3.79086,
  "fwhm_z": 3.52207,
  "icvs_csf": 0.20581830804359802,
  "icvs_gm": 0.452776703268178,
  "icvs_wm": 0.341404988688224,
  "inu_med": 4.094956398010254,
  "inu_range": 1.0552309274673446,
  "provenance": {
    "md5sum": "af48a94651fd449bc8d31ff07edce90d",
    "settings": {
      "testing": false
    },
    "software": "mriqc",
    "version": "0.15.0",
    "warnings": {
      "large_rot_frame": true,
      "small_air_mask": true
    },
    "webapi_port": null,
    "webapi_url": "https://mriqc.nimh.nih.gov/api/v1"
  },
  "qi_1": 0.0004070453739293253,
  "qi_2": 1.1930344144169074e-05,
  "rpve_csf": 28.029595512384436,
  "rpve_gm": 14.053262324399105,
  "rpve_wm": 22.56383113987568,
  "size_x": 240,
  "size_y": 240,
  "size_z": 220,
  "snr_csf": 2.4623222630720027,
  "snr_gm": 6.741739392098122,
  "snr_total": 8.58528781627835,
  "snr_wm": 16.55180179366493,
  "snrd_csf": 14.868895167905743,
  "snrd_gm": 29.791400955418275,
  "snrd_total": 32.2606229999553,
  "snrd_wm": 52.1215728765419,
  "spacing_x": 1.0,
  "spacing_y": 1.0,
  "spacing_z": 1.0,
  "summary_bg_k": 2.730892021753851,
  "summary_bg_mad": 12.569337844848633,
  "summary_bg_mean": 8.630707740783691,
  "summary_bg_median": 8.477889060974121,
  "summary_bg_n": 183953.0,
  "summary_bg_p05": 0.0,
  "summary_bg_p95": 25.6446533203125,
  "summary_bg_stdv": 8.368474006652832,
  "summary_csf_k": 60.96602551849167,
  "summary_csf_mad": 101.6171646118164,
  "summary_csf_mean": 261.15716552734375,
  "summary_csf_median": 285.27215576171875,
  "summary_csf_n": 5264.0,
  "summary_csf_p05": 67.42995338439943,
  "summary_csf_p95": 405.679521179199,
  "summary_csf_stdv": 115.84391784667969,
  "summary_gm_k": 0.4774810895428505,
  "summary_gm_mad": 78.1914291381836,
  "summary_gm_mean": 577.1035766601562,
  "summary_gm_median": 571.5728759765625,
  "summary_gm_n": 17821.0,
  "summary_gm_p05": 444.9391784667969,
  "summary_gm_p95": 727.2162475585938,
  "summary_gm_stdv": 84.77883911132812,
  "summary_wm_k": 1.4226145285280394,
  "summary_wm_mad": 52.58369445800781,
  "summary_wm_mean": 996.1864013671875,
  "summary_wm_median": 999.995849609375,
  "summary_wm_n": 166267.0,
  "summary_wm_p05": 890.1172058105469,
  "summary_wm_p95": 1086.3553100585937,
  "summary_wm_stdv": 60.415950775146484,
  "tpm_overlap_csf": 0.20477715134620667,
  "tpm_overlap_gm": 0.5188446640968323,
  "tpm_overlap_wm": 0.5410277843475342,
  "wm2max": 0.7368788281077132
}