{
  "aor": 0.0002699617590822179,
  "aqi": 0.002768931223709369,
  "bids_meta": {
    "AcquisitionNumber": 5,
    "BIDSVersion": "1.1.0",
    "BidsifyVersion": "0.3.1",
    "ConversionSoftware": "dcm2niix",
    "ConversionSoftwareVersion": "v1.0.20181125  GCC5.4.0",
    "EchoTime": 0.02763,
    "FlipAngle": 76.1,
    "ImageComments": "HWW",
    "ImageOrientationPatientDICOM": [
      0.998185,
      0.0322529,
      0.0508529,
      -0.013067,
      0.940362,
      -0.339925
    ],
    "InstitutionName": "Spinoza Centre for Neuroimaging, location REC",
    "MagneticFieldStrength": 3,
    "Manufacturer": "Philips",
    "ParallelAcquisitionTechnique": "SENSE",
    "ParallelReductionFactorInPlane": 2,
    "PatientPosition": "HFS",
    "PhaseEncodingDirection": "j",
    "PhilipsRescaleIntercept": 0,
    "PhilipsRescaleSlope": 2.64908,
    "PhilipsScaleSlope": 0.00110462,
    "ProtocolName": "WIPHWWSENSE",
    "ReconMatrixPE": 80,
    "RepetitionTime": 2,
    "SeriesDescription": "ImageMRSERIES",
    "SeriesNumber": 5,
    "SliceEncodingDirection": "k",
    "SliceTiming": [
      0.0,
      0.05405405405405406,
      0.10810810810810811,
      0.16216216216216217,
      0.21621621621621623,
      0.2702702702702703,
      0.32432432432432434,
      0.3783783783783784,
      0.43243243243243246,
      0.4864864864864865,
      0.5405405405405406,
      0.5945945945945946,
      0.6486486486486487,
      0.7027027027027027,
      0.7567567567567568,
      0.8108108108108109,
      0.8648648648648649,
      0.918918918918919,
      0.972972972972973,
      1.0270270270270272,
      1.0810810810810811,
      1.135135135135135,
      1.1891891891891893,
      1.2432432432432434,
      1.2972972972972974,
      1.3513513513513513,
      1.4054054054054055,
      1.4594594594594597,
      1.5135135135135136,
      1.5675675675675675,
      1.6216216216216217,
      1.6756756756756759,
      1.7297297297297298,
      1.7837837837837838,
      1.837837837837838,
      1.891891891891892,
      1.945945945945946
    ],
    "TaskName": "other",
    "UsePhilipsFloatNotDisplayScaling": 1,
    "WaterFatShift": 12,
    "dataset": "unknown",
    "modality": "bold",
    "session_id": "1",
    "subject_id": "21",
    "task_id": "other"
  },
  "dummy_trs": 0,
  "dvars_nstd": 21.27101803168585,
  "dvars_std": 1.3715946965134087,
  "dvars_vstd": 0.9854111482375475,
  "efc": 0.39992296324234966,
  "fber": 674949504.0,
  "fd_mean": 0.13475242526446657,
  "fd_num": 96,
  "fd_perc": 18.35564053537285,
  "fwhm_avg": 2.5549347590327867,
  "fwhm_x": 2.46613,
  "fwhm_y": 2.7990166666666667,
  "fwhm_z": 2.3996576104316945,
  "gcor": 0.0364496,
  "gsr_x": -0.007575929630547762,
  "gsr_y": 0.004666210617870092,
  "provenance": {
    "md5sum": "cd4c7be39ff5569ab02a03dd268ceb00",
    "settings": {
      "fd_thres": 0.2,
      "hmc_fsl": false
    },
    "software": "mriqc",
    "version": "0.15.0",
    "webapi_port": null,
    "webapi_url": "https://mriqc.nimh.nih.gov/api/v1"
  },
  "size_t": 523,
  "size_x": 80,
  "size_y": 80,
  "size_z": 37,
  "snr": 4.825186470484307,
  "spacing_tr": 2.0,
  "spacing_x": 3.0,
  "spacing_y": 3.0,
  "spacing_z": 3.299999952316284,
  "spikes_num": 0,
  "summary_bg_k": 104.83486596240742,
  "summary_bg_mad": 20.673555374145508,
  "summary_bg_mean": 2542.337890625,
  "summary_bg_median": 14.141772270202637,
  "summary_bg_n": 154077.0,
  "summary_bg_p05": 0.10501552522182465,
  "summary_bg_p95": 9925.221679687369,
  "summary_bg_stdv": 14781.2978515625,
  "summary_fg_k": 1.730216209632185,
  "summary_fg_mad": 73770.953125,
  "summary_fg_mean": 410686.96875,
  "summary_fg_median": 406666.75,
  "summary_fg_n": 41521.0,
  "summary_fg_p05": 284094.84375,
  "summary_fg_p95": 546913.3125,
  "summary_fg_stdv": 84278.9921875,
  "tsnr": 91.0537338256836
}