{
  "aor": 0.0004849833887043188,
  "aqi": 0.0025155304318936877,
  "bids_meta": {
    "AcquisitionNumber": 6,
    "BIDSVersion": "1.1.0",
    "BidsifyVersion": "0.3.1",
    "ConversionSoftware": "dcm2niix",
    "ConversionSoftwareVersion": "v1.0.20181125  GCC5.4.0",
    "EchoTime": 0.02763,
    "FlipAngle": 76.1,
    "ImageComments": "HWW",
    "ImageOrientationPatientDICOM": [
      0.998185,
      0.0322529,
      0.0508529,
      -0.013067,
      0.940362,
      -0.339925
    ],
    "InstitutionName": "Spinoza Centre for Neuroimaging, location REC",
    "MagneticFieldStrength": 3,
    "Manufacturer": "Philips",
    "ParallelAcquisitionTechnique": "SENSE",
    "ParallelReductionFactorInPlane": 2,
    "PatientPosition": "HFS",
    "PhaseEncodingDirection": "j",
    "PhilipsRescaleIntercept": 0,
    "PhilipsRescaleSlope": 2.29963,
    "PhilipsScaleSlope": 0.00109511,
    "ProtocolName": "WIPZinnen1SENSE",
    "ReconMatrixPE": 80,
    "RepetitionTime": 2,
    "SeriesDescription": "ImageMRSERIES",
    "SeriesNumber": 6,
    "SliceEncodingDirection": "k",
    "SliceTiming": [
      0.0,
      0.05405405405405406,
      0.10810810810810811,
      0.16216216216216217,
      0.21621621621621623,
      0.2702702702702703,
      0.32432432432432434,
      0.3783783783783784,
      0.43243243243243246,
      0.4864864864864865,
      0.5405405405405406,
      0.5945945945945946,
      0.6486486486486487,
      0.7027027027027027,
      0.7567567567567568,
      0.8108108108108109,
      0.8648648648648649,
      0.918918918918919,
      0.972972972972973,
      1.0270270270270272,
      1.0810810810810811,
      1.135135135135135,
      1.1891891891891893,
      1.2432432432432434,
      1.2972972972972974,
      1.3513513513513513,
      1.4054054054054055,
      1.4594594594594597,
      1.5135135135135136,
      1.5675675675675675,
      1.6216216216216217,
      1.6756756756756759,
      1.7297297297297298,
      1.7837837837837838,
      1.837837837837838,
      1.891891891891892,
      1.945945945945946
    ],
    "TaskName": "self",
    "UsePhilipsFloatNotDisplayScaling": 1,
    "WaterFatShift": 12,
    "dataset": "unknown",
    "modality": "bold",
    "run_id": 1,
    "session_id": "1",
    "subject_id": "21",
    "task_id": "self"
  },
  "dummy_trs": 0,
  "dvars_nstd": 20.801897249300016,
  "dvars_std": 1.3771024278666657,
  "dvars_vstd": 0.998326584033333,
  "efc": 0.40090387656520243,
  "fber": 1655289856.0,
  "fd_mean": 0.12764801500691622,
  "fd_num": 41,
  "fd_perc": 13.621262458471762,
  "fwhm_avg": 2.551707486302712,
  "fwhm_x": 2.45364,
  "fwhm_y": 2.8024066666666667,
  "fwhm_z": 2.399075792241469,
  "gcor": 0.0251311,
  "gsr_x": -0.007892404682934284,
  "gsr_y": 0.005319953430444002,
  "provenance": {
    "md5sum": "55c115d2f5e6e168a32c037df474a828",
    "settings": {
      "fd_thres": 0.2,
      "hmc_fsl": false
    },
    "software": "mriqc",
    "version": "0.15.0",
    "webapi_port": null,
    "webapi_url": "https://mriqc.nimh.nih.gov/api/v1"
  },
  "size_t": 301,
  "size_x": 80,
  "size_y": 80,
  "size_z": 37,
  "snr": 4.827353349295392,
  "spacing_tr": 2.0,
  "spacing_x": 3.0,
  "spacing_y": 3.0,
  "spacing_z": 3.299999952316284,
  "spikes_num": 0,
  "summary_bg_k": 106.01779545843327,
  "summary_bg_mad": 13.441959381103516,
  "summary_bg_mean": 2622.609619140625,
  "summary_bg_median": 9.148058891296387,
  "summary_bg_n": 154015.0,
  "summary_bg_p05": 0.039281797409057614,
  "summary_bg_p95": 10813.41523437497,
  "summary_bg_stdv": 15009.578125,
  "summary_fg_k": 1.8377821122945655,
  "summary_fg_mad": 72821.625,
  "summary_fg_mean": 408865.9375,
  "summary_fg_median": 405114.8125,
  "summary_fg_n": 41630.0,
  "summary_fg_p05": 283709.8109375,
  "summary_fg_p95": 544311.1187499999,
  "summary_fg_stdv": 83919.6796875,
  "tsnr": 96.99958801269531
}