{
  "aor": 0.0021589866156787765,
  "aqi": 0.014774767476099425,
  "bids_meta": {
    "AcquisitionNumber": 3,
    "BIDSVersion": "1.1.0",
    "BidsifyVersion": "0.3.1",
    "ConversionSoftware": "dcm2niix",
    "ConversionSoftwareVersion": "v1.0.20181125  GCC5.4.0",
    "EchoTime": 0.02762,
    "FlipAngle": 76.1,
    "ImageComments": "PredictingMentalizing",
    "ImageOrientationPatientDICOM": [
      0.999317,
      0.0252764,
      0.026944,
      -0.0130818,
      0.924161,
      -0.381778
    ],
    "InstitutionName": "Spinoza Centre for Neuroimaging, location REC",
    "MagneticFieldStrength": 3,
    "Manufacturer": "Philips",
    "ParallelAcquisitionTechnique": "SENSE",
    "ParallelReductionFactorInPlane": 2,
    "PatientPosition": "HFS",
    "PhaseEncodingDirection": "j",
    "PhilipsRescaleIntercept": 0,
    "PhilipsRescaleSlope": 0.77338,
    "PhilipsScaleSlope": 0.060757,
    "ProtocolName": "WIPPM_HWWSENSE",
    "ReconMatrixPE": 80,
    "RepetitionTime": 2,
    "SeriesDescription": "ImageMRSERIES",
    "SeriesNumber": 3,
    "SliceEncodingDirection": "k",
    "SliceTiming": [
      0.0,
      0.05405405405405406,
      0.10810810810810811,
      0.16216216216216217,
      0.21621621621621623,
      0.2702702702702703,
      0.32432432432432434,
      0.3783783783783784,
      0.43243243243243246,
      0.4864864864864865,
      0.5405405405405406,
      0.5945945945945946,
      0.6486486486486487,
      0.7027027027027027,
      0.7567567567567568,
      0.8108108108108109,
      0.8648648648648649,
      0.918918918918919,
      0.972972972972973,
      1.0270270270270272,
      1.0810810810810811,
      1.135135135135135,
      1.1891891891891893,
      1.2432432432432434,
      1.2972972972972974,
      1.3513513513513513,
      1.4054054054054055,
      1.4594594594594597,
      1.5135135135135136,
      1.5675675675675675,
      1.6216216216216217,
      1.6756756756756759,
      1.7297297297297298,
      1.7837837837837838,
      1.837837837837838,
      1.891891891891892,
      1.945945945945946
    ],
    "TaskName": "other",
    "UsePhilipsFloatNotDisplayScaling": 1,
    "WaterFatShift": 12,
    "dataset": "unknown",
    "modality": "bold",
    "session_id": "1",
    "subject_id": "10",
    "task_id": "other"
  },
  "dummy_trs": 0,
  "dvars_nstd": 23.028978000900377,
  "dvars_std": 1.2038925624712644,
  "dvars_vstd": 0.9684568016475094,
  "efc": 0.4062204713712477,
  "fber": 19146206.0,
  "fd_mean": 0.14233639441405532,
  "fd_num": 66,
  "fd_perc": 12.619502868068833,
  "fwhm_avg": 2.5943081935687076,
  "fwhm_x": 2.5072300000000003,
  "fwhm_y": 2.8360733333333332,
  "fwhm_z": 2.43962124737279,
  "gcor": 0.0146528,
  "gsr_x": -0.004772832617163658,
  "gsr_y": 0.004942586645483971,
  "provenance": {
    "md5sum": "ee40c0e52173d9910e226e2b8352adaf",
    "settings": {
      "fd_thres": 0.2,
      "hmc_fsl": false
    },
    "software": "mriqc",
    "version": "0.15.0",
    "webapi_port": null,
    "webapi_url": "https://mriqc.nimh.nih.gov/api/v1"
  },
  "size_t": 523,
  "size_x": 80,
  "size_y": 80,
  "size_z": 37,
  "snr": 5.344864366253533,
  "spacing_tr": 2.0,
  "spacing_x": 3.0,
  "spacing_y": 3.0,
  "spacing_z": 3.299999952316284,
  "spikes_num": 0,
  "summary_bg_k": 94.18375909069113,
  "summary_bg_mad": 7.081089973449707,
  "summary_bg_mean": 185.06956481933594,
  "summary_bg_median": 4.836703300476074,
  "summary_bg_n": 154186.0,
  "summary_bg_p05": 0.0,
  "summary_bg_p95": 881.5321044921875,
  "summary_bg_stdv": 934.7109985351562,
  "summary_fg_k": 2.2627070260652165,
  "summary_fg_mad": 3603.020263671875,
  "summary_fg_mean": 23080.244140625,
  "summary_fg_median": 22954.95703125,
  "summary_fg_n": 42036.0,
  "summary_fg_p05": 16415.63720703125,
  "summary_fg_p95": 29865.62158203125,
  "summary_fg_stdv": 4294.7177734375,
  "tsnr": 44.876487731933594
}