{
  "aor": 0.004475913621262459,
  "aqi": 0.006696201162790699,
  "bids_meta": {
    "AcquisitionNumber": 5,
    "BIDSVersion": "1.1.0",
    "BidsifyVersion": "0.3.1",
    "ConversionSoftware": "dcm2niix",
    "ConversionSoftwareVersion": "v1.0.20181125  GCC5.4.0",
    "EchoTime": 0.02762,
    "FlipAngle": 76.1,
    "ImageComments": "PredictingMentalizing",
    "ImageOrientationPatientDICOM": [
      0.999317,
      0.0252764,
      0.026944,
      -0.0130818,
      0.924161,
      -0.381778
    ],
    "InstitutionName": "Spinoza Centre for Neuroimaging, location REC",
    "MagneticFieldStrength": 3,
    "Manufacturer": "Philips",
    "ParallelAcquisitionTechnique": "SENSE",
    "ParallelReductionFactorInPlane": 2,
    "PatientPosition": "HFS",
    "PhaseEncodingDirection": "j",
    "PhilipsRescaleIntercept": 0,
    "PhilipsRescaleSlope": 0.7956,
    "PhilipsScaleSlope": 0.0609589,
    "ProtocolName": "WIPPM_Zinnen2SENSE",
    "ReconMatrixPE": 80,
    "RepetitionTime": 2,
    "SeriesDescription": "ImageMRSERIES",
    "SeriesNumber": 5,
    "SliceEncodingDirection": "k",
    "SliceTiming": [
      0.0,
      0.05405405405405406,
      0.10810810810810811,
      0.16216216216216217,
      0.21621621621621623,
      0.2702702702702703,
      0.32432432432432434,
      0.3783783783783784,
      0.43243243243243246,
      0.4864864864864865,
      0.5405405405405406,
      0.5945945945945946,
      0.6486486486486487,
      0.7027027027027027,
      0.7567567567567568,
      0.8108108108108109,
      0.8648648648648649,
      0.918918918918919,
      0.972972972972973,
      1.0270270270270272,
      1.0810810810810811,
      1.135135135135135,
      1.1891891891891893,
      1.2432432432432434,
      1.2972972972972974,
      1.3513513513513513,
      1.4054054054054055,
      1.4594594594594597,
      1.5135135135135136,
      1.5675675675675675,
      1.6216216216216217,
      1.6756756756756759,
      1.7297297297297298,
      1.7837837837837838,
      1.837837837837838,
      1.891891891891892,
      1.945945945945946
    ],
    "TaskName": "self",
    "UsePhilipsFloatNotDisplayScaling": 1,
    "WaterFatShift": 12,
    "dataset": "unknown",
    "modality": "bold",
    "run_id": 2,
    "session_id": "1",
    "subject_id": "10",
    "task_id": "self"
  },
  "dummy_trs": 0,
  "dvars_nstd": 22.974549490733338,
  "dvars_std": 1.3485043669666656,
  "dvars_vstd": 1.1234968199,
  "efc": 0.40570761526320526,
  "fber": 95308576.0,
  "fd_mean": 0.139793115387293,
  "fd_num": 39,
  "fd_perc": 12.956810631229235,
  "fwhm_avg": 2.5797462744721122,
  "fwhm_x": 2.4901066666666667,
  "fwhm_y": 2.7897200000000004,
  "fwhm_z": 2.4594121567496696,
  "gcor": 0.0258755,
  "gsr_x": -0.0052407849580049515,
  "gsr_y": 0.004082616418600082,
  "provenance": {
    "md5sum": "eadf2fa557a028a72932a8943c7a83df",
    "settings": {
      "fd_thres": 0.2,
      "hmc_fsl": false
    },
    "software": "mriqc",
    "version": "0.15.0",
    "webapi_port": null,
    "webapi_url": "https://mriqc.nimh.nih.gov/api/v1"
  },
  "size_t": 301,
  "size_x": 80,
  "size_y": 80,
  "size_z": 37,
  "snr": 5.262639410509758,
  "spacing_tr": 2.0,
  "spacing_x": 3.0,
  "spacing_y": 3.0,
  "spacing_z": 3.299999952316284,
  "spikes_num": 0,
  "summary_bg_k": 90.16546244981376,
  "summary_bg_mad": 3.012589454650879,
  "summary_bg_mean": 176.7993621826172,
  "summary_bg_median": 2.0319607257843018,
  "summary_bg_n": 153989.0,
  "summary_bg_p05": 0.0,
  "summary_bg_p95": 824.4676757812508,
  "summary_bg_stdv": 926.9813842773438,
  "summary_fg_k": 2.2552978316947137,
  "summary_fg_mad": 3606.27783203125,
  "summary_fg_mean": 22852.951171875,
  "summary_fg_median": 22730.9296875,
  "summary_fg_n": 42208.0,
  "summary_fg_p05": 16133.806298828125,
  "summary_fg_p95": 29706.3134765625,
  "summary_fg_stdv": 4319.2509765625,
  "tsnr": 66.83407592773438
}