{
  "aor": 0.0023181270903010033,
  "aqi": 0.008987464113712373,
  "bids_meta": {
    "AcquisitionNumber": 4,
    "BIDSVersion": "1.1.0",
    "BidsifyVersion": "0.3.1",
    "ConversionSoftware": "dcm2niix",
    "ConversionSoftwareVersion": "v1.0.20181125  GCC5.4.0",
    "EchoTime": 0.02762,
    "FlipAngle": 76.1,
    "ImageComments": "PredictingMentalizing",
    "ImageOrientationPatientDICOM": [
      0.999317,
      0.0252764,
      0.026944,
      -0.0130818,
      0.924161,
      -0.381778
    ],
    "InstitutionName": "Spinoza Centre for Neuroimaging, location REC",
    "MagneticFieldStrength": 3,
    "Manufacturer": "Philips",
    "ParallelAcquisitionTechnique": "SENSE",
    "ParallelReductionFactorInPlane": 2,
    "PatientPosition": "HFS",
    "PhaseEncodingDirection": "j",
    "PhilipsRescaleIntercept": 0,
    "PhilipsRescaleSlope": 0.80317,
    "PhilipsScaleSlope": 0.0601358,
    "ProtocolName": "WIPPM_Zinnen1SENSE",
    "ReconMatrixPE": 80,
    "RepetitionTime": 2,
    "SeriesDescription": "ImageMRSERIES",
    "SeriesNumber": 4,
    "SliceEncodingDirection": "k",
    "SliceTiming": [
      0.0,
      0.05405405405405406,
      0.10810810810810811,
      0.16216216216216217,
      0.21621621621621623,
      0.2702702702702703,
      0.32432432432432434,
      0.3783783783783784,
      0.43243243243243246,
      0.4864864864864865,
      0.5405405405405406,
      0.5945945945945946,
      0.6486486486486487,
      0.7027027027027027,
      0.7567567567567568,
      0.8108108108108109,
      0.8648648648648649,
      0.918918918918919,
      0.972972972972973,
      1.0270270270270272,
      1.0810810810810811,
      1.135135135135135,
      1.1891891891891893,
      1.2432432432432434,
      1.2972972972972974,
      1.3513513513513513,
      1.4054054054054055,
      1.4594594594594597,
      1.5135135135135136,
      1.5675675675675675,
      1.6216216216216217,
      1.6756756756756759,
      1.7297297297297298,
      1.7837837837837838,
      1.837837837837838,
      1.891891891891892,
      1.945945945945946
    ],
    "TaskName": "self",
    "UsePhilipsFloatNotDisplayScaling": 1,
    "WaterFatShift": 12,
    "dataset": "unknown",
    "modality": "bold",
    "run_id": 1,
    "session_id": "1",
    "subject_id": "10",
    "task_id": "self"
  },
  "dummy_trs": 2,
  "dvars_nstd": 22.954595271409385,
  "dvars_std": 1.2254987022147645,
  "dvars_vstd": 0.9261532087248323,
  "efc": 0.4036595963577607,
  "fber": 224027792.0,
  "fd_mean": 0.15275305838548192,
  "fd_num": 56,
  "fd_perc": 18.729096989966557,
  "fwhm_avg": 2.5880352643487705,
  "fwhm_x": 2.5025333333333335,
  "fwhm_y": 2.8067966666666666,
  "fwhm_z": 2.4547757930463123,
  "gcor": 0.0237209,
  "gsr_x": -0.005544060841202736,
  "gsr_y": 0.004869300406426191,
  "provenance": {
    "md5sum": "99b256617a5288bf7e390a5584aa067b",
    "settings": {
      "fd_thres": 0.2,
      "hmc_fsl": false
    },
    "software": "mriqc",
    "version": "0.15.0",
    "webapi_port": null,
    "webapi_url": "https://mriqc.nimh.nih.gov/api/v1"
  },
  "size_t": 299,
  "size_x": 80,
  "size_y": 80,
  "size_z": 37,
  "snr": 5.179030477283878,
  "spacing_tr": 2.0,
  "spacing_x": 3.0,
  "spacing_y": 3.0,
  "spacing_z": 3.299999952316284,
  "spikes_num": 3,
  "summary_bg_k": 88.45365149537011,
  "summary_bg_mad": 2.0103089809417725,
  "summary_bg_mean": 168.91676330566406,
  "summary_bg_median": 1.384113073348999,
  "summary_bg_n": 154345.0,
  "summary_bg_p05": 0.0033443380147218753,
  "summary_bg_p95": 833.5689575195298,
  "summary_bg_stdv": 926.9931030273438,
  "summary_fg_k": 2.424657088466234,
  "summary_fg_mad": 3635.689697265625,
  "summary_fg_mean": 22915.53515625,
  "summary_fg_median": 22754.412109375,
  "summary_fg_n": 41998.0,
  "summary_fg_p05": 16147.925146484376,
  "summary_fg_p95": 29809.1435546875,
  "summary_fg_stdv": 4393.513671875,
  "tsnr": 59.781349182128906
}