{
  "bids_meta": {
    "AcquisitionNumber": 3,
    "BIDSVersion": "1.1.0",
    "BidsifyVersion": "0.3.1",
    "ConversionSoftware": "dcm2niix",
    "ConversionSoftwareVersion": "v1.0.20181125  GCC5.4.0",
    "EchoTime": 0.00379,
    "ImageComments": "HWW",
    "ImageOrientationPatientDICOM": [
      0.999262,
      -0.0348865,
      -0.0160551,
      0.0364666,
      0.993059,
      0.111825
    ],
    "InstitutionName": "Spinoza Centre for Neuroimaging, location REC",
    "MagneticFieldStrength": 3,
    "Manufacturer": "Philips",
    "ParallelAcquisitionTechnique": "SENSE",
    "PatientPosition": "HFS",
    "PhilipsRescaleIntercept": 0,
    "PhilipsRescaleSlope": 13.8891,
    "PhilipsScaleSlope": 0.000285757,
    "ProtocolName": "WIPsT13DTFE_P25_S2_3mSENSE",
    "ReconMatrixPE": 240,
    "RepetitionTime": 0.00824,
    "SeriesDescription": "ImageMRSERIES",
    "SeriesNumber": 3,
    "UsePhilipsFloatNotDisplayScaling": 1,
    "dataset": "unknown",
    "modality": "T1w",
    "session_id": "1",
    "subject_id": "06"
  },
  "cjv": 0.3613205404652002,
  "cnr": 3.5195696883176466,
  "efc": 0.7407980608528071,
  "fber": 2624.87060546875,
  "fwhm_avg": 3.867170149649788,
  "fwhm_x": 3.787840225772871,
  "fwhm_y": 4.06939,
  "fwhm_z": 3.7442802231764927,
  "icvs_csf": 0.2232630554462622,
  "icvs_gm": 0.4046322563346813,
  "icvs_wm": 0.37210468821905646,
  "inu_med": 2.037642002105713,
  "inu_range": 0.5091718435287476,
  "provenance": {
    "md5sum": "f44513ce234d72ec0bb7d66846179e59",
    "settings": {
      "testing": false
    },
    "software": "mriqc",
    "version": "0.15.0",
    "warnings": {
      "large_rot_frame": true,
      "small_air_mask": true
    },
    "webapi_port": null,
    "webapi_url": "https://mriqc.nimh.nih.gov/api/v1"
  },
  "qi_1": 0.0014583800762844963,
  "qi_2": 1.113781114737717e-05,
  "rpve_csf": 27.99087816841641,
  "rpve_gm": 15.668235887046222,
  "rpve_wm": 22.115224806636814,
  "size_x": 240,
  "size_y": 240,
  "size_z": 220,
  "snr_csf": 2.225573077034681,
  "snr_gm": 7.022396771125052,
  "snr_total": 9.060615404072436,
  "snr_wm": 17.933876364057575,
  "snrd_csf": 13.872736235536463,
  "snrd_gm": 33.01632458224837,
  "snrd_total": 33.16064086682502,
  "snrd_wm": 52.59286178269023,
  "spacing_x": 0.9999999403953552,
  "spacing_y": 1.0,
  "spacing_z": 0.9999999403953552,
  "summary_bg_k": 4.4501331343708985,
  "summary_bg_mad": 12.456480979919434,
  "summary_bg_mean": 9.33633804321289,
  "summary_bg_median": 8.401768684387207,
  "summary_bg_n": 191007.0,
  "summary_bg_p05": 0.0,
  "summary_bg_p95": 25.595497894287107,
  "summary_bg_stdv": 9.20768928527832,
  "summary_csf_k": -0.9576611088280726,
  "summary_csf_mad": 150.2679443359375,
  "summary_csf_mean": 251.5030059814453,
  "summary_csf_median": 263.7702331542969,
  "summary_csf_n": 7495.0,
  "summary_csf_p05": 67.47714462280274,
  "summary_csf_p95": 421.6834167480469,
  "summary_csf_stdv": 118.5099868774414,
  "summary_gm_k": 0.46063500042574823,
  "summary_gm_mad": 84.13690185546875,
  "summary_gm_mean": 634.7122192382812,
  "summary_gm_median": 627.7581787109375,
  "summary_gm_n": 15928.0,
  "summary_gm_p05": 500.32883911132814,
  "summary_gm_p95": 797.2657073974608,
  "summary_gm_stdv": 89.39091491699219,
  "summary_wm_k": 0.8214939971894935,
  "summary_wm_mad": 50.35377502441406,
  "summary_wm_mean": 997.8410034179688,
  "summary_wm_median": 999.97802734375,
  "summary_wm_n": 195574.0,
  "summary_wm_p05": 901.7946166992188,
  "summary_wm_p95": 1085.7053527832031,
  "summary_wm_stdv": 55.75902557373047,
  "tpm_overlap_csf": 0.21981865167617798,
  "tpm_overlap_gm": 0.505801260471344,
  "tpm_overlap_wm": 0.5799429416656494,
  "wm2max": 0.801948271191061
}