{
  "aor": 0.0006041196013289036,
  "aqi": 0.003752022724252492,
  "bids_meta": {
    "AcquisitionNumber": 6,
    "BIDSVersion": "1.1.0",
    "BidsifyVersion": "0.3.1",
    "ConversionSoftware": "dcm2niix",
    "ConversionSoftwareVersion": "v1.0.20181125  GCC5.4.0",
    "EchoTime": 0.02763,
    "FlipAngle": 76.1,
    "ImageComments": "HWW",
    "ImageOrientationPatientDICOM": [
      0.99499,
      0.0984773,
      0.0172453,
      -0.0903761,
      0.959722,
      -0.266019
    ],
    "InstitutionName": "Spinoza Centre for Neuroimaging, location REC",
    "MagneticFieldStrength": 3,
    "Manufacturer": "Philips",
    "ParallelAcquisitionTechnique": "SENSE",
    "ParallelReductionFactorInPlane": 2,
    "PatientPosition": "HFS",
    "PhaseEncodingDirection": "j",
    "PhilipsRescaleIntercept": 0,
    "PhilipsRescaleSlope": 2.38803,
    "PhilipsScaleSlope": 0.0011355,
    "ProtocolName": "WIPPM_Zinnen2SENSE",
    "ReconMatrixPE": 80,
    "RepetitionTime": 2,
    "SeriesDescription": "ImageMRSERIES",
    "SeriesNumber": 6,
    "SliceEncodingDirection": "k",
    "SliceTiming": [
      0.0,
      0.05405405405405406,
      0.10810810810810811,
      0.16216216216216217,
      0.21621621621621623,
      0.2702702702702703,
      0.32432432432432434,
      0.3783783783783784,
      0.43243243243243246,
      0.4864864864864865,
      0.5405405405405406,
      0.5945945945945946,
      0.6486486486486487,
      0.7027027027027027,
      0.7567567567567568,
      0.8108108108108109,
      0.8648648648648649,
      0.918918918918919,
      0.972972972972973,
      1.0270270270270272,
      1.0810810810810811,
      1.135135135135135,
      1.1891891891891893,
      1.2432432432432434,
      1.2972972972972974,
      1.3513513513513513,
      1.4054054054054055,
      1.4594594594594597,
      1.5135135135135136,
      1.5675675675675675,
      1.6216216216216217,
      1.6756756756756759,
      1.7297297297297298,
      1.7837837837837838,
      1.837837837837838,
      1.891891891891892,
      1.945945945945946
    ],
    "TaskName": "self",
    "UsePhilipsFloatNotDisplayScaling": 1,
    "WaterFatShift": 12,
    "dataset": "unknown",
    "modality": "bold",
    "run_id": 2,
    "session_id": "1",
    "subject_id": "23",
    "task_id": "self"
  },
  "dummy_trs": 0,
  "dvars_nstd": 24.819594859799995,
  "dvars_std": 1.3341435455333337,
  "dvars_vstd": 0.9945925290333328,
  "efc": 0.39312200474588865,
  "fber": 661888768.0,
  "fd_mean": 0.19846958296449946,
  "fd_num": 132,
  "fd_perc": 43.85382059800664,
  "fwhm_avg": 2.510760616976397,
  "fwhm_x": 2.492036666666667,
  "fwhm_y": 2.77393,
  "fwhm_z": 2.266315184262524,
  "gcor": 0.0275462,
  "gsr_x": -0.0002677987504284829,
  "gsr_y": 0.0013324435567483306,
  "provenance": {
    "md5sum": "be8fc1541ef0b3104883d32b36c7ed46",
    "settings": {
      "fd_thres": 0.2,
      "hmc_fsl": false
    },
    "software": "mriqc",
    "version": "0.15.0",
    "webapi_port": null,
    "webapi_url": "https://mriqc.nimh.nih.gov/api/v1"
  },
  "size_t": 301,
  "size_x": 80,
  "size_y": 80,
  "size_z": 37,
  "snr": 4.9087592963367035,
  "spacing_tr": 2.0,
  "spacing_x": 3.0,
  "spacing_y": 3.0,
  "spacing_z": 3.299999952316284,
  "spikes_num": 4,
  "summary_bg_k": 85.15106557783753,
  "summary_bg_mad": 21.04110336303711,
  "summary_bg_mean": 3375.39453125,
  "summary_bg_median": 14.413175582885742,
  "summary_bg_n": 155616.0,
  "summary_bg_p05": 0.0934553723782301,
  "summary_bg_p95": 11163.607177734375,
  "summary_bg_stdv": 20407.609375,
  "summary_fg_k": 2.2118859005868883,
  "summary_fg_mad": 69006.515625,
  "summary_fg_mean": 404190.65625,
  "summary_fg_median": 405761.28125,
  "summary_fg_n": 39649.0,
  "summary_fg_p05": 263071.1375,
  "summary_fg_p95": 524679.1625,
  "summary_fg_stdv": 82659.6171875,
  "tsnr": 78.7618179321289
}