{
  "bids_meta": {
    "AcquisitionNumber": 3,
    "BIDSVersion": "1.1.0",
    "BidsifyVersion": "0.3.1",
    "ConversionSoftware": "dcm2niix",
    "ConversionSoftwareVersion": "v1.0.20181125  GCC5.4.0",
    "EchoTime": 0.00376,
    "ImageComments": "HWW",
    "ImageOrientationPatientDICOM": [
      0.999192,
      -0.0360176,
      -0.0178298,
      0.034718,
      0.997047,
      -0.0685016
    ],
    "InstitutionName": "Spinoza Centre for Neuroimaging, location REC",
    "MagneticFieldStrength": 3,
    "Manufacturer": "Philips",
    "ParallelAcquisitionTechnique": "SENSE",
    "PatientPosition": "HFS",
    "PhilipsRescaleIntercept": 0,
    "PhilipsRescaleSlope": 15.0435,
    "PhilipsScaleSlope": 0.000290166,
    "ProtocolName": "WIPsT13DTFE_P25_S2_3mSENSE",
    "ReconMatrixPE": 240,
    "RepetitionTime": 0.008188,
    "SeriesDescription": "ImageMRSERIES",
    "SeriesNumber": 3,
    "UsePhilipsFloatNotDisplayScaling": 1,
    "dataset": "unknown",
    "modality": "T1w",
    "session_id": "2",
    "subject_id": "17"
  },
  "cjv": 0.3187889763591467,
  "cnr": 4.014717596699199,
  "efc": 0.7432164820465967,
  "fber": 2046.000732421875,
  "fwhm_avg": 3.80109,
  "fwhm_x": 3.77919,
  "fwhm_y": 3.96554,
  "fwhm_z": 3.65854,
  "icvs_csf": 0.19603752382344933,
  "icvs_gm": 0.4297739005199022,
  "icvs_wm": 0.3741885756566484,
  "inu_med": 2.6283516883850098,
  "inu_range": 0.6193586349487306,
  "provenance": {
    "md5sum": "6eb4405a8de7cbffa7646b89f4ac7c66",
    "settings": {
      "testing": false
    },
    "software": "mriqc",
    "version": "0.15.0",
    "warnings": {
      "large_rot_frame": true,
      "small_air_mask": true
    },
    "webapi_port": null,
    "webapi_url": "https://mriqc.nimh.nih.gov/api/v1"
  },
  "qi_1": 0.0,
  "qi_2": 1.5217123718373349e-05,
  "rpve_csf": 28.501742950519258,
  "rpve_gm": 14.24391000209764,
  "rpve_wm": 20.367153780249268,
  "size_x": 240,
  "size_y": 240,
  "size_z": 220,
  "snr_csf": 1.8941103688164147,
  "snr_gm": 7.252166306737266,
  "snr_total": 9.054523092415208,
  "snr_wm": 18.017292601691942,
  "snrd_csf": 10.900146613582177,
  "snrd_gm": 27.89453179820391,
  "snrd_total": 28.460076711090313,
  "snrd_wm": 46.585551721484855,
  "spacing_x": 1.0,
  "spacing_y": 1.0,
  "spacing_z": 1.0,
  "summary_bg_k": 5.444768608786605,
  "summary_bg_mad": 14.062994956970215,
  "summary_bg_mean": 10.283961296081543,
  "summary_bg_median": 9.485345840454102,
  "summary_bg_n": 172268.0,
  "summary_bg_p05": 0.0,
  "summary_bg_p95": 28.59559926986694,
  "summary_bg_stdv": 9.49404525756836,
  "summary_csf_k": 18.3178950751612,
  "summary_csf_mad": 142.94256591796875,
  "summary_csf_mean": 232.44508361816406,
  "summary_csf_median": 233.97984313964844,
  "summary_csf_n": 9178.0,
  "summary_csf_p05": 58.895972442626956,
  "summary_csf_p95": 402.8387573242187,
  "summary_csf_stdv": 123.52347564697266,
  "summary_gm_k": 0.5044747658896149,
  "summary_gm_mad": 77.90294647216797,
  "summary_gm_mean": 602.211181640625,
  "summary_gm_median": 598.777099609375,
  "summary_gm_n": 22395.0,
  "summary_gm_p05": 474.0116546630859,
  "summary_gm_p95": 744.6117309570313,
  "summary_gm_stdv": 82.56343078613281,
  "summary_wm_k": 0.9526976015361766,
  "summary_wm_mad": 50.000545501708984,
  "summary_wm_mean": 998.4649658203125,
  "summary_wm_median": 999.993896484375,
  "summary_wm_n": 208021.0,
  "summary_wm_p05": 904.7156372070312,
  "summary_wm_p95": 1086.0699462890625,
  "summary_wm_stdv": 55.50176239013672,
  "tpm_overlap_csf": 0.22782383859157562,
  "tpm_overlap_gm": 0.5219959616661072,
  "tpm_overlap_wm": 0.561858594417572,
  "wm2max": 0.8178628624342871
}