{
  "aor": 0.0006003654485049833,
  "aqi": 0.003956587275747508,
  "bids_meta": {
    "AcquisitionNumber": 4,
    "BIDSVersion": "1.1.0",
    "BidsifyVersion": "0.3.1",
    "ConversionSoftware": "dcm2niix",
    "ConversionSoftwareVersion": "v1.0.20181125  GCC5.4.0",
    "EchoTime": 0.02762,
    "FlipAngle": 76.1,
    "ImageComments": "PredictingMentalizing",
    "ImageOrientationPatientDICOM": [
      0.992386,
      0.102946,
      -0.0676206,
      -0.12185,
      0.900697,
      -0.417011
    ],
    "InstitutionName": "Spinoza Centre for Neuroimaging, location REC",
    "MagneticFieldStrength": 3,
    "Manufacturer": "Philips",
    "ParallelAcquisitionTechnique": "SENSE",
    "ParallelReductionFactorInPlane": 2,
    "PatientPosition": "HFS",
    "PhaseEncodingDirection": "j",
    "PhilipsRescaleIntercept": 0,
    "PhilipsRescaleSlope": 0.76947,
    "PhilipsScaleSlope": 0.0563979,
    "ProtocolName": "WIPPM_Zinnen1SENSE",
    "ReconMatrixPE": 80,
    "RepetitionTime": 2,
    "SeriesDescription": "ImageMRSERIES",
    "SeriesNumber": 4,
    "SliceEncodingDirection": "k",
    "SliceTiming": [
      0.0,
      0.05405405405405406,
      0.10810810810810811,
      0.16216216216216217,
      0.21621621621621623,
      0.2702702702702703,
      0.32432432432432434,
      0.3783783783783784,
      0.43243243243243246,
      0.4864864864864865,
      0.5405405405405406,
      0.5945945945945946,
      0.6486486486486487,
      0.7027027027027027,
      0.7567567567567568,
      0.8108108108108109,
      0.8648648648648649,
      0.918918918918919,
      0.972972972972973,
      1.0270270270270272,
      1.0810810810810811,
      1.135135135135135,
      1.1891891891891893,
      1.2432432432432434,
      1.2972972972972974,
      1.3513513513513513,
      1.4054054054054055,
      1.4594594594594597,
      1.5135135135135136,
      1.5675675675675675,
      1.6216216216216217,
      1.6756756756756759,
      1.7297297297297298,
      1.7837837837837838,
      1.837837837837838,
      1.891891891891892,
      1.945945945945946
    ],
    "TaskName": "self",
    "UsePhilipsFloatNotDisplayScaling": 1,
    "WaterFatShift": 12,
    "dataset": "unknown",
    "modality": "bold",
    "run_id": 1,
    "session_id": "1",
    "subject_id": "22",
    "task_id": "self"
  },
  "dummy_trs": 0,
  "dvars_nstd": 20.444791771733332,
  "dvars_std": 1.1925827747666666,
  "dvars_vstd": 0.9970863170000008,
  "efc": 0.4171962812970985,
  "fber": 152524272.0,
  "fd_mean": 0.18174780532920942,
  "fd_num": 102,
  "fd_perc": 33.88704318936877,
  "fwhm_avg": 2.602967082005003,
  "fwhm_x": 2.500246666666667,
  "fwhm_y": 2.9629999999999996,
  "fwhm_z": 2.3456545793483414,
  "gcor": 0.0330252,
  "gsr_x": -0.009817918762564659,
  "gsr_y": 0.00844777375459671,
  "provenance": {
    "md5sum": "7ac18f9e33fa09c793b2a4c2af12ecda",
    "settings": {
      "fd_thres": 0.2,
      "hmc_fsl": false
    },
    "software": "mriqc",
    "version": "0.15.0",
    "webapi_port": null,
    "webapi_url": "https://mriqc.nimh.nih.gov/api/v1"
  },
  "size_t": 301,
  "size_x": 80,
  "size_y": 80,
  "size_z": 37,
  "snr": 4.664189872410232,
  "spacing_tr": 2.0,
  "spacing_x": 3.0,
  "spacing_y": 3.0,
  "spacing_z": 3.299999952316284,
  "spikes_num": 0,
  "summary_bg_k": 53.52763706831715,
  "summary_bg_mad": 2.5699925422668457,
  "summary_bg_mean": 278.0578918457031,
  "summary_bg_median": 1.7697919607162476,
  "summary_bg_n": 152516.0,
  "summary_bg_p05": 0.010525640565901995,
  "summary_bg_p95": 1274.9576721191406,
  "summary_bg_stdv": 1337.861572265625,
  "summary_fg_k": 3.1732622116728217,
  "summary_fg_mad": 3910.521484375,
  "summary_fg_mean": 23331.2890625,
  "summary_fg_median": 23193.607421875,
  "summary_fg_n": 43006.0,
  "summary_fg_p05": 15694.203857421875,
  "summary_fg_p95": 30537.24951171875,
  "summary_fg_stdv": 4972.64013671875,
  "tsnr": 77.80484008789062
}