{
  "aor": 0.001435965583173996,
  "aqi": 0.00984287395793499,
  "bids_meta": {
    "AcquisitionNumber": 3,
    "BIDSVersion": "1.1.0",
    "BidsifyVersion": "0.3.1",
    "ConversionSoftware": "dcm2niix",
    "ConversionSoftwareVersion": "v1.0.20181125  GCC5.4.0",
    "EchoTime": 0.02762,
    "FlipAngle": 76.1,
    "ImageComments": "PredictingMentalizing",
    "ImageOrientationPatientDICOM": [
      0.992386,
      0.102946,
      -0.0676206,
      -0.12185,
      0.900697,
      -0.417011
    ],
    "InstitutionName": "Spinoza Centre for Neuroimaging, location REC",
    "MagneticFieldStrength": 3,
    "Manufacturer": "Philips",
    "ParallelAcquisitionTechnique": "SENSE",
    "ParallelReductionFactorInPlane": 2,
    "PatientPosition": "HFS",
    "PhaseEncodingDirection": "j",
    "PhilipsRescaleIntercept": 0,
    "PhilipsRescaleSlope": 0.76239,
    "PhilipsScaleSlope": 0.0557764,
    "ProtocolName": "WIPPM_HWWSENSE",
    "ReconMatrixPE": 80,
    "RepetitionTime": 2,
    "SeriesDescription": "ImageMRSERIES",
    "SeriesNumber": 3,
    "SliceEncodingDirection": "k",
    "SliceTiming": [
      0.0,
      0.05405405405405406,
      0.10810810810810811,
      0.16216216216216217,
      0.21621621621621623,
      0.2702702702702703,
      0.32432432432432434,
      0.3783783783783784,
      0.43243243243243246,
      0.4864864864864865,
      0.5405405405405406,
      0.5945945945945946,
      0.6486486486486487,
      0.7027027027027027,
      0.7567567567567568,
      0.8108108108108109,
      0.8648648648648649,
      0.918918918918919,
      0.972972972972973,
      1.0270270270270272,
      1.0810810810810811,
      1.135135135135135,
      1.1891891891891893,
      1.2432432432432434,
      1.2972972972972974,
      1.3513513513513513,
      1.4054054054054055,
      1.4594594594594597,
      1.5135135135135136,
      1.5675675675675675,
      1.6216216216216217,
      1.6756756756756759,
      1.7297297297297298,
      1.7837837837837838,
      1.837837837837838,
      1.891891891891892,
      1.945945945945946
    ],
    "TaskName": "other",
    "UsePhilipsFloatNotDisplayScaling": 1,
    "WaterFatShift": 12,
    "dataset": "unknown",
    "modality": "bold",
    "session_id": "1",
    "subject_id": "22",
    "task_id": "other"
  },
  "dummy_trs": 0,
  "dvars_nstd": 19.845679217356324,
  "dvars_std": 1.124612697260536,
  "dvars_vstd": 0.9734439991954016,
  "efc": 0.4192766527064338,
  "fber": 59999596.0,
  "fd_mean": 0.16391329567051854,
  "fd_num": 126,
  "fd_perc": 24.091778202676863,
  "fwhm_avg": 2.6120364759536354,
  "fwhm_x": 2.4985033333333333,
  "fwhm_y": 2.9900333333333333,
  "fwhm_z": 2.34757276119424,
  "gcor": 0.0236117,
  "gsr_x": -0.010056841187179089,
  "gsr_y": 0.009793364442884922,
  "provenance": {
    "md5sum": "d2d3e7d1972e63812d53be7b7b3c95f1",
    "settings": {
      "fd_thres": 0.2,
      "hmc_fsl": false
    },
    "software": "mriqc",
    "version": "0.15.0",
    "webapi_port": null,
    "webapi_url": "https://mriqc.nimh.nih.gov/api/v1"
  },
  "size_t": 523,
  "size_x": 80,
  "size_y": 80,
  "size_z": 37,
  "snr": 4.707829813001489,
  "spacing_tr": 2.0,
  "spacing_x": 3.0,
  "spacing_y": 3.0,
  "spacing_z": 3.299999952316284,
  "spikes_num": 0,
  "summary_bg_k": 55.752388937458775,
  "summary_bg_mad": 4.05814266204834,
  "summary_bg_mean": 285.92132568359375,
  "summary_bg_median": 2.8459959030151367,
  "summary_bg_n": 152284.0,
  "summary_bg_p05": 0.042303032241761684,
  "summary_bg_p95": 1383.2892578125006,
  "summary_bg_stdv": 1321.37158203125,
  "summary_fg_k": 3.0755012661735144,
  "summary_fg_mad": 3935.5849609375,
  "summary_fg_mean": 23661.05859375,
  "summary_fg_median": 23539.283203125,
  "summary_fg_n": 43261.0,
  "summary_fg_p05": 15867.24609375,
  "summary_fg_p95": 30931.76953125,
  "summary_fg_stdv": 4999.970703125,
  "tsnr": 54.947425842285156
}