{
  "aor": 0.0012171760797342196,
  "aqi": 0.004856361860465116,
  "bids_meta": {
    "AcquisitionNumber": 5,
    "BIDSVersion": "1.1.0",
    "BidsifyVersion": "0.3.1",
    "ConversionSoftware": "dcm2niix",
    "ConversionSoftwareVersion": "v1.0.20181125  GCC5.4.0",
    "EchoTime": 0.02762,
    "FlipAngle": 76.1,
    "ImageComments": "PredictingMentalizing",
    "ImageOrientationPatientDICOM": [
      0.992386,
      0.102946,
      -0.0676206,
      -0.12185,
      0.900697,
      -0.417011
    ],
    "InstitutionName": "Spinoza Centre for Neuroimaging, location REC",
    "MagneticFieldStrength": 3,
    "Manufacturer": "Philips",
    "ParallelAcquisitionTechnique": "SENSE",
    "ParallelReductionFactorInPlane": 2,
    "PatientPosition": "HFS",
    "PhaseEncodingDirection": "j",
    "PhilipsRescaleIntercept": 0,
    "PhilipsRescaleSlope": 0.78559,
    "PhilipsScaleSlope": 0.0575696,
    "ProtocolName": "WIPPM_Zinnen2SENSE",
    "ReconMatrixPE": 80,
    "RepetitionTime": 2,
    "SeriesDescription": "ImageMRSERIES",
    "SeriesNumber": 5,
    "SliceEncodingDirection": "k",
    "SliceTiming": [
      0.0,
      0.05405405405405406,
      0.10810810810810811,
      0.16216216216216217,
      0.21621621621621623,
      0.2702702702702703,
      0.32432432432432434,
      0.3783783783783784,
      0.43243243243243246,
      0.4864864864864865,
      0.5405405405405406,
      0.5945945945945946,
      0.6486486486486487,
      0.7027027027027027,
      0.7567567567567568,
      0.8108108108108109,
      0.8648648648648649,
      0.918918918918919,
      0.972972972972973,
      1.0270270270270272,
      1.0810810810810811,
      1.135135135135135,
      1.1891891891891893,
      1.2432432432432434,
      1.2972972972972974,
      1.3513513513513513,
      1.4054054054054055,
      1.4594594594594597,
      1.5135135135135136,
      1.5675675675675675,
      1.6216216216216217,
      1.6756756756756759,
      1.7297297297297298,
      1.7837837837837838,
      1.837837837837838,
      1.891891891891892,
      1.945945945945946
    ],
    "TaskName": "self",
    "UsePhilipsFloatNotDisplayScaling": 1,
    "WaterFatShift": 12,
    "dataset": "unknown",
    "modality": "bold",
    "run_id": 2,
    "session_id": "1",
    "subject_id": "22",
    "task_id": "self"
  },
  "dummy_trs": 0,
  "dvars_nstd": 20.96054607100002,
  "dvars_std": 1.2008224632666655,
  "dvars_vstd": 0.996713395366667,
  "efc": 0.4196408413561212,
  "fber": 75689336.0,
  "fd_mean": 0.1839521107359487,
  "fd_num": 102,
  "fd_perc": 33.88704318936877,
  "fwhm_avg": 2.5930827385105983,
  "fwhm_x": 2.4918400000000003,
  "fwhm_y": 2.954223333333333,
  "fwhm_z": 2.333184882198462,
  "gcor": 0.0252349,
  "gsr_x": -0.010016771033406258,
  "gsr_y": 0.009084726683795452,
  "provenance": {
    "md5sum": "17b72794ceb1b551cd971657fd278980",
    "settings": {
      "fd_thres": 0.2,
      "hmc_fsl": false
    },
    "software": "mriqc",
    "version": "0.15.0",
    "webapi_port": null,
    "webapi_url": "https://mriqc.nimh.nih.gov/api/v1"
  },
  "size_t": 301,
  "size_x": 80,
  "size_y": 80,
  "size_z": 37,
  "snr": 4.716874760889699,
  "spacing_tr": 2.0,
  "spacing_x": 3.0,
  "spacing_y": 3.0,
  "spacing_z": 3.299999952316284,
  "spikes_num": 3,
  "summary_bg_k": 49.60520708905105,
  "summary_bg_mad": 3.535083055496216,
  "summary_bg_mean": 288.9420471191406,
  "summary_bg_median": 2.420109987258911,
  "summary_bg_n": 152341.0,
  "summary_bg_p05": 0.011446407996118069,
  "summary_bg_p95": 1313.97900390625,
  "summary_bg_stdv": 1342.9949951171875,
  "summary_fg_k": 3.158192270271856,
  "summary_fg_mad": 3768.404296875,
  "summary_fg_mean": 22902.375,
  "summary_fg_median": 22776.529296875,
  "summary_fg_n": 43225.0,
  "summary_fg_p05": 15414.250390625,
  "summary_fg_p95": 29922.29101562498,
  "summary_fg_stdv": 4828.67724609375,
  "tsnr": 71.47640991210938
}