{
  "aor": 0.003447877629063098,
  "aqi": 0.008577376826003824,
  "bids_meta": {
    "AcquisitionNumber": 3,
    "BIDSVersion": "1.1.0",
    "BidsifyVersion": "0.3.1",
    "ConversionSoftware": "dcm2niix",
    "ConversionSoftwareVersion": "v1.0.20181125  GCC5.4.0",
    "EchoTime": 0.02763,
    "FlipAngle": 76.1,
    "ImageComments": "HWW",
    "ImageOrientationPatientDICOM": [
      0.998512,
      0.0545261,
      -0.000959384,
      -0.0533784,
      0.973588,
      -0.221984
    ],
    "InstitutionName": "Spinoza Centre for Neuroimaging, location REC",
    "MagneticFieldStrength": 3,
    "Manufacturer": "Philips",
    "ParallelAcquisitionTechnique": "SENSE",
    "ParallelReductionFactorInPlane": 2,
    "PatientPosition": "HFS",
    "PhaseEncodingDirection": "j",
    "PhilipsRescaleIntercept": 0,
    "PhilipsRescaleSlope": 2.44029,
    "PhilipsScaleSlope": 0.0010991,
    "ProtocolName": "WIPPM_HWWSENSE",
    "ReconMatrixPE": 80,
    "RepetitionTime": 2,
    "SeriesDescription": "ImageMRSERIES",
    "SeriesNumber": 3,
    "SliceEncodingDirection": "k",
    "SliceTiming": [
      0.0,
      0.05405405405405406,
      0.10810810810810811,
      0.16216216216216217,
      0.21621621621621623,
      0.2702702702702703,
      0.32432432432432434,
      0.3783783783783784,
      0.43243243243243246,
      0.4864864864864865,
      0.5405405405405406,
      0.5945945945945946,
      0.6486486486486487,
      0.7027027027027027,
      0.7567567567567568,
      0.8108108108108109,
      0.8648648648648649,
      0.918918918918919,
      0.972972972972973,
      1.0270270270270272,
      1.0810810810810811,
      1.135135135135135,
      1.1891891891891893,
      1.2432432432432434,
      1.2972972972972974,
      1.3513513513513513,
      1.4054054054054055,
      1.4594594594594597,
      1.5135135135135136,
      1.5675675675675675,
      1.6216216216216217,
      1.6756756756756759,
      1.7297297297297298,
      1.7837837837837838,
      1.837837837837838,
      1.891891891891892,
      1.945945945945946
    ],
    "TaskName": "other",
    "UsePhilipsFloatNotDisplayScaling": 1,
    "WaterFatShift": 12,
    "dataset": "unknown",
    "modality": "bold",
    "session_id": "2",
    "subject_id": "23",
    "task_id": "other"
  },
  "dummy_trs": 0,
  "dvars_nstd": 24.9895410136207,
  "dvars_std": 1.2361150088122608,
  "dvars_vstd": 1.00946055710728,
  "efc": 0.39141137623816186,
  "fber": 75404840.0,
  "fd_mean": 0.2489353686887045,
  "fd_num": 285,
  "fd_perc": 54.493307839388144,
  "fwhm_avg": 2.5937630416074864,
  "fwhm_x": 2.56366,
  "fwhm_y": 2.87062,
  "fwhm_z": 2.3470091248224594,
  "gcor": 0.0189919,
  "gsr_x": -0.0013463462237268686,
  "gsr_y": 0.0024733804166316986,
  "provenance": {
    "md5sum": "72d791cf5bd537b84faa5fddf026d267",
    "settings": {
      "fd_thres": 0.2,
      "hmc_fsl": false
    },
    "software": "mriqc",
    "version": "0.15.0",
    "webapi_port": null,
    "webapi_url": "https://mriqc.nimh.nih.gov/api/v1"
  },
  "size_t": 523,
  "size_x": 80,
  "size_y": 80,
  "size_z": 37,
  "snr": 4.571003863753394,
  "spacing_tr": 2.0,
  "spacing_x": 3.0,
  "spacing_y": 3.0,
  "spacing_z": 3.299999952316284,
  "spikes_num": 4,
  "summary_bg_k": 88.88646661789247,
  "summary_bg_mad": 64.20741271972656,
  "summary_bg_mean": 3310.401611328125,
  "summary_bg_median": 44.23367691040039,
  "summary_bg_n": 155435.0,
  "summary_bg_p05": 0.41175444424152374,
  "summary_bg_p95": 10848.694824218728,
  "summary_bg_stdv": 19511.873046875,
  "summary_fg_k": 1.8033649348613459,
  "summary_fg_mad": 76827.890625,
  "summary_fg_mean": 418052.5,
  "summary_fg_median": 420289.0625,
  "summary_fg_n": 39717.0,
  "summary_fg_p05": 254933.16875,
  "summary_fg_p95": 554396.85,
  "summary_fg_stdv": 91945.6171875,
  "tsnr": 50.97122573852539
}