{
  "aor": 0.0019000664451827242,
  "aqi": 0.005849586877076412,
  "bids_meta": {
    "AcquisitionNumber": 4,
    "BIDSVersion": "1.1.0",
    "BidsifyVersion": "0.3.1",
    "ConversionSoftware": "dcm2niix",
    "ConversionSoftwareVersion": "v1.0.20181125  GCC5.4.0",
    "EchoTime": 0.02763,
    "FlipAngle": 76.1,
    "ImageComments": "HWW",
    "ImageOrientationPatientDICOM": [
      0.998512,
      0.0545261,
      -0.000959384,
      -0.0533784,
      0.973588,
      -0.221984
    ],
    "InstitutionName": "Spinoza Centre for Neuroimaging, location REC",
    "MagneticFieldStrength": 3,
    "Manufacturer": "Philips",
    "ParallelAcquisitionTechnique": "SENSE",
    "ParallelReductionFactorInPlane": 2,
    "PatientPosition": "HFS",
    "PhaseEncodingDirection": "j",
    "PhilipsRescaleIntercept": 0,
    "PhilipsRescaleSlope": 2.61661,
    "PhilipsScaleSlope": 0.00108095,
    "ProtocolName": "WIPPM_Zinnen1SENSE",
    "ReconMatrixPE": 80,
    "RepetitionTime": 2,
    "SeriesDescription": "ImageMRSERIES",
    "SeriesNumber": 4,
    "SliceEncodingDirection": "k",
    "SliceTiming": [
      0.0,
      0.05405405405405406,
      0.10810810810810811,
      0.16216216216216217,
      0.21621621621621623,
      0.2702702702702703,
      0.32432432432432434,
      0.3783783783783784,
      0.43243243243243246,
      0.4864864864864865,
      0.5405405405405406,
      0.5945945945945946,
      0.6486486486486487,
      0.7027027027027027,
      0.7567567567567568,
      0.8108108108108109,
      0.8648648648648649,
      0.918918918918919,
      0.972972972972973,
      1.0270270270270272,
      1.0810810810810811,
      1.135135135135135,
      1.1891891891891893,
      1.2432432432432434,
      1.2972972972972974,
      1.3513513513513513,
      1.4054054054054055,
      1.4594594594594597,
      1.5135135135135136,
      1.5675675675675675,
      1.6216216216216217,
      1.6756756756756759,
      1.7297297297297298,
      1.7837837837837838,
      1.837837837837838,
      1.891891891891892,
      1.945945945945946
    ],
    "TaskName": "self",
    "UsePhilipsFloatNotDisplayScaling": 1,
    "WaterFatShift": 12,
    "dataset": "unknown",
    "modality": "bold",
    "run_id": 1,
    "session_id": "2",
    "subject_id": "23",
    "task_id": "self"
  },
  "dummy_trs": 0,
  "dvars_nstd": 23.0565438301,
  "dvars_std": 1.2081229525666675,
  "dvars_vstd": 0.9954427038666669,
  "efc": 0.39183743195669296,
  "fber": 185866064.0,
  "fd_mean": 0.21863213939879272,
  "fd_num": 147,
  "fd_perc": 48.83720930232558,
  "fwhm_avg": 2.5527768798324666,
  "fwhm_x": 2.5231766666666666,
  "fwhm_y": 2.821126666666667,
  "fwhm_z": 2.314027306164067,
  "gcor": 0.0383381,
  "gsr_x": -0.0016170978778973222,
  "gsr_y": 0.0025454803835600615,
  "provenance": {
    "md5sum": "72f4a1d83af0bd0ebaca35593909fb40",
    "settings": {
      "fd_thres": 0.2,
      "hmc_fsl": false
    },
    "software": "mriqc",
    "version": "0.15.0",
    "webapi_port": null,
    "webapi_url": "https://mriqc.nimh.nih.gov/api/v1"
  },
  "size_t": 301,
  "size_x": 80,
  "size_y": 80,
  "size_z": 37,
  "snr": 4.708816946901083,
  "spacing_tr": 2.0,
  "spacing_x": 3.0,
  "spacing_y": 3.0,
  "spacing_z": 3.299999952316284,
  "spikes_num": 4,
  "summary_bg_k": 91.08624351881942,
  "summary_bg_mad": 41.090972900390625,
  "summary_bg_mean": 3334.511962890625,
  "summary_bg_median": 28.32514190673828,
  "summary_bg_n": 155468.0,
  "summary_bg_p05": 0.24402192831039432,
  "summary_bg_p95": 10970.600341796859,
  "summary_bg_stdv": 19919.708984375,
  "summary_fg_k": 1.9236234868624917,
  "summary_fg_mad": 74827.8359375,
  "summary_fg_mean": 417490.09375,
  "summary_fg_median": 420468.1875,
  "summary_fg_n": 39636.0,
  "summary_fg_p05": 259976.0234375,
  "summary_fg_p95": 548451.78125,
  "summary_fg_stdv": 89292.6796875,
  "tsnr": 62.6671257019043
}