{
  "aor": 0.0060522591362126245,
  "aqi": 0.009412447940199338,
  "bids_meta": {
    "AcquisitionNumber": 5,
    "BIDSVersion": "1.1.0",
    "BidsifyVersion": "0.3.1",
    "ConversionSoftware": "dcm2niix",
    "ConversionSoftwareVersion": "v1.0.20181125  GCC5.4.0",
    "EchoTime": 0.02763,
    "FlipAngle": 76.1,
    "ImageComments": "HWW",
    "ImageOrientationPatientDICOM": [
      0.998512,
      0.0545261,
      -0.000959384,
      -0.0533784,
      0.973588,
      -0.221984
    ],
    "InstitutionName": "Spinoza Centre for Neuroimaging, location REC",
    "MagneticFieldStrength": 3,
    "Manufacturer": "Philips",
    "ParallelAcquisitionTechnique": "SENSE",
    "ParallelReductionFactorInPlane": 2,
    "PatientPosition": "HFS",
    "PhaseEncodingDirection": "j",
    "PhilipsRescaleIntercept": 0,
    "PhilipsRescaleSlope": 2.52332,
    "PhilipsScaleSlope": 0.00108154,
    "ProtocolName": "WIPPM_Zinnen2SENSE",
    "ReconMatrixPE": 80,
    "RepetitionTime": 2,
    "SeriesDescription": "ImageMRSERIES",
    "SeriesNumber": 5,
    "SliceEncodingDirection": "k",
    "SliceTiming": [
      0.0,
      0.05405405405405406,
      0.10810810810810811,
      0.16216216216216217,
      0.21621621621621623,
      0.2702702702702703,
      0.32432432432432434,
      0.3783783783783784,
      0.43243243243243246,
      0.4864864864864865,
      0.5405405405405406,
      0.5945945945945946,
      0.6486486486486487,
      0.7027027027027027,
      0.7567567567567568,
      0.8108108108108109,
      0.8648648648648649,
      0.918918918918919,
      0.972972972972973,
      1.0270270270270272,
      1.0810810810810811,
      1.135135135135135,
      1.1891891891891893,
      1.2432432432432434,
      1.2972972972972974,
      1.3513513513513513,
      1.4054054054054055,
      1.4594594594594597,
      1.5135135135135136,
      1.5675675675675675,
      1.6216216216216217,
      1.6756756756756759,
      1.7297297297297298,
      1.7837837837837838,
      1.837837837837838,
      1.891891891891892,
      1.945945945945946
    ],
    "TaskName": "self",
    "UsePhilipsFloatNotDisplayScaling": 1,
    "WaterFatShift": 12,
    "dataset": "unknown",
    "modality": "bold",
    "run_id": 2,
    "session_id": "2",
    "subject_id": "23",
    "task_id": "self"
  },
  "dummy_trs": 0,
  "dvars_nstd": 24.955683409199995,
  "dvars_std": 1.249581247233333,
  "dvars_vstd": 1.2448163354666668,
  "efc": 0.39132352175704505,
  "fber": 111850392.0,
  "fd_mean": 0.2685797227895859,
  "fd_num": 182,
  "fd_perc": 60.46511627906977,
  "fwhm_avg": 2.5716078900529418,
  "fwhm_x": 2.5333433333333333,
  "fwhm_y": 2.8426500000000003,
  "fwhm_z": 2.3388303368254912,
  "gcor": 0.0191404,
  "gsr_x": -0.0018378077074885368,
  "gsr_y": 0.002154290210455656,
  "provenance": {
    "md5sum": "7132f7696ea2090065c2586390452555",
    "settings": {
      "fd_thres": 0.2,
      "hmc_fsl": false
    },
    "software": "mriqc",
    "version": "0.15.0",
    "webapi_port": null,
    "webapi_url": "https://mriqc.nimh.nih.gov/api/v1"
  },
  "size_t": 301,
  "size_x": 80,
  "size_y": 80,
  "size_z": 37,
  "snr": 4.722034226375636,
  "spacing_tr": 2.0,
  "spacing_x": 3.0,
  "spacing_y": 3.0,
  "spacing_z": 3.299999952316284,
  "spikes_num": 4,
  "summary_bg_k": 85.96218022868997,
  "summary_bg_mad": 50.668067932128906,
  "summary_bg_mean": 3509.117431640625,
  "summary_bg_median": 35.01920700073242,
  "summary_bg_n": 156115.0,
  "summary_bg_p05": 0.47210612893104564,
  "summary_bg_p95": 12751.712597656246,
  "summary_bg_stdv": 19366.6484375,
  "summary_fg_k": 1.777508202564058,
  "summary_fg_mad": 75075.671875,
  "summary_fg_mean": 419324.65625,
  "summary_fg_median": 421586.5625,
  "summary_fg_n": 39212.0,
  "summary_fg_p05": 260779.74296875,
  "summary_fg_p95": 550610.4781249999,
  "summary_fg_stdv": 89279.5703125,
  "tsnr": 50.03407287597656
}