{
  "bids_meta": {
    "AcquisitionNumber": 4,
    "BIDSVersion": "1.1.0",
    "BidsifyVersion": "0.3.1",
    "ConversionSoftware": "dcm2niix",
    "ConversionSoftwareVersion": "v1.0.20181125  GCC5.4.0",
    "EchoTime": 0.00372,
    "ImageComments": "PredictingMentalizing",
    "ImageOrientationPatientDICOM": [
      0.998896,
      -0.045751,
      0.0106419,
      0.045709,
      0.998946,
      0.00415599
    ],
    "InstitutionName": "Spinoza Centre for Neuroimaging, location REC",
    "MagneticFieldStrength": 3,
    "Manufacturer": "Philips",
    "ParallelAcquisitionTechnique": "SENSE",
    "PatientPosition": "HFS",
    "PhilipsRescaleIntercept": 0,
    "PhilipsRescaleSlope": 12.4891,
    "PhilipsScaleSlope": 0.00562633,
    "ProtocolName": "WIPsT13DTFE_P25_S2_3mSENSE",
    "ReconMatrixPE": 240,
    "RepetitionTime": 0.008107,
    "SeriesDescription": "ImageMRSERIES",
    "SeriesNumber": 4,
    "UsePhilipsFloatNotDisplayScaling": 1,
    "dataset": "unknown",
    "modality": "T1w",
    "session_id": "1",
    "subject_id": "24"
  },
  "cjv": 0.26529263382861956,
  "cnr": 4.773731712187366,
  "efc": 0.7606500859556666,
  "fber": 715.7355346679688,
  "fwhm_avg": 4.421313333333334,
  "fwhm_x": 4.1757,
  "fwhm_y": 4.43463,
  "fwhm_z": 4.65361,
  "icvs_csf": 0.2674952162589472,
  "icvs_gm": 0.39251525016455785,
  "icvs_wm": 0.33998953357649503,
  "inu_med": 1.904040813446045,
  "inu_range": 0.36793725490570095,
  "provenance": {
    "md5sum": "1d7c70ef89ff0cda58ebec8eb2e8f83d",
    "settings": {
      "testing": false
    },
    "software": "mriqc",
    "version": "0.15.0",
    "warnings": {
      "large_rot_frame": true,
      "small_air_mask": true
    },
    "webapi_port": null,
    "webapi_url": "https://mriqc.nimh.nih.gov/api/v1"
  },
  "qi_1": 0.0,
  "qi_2": 0.00034037349400080347,
  "rpve_csf": 28.391723219024176,
  "rpve_gm": 18.32671132761353,
  "rpve_wm": 27.336813931059893,
  "size_x": 240,
  "size_y": 240,
  "size_z": 220,
  "snr_csf": 3.3151561100541307,
  "snr_gm": 9.539554335814705,
  "snr_total": 11.567042187884873,
  "snr_wm": 21.846416117785783,
  "snrd_csf": 16.94780204271282,
  "snrd_gm": 35.63275187125627,
  "snrd_total": 36.71431955709514,
  "snrd_wm": 57.56240475731633,
  "spacing_x": 1.0,
  "spacing_y": 1.0,
  "spacing_z": 1.0,
  "summary_bg_k": 6.24672400105406,
  "summary_bg_mad": 11.381329536437988,
  "summary_bg_mean": 12.075182914733887,
  "summary_bg_median": 8.112730979919434,
  "summary_bg_n": 51751.0,
  "summary_bg_p05": 0.0,
  "summary_bg_p95": 24.42190170288086,
  "summary_bg_stdv": 7.946498394012451,
  "summary_csf_k": 5.565071037240942,
  "summary_csf_mad": 84.82485961914062,
  "summary_csf_mean": 280.62384033203125,
  "summary_csf_median": 294.42498779296875,
  "summary_csf_n": 12920.0,
  "summary_csf_p05": 114.20651550292969,
  "summary_csf_p95": 400.1469848632812,
  "summary_csf_stdv": 88.80836486816406,
  "summary_gm_k": 0.7973847216563716,
  "summary_gm_mad": 60.50535583496094,
  "summary_gm_mean": 623.3192749023438,
  "summary_gm_median": 619.0285034179688,
  "summary_gm_n": 18667.0,
  "summary_gm_p05": 527.7446044921876,
  "summary_gm_p95": 737.4896423339844,
  "summary_gm_stdv": 64.88897705078125,
  "summary_wm_k": 1.0240594186156846,
  "summary_wm_mad": 40.56370544433594,
  "summary_wm_mean": 996.1021728515625,
  "summary_wm_median": 1000.00048828125,
  "summary_wm_n": 153456.0,
  "summary_wm_p05": 913.5968475341797,
  "summary_wm_p95": 1064.0635681152344,
  "summary_wm_stdv": 45.77397155761719,
  "tpm_overlap_csf": 0.21208184957504272,
  "tpm_overlap_gm": 0.5053972005844116,
  "tpm_overlap_wm": 0.5942159295082092,
  "wm2max": 0.7444288464125651
}