{
    "Manufacturer": "Philips",
    "PatientPosition": "HFS",
    "SeriesDescription": "ImageMRSERIES",
    "ProtocolName": "WIPsT13DTFE_P25_S2_3mSENSE",
    "SeriesNumber": 4,
    "AcquisitionNumber": 4,
    "ImageComments": "PredictingMentalizing",
    "PhilipsRescaleSlope": 12.9013,
    "PhilipsRescaleIntercept": 0,
    "PhilipsScaleSlope": 0.00555547,
    "UsePhilipsFloatNotDisplayScaling": 1,
    "EchoTime": 0.00373,
    "RepetitionTime": 0.008123,
    "ReconMatrixPE": 240,
    "ImageOrientationPatientDICOM": [
        0.997407,
        0.0713367,
        0.00947512,
        -0.0713201,
        0.997451,
        -0.00207735
    ],
    "ConversionSoftware": "dcm2niix",
    "ConversionSoftwareVersion": "v1.0.20181125  GCC5.4.0",
    "BidsifyVersion": "0.3.1",
    "MagneticFieldStrength": 3,
    "ParallelAcquisitionTechnique": "SENSE",
    "BIDSVersion": "1.1.0",
    "InstitutionName": "Spinoza Centre for Neuroimaging, location REC"
}