{
    "Manufacturer": "Philips",
    "PatientPosition": "HFS",
    "SeriesDescription": "ImageMRSERIES",
    "ProtocolName": "WIPsT13DTFE_P25_S2_3mSENSE",
    "SeriesNumber": 5,
    "AcquisitionNumber": 5,
    "ImageComments": "PredictingMentalizing",
    "PhilipsRescaleSlope": 13.3924,
    "PhilipsRescaleIntercept": 0,
    "PhilipsScaleSlope": 0.00549825,
    "UsePhilipsFloatNotDisplayScaling": 1,
    "EchoTime": 0.00374,
    "RepetitionTime": 0.008153,
    "ReconMatrixPE": 240,
    "ImageOrientationPatientDICOM": [
        0.998373,
        0.0445992,
        -0.0355173,
        -0.0448121,
        0.998982,
        -0.00521939
    ],
    "ConversionSoftware": "dcm2niix",
    "ConversionSoftwareVersion": "v1.0.20181125  GCC5.4.0",
    "BidsifyVersion": "0.3.1",
    "MagneticFieldStrength": 3,
    "ParallelAcquisitionTechnique": "SENSE",
    "BIDSVersion": "1.1.0",
    "InstitutionName": "Spinoza Centre for Neuroimaging, location REC"
}