{
  "aor": 0.0005372466539196941,
  "aqi": 0.004835059923518165,
  "bids_meta": {
    "AcquisitionNumber": 4,
    "BIDSVersion": "1.1.0",
    "BidsifyVersion": "0.3.1",
    "ConversionSoftware": "dcm2niix",
    "ConversionSoftwareVersion": "v1.0.20181125  GCC5.4.0",
    "EchoTime": 0.02763,
    "FlipAngle": 76.1,
    "ImageComments": "HWW",
    "ImageOrientationPatientDICOM": [
      0.99499,
      0.0984773,
      0.0172453,
      -0.0903761,
      0.959722,
      -0.266019
    ],
    "InstitutionName": "Spinoza Centre for Neuroimaging, location REC",
    "MagneticFieldStrength": 3,
    "Manufacturer": "Philips",
    "ParallelAcquisitionTechnique": "SENSE",
    "ParallelReductionFactorInPlane": 2,
    "PatientPosition": "HFS",
    "PhaseEncodingDirection": "j",
    "PhilipsRescaleIntercept": 0,
    "PhilipsRescaleSlope": 2.1978,
    "PhilipsScaleSlope": 0.00115444,
    "ProtocolName": "WIPPM_HWWSENSE",
    "ReconMatrixPE": 80,
    "RepetitionTime": 2,
    "SeriesDescription": "ImageMRSERIES",
    "SeriesNumber": 4,
    "SliceEncodingDirection": "k",
    "SliceTiming": [
      0.0,
      0.05405405405405406,
      0.10810810810810811,
      0.16216216216216217,
      0.21621621621621623,
      0.2702702702702703,
      0.32432432432432434,
      0.3783783783783784,
      0.43243243243243246,
      0.4864864864864865,
      0.5405405405405406,
      0.5945945945945946,
      0.6486486486486487,
      0.7027027027027027,
      0.7567567567567568,
      0.8108108108108109,
      0.8648648648648649,
      0.918918918918919,
      0.972972972972973,
      1.0270270270270272,
      1.0810810810810811,
      1.135135135135135,
      1.1891891891891893,
      1.2432432432432434,
      1.2972972972972974,
      1.3513513513513513,
      1.4054054054054055,
      1.4594594594594597,
      1.5135135135135136,
      1.5675675675675675,
      1.6216216216216217,
      1.6756756756756759,
      1.7297297297297298,
      1.7837837837837838,
      1.837837837837838,
      1.891891891891892,
      1.945945945945946
    ],
    "TaskName": "other",
    "UsePhilipsFloatNotDisplayScaling": 1,
    "WaterFatShift": 12,
    "dataset": "unknown",
    "modality": "bold",
    "session_id": "1",
    "subject_id": "23",
    "task_id": "other"
  },
  "dummy_trs": 0,
  "dvars_nstd": 24.788986914808422,
  "dvars_std": 1.336578756858238,
  "dvars_vstd": 0.9861206375095783,
  "efc": 0.3932075888758553,
  "fber": 246977936.0,
  "fd_mean": 0.17513305682309654,
  "fd_num": 172,
  "fd_perc": 32.88718929254302,
  "fwhm_avg": 2.5192778897339263,
  "fwhm_x": 2.49525,
  "fwhm_y": 2.789986666666667,
  "fwhm_z": 2.2725970025351123,
  "gcor": 0.0298516,
  "gsr_x": -0.00040024073678068817,
  "gsr_y": 0.0022399728186428547,
  "provenance": {
    "md5sum": "2f405b403b0c24273b44226f8985267f",
    "settings": {
      "fd_thres": 0.2,
      "hmc_fsl": false
    },
    "software": "mriqc",
    "version": "0.15.0",
    "webapi_port": null,
    "webapi_url": "https://mriqc.nimh.nih.gov/api/v1"
  },
  "size_t": 523,
  "size_x": 80,
  "size_y": 80,
  "size_z": 37,
  "snr": 4.933608547633602,
  "spacing_tr": 2.0,
  "spacing_x": 3.0,
  "spacing_y": 3.0,
  "spacing_z": 3.299999952316284,
  "spikes_num": 1,
  "summary_bg_k": 84.39314556056284,
  "summary_bg_mad": 34.22760772705078,
  "summary_bg_mean": 3305.216064453125,
  "summary_bg_median": 23.627395629882812,
  "summary_bg_n": 155560.0,
  "summary_bg_p05": 0.15651116296648981,
  "summary_bg_p95": 10748.151464843648,
  "summary_bg_stdv": 19864.7578125,
  "summary_fg_k": 2.152321448504111,
  "summary_fg_mad": 68513.2265625,
  "summary_fg_mean": 401139.0625,
  "summary_fg_median": 402348.90625,
  "summary_fg_n": 39652.0,
  "summary_fg_p05": 261497.94140625,
  "summary_fg_p95": 520202.3656249999,
  "summary_fg_stdv": 81551.6328125,
  "tsnr": 70.89386749267578
}