{
  "aor": 0.000941860465116279,
  "aqi": 0.004610136578073089,
  "bids_meta": {
    "AcquisitionNumber": 5,
    "BIDSVersion": "1.1.0",
    "BidsifyVersion": "0.3.1",
    "ConversionSoftware": "dcm2niix",
    "ConversionSoftwareVersion": "v1.0.20181125  GCC5.4.0",
    "EchoTime": 0.02763,
    "FlipAngle": 76.1,
    "ImageComments": "HWW",
    "ImageOrientationPatientDICOM": [
      0.99499,
      0.0984773,
      0.0172453,
      -0.0903761,
      0.959722,
      -0.266019
    ],
    "InstitutionName": "Spinoza Centre for Neuroimaging, location REC",
    "MagneticFieldStrength": 3,
    "Manufacturer": "Philips",
    "ParallelAcquisitionTechnique": "SENSE",
    "ParallelReductionFactorInPlane": 2,
    "PatientPosition": "HFS",
    "PhaseEncodingDirection": "j",
    "PhilipsRescaleIntercept": 0,
    "PhilipsRescaleSlope": 2.20781,
    "PhilipsScaleSlope": 0.00114108,
    "ProtocolName": "WIPPM_Zinnen1SENSE",
    "ReconMatrixPE": 80,
    "RepetitionTime": 2,
    "SeriesDescription": "ImageMRSERIES",
    "SeriesNumber": 5,
    "SliceEncodingDirection": "k",
    "SliceTiming": [
      0.0,
      0.05405405405405406,
      0.10810810810810811,
      0.16216216216216217,
      0.21621621621621623,
      0.2702702702702703,
      0.32432432432432434,
      0.3783783783783784,
      0.43243243243243246,
      0.4864864864864865,
      0.5405405405405406,
      0.5945945945945946,
      0.6486486486486487,
      0.7027027027027027,
      0.7567567567567568,
      0.8108108108108109,
      0.8648648648648649,
      0.918918918918919,
      0.972972972972973,
      1.0270270270270272,
      1.0810810810810811,
      1.135135135135135,
      1.1891891891891893,
      1.2432432432432434,
      1.2972972972972974,
      1.3513513513513513,
      1.4054054054054055,
      1.4594594594594597,
      1.5135135135135136,
      1.5675675675675675,
      1.6216216216216217,
      1.6756756756756759,
      1.7297297297297298,
      1.7837837837837838,
      1.837837837837838,
      1.891891891891892,
      1.945945945945946
    ],
    "TaskName": "self",
    "UsePhilipsFloatNotDisplayScaling": 1,
    "WaterFatShift": 12,
    "dataset": "unknown",
    "modality": "bold",
    "run_id": 1,
    "session_id": "1",
    "subject_id": "23",
    "task_id": "self"
  },
  "dummy_trs": 0,
  "dvars_nstd": 24.38330584193332,
  "dvars_std": 1.3183382564999995,
  "dvars_vstd": 0.9970723846,
  "efc": 0.39460713873401604,
  "fber": 374421504.0,
  "fd_mean": 0.1841508546499514,
  "fd_num": 106,
  "fd_perc": 35.21594684385382,
  "fwhm_avg": 2.511506374573639,
  "fwhm_x": 2.48257,
  "fwhm_y": 2.7811733333333333,
  "fwhm_z": 2.2707757903875843,
  "gcor": 0.0262884,
  "gsr_x": -0.0004967364948242903,
  "gsr_y": 0.001603961456567049,
  "provenance": {
    "md5sum": "d661954747e0d224592b855e25d04b26",
    "settings": {
      "fd_thres": 0.2,
      "hmc_fsl": false
    },
    "software": "mriqc",
    "version": "0.15.0",
    "webapi_port": null,
    "webapi_url": "https://mriqc.nimh.nih.gov/api/v1"
  },
  "size_t": 301,
  "size_x": 80,
  "size_y": 80,
  "size_z": 37,
  "snr": 4.900256247073732,
  "spacing_tr": 2.0,
  "spacing_x": 3.0,
  "spacing_y": 3.0,
  "spacing_z": 3.299999952316284,
  "spikes_num": 1,
  "summary_bg_k": 85.42530404415588,
  "summary_bg_mad": 27.334402084350586,
  "summary_bg_mean": 3413.146484375,
  "summary_bg_median": 18.82220458984375,
  "summary_bg_n": 155421.0,
  "summary_bg_p05": 0.1676543951034546,
  "summary_bg_p95": 12268.6005859375,
  "summary_bg_stdv": 20107.07421875,
  "summary_fg_k": 2.2059720000561525,
  "summary_fg_mad": 69016.8984375,
  "summary_fg_mean": 405053.3125,
  "summary_fg_median": 406249.4375,
  "summary_fg_n": 39815.0,
  "summary_fg_p05": 265589.915625,
  "summary_fg_p95": 526742.35,
  "summary_fg_stdv": 82902.671875,
  "tsnr": 73.6512451171875
}