{
  "bids_meta": {
    "AcquisitionNumber": 3,
    "BIDSVersion": "1.1.0",
    "BidsifyVersion": "0.3.1",
    "ConversionSoftware": "dcm2niix",
    "ConversionSoftwareVersion": "v1.0.20181125  GCC5.4.0",
    "EchoTime": 0.00373,
    "ImageComments": "HWW",
    "ImageOrientationPatientDICOM": [
      0.998274,
      0.0325381,
      -0.0488863,
      -0.0325929,
      0.999469,
      -0.000324782
    ],
    "InstitutionName": "Spinoza Centre for Neuroimaging, location REC",
    "MagneticFieldStrength": 3,
    "Manufacturer": "Philips",
    "ParallelAcquisitionTechnique": "SENSE",
    "PatientPosition": "HFS",
    "PhilipsRescaleIntercept": 0,
    "PhilipsRescaleSlope": 14.5709,
    "PhilipsScaleSlope": 0.000287939,
    "ProtocolName": "WIPsT13DTFE_P25_S2_3mSENSE",
    "ReconMatrixPE": 240,
    "RepetitionTime": 0.008197,
    "SeriesDescription": "ImageMRSERIES",
    "SeriesNumber": 3,
    "UsePhilipsFloatNotDisplayScaling": 1,
    "dataset": "unknown",
    "modality": "T1w",
    "session_id": "1",
    "subject_id": "02"
  },
  "cjv": 0.33310728180411325,
  "cnr": 3.8506493969171776,
  "efc": 0.7660298706599178,
  "fber": 1656.12158203125,
  "fwhm_avg": 3.906313488954116,
  "fwhm_x": 3.88629,
  "fwhm_y": 4.014010239253654,
  "fwhm_z": 3.818640227608694,
  "icvs_csf": 0.21756119553033348,
  "icvs_gm": 0.4232828221858359,
  "icvs_wm": 0.3591559822838306,
  "inu_med": 2.7032558917999268,
  "inu_range": 0.85886549949646,
  "provenance": {
    "md5sum": "a98f5095cad7c50bd044f7cd43d9e6ad",
    "settings": {
      "testing": false
    },
    "software": "mriqc",
    "version": "0.15.0",
    "warnings": {
      "large_rot_frame": true,
      "small_air_mask": true
    },
    "webapi_port": null,
    "webapi_url": "https://mriqc.nimh.nih.gov/api/v1"
  },
  "qi_1": 0.0,
  "qi_2": 2.4945755127555648e-05,
  "rpve_csf": 22.126039362606583,
  "rpve_gm": 12.190517371253936,
  "rpve_wm": 17.95351251602562,
  "size_x": 240,
  "size_y": 240,
  "size_z": 220,
  "snr_csf": 1.4603798814010125,
  "snr_gm": 7.2455892483421716,
  "snr_total": 8.888261446748585,
  "snr_wm": 17.958815210502568,
  "snrd_csf": 10.399078807470339,
  "snrd_gm": 26.575487917483457,
  "snrd_total": 26.855176613083,
  "snrd_wm": 43.5909631142952,
  "spacing_x": 1.0,
  "spacing_y": 0.9999999403953552,
  "spacing_z": 0.9999999403953552,
  "summary_bg_k": 1.525754975991477,
  "summary_bg_mad": 15.028942108154297,
  "summary_bg_mean": 10.685020446777344,
  "summary_bg_median": 10.13686752319336,
  "summary_bg_n": 69150.0,
  "summary_bg_p05": 0.0,
  "summary_bg_p95": 30.546147346496582,
  "summary_bg_stdv": 9.79794692993164,
  "summary_csf_k": 78.71322206978357,
  "summary_csf_mad": 137.68960571289062,
  "summary_csf_mean": 251.07180786132812,
  "summary_csf_median": 238.55667114257812,
  "summary_csf_n": 8484.0,
  "summary_csf_p05": 68.64853706359864,
  "summary_csf_p95": 441.4026657104492,
  "summary_csf_stdv": 163.3428497314453,
  "summary_gm_k": 0.5173873248255196,
  "summary_gm_mad": 78.85201263427734,
  "summary_gm_mean": 614.5863037109375,
  "summary_gm_median": 609.6463012695312,
  "summary_gm_n": 21719.0,
  "summary_gm_p05": 486.0482513427734,
  "summary_gm_p95": 764.7293457031247,
  "summary_gm_stdv": 84.13839721679688,
  "summary_wm_k": 0.8120960296752466,
  "summary_wm_mad": 51.172401428222656,
  "summary_wm_mean": 998.478271484375,
  "summary_wm_median": 999.9842529296875,
  "summary_wm_n": 250224.0,
  "summary_wm_p05": 904.8795898437501,
  "summary_wm_p95": 1086.4716369628904,
  "summary_wm_stdv": 55.68197250366211,
  "tpm_overlap_csf": 0.21697388589382172,
  "tpm_overlap_gm": 0.5121253728866577,
  "tpm_overlap_wm": 0.5596069693565369,
  "wm2max": 0.6633367254351699
}