{
  "aor": 0.000979847036328872,
  "aqi": 0.006045669349904397,
  "bids_meta": {
    "AcquisitionNumber": 4,
    "BIDSVersion": "1.1.0",
    "BidsifyVersion": "0.3.1",
    "ConversionSoftware": "dcm2niix",
    "ConversionSoftwareVersion": "v1.0.20181125  GCC5.4.0",
    "EchoTime": 0.02763,
    "FlipAngle": 76.1,
    "ImageComments": "HWW",
    "ImageOrientationPatientDICOM": [
      0.999883,
      0.0108052,
      0.0108317,
      -0.00540994,
      0.911932,
      -0.410306
    ],
    "InstitutionName": "Spinoza Centre for Neuroimaging, location REC",
    "MagneticFieldStrength": 3,
    "Manufacturer": "Philips",
    "ParallelAcquisitionTechnique": "SENSE",
    "ParallelReductionFactorInPlane": 2,
    "PatientPosition": "HFS",
    "PhaseEncodingDirection": "j",
    "PhilipsRescaleIntercept": 0,
    "PhilipsRescaleSlope": 2.14872,
    "PhilipsScaleSlope": 0.00109431,
    "ProtocolName": "WIPHWWSENSE",
    "ReconMatrixPE": 80,
    "RepetitionTime": 2,
    "SeriesDescription": "ImageMRSERIES",
    "SeriesNumber": 4,
    "SliceEncodingDirection": "k",
    "SliceTiming": [
      0.0,
      0.05405405405405406,
      0.10810810810810811,
      0.16216216216216217,
      0.21621621621621623,
      0.2702702702702703,
      0.32432432432432434,
      0.3783783783783784,
      0.43243243243243246,
      0.4864864864864865,
      0.5405405405405406,
      0.5945945945945946,
      0.6486486486486487,
      0.7027027027027027,
      0.7567567567567568,
      0.8108108108108109,
      0.8648648648648649,
      0.918918918918919,
      0.972972972972973,
      1.0270270270270272,
      1.0810810810810811,
      1.135135135135135,
      1.1891891891891893,
      1.2432432432432434,
      1.2972972972972974,
      1.3513513513513513,
      1.4054054054054055,
      1.4594594594594597,
      1.5135135135135136,
      1.5675675675675675,
      1.6216216216216217,
      1.6756756756756759,
      1.7297297297297298,
      1.7837837837837838,
      1.837837837837838,
      1.891891891891892,
      1.945945945945946
    ],
    "TaskName": "other",
    "UsePhilipsFloatNotDisplayScaling": 1,
    "WaterFatShift": 12,
    "dataset": "unknown",
    "modality": "bold",
    "session_id": "2",
    "subject_id": "21",
    "task_id": "other"
  },
  "dummy_trs": 0,
  "dvars_nstd": 18.963921665536404,
  "dvars_std": 1.2100893760727967,
  "dvars_vstd": 1.0094805877394637,
  "efc": 0.4015554673453177,
  "fber": 1050556928.0,
  "fd_mean": 0.17638327653922467,
  "fd_num": 175,
  "fd_perc": 33.460803059273424,
  "fwhm_avg": 2.5199776883158207,
  "fwhm_x": 2.44021,
  "fwhm_y": 2.72212,
  "fwhm_z": 2.397603064947462,
  "gcor": 0.0140782,
  "gsr_x": -0.00821580272167921,
  "gsr_y": 0.004934143275022507,
  "provenance": {
    "md5sum": "acda8e7d854f418bf2e1efad166c120b",
    "settings": {
      "fd_thres": 0.2,
      "hmc_fsl": false
    },
    "software": "mriqc",
    "version": "0.15.0",
    "webapi_port": null,
    "webapi_url": "https://mriqc.nimh.nih.gov/api/v1"
  },
  "size_t": 523,
  "size_x": 80,
  "size_y": 80,
  "size_z": 37,
  "snr": 5.0110874532277725,
  "spacing_tr": 2.0,
  "spacing_x": 3.0,
  "spacing_y": 3.0,
  "spacing_z": 3.299999952316284,
  "spikes_num": 2,
  "summary_bg_k": 102.24219451270855,
  "summary_bg_mad": 19.42702865600586,
  "summary_bg_mean": 3056.621826171875,
  "summary_bg_median": 13.45132827758789,
  "summary_bg_n": 153738.0,
  "summary_bg_p05": 0.12199539802968502,
  "summary_bg_p95": 13929.046582031213,
  "summary_bg_stdv": 16358.8193359375,
  "summary_fg_k": 1.88303209053029,
  "summary_fg_mad": 82059.4375,
  "summary_fg_mean": 482113.03125,
  "summary_fg_median": 476443.0625,
  "summary_fg_n": 41782.0,
  "summary_fg_p05": 340409.6765625,
  "summary_fg_p95": 636650.1031249998,
  "summary_fg_stdv": 95076.640625,
  "tsnr": 70.92005920410156
}