{
    "Manufacturer": "Philips",
    "PatientPosition": "HFS",
    "SeriesDescription": "ImageMRSERIES",
    "ProtocolName": "WIPsT13DTFE_P25_S2_3mSENSE",
    "SeriesNumber": 2,
    "AcquisitionNumber": 2,
    "ImageComments": "PredictingMentalizing",
    "PhilipsRescaleSlope": 13.2735,
    "PhilipsRescaleIntercept": 0,
    "PhilipsScaleSlope": 0.00549976,
    "UsePhilipsFloatNotDisplayScaling": 1,
    "EchoTime": 0.00378,
    "RepetitionTime": 0.00822,
    "ReconMatrixPE": 240,
    "ImageOrientationPatientDICOM": [
        0.997393,
        0.0688803,
        -0.021504,
        -0.0702693,
        0.994895,
        -0.0724282
    ],
    "ConversionSoftware": "dcm2niix",
    "ConversionSoftwareVersion": "v1.0.20181125  GCC5.4.0",
    "BidsifyVersion": "0.3.1",
    "MagneticFieldStrength": 3,
    "ParallelAcquisitionTechnique": "SENSE",
    "BIDSVersion": "1.1.0",
    "InstitutionName": "Spinoza Centre for Neuroimaging, location REC"
}