{
  "bids_meta": {
    "AcquisitionNumber": 4,
    "BIDSVersion": "1.1.0",
    "BidsifyVersion": "0.3.1",
    "ConversionSoftware": "dcm2niix",
    "ConversionSoftwareVersion": "v1.0.20181125  GCC5.4.0",
    "EchoTime": 0.00374,
    "ImageComments": "PredictingMentalizing",
    "ImageOrientationPatientDICOM": [
      0.998368,
      0.0512397,
      0.025197,
      -0.0509246,
      0.998618,
      -0.0129939
    ],
    "InstitutionName": "Spinoza Centre for Neuroimaging, location REC",
    "MagneticFieldStrength": 3,
    "Manufacturer": "Philips",
    "ParallelAcquisitionTechnique": "SENSE",
    "PatientPosition": "HFS",
    "PhilipsRescaleIntercept": 0,
    "PhilipsRescaleSlope": 14.2005,
    "PhilipsScaleSlope": 0.00515985,
    "ProtocolName": "WIPsT13DTFE_P25_S2_3mSENSE",
    "ReconMatrixPE": 240,
    "RepetitionTime": 0.008157,
    "SeriesDescription": "ImageMRSERIES",
    "SeriesNumber": 4,
    "UsePhilipsFloatNotDisplayScaling": 1,
    "dataset": "unknown",
    "modality": "T1w",
    "session_id": "1",
    "subject_id": "12"
  },
  "cjv": 0.2561188423304476,
  "cnr": 4.826362092195012,
  "efc": 0.7863185860518641,
  "fber": 587.6577758789062,
  "fwhm_avg": 4.189656666666667,
  "fwhm_x": 3.81425,
  "fwhm_y": 4.35101,
  "fwhm_z": 4.40371,
  "icvs_csf": 0.23816406266892992,
  "icvs_gm": 0.41240860903446147,
  "icvs_wm": 0.3494273282966086,
  "inu_med": 1.651149034500122,
  "inu_range": 0.3611212968826294,
  "provenance": {
    "md5sum": "a0d8342d456bc13886777d60446d3726",
    "settings": {
      "testing": false
    },
    "software": "mriqc",
    "version": "0.15.0",
    "warnings": {
      "large_rot_frame": true,
      "small_air_mask": true
    },
    "webapi_port": null,
    "webapi_url": "https://mriqc.nimh.nih.gov/api/v1"
  },
  "qi_1": 0.0,
  "qi_2": 0.0004518706842787593,
  "rpve_csf": 22.37980757220503,
  "rpve_gm": 13.11176747836443,
  "rpve_wm": 19.715802641941327,
  "size_x": 240,
  "size_y": 240,
  "size_z": 220,
  "snr_csf": 1.1654700208203455,
  "snr_gm": 8.625816885149307,
  "snr_total": 10.757354073928655,
  "snr_wm": 22.480775315816317,
  "snrd_csf": 109.39626843679913,
  "snrd_gm": 301.6008033335004,
  "snrd_total": 304.6291591404418,
  "snrd_wm": 502.8904056510259,
  "spacing_x": 1.0,
  "spacing_y": 1.0,
  "spacing_z": 1.0,
  "summary_bg_k": 15.732851559064361,
  "summary_bg_mad": 0.3027322292327881,
  "summary_bg_mean": 13.108695030212402,
  "summary_bg_median": 9.529038429260254,
  "summary_bg_n": 26378.0,
  "summary_bg_p05": 0.0,
  "summary_bg_p95": 28.56031084060669,
  "summary_bg_stdv": 8.077438354492188,
  "summary_csf_k": 78.45648863869496,
  "summary_csf_mad": 112.52900695800781,
  "summary_csf_mean": 240.5513458251953,
  "summary_csf_median": 217.5334014892578,
  "summary_csf_n": 13393.0,
  "summary_csf_p05": 80.15944976806641,
  "summary_csf_p95": 408.7757385253906,
  "summary_csf_stdv": 186.6416778564453,
  "summary_gm_k": 0.6669217068942563,
  "summary_gm_mad": 64.47120666503906,
  "summary_gm_mean": 602.1543579101562,
  "summary_gm_median": 599.730224609375,
  "summary_gm_n": 33418.0,
  "summary_gm_p05": 492.3835418701172,
  "summary_gm_p95": 720.41484375,
  "summary_gm_stdv": 69.52631378173828,
  "summary_wm_k": 1.528518108329072,
  "summary_wm_mad": 38.04353332519531,
  "summary_wm_mean": 996.7208251953125,
  "summary_wm_median": 999.9926147460938,
  "summary_wm_n": 218569.0,
  "summary_wm_p05": 917.07021484375,
  "summary_wm_p95": 1062.8510498046876,
  "summary_wm_stdv": 44.48202133178711,
  "tpm_overlap_csf": 0.2163897305727005,
  "tpm_overlap_gm": 0.5062646269798279,
  "tpm_overlap_wm": 0.573689877986908,
  "wm2max": 0.7238131138888299
}