{
  "bids_meta": {
    "AcquisitionNumber": 3,
    "BIDSVersion": "1.1.0",
    "BidsifyVersion": "0.3.1",
    "ConversionSoftware": "dcm2niix",
    "ConversionSoftwareVersion": "v1.0.20181125  GCC5.4.0",
    "EchoTime": 0.00373,
    "ImageComments": "HWW",
    "ImageOrientationPatientDICOM": [
      0.999879,
      -0.0155405,
      -0.00018433,
      0.0155328,
      0.998842,
      0.04554
    ],
    "InstitutionName": "Spinoza Centre for Neuroimaging, location REC",
    "MagneticFieldStrength": 3,
    "Manufacturer": "Philips",
    "ParallelAcquisitionTechnique": "SENSE",
    "PatientPosition": "HFS",
    "PhilipsRescaleIntercept": 0,
    "PhilipsRescaleSlope": 13.7885,
    "PhilipsScaleSlope": 0.000280665,
    "ProtocolName": "WIPsT13DTFE_P25_S2_3mSENSE",
    "ReconMatrixPE": 240,
    "RepetitionTime": 0.008132,
    "SeriesDescription": "ImageMRSERIES",
    "SeriesNumber": 3,
    "UsePhilipsFloatNotDisplayScaling": 1,
    "dataset": "unknown",
    "modality": "T1w",
    "session_id": "1",
    "subject_id": "01"
  },
  "cjv": 0.3362742522762864,
  "cnr": 3.8073839931587496,
  "efc": 0.742043011221926,
  "fber": 2945.72900390625,
  "fwhm_avg": 4.048503495198498,
  "fwhm_x": 3.99857,
  "fwhm_y": 4.273080254695431,
  "fwhm_z": 3.873860230900063,
  "icvs_csf": 0.2210509627869445,
  "icvs_gm": 0.40079401287954525,
  "icvs_wm": 0.3781550243335102,
  "inu_med": 2.395808696746826,
  "inu_range": 0.6091842651367188,
  "provenance": {
    "md5sum": "23536a9b1bc781d7d6ad16c4c53b4ae2",
    "settings": {
      "testing": false
    },
    "software": "mriqc",
    "version": "0.15.0",
    "warnings": {
      "large_rot_frame": true,
      "small_air_mask": true
    },
    "webapi_port": null,
    "webapi_url": "https://mriqc.nimh.nih.gov/api/v1"
  },
  "qi_1": 2.317236265409621e-05,
  "qi_2": 1.665420850989314e-05,
  "rpve_csf": 24.738765191567065,
  "rpve_gm": 13.96487619039087,
  "rpve_wm": 19.617527200360023,
  "size_x": 240,
  "size_y": 240,
  "size_z": 220,
  "snr_csf": 2.3800588349882394,
  "snr_gm": 6.8392122112430735,
  "snr_total": 9.343158113843659,
  "snr_wm": 18.810203295299665,
  "snrd_csf": 15.214772456476874,
  "snrd_gm": 34.81479909409022,
  "snrd_total": 35.840353113532466,
  "snrd_wm": 57.4914877900303,
  "spacing_x": 1.0,
  "spacing_y": 0.9999999403953552,
  "spacing_z": 0.9999999403953552,
  "summary_bg_k": 4.131748212687097,
  "summary_bg_mad": 11.39509391784668,
  "summary_bg_mean": 8.807584762573242,
  "summary_bg_median": 7.685873985290527,
  "summary_bg_n": 151417.0,
  "summary_bg_p05": 0.0,
  "summary_bg_p95": 23.433845138549803,
  "summary_bg_stdv": 8.1705904006958,
  "summary_csf_k": 21.819703593568914,
  "summary_csf_mad": 105.10282897949219,
  "summary_csf_mean": 254.6361846923828,
  "summary_csf_median": 264.6376647949219,
  "summary_csf_n": 9037.0,
  "summary_csf_p05": 78.09483184814454,
  "summary_csf_p95": 410.6330444335937,
  "summary_csf_stdv": 111.18339538574219,
  "summary_gm_k": 0.41100828103773424,
  "summary_gm_mad": 84.6268310546875,
  "summary_gm_mean": 612.6476440429688,
  "summary_gm_median": 605.5501098632812,
  "summary_gm_n": 18198.0,
  "summary_gm_p05": 479.6435455322266,
  "summary_gm_p95": 771.764498901367,
  "summary_gm_stdv": 88.53848266601562,
  "summary_wm_k": 0.8756357488632207,
  "summary_wm_mad": 48.008567810058594,
  "summary_wm_mean": 998.1388549804688,
  "summary_wm_median": 999.9763793945312,
  "summary_wm_n": 232299.0,
  "summary_wm_p05": 907.6100036621094,
  "summary_wm_p95": 1081.8063598632812,
  "summary_wm_stdv": 53.1612663269043,
  "tpm_overlap_csf": 0.2224072813987732,
  "tpm_overlap_gm": 0.5106486082077026,
  "tpm_overlap_wm": 0.5700103044509888,
  "wm2max": 0.8457483059045533
}