{
  "aor": 0.0007149904397705546,
  "aqi": 0.006063520172084129,
  "bids_meta": {
    "AcquisitionNumber": 3,
    "BIDSVersion": "1.1.0",
    "BidsifyVersion": "0.3.1",
    "ConversionSoftware": "dcm2niix",
    "ConversionSoftwareVersion": "v1.0.20181125  GCC5.4.0",
    "EchoTime": 0.02763,
    "FlipAngle": 76.1,
    "ImageComments": "HWW",
    "ImageOrientationPatientDICOM": [
      0.999393,
      0.0130566,
      -0.0322904,
      -0.0205853,
      0.969253,
      -0.245202
    ],
    "InstitutionName": "Spinoza Centre for Neuroimaging, location REC",
    "MagneticFieldStrength": 3,
    "Manufacturer": "Philips",
    "ParallelAcquisitionTechnique": "SENSE",
    "ParallelReductionFactorInPlane": 2,
    "PatientPosition": "HFS",
    "PhaseEncodingDirection": "j",
    "PhilipsRescaleIntercept": 0,
    "PhilipsRescaleSlope": 3.19707,
    "PhilipsScaleSlope": 0.00115118,
    "ProtocolName": "WIPPM_HWWSENSE",
    "ReconMatrixPE": 80,
    "RepetitionTime": 2,
    "SeriesDescription": "ImageMRSERIES",
    "SeriesNumber": 3,
    "SliceEncodingDirection": "k",
    "SliceTiming": [
      0.0,
      0.05405405405405406,
      0.10810810810810811,
      0.16216216216216217,
      0.21621621621621623,
      0.2702702702702703,
      0.32432432432432434,
      0.3783783783783784,
      0.43243243243243246,
      0.4864864864864865,
      0.5405405405405406,
      0.5945945945945946,
      0.6486486486486487,
      0.7027027027027027,
      0.7567567567567568,
      0.8108108108108109,
      0.8648648648648649,
      0.918918918918919,
      0.972972972972973,
      1.0270270270270272,
      1.0810810810810811,
      1.135135135135135,
      1.1891891891891893,
      1.2432432432432434,
      1.2972972972972974,
      1.3513513513513513,
      1.4054054054054055,
      1.4594594594594597,
      1.5135135135135136,
      1.5675675675675675,
      1.6216216216216217,
      1.6756756756756759,
      1.7297297297297298,
      1.7837837837837838,
      1.837837837837838,
      1.891891891891892,
      1.945945945945946
    ],
    "TaskName": "other",
    "UsePhilipsFloatNotDisplayScaling": 1,
    "WaterFatShift": 12,
    "dataset": "unknown",
    "modality": "bold",
    "session_id": "2",
    "subject_id": "01",
    "task_id": "other"
  },
  "dummy_trs": 0,
  "dvars_nstd": 22.876340023812254,
  "dvars_std": 1.1988948226245213,
  "dvars_vstd": 0.9690998136206896,
  "efc": 0.40760664237441613,
  "fber": 76258736.0,
  "fd_mean": 0.21613939533527454,
  "fd_num": 256,
  "fd_perc": 48.94837476099426,
  "fwhm_avg": 2.66563506240197,
  "fwhm_x": 2.5750266666666666,
  "fwhm_y": 2.9518633333333333,
  "fwhm_z": 2.4700151872059095,
  "gcor": 0.0164522,
  "gsr_x": -0.004077398218214512,
  "gsr_y": 0.004078935366123915,
  "provenance": {
    "md5sum": "9f0b018feaf7e161ac373dfa93971175",
    "settings": {
      "fd_thres": 0.2,
      "hmc_fsl": false
    },
    "software": "mriqc",
    "version": "0.15.0",
    "webapi_port": null,
    "webapi_url": "https://mriqc.nimh.nih.gov/api/v1"
  },
  "size_t": 523,
  "size_x": 80,
  "size_y": 80,
  "size_z": 37,
  "snr": 4.690760482802506,
  "spacing_tr": 2.0,
  "spacing_x": 3.0,
  "spacing_y": 3.0,
  "spacing_z": 3.299999952316284,
  "spikes_num": 0,
  "summary_bg_k": 99.10996748992542,
  "summary_bg_mad": 57.56401062011719,
  "summary_bg_mean": 2892.690185546875,
  "summary_bg_median": 39.304561614990234,
  "summary_bg_n": 152068.0,
  "summary_bg_p05": 0.1842759057879448,
  "summary_bg_p95": 10589.38437499996,
  "summary_bg_stdv": 16180.7744140625,
  "summary_fg_k": 1.2172069739523357,
  "summary_fg_mad": 72732.8125,
  "summary_fg_mean": 380434.75,
  "summary_fg_median": 380695.3125,
  "summary_fg_n": 42850.0,
  "summary_fg_p05": 243953.40234375,
  "summary_fg_p95": 507497.69062499993,
  "summary_fg_stdv": 81157.6015625,
  "tsnr": 59.615333557128906
}