{
  "aor": 0.00017411960132890367,
  "aqi": 0.0030595595348837205,
  "bids_meta": {
    "AcquisitionNumber": 5,
    "BIDSVersion": "1.1.0",
    "BidsifyVersion": "0.3.1",
    "ConversionSoftware": "dcm2niix",
    "ConversionSoftwareVersion": "v1.0.20181125  GCC5.4.0",
    "EchoTime": 0.02763,
    "FlipAngle": 76.1,
    "ImageComments": "HWW",
    "ImageOrientationPatientDICOM": [
      0.999393,
      0.0130566,
      -0.0322904,
      -0.0205853,
      0.969253,
      -0.245202
    ],
    "InstitutionName": "Spinoza Centre for Neuroimaging, location REC",
    "MagneticFieldStrength": 3,
    "Manufacturer": "Philips",
    "ParallelAcquisitionTechnique": "SENSE",
    "ParallelReductionFactorInPlane": 2,
    "PatientPosition": "HFS",
    "PhaseEncodingDirection": "j",
    "PhilipsRescaleIntercept": 0,
    "PhilipsRescaleSlope": 2.36825,
    "PhilipsScaleSlope": 0.00115232,
    "ProtocolName": "WIPPM_Zinnen2SENSE",
    "ReconMatrixPE": 80,
    "RepetitionTime": 2,
    "SeriesDescription": "ImageMRSERIES",
    "SeriesNumber": 5,
    "SliceEncodingDirection": "k",
    "SliceTiming": [
      0.0,
      0.05405405405405406,
      0.10810810810810811,
      0.16216216216216217,
      0.21621621621621623,
      0.2702702702702703,
      0.32432432432432434,
      0.3783783783783784,
      0.43243243243243246,
      0.4864864864864865,
      0.5405405405405406,
      0.5945945945945946,
      0.6486486486486487,
      0.7027027027027027,
      0.7567567567567568,
      0.8108108108108109,
      0.8648648648648649,
      0.918918918918919,
      0.972972972972973,
      1.0270270270270272,
      1.0810810810810811,
      1.135135135135135,
      1.1891891891891893,
      1.2432432432432434,
      1.2972972972972974,
      1.3513513513513513,
      1.4054054054054055,
      1.4594594594594597,
      1.5135135135135136,
      1.5675675675675675,
      1.6216216216216217,
      1.6756756756756759,
      1.7297297297297298,
      1.7837837837837838,
      1.837837837837838,
      1.891891891891892,
      1.945945945945946
    ],
    "TaskName": "self",
    "UsePhilipsFloatNotDisplayScaling": 1,
    "WaterFatShift": 12,
    "dataset": "unknown",
    "modality": "bold",
    "run_id": 2,
    "session_id": "2",
    "subject_id": "01",
    "task_id": "self"
  },
  "dummy_trs": 0,
  "dvars_nstd": 22.66846757276668,
  "dvars_std": 1.255491402533333,
  "dvars_vstd": 0.9865284652333333,
  "efc": 0.40681076267030686,
  "fber": 460001376.0,
  "fd_mean": 0.18238425813517958,
  "fd_num": 113,
  "fd_perc": 37.541528239202655,
  "fwhm_avg": 2.632588193516368,
  "fwhm_x": 2.543903333333333,
  "fwhm_y": 2.9251066666666667,
  "fwhm_z": 2.428754580549104,
  "gcor": 0.0249404,
  "gsr_x": -0.003927530720829964,
  "gsr_y": 0.005078130401670933,
  "provenance": {
    "md5sum": "7865d65716c3f6454d9b0f073dc6821c",
    "settings": {
      "fd_thres": 0.2,
      "hmc_fsl": false
    },
    "software": "mriqc",
    "version": "0.15.0",
    "webapi_port": null,
    "webapi_url": "https://mriqc.nimh.nih.gov/api/v1"
  },
  "size_t": 301,
  "size_x": 80,
  "size_y": 80,
  "size_z": 37,
  "snr": 4.766425359807546,
  "spacing_tr": 2.0,
  "spacing_x": 3.0,
  "spacing_y": 3.0,
  "spacing_z": 3.299999952316284,
  "spikes_num": 1,
  "summary_bg_k": 100.75235075346352,
  "summary_bg_mad": 22.78877067565918,
  "summary_bg_mean": 2792.37451171875,
  "summary_bg_median": 15.610240936279297,
  "summary_bg_n": 152157.0,
  "summary_bg_p05": 0.11511755883693696,
  "summary_bg_p95": 10001.998632812416,
  "summary_bg_stdv": 16156.9453125,
  "summary_fg_k": 1.166370921864698,
  "summary_fg_mad": 71465.8984375,
  "summary_fg_mean": 376885.15625,
  "summary_fg_median": 376517.5625,
  "summary_fg_n": 42748.0,
  "summary_fg_p05": 245261.54296875,
  "summary_fg_p95": 501482.8359375,
  "summary_fg_stdv": 78992.7734375,
  "tsnr": 78.98904418945312
}