{
  "aor": 0.0003781395348837209,
  "aqi": 0.003403546478405316,
  "bids_meta": {
    "AcquisitionNumber": 4,
    "BIDSVersion": "1.1.0",
    "BidsifyVersion": "0.3.1",
    "ConversionSoftware": "dcm2niix",
    "ConversionSoftwareVersion": "v1.0.20181125  GCC5.4.0",
    "EchoTime": 0.02763,
    "FlipAngle": 76.1,
    "ImageComments": "HWW",
    "ImageOrientationPatientDICOM": [
      0.999393,
      0.0130566,
      -0.0322904,
      -0.0205853,
      0.969253,
      -0.245202
    ],
    "InstitutionName": "Spinoza Centre for Neuroimaging, location REC",
    "MagneticFieldStrength": 3,
    "Manufacturer": "Philips",
    "ParallelAcquisitionTechnique": "SENSE",
    "ParallelReductionFactorInPlane": 2,
    "PatientPosition": "HFS",
    "PhaseEncodingDirection": "j",
    "PhilipsRescaleIntercept": 0,
    "PhilipsRescaleSlope": 2.49182,
    "PhilipsScaleSlope": 0.00114937,
    "ProtocolName": "WIPPM_Zinnen1SENSE",
    "ReconMatrixPE": 80,
    "RepetitionTime": 2,
    "SeriesDescription": "ImageMRSERIES",
    "SeriesNumber": 4,
    "SliceEncodingDirection": "k",
    "SliceTiming": [
      0.0,
      0.05405405405405406,
      0.10810810810810811,
      0.16216216216216217,
      0.21621621621621623,
      0.2702702702702703,
      0.32432432432432434,
      0.3783783783783784,
      0.43243243243243246,
      0.4864864864864865,
      0.5405405405405406,
      0.5945945945945946,
      0.6486486486486487,
      0.7027027027027027,
      0.7567567567567568,
      0.8108108108108109,
      0.8648648648648649,
      0.918918918918919,
      0.972972972972973,
      1.0270270270270272,
      1.0810810810810811,
      1.135135135135135,
      1.1891891891891893,
      1.2432432432432434,
      1.2972972972972974,
      1.3513513513513513,
      1.4054054054054055,
      1.4594594594594597,
      1.5135135135135136,
      1.5675675675675675,
      1.6216216216216217,
      1.6756756756756759,
      1.7297297297297298,
      1.7837837837837838,
      1.837837837837838,
      1.891891891891892,
      1.945945945945946
    ],
    "TaskName": "self",
    "UsePhilipsFloatNotDisplayScaling": 1,
    "WaterFatShift": 12,
    "dataset": "unknown",
    "modality": "bold",
    "run_id": 1,
    "session_id": "2",
    "subject_id": "01",
    "task_id": "self"
  },
  "dummy_trs": 0,
  "dvars_nstd": 22.57463589343333,
  "dvars_std": 1.273993047000001,
  "dvars_vstd": 0.991698445199999,
  "efc": 0.40598159799665595,
  "fber": 428996128.0,
  "fd_mean": 0.15306286430949845,
  "fd_num": 75,
  "fd_perc": 24.916943521594686,
  "fwhm_avg": 2.6280250622089874,
  "fwhm_x": 2.54101,
  "fwhm_y": 2.913116666666667,
  "fwhm_z": 2.4299485199602953,
  "gcor": 0.0260552,
  "gsr_x": -0.004322387278079987,
  "gsr_y": 0.005650897044688463,
  "provenance": {
    "md5sum": "88e1d71f66d50378ae741a2cba35c87b",
    "settings": {
      "fd_thres": 0.2,
      "hmc_fsl": false
    },
    "software": "mriqc",
    "version": "0.15.0",
    "webapi_port": null,
    "webapi_url": "https://mriqc.nimh.nih.gov/api/v1"
  },
  "size_t": 301,
  "size_x": 80,
  "size_y": 80,
  "size_z": 37,
  "snr": 4.753208320934281,
  "spacing_tr": 2.0,
  "spacing_x": 3.0,
  "spacing_y": 3.0,
  "spacing_z": 3.299999952316284,
  "spikes_num": 0,
  "summary_bg_k": 99.38209247223672,
  "summary_bg_mad": 24.08069610595703,
  "summary_bg_mean": 2820.8056640625,
  "summary_bg_median": 16.33090591430664,
  "summary_bg_n": 152507.0,
  "summary_bg_p05": 0.054796222969889646,
  "summary_bg_p95": 10336.668847656201,
  "summary_bg_stdv": 16187.705078125,
  "summary_fg_k": 1.3042568021445389,
  "summary_fg_mad": 71808.5859375,
  "summary_fg_mean": 379332.125,
  "summary_fg_median": 379162.6875,
  "summary_fg_n": 42521.0,
  "summary_fg_p05": 247104.875,
  "summary_fg_p95": 504625.15625,
  "summary_fg_stdv": 79768.90625,
  "tsnr": 75.57014465332031
}