{
  "bids_meta": {
    "AcquisitionNumber": 2,
    "BIDSVersion": "1.1.0",
    "BidsifyVersion": "0.3.1",
    "ConversionSoftware": "dcm2niix",
    "ConversionSoftwareVersion": "v1.0.20181125  GCC5.4.0",
    "EchoTime": 0.00373,
    "ImageComments": "PredictingMentalizing",
    "ImageOrientationPatientDICOM": [
      0.998642,
      0.0324203,
      0.0407752,
      -0.031907,
      0.999404,
      -0.0131768
    ],
    "InstitutionName": "Spinoza Centre for Neuroimaging, location REC",
    "MagneticFieldStrength": 3,
    "Manufacturer": "Philips",
    "ParallelAcquisitionTechnique": "SENSE",
    "PatientPosition": "HFS",
    "PhilipsRescaleIntercept": 0,
    "PhilipsRescaleSlope": 13.0379,
    "PhilipsScaleSlope": 0.00539864,
    "ProtocolName": "WIPsT13DTFE_P25_S2_3mSENSE",
    "ReconMatrixPE": 240,
    "RepetitionTime": 0.008152,
    "SeriesDescription": "ImageMRSERIES",
    "SeriesNumber": 2,
    "UsePhilipsFloatNotDisplayScaling": 1,
    "dataset": "unknown",
    "modality": "T1w",
    "session_id": "1",
    "subject_id": "10"
  },
  "cjv": 0.28262939851067753,
  "cnr": 4.329399604908641,
  "efc": 0.7826731715522773,
  "fber": 441.4151306152344,
  "fwhm_avg": 4.478186666666667,
  "fwhm_x": 4.1881,
  "fwhm_y": 4.53524,
  "fwhm_z": 4.71122,
  "icvs_csf": 0.244178060222826,
  "icvs_gm": 0.40539082751613315,
  "icvs_wm": 0.35043111226104084,
  "inu_med": 0.6363410949707031,
  "inu_range": 0.2596489429473877,
  "provenance": {
    "md5sum": "406a2a71e975e60253092cee911dbcbf",
    "settings": {
      "testing": false
    },
    "software": "mriqc",
    "version": "0.15.0",
    "warnings": {
      "large_rot_frame": true,
      "small_air_mask": true
    },
    "webapi_port": null,
    "webapi_url": "https://mriqc.nimh.nih.gov/api/v1"
  },
  "qi_1": 0.0,
  "qi_2": 0.0002563504682139407,
  "rpve_csf": 24.41026753237659,
  "rpve_gm": 14.80255675415351,
  "rpve_wm": 22.00554429234748,
  "size_x": 240,
  "size_y": 240,
  "size_z": 220,
  "snr_csf": 2.2952345600870623,
  "snr_gm": 8.144604016188262,
  "snr_total": 10.679859464517952,
  "snr_wm": 21.59973981727853,
  "snrd_csf": 11.33281935705544,
  "snrd_gm": 22.7837517574987,
  "snrd_total": 23.784080896227746,
  "snrd_wm": 37.23567157412909,
  "spacing_x": 1.0,
  "spacing_y": 1.0,
  "spacing_z": 1.0,
  "summary_bg_k": 543.6633871028557,
  "summary_bg_mad": 17.59442138671875,
  "summary_bg_mean": 17.908376693725586,
  "summary_bg_median": 12.455902099609375,
  "summary_bg_n": 68540.0,
  "summary_bg_p05": 0.0,
  "summary_bg_p95": 37.135443878173824,
  "summary_bg_stdv": 15.795257568359375,
  "summary_csf_k": 37.65843381599791,
  "summary_csf_mad": 140.11416625976562,
  "summary_csf_mean": 290.72186279296875,
  "summary_csf_median": 304.3555603027344,
  "summary_csf_n": 13903.0,
  "summary_csf_p05": 89.75940399169922,
  "summary_csf_p95": 471.8311157226562,
  "summary_csf_stdv": 132.59848022460938,
  "summary_gm_k": 0.45680223998058134,
  "summary_gm_mad": 69.52674865722656,
  "summary_gm_mean": 618.2619018554688,
  "summary_gm_median": 611.8831787109375,
  "summary_gm_n": 22619.0,
  "summary_gm_p05": 505.6101989746094,
  "summary_gm_p95": 753.2355590820312,
  "summary_gm_stdv": 75.12577056884766,
  "summary_wm_k": 1.451104975881285,
  "summary_wm_mad": 40.1680793762207,
  "summary_wm_mean": 997.7872314453125,
  "summary_wm_median": 1000.0056762695312,
  "summary_wm_n": 199775.0,
  "summary_wm_p05": 917.3155578613281,
  "summary_wm_p95": 1068.1265991210937,
  "summary_wm_stdv": 46.297000885009766,
  "tpm_overlap_csf": 0.22570644319057465,
  "tpm_overlap_gm": 0.5183730721473694,
  "tpm_overlap_wm": 0.5836985111236572,
  "wm2max": 0.60281740703684
}