{
  "bids_meta": {
    "AcquisitionNumber": 5,
    "BIDSVersion": "1.1.0",
    "BidsifyVersion": "0.3.1",
    "ConversionSoftware": "dcm2niix",
    "ConversionSoftwareVersion": "v1.0.20181125  GCC5.4.0",
    "EchoTime": 0.00378,
    "ImageComments": "PredictingMentalizing",
    "ImageOrientationPatientDICOM": [
      0.997111,
      0.0751265,
      -0.0111687,
      -0.0742732,
      0.995218,
      0.0634471
    ],
    "InstitutionName": "Spinoza Centre for Neuroimaging, location REC",
    "MagneticFieldStrength": 3,
    "Manufacturer": "Philips",
    "ParallelAcquisitionTechnique": "SENSE",
    "PatientPosition": "HFS",
    "PhilipsRescaleIntercept": 0,
    "PhilipsRescaleSlope": 13.6469,
    "PhilipsScaleSlope": 0.0056162,
    "ProtocolName": "WIPsT13DTFE_P25_S2_3mSENSE",
    "ReconMatrixPE": 240,
    "RepetitionTime": 0.008207,
    "SeriesDescription": "ImageMRSERIES",
    "SeriesNumber": 5,
    "UsePhilipsFloatNotDisplayScaling": 1,
    "dataset": "unknown",
    "modality": "T1w",
    "session_id": "1",
    "subject_id": "04"
  },
  "cjv": 0.2882567249103079,
  "cnr": 4.347512067870664,
  "efc": 0.7786112875927959,
  "fber": 215.87567138671875,
  "fwhm_avg": 4.359610179017396,
  "fwhm_x": 4.06859,
  "fwhm_y": 4.456360265619771,
  "fwhm_z": 4.5538802714324165,
  "icvs_csf": 0.24425100327849722,
  "icvs_gm": 0.4106891330427289,
  "icvs_wm": 0.3450598636787739,
  "inu_med": 0.766828179359436,
  "inu_range": 0.2572813510894775,
  "provenance": {
    "md5sum": "a658a16f34cb6b01e423e9dc5391839b",
    "settings": {
      "testing": false
    },
    "software": "mriqc",
    "version": "0.15.0",
    "warnings": {
      "large_rot_frame": true,
      "small_air_mask": true
    },
    "webapi_port": null,
    "webapi_url": "https://mriqc.nimh.nih.gov/api/v1"
  },
  "qi_1": 0.0,
  "qi_2": 0.00023054471767146266,
  "rpve_csf": 27.708291708291707,
  "rpve_gm": 16.515443211923813,
  "rpve_wm": 24.88179507119257,
  "size_x": 240,
  "size_y": 240,
  "size_z": 220,
  "snr_csf": 1.9992581076980105,
  "snr_gm": 8.934583577526375,
  "snr_total": 10.909860273027741,
  "snr_wm": 21.795739133858834,
  "snrd_csf": 9.593347611519809,
  "snrd_gm": 25.41193836502918,
  "snrd_total": 25.122646794492727,
  "snrd_wm": 40.3626544069292,
  "spacing_x": 1.0,
  "spacing_y": 0.9999999403953552,
  "spacing_z": 0.9999999403953552,
  "summary_bg_k": 10.903754224470733,
  "summary_bg_mad": 16.231319427490234,
  "summary_bg_mean": 18.01332664489746,
  "summary_bg_median": 11.233420372009277,
  "summary_bg_n": 54468.0,
  "summary_bg_p05": 0.0,
  "summary_bg_p95": 43.83061370849609,
  "summary_bg_stdv": 13.739872932434082,
  "summary_csf_k": -0.9961660651328952,
  "summary_csf_mad": 152.0373992919922,
  "summary_csf_mean": 241.81057739257812,
  "summary_csf_median": 237.6798095703125,
  "summary_csf_n": 7705.0,
  "summary_csf_p05": 78.2865478515625,
  "summary_csf_p95": 440.9333129882813,
  "summary_csf_stdv": 118.87628936767578,
  "summary_gm_k": 0.37868208039655693,
  "summary_gm_mad": 67.80435180664062,
  "summary_gm_mean": 633.7789916992188,
  "summary_gm_median": 629.593017578125,
  "summary_gm_n": 20574.0,
  "summary_gm_p05": 527.1258239746094,
  "summary_gm_p95": 756.4908752441406,
  "summary_gm_stdv": 70.46525573730469,
  "summary_wm_k": 1.3055368689259028,
  "summary_wm_mad": 38.96916580200195,
  "summary_wm_mean": 995.7420043945312,
  "summary_wm_median": 1000.0042114257812,
  "summary_wm_n": 164541.0,
  "summary_wm_p05": 909.1898193359375,
  "summary_wm_p95": 1062.01513671875,
  "summary_wm_stdv": 45.88058090209961,
  "tpm_overlap_csf": 0.22045187652111053,
  "tpm_overlap_gm": 0.5129817724227905,
  "tpm_overlap_wm": 0.5816894173622131,
  "wm2max": 0.6959598772909287
}