{
  "bids_meta": {
    "AcquisitionNumber": 4,
    "BIDSVersion": "1.1.0",
    "BidsifyVersion": "0.3.1",
    "ConversionSoftware": "dcm2niix",
    "ConversionSoftwareVersion": "v1.0.20181125  GCC5.4.0",
    "EchoTime": 0.00374,
    "ImageComments": "PredictingMentalizing",
    "ImageOrientationPatientDICOM": [
      0.999616,
      0.0212528,
      -0.0177819,
      -0.020939,
      0.999625,
      0.0176542
    ],
    "InstitutionName": "Spinoza Centre for Neuroimaging, location REC",
    "MagneticFieldStrength": 3,
    "Manufacturer": "Philips",
    "ParallelAcquisitionTechnique": "SENSE",
    "PatientPosition": "HFS",
    "PhilipsRescaleIntercept": 0,
    "PhilipsRescaleSlope": 11.841,
    "PhilipsScaleSlope": 0.00520489,
    "ProtocolName": "WIPsT13DTFE_P25_S2_3mSENSE",
    "ReconMatrixPE": 240,
    "RepetitionTime": 0.008176,
    "SeriesDescription": "ImageMRSERIES",
    "SeriesNumber": 4,
    "UsePhilipsFloatNotDisplayScaling": 1,
    "dataset": "unknown",
    "modality": "T1w",
    "session_id": "1",
    "subject_id": "16"
  },
  "cjv": 0.2939992460661327,
  "cnr": 4.342154372656216,
  "efc": 0.7574277322527257,
  "fber": 365.679443359375,
  "fwhm_avg": 4.449636666666667,
  "fwhm_x": 4.14984,
  "fwhm_y": 4.50566,
  "fwhm_z": 4.69341,
  "icvs_csf": 0.2577183991734613,
  "icvs_gm": 0.38848007961468667,
  "icvs_wm": 0.35380152121185204,
  "inu_med": 1.768519401550293,
  "inu_range": 0.29007402062416077,
  "provenance": {
    "md5sum": "318f0ed0069a942dcc5d0ba1cc1359d4",
    "settings": {
      "testing": false
    },
    "software": "mriqc",
    "version": "0.15.0",
    "warnings": {
      "large_rot_frame": true,
      "small_air_mask": true
    },
    "webapi_port": null,
    "webapi_url": "https://mriqc.nimh.nih.gov/api/v1"
  },
  "qi_1": 0.0,
  "qi_2": 6.592814075066439e-05,
  "rpve_csf": 24.72667250834408,
  "rpve_gm": 15.667894373706329,
  "rpve_wm": 22.477763074826925,
  "size_x": 240,
  "size_y": 240,
  "size_z": 220,
  "snr_csf": 2.457867765379212,
  "snr_gm": 9.166445606630287,
  "snr_total": 11.677593085217557,
  "snr_wm": 23.408465883643174,
  "snrd_csf": 13.849905698444553,
  "snrd_gm": 37.96846186108792,
  "snrd_total": 37.019684932914394,
  "snrd_wm": 59.24068723921071,
  "spacing_x": 1.0,
  "spacing_y": 1.0,
  "spacing_z": 1.0,
  "summary_bg_k": 25.656902556446695,
  "summary_bg_mad": 11.058804512023926,
  "summary_bg_mean": 11.870377540588379,
  "summary_bg_median": 7.646612167358398,
  "summary_bg_n": 84119.0,
  "summary_bg_p05": 0.0,
  "summary_bg_p95": 30.36033611297607,
  "summary_bg_stdv": 11.188333511352539,
  "summary_csf_k": -0.1739929159281033,
  "summary_csf_mad": 106.52970886230469,
  "summary_csf_mean": 243.5735321044922,
  "summary_csf_median": 233.78857421875,
  "summary_csf_n": 17630.0,
  "summary_csf_p05": 107.78991317749023,
  "summary_csf_p95": 402.715409851074,
  "summary_csf_stdv": 95.11575317382812,
  "summary_gm_k": 0.4144602372322259,
  "summary_gm_mad": 67.16991424560547,
  "summary_gm_mean": 643.3343505859375,
  "summary_gm_median": 640.91357421875,
  "summary_gm_n": 21441.0,
  "summary_gm_p05": 535.6412963867188,
  "summary_gm_p95": 765.8474731445312,
  "summary_gm_stdv": 69.91790008544922,
  "summary_wm_k": 0.8555611380605836,
  "summary_wm_mad": 38.39889144897461,
  "summary_wm_mean": 997.4541015625,
  "summary_wm_median": 999.9920654296875,
  "summary_wm_n": 202760.0,
  "summary_wm_p05": 922.216162109375,
  "summary_wm_p95": 1062.613946533203,
  "summary_wm_stdv": 42.71914291381836,
  "tpm_overlap_csf": 0.22596509754657745,
  "tpm_overlap_gm": 0.49288463592529297,
  "tpm_overlap_wm": 0.5808525681495667,
  "wm2max": 0.7540086811773435
}