{
  "bids_meta": {
    "AcquisitionNumber": 3,
    "BIDSVersion": "1.1.0",
    "BidsifyVersion": "0.3.1",
    "ConversionSoftware": "dcm2niix",
    "ConversionSoftwareVersion": "v1.0.20181125  GCC5.4.0",
    "EchoTime": 0.00381,
    "ImageComments": "HWW",
    "ImageOrientationPatientDICOM": [
      0.995485,
      0.0940405,
      0.0128867,
      -0.0948023,
      0.991792,
      0.0857989
    ],
    "InstitutionName": "Spinoza Centre for Neuroimaging, location REC",
    "MagneticFieldStrength": 3,
    "Manufacturer": "Philips",
    "ParallelAcquisitionTechnique": "SENSE",
    "PatientPosition": "HFS",
    "PhilipsRescaleIntercept": 0,
    "PhilipsRescaleSlope": 13.5382,
    "PhilipsScaleSlope": 0.000280935,
    "ProtocolName": "WIPsT13DTFE_P25_S2_3mSENSE",
    "ReconMatrixPE": 240,
    "RepetitionTime": 0.008252,
    "SeriesDescription": "ImageMRSERIES",
    "SeriesNumber": 3,
    "UsePhilipsFloatNotDisplayScaling": 1,
    "dataset": "unknown",
    "modality": "T1w",
    "session_id": "1",
    "subject_id": "23"
  },
  "cjv": 0.3410679741460057,
  "cnr": 3.821727334137348,
  "efc": 0.742857495729064,
  "fber": 746.4513549804688,
  "fwhm_avg": 3.75851,
  "fwhm_x": 3.7452,
  "fwhm_y": 3.89357,
  "fwhm_z": 3.63676,
  "icvs_csf": 0.20002048026630848,
  "icvs_gm": 0.446801677627342,
  "icvs_wm": 0.3531778421063495,
  "inu_med": 4.331714630126953,
  "inu_range": 1.134726643562317,
  "provenance": {
    "md5sum": "414f46f3d94dd34d7bb6454186d4e68e",
    "settings": {
      "testing": false
    },
    "software": "mriqc",
    "version": "0.15.0",
    "warnings": {
      "large_rot_frame": true,
      "small_air_mask": true
    },
    "webapi_port": null,
    "webapi_url": "https://mriqc.nimh.nih.gov/api/v1"
  },
  "qi_1": 0.00044950896859278296,
  "qi_2": 1.2038296060570562e-05,
  "rpve_csf": 29.70648132838888,
  "rpve_gm": 14.805063117323408,
  "rpve_wm": 22.564996759025487,
  "size_x": 240,
  "size_y": 240,
  "size_z": 220,
  "snr_csf": 0.9772626376785378,
  "snr_gm": 7.12766584115597,
  "snr_total": 8.415177380251759,
  "snr_wm": 17.140603661920768,
  "snrd_csf": 12.7329243418587,
  "snrd_gm": 32.063351781383695,
  "snrd_total": 32.604097569437066,
  "snrd_wm": 53.0160165850688,
  "spacing_x": 1.0,
  "spacing_y": 1.0,
  "spacing_z": 1.0,
  "summary_bg_k": 3.0873243942871644,
  "summary_bg_mad": 12.35722827911377,
  "summary_bg_mean": 10.33922004699707,
  "summary_bg_median": 8.334823608398438,
  "summary_bg_n": 236560.0,
  "summary_bg_p05": 0.0,
  "summary_bg_p95": 25.565708827972408,
  "summary_bg_stdv": 9.54769515991211,
  "summary_csf_k": 75.282463481586,
  "summary_csf_mad": 120.53502655029297,
  "summary_csf_mean": 265.9767150878906,
  "summary_csf_median": 240.1693115234375,
  "summary_csf_n": 8121.0,
  "summary_csf_p05": 78.72491455078125,
  "summary_csf_p95": 447.8902893066406,
  "summary_csf_stdv": 245.74205017089844,
  "summary_gm_k": 0.17591754342679877,
  "summary_gm_mad": 82.095703125,
  "summary_gm_mean": 609.3380126953125,
  "summary_gm_median": 604.7811889648438,
  "summary_gm_n": 23456.0,
  "summary_gm_p05": 474.8193054199219,
  "summary_gm_p95": 756.2914123535156,
  "summary_gm_stdv": 84.84801483154297,
  "summary_wm_k": 0.9083076855512004,
  "summary_wm_mad": 52.6979866027832,
  "summary_wm_mean": 996.7996215820312,
  "summary_wm_median": 999.9918212890625,
  "summary_wm_n": 183555.0,
  "summary_wm_p05": 894.5712646484375,
  "summary_wm_p95": 1086.0227905273437,
  "summary_wm_stdv": 58.34036636352539,
  "tpm_overlap_csf": 0.23140321671962738,
  "tpm_overlap_gm": 0.5391718149185181,
  "tpm_overlap_wm": 0.5827019810676575,
  "wm2max": 0.7203574948925674
}