{
  "aor": 0.001951827242524917,
  "aqi": 0.00465208996677741,
  "bids_meta": {
    "AcquisitionNumber": 3,
    "BIDSVersion": "1.1.0",
    "BidsifyVersion": "0.3.1",
    "ConversionSoftware": "dcm2niix",
    "ConversionSoftwareVersion": "v1.0.20181125  GCC5.4.0",
    "EchoTime": 0.02762,
    "FlipAngle": 76.1,
    "ImageComments": "PredictingMentalizing",
    "ImageOrientationPatientDICOM": [
      0.998897,
      0.0355169,
      -0.0307059,
      -0.0444862,
      0.925075,
      -0.377171
    ],
    "InstitutionName": "Spinoza Centre for Neuroimaging, location REC",
    "MagneticFieldStrength": 3,
    "Manufacturer": "Philips",
    "ParallelAcquisitionTechnique": "SENSE",
    "ParallelReductionFactorInPlane": 2,
    "PatientPosition": "HFS",
    "PhaseEncodingDirection": "j",
    "PhilipsRescaleIntercept": 0,
    "PhilipsRescaleSlope": 0.80317,
    "PhilipsScaleSlope": 0.0632917,
    "ProtocolName": "WIPPM_Zinnen1SENSE",
    "ReconMatrixPE": 80,
    "RepetitionTime": 2,
    "SeriesDescription": "ImageMRSERIES",
    "SeriesNumber": 3,
    "SliceEncodingDirection": "k",
    "SliceTiming": [
      0.0,
      0.05405405405405406,
      0.10810810810810811,
      0.16216216216216217,
      0.21621621621621623,
      0.2702702702702703,
      0.32432432432432434,
      0.3783783783783784,
      0.43243243243243246,
      0.4864864864864865,
      0.5405405405405406,
      0.5945945945945946,
      0.6486486486486487,
      0.7027027027027027,
      0.7567567567567568,
      0.8108108108108109,
      0.8648648648648649,
      0.918918918918919,
      0.972972972972973,
      1.0270270270270272,
      1.0810810810810811,
      1.135135135135135,
      1.1891891891891893,
      1.2432432432432434,
      1.2972972972972974,
      1.3513513513513513,
      1.4054054054054055,
      1.4594594594594597,
      1.5135135135135136,
      1.5675675675675675,
      1.6216216216216217,
      1.6756756756756759,
      1.7297297297297298,
      1.7837837837837838,
      1.837837837837838,
      1.891891891891892,
      1.945945945945946
    ],
    "TaskName": "self",
    "UsePhilipsFloatNotDisplayScaling": 1,
    "WaterFatShift": 12,
    "dataset": "unknown",
    "modality": "bold",
    "run_id": 1,
    "session_id": "1",
    "subject_id": "05",
    "task_id": "self"
  },
  "dummy_trs": 0,
  "dvars_nstd": 18.540802856999992,
  "dvars_std": 1.1918791787333327,
  "dvars_vstd": 1.0391564091999996,
  "efc": 0.35327130130365675,
  "fber": 1053570176.0,
  "fd_mean": 0.1166143688230568,
  "fd_num": 18,
  "fd_perc": 5.980066445182724,
  "fwhm_avg": 2.560188193115793,
  "fwhm_x": 2.5214633333333336,
  "fwhm_y": 2.8135133333333333,
  "fwhm_z": 2.3455879126807115,
  "gcor": 0.0101599,
  "gsr_x": -0.007821737788617611,
  "gsr_y": 0.0008337190374732018,
  "provenance": {
    "md5sum": "15811aa3cb2655d07b01278c7e8dafd0",
    "settings": {
      "fd_thres": 0.2,
      "hmc_fsl": false
    },
    "software": "mriqc",
    "version": "0.15.0",
    "webapi_port": null,
    "webapi_url": "https://mriqc.nimh.nih.gov/api/v1"
  },
  "size_t": 301,
  "size_x": 80,
  "size_y": 80,
  "size_z": 37,
  "snr": 5.348548017219175,
  "spacing_tr": 2.0,
  "spacing_x": 3.0,
  "spacing_y": 3.0,
  "spacing_z": 3.299999952316284,
  "spikes_num": 1,
  "summary_bg_k": 155.5313055116659,
  "summary_bg_mad": 0.9372414946556091,
  "summary_bg_mean": 158.23692321777344,
  "summary_bg_median": 0.6373675465583801,
  "summary_bg_n": 164577.0,
  "summary_bg_p05": 0.0,
  "summary_bg_p95": 630.1438110351528,
  "summary_bg_stdv": 999.7330932617188,
  "summary_fg_k": 2.9930450528821444,
  "summary_fg_mad": 3469.77001953125,
  "summary_fg_mean": 21660.712890625,
  "summary_fg_median": 21793.76171875,
  "summary_fg_n": 32151.0,
  "summary_fg_p05": 14978.18115234375,
  "summary_fg_p95": 27370.298828125,
  "summary_fg_stdv": 4074.642822265625,
  "tsnr": 76.67398071289062
}