{
  "aor": 0.007465602294455066,
  "aqi": 0.008131806118546844,
  "bids_meta": {
    "AcquisitionNumber": 2,
    "BIDSVersion": "1.1.0",
    "BidsifyVersion": "0.3.1",
    "ConversionSoftware": "dcm2niix",
    "ConversionSoftwareVersion": "v1.0.20181125  GCC5.4.0",
    "EchoTime": 0.02762,
    "FlipAngle": 76.1,
    "ImageComments": "PredictingMentalizing",
    "ImageOrientationPatientDICOM": [
      0.998897,
      0.0355169,
      -0.0307059,
      -0.0444862,
      0.925075,
      -0.377171
    ],
    "InstitutionName": "Spinoza Centre for Neuroimaging, location REC",
    "MagneticFieldStrength": 3,
    "Manufacturer": "Philips",
    "ParallelAcquisitionTechnique": "SENSE",
    "ParallelReductionFactorInPlane": 2,
    "PatientPosition": "HFS",
    "PhaseEncodingDirection": "j",
    "PhilipsRescaleIntercept": 0,
    "PhilipsRescaleSlope": 0.84664,
    "PhilipsScaleSlope": 0.0613465,
    "ProtocolName": "WIPPM_HWWSENSE",
    "ReconMatrixPE": 80,
    "RepetitionTime": 2,
    "SeriesDescription": "ImageMRSERIES",
    "SeriesNumber": 2,
    "SliceEncodingDirection": "k",
    "SliceTiming": [
      0.0,
      0.05405405405405406,
      0.10810810810810811,
      0.16216216216216217,
      0.21621621621621623,
      0.2702702702702703,
      0.32432432432432434,
      0.3783783783783784,
      0.43243243243243246,
      0.4864864864864865,
      0.5405405405405406,
      0.5945945945945946,
      0.6486486486486487,
      0.7027027027027027,
      0.7567567567567568,
      0.8108108108108109,
      0.8648648648648649,
      0.918918918918919,
      0.972972972972973,
      1.0270270270270272,
      1.0810810810810811,
      1.135135135135135,
      1.1891891891891893,
      1.2432432432432434,
      1.2972972972972974,
      1.3513513513513513,
      1.4054054054054055,
      1.4594594594594597,
      1.5135135135135136,
      1.5675675675675675,
      1.6216216216216217,
      1.6756756756756759,
      1.7297297297297298,
      1.7837837837837838,
      1.837837837837838,
      1.891891891891892,
      1.945945945945946
    ],
    "TaskName": "other",
    "UsePhilipsFloatNotDisplayScaling": 1,
    "WaterFatShift": 12,
    "dataset": "unknown",
    "modality": "bold",
    "session_id": "1",
    "subject_id": "05",
    "task_id": "other"
  },
  "dummy_trs": 0,
  "dvars_nstd": 20.16259897888891,
  "dvars_std": 1.2635929283908036,
  "dvars_vstd": 1.2219930163026826,
  "efc": 0.35315352683773865,
  "fber": 316927360.0,
  "fd_mean": 0.12414054790657061,
  "fd_num": 39,
  "fd_perc": 7.45697896749522,
  "fwhm_avg": 2.579604657883021,
  "fwhm_x": 2.5324966666666664,
  "fwhm_y": 2.835656666666667,
  "fwhm_z": 2.3706606403157298,
  "gcor": 0.0239057,
  "gsr_x": -0.007664038799703121,
  "gsr_y": 0.0006018098792992532,
  "provenance": {
    "md5sum": "f4e827c48e342f8142bba05ddb47dc65",
    "settings": {
      "fd_thres": 0.2,
      "hmc_fsl": false
    },
    "software": "mriqc",
    "version": "0.15.0",
    "webapi_port": null,
    "webapi_url": "https://mriqc.nimh.nih.gov/api/v1"
  },
  "size_t": 523,
  "size_x": 80,
  "size_y": 80,
  "size_z": 37,
  "snr": 5.416714847143628,
  "spacing_tr": 2.0,
  "spacing_x": 3.0,
  "spacing_y": 3.0,
  "spacing_z": 3.299999952316284,
  "spikes_num": 48,
  "summary_bg_k": 149.17293618654836,
  "summary_bg_mad": 1.6691433191299438,
  "summary_bg_mean": 163.03073120117188,
  "summary_bg_median": 1.1556940078735352,
  "summary_bg_n": 164621.0,
  "summary_bg_p05": 0.015986429527401924,
  "summary_bg_p95": 628.6326293945312,
  "summary_bg_stdv": 1029.8016357421875,
  "summary_fg_k": 2.809635754539622,
  "summary_fg_mad": 3515.58740234375,
  "summary_fg_mean": 22159.66796875,
  "summary_fg_median": 22280.720703125,
  "summary_fg_n": 32110.0,
  "summary_fg_p05": 15344.089453125001,
  "summary_fg_p95": 27992.30556640625,
  "summary_fg_stdv": 4113.26318359375,
  "tsnr": 58.47544860839844
}