{
  "aor": 0.0008609302325581395,
  "aqi": 0.0035184240531561457,
  "bids_meta": {
    "AcquisitionNumber": 4,
    "BIDSVersion": "1.1.0",
    "BidsifyVersion": "0.3.1",
    "ConversionSoftware": "dcm2niix",
    "ConversionSoftwareVersion": "v1.0.20181125  GCC5.4.0",
    "EchoTime": 0.02762,
    "FlipAngle": 76.1,
    "ImageComments": "PredictingMentalizing",
    "ImageOrientationPatientDICOM": [
      0.998897,
      0.0355169,
      -0.0307059,
      -0.0444862,
      0.925075,
      -0.377171
    ],
    "InstitutionName": "Spinoza Centre for Neuroimaging, location REC",
    "MagneticFieldStrength": 3,
    "Manufacturer": "Philips",
    "ParallelAcquisitionTechnique": "SENSE",
    "ParallelReductionFactorInPlane": 2,
    "PatientPosition": "HFS",
    "PhaseEncodingDirection": "j",
    "PhilipsRescaleIntercept": 0,
    "PhilipsRescaleSlope": 0.76703,
    "PhilipsScaleSlope": 0.0633654,
    "ProtocolName": "WIPPM_Zinnen2SENSE",
    "ReconMatrixPE": 80,
    "RepetitionTime": 2,
    "SeriesDescription": "ImageMRSERIES",
    "SeriesNumber": 4,
    "SliceEncodingDirection": "k",
    "SliceTiming": [
      0.0,
      0.05405405405405406,
      0.10810810810810811,
      0.16216216216216217,
      0.21621621621621623,
      0.2702702702702703,
      0.32432432432432434,
      0.3783783783783784,
      0.43243243243243246,
      0.4864864864864865,
      0.5405405405405406,
      0.5945945945945946,
      0.6486486486486487,
      0.7027027027027027,
      0.7567567567567568,
      0.8108108108108109,
      0.8648648648648649,
      0.918918918918919,
      0.972972972972973,
      1.0270270270270272,
      1.0810810810810811,
      1.135135135135135,
      1.1891891891891893,
      1.2432432432432434,
      1.2972972972972974,
      1.3513513513513513,
      1.4054054054054055,
      1.4594594594594597,
      1.5135135135135136,
      1.5675675675675675,
      1.6216216216216217,
      1.6756756756756759,
      1.7297297297297298,
      1.7837837837837838,
      1.837837837837838,
      1.891891891891892,
      1.945945945945946
    ],
    "TaskName": "self",
    "UsePhilipsFloatNotDisplayScaling": 1,
    "WaterFatShift": 12,
    "dataset": "unknown",
    "modality": "bold",
    "run_id": 2,
    "session_id": "1",
    "subject_id": "05",
    "task_id": "self"
  },
  "dummy_trs": 0,
  "dvars_nstd": 19.31999243119999,
  "dvars_std": 1.2596646028000003,
  "dvars_vstd": 0.9947687962000007,
  "efc": 0.353694762335159,
  "fber": 2188756992.0,
  "fd_mean": 0.08318204104356249,
  "fd_num": 2,
  "fd_perc": 0.6644518272425249,
  "fwhm_avg": 2.5691610214690153,
  "fwhm_x": 2.5329166666666665,
  "fwhm_y": 2.814363333333333,
  "fwhm_z": 2.360203064407046,
  "gcor": 0.010926,
  "gsr_x": -0.0076734586618840694,
  "gsr_y": 0.00037655269261449575,
  "provenance": {
    "md5sum": "b6dbaec51fd07b402b7bf2ec5f36b792",
    "settings": {
      "fd_thres": 0.2,
      "hmc_fsl": false
    },
    "software": "mriqc",
    "version": "0.15.0",
    "webapi_port": null,
    "webapi_url": "https://mriqc.nimh.nih.gov/api/v1"
  },
  "size_t": 301,
  "size_x": 80,
  "size_y": 80,
  "size_z": 37,
  "snr": 5.340552864350286,
  "spacing_tr": 2.0,
  "spacing_x": 3.0,
  "spacing_y": 3.0,
  "spacing_z": 3.299999952316284,
  "spikes_num": 3,
  "summary_bg_k": 167.87745634463286,
  "summary_bg_mad": 0.6356441378593445,
  "summary_bg_mean": 161.58126831054688,
  "summary_bg_median": 0.4295485317707062,
  "summary_bg_n": 164474.0,
  "summary_bg_p05": 2.0393532622619953e-06,
  "summary_bg_p95": 600.8334960937505,
  "summary_bg_stdv": 1032.8721923828125,
  "summary_fg_k": 2.827688322954601,
  "summary_fg_mad": 3477.730224609375,
  "summary_fg_mean": 21697.873046875,
  "summary_fg_median": 21840.517578125,
  "summary_fg_n": 32273.0,
  "summary_fg_p05": 14839.914648437501,
  "summary_fg_p95": 27414.29218749999,
  "summary_fg_stdv": 4089.497802734375,
  "tsnr": 86.45523834228516
}