{
  "aor": 0.000982657743785851,
  "aqi": 0.00749991636711281,
  "bids_meta": {
    "AcquisitionNumber": 4,
    "BIDSVersion": "1.1.0",
    "BidsifyVersion": "0.3.1",
    "ConversionSoftware": "dcm2niix",
    "ConversionSoftwareVersion": "v1.0.20181125  GCC5.4.0",
    "EchoTime": 0.02763,
    "FlipAngle": 76.1,
    "ImageComments": "HWW",
    "ImageOrientationPatientDICOM": [
      0.999936,
      -0.00733511,
      0.00856728,
      0.0104717,
      0.885933,
      -0.463696
    ],
    "InstitutionName": "Spinoza Centre for Neuroimaging, location REC",
    "MagneticFieldStrength": 3,
    "Manufacturer": "Philips",
    "ParallelAcquisitionTechnique": "SENSE",
    "ParallelReductionFactorInPlane": 2,
    "PatientPosition": "HFS",
    "PhaseEncodingDirection": "j",
    "PhilipsRescaleIntercept": 0,
    "PhilipsRescaleSlope": 2.56703,
    "PhilipsScaleSlope": 0.00121242,
    "ProtocolName": "WIPPM_HWWSENSE",
    "ReconMatrixPE": 80,
    "RepetitionTime": 2,
    "SeriesDescription": "ImageMRSERIES",
    "SeriesNumber": 4,
    "SliceEncodingDirection": "k",
    "SliceTiming": [
      0.0,
      0.05405405405405406,
      0.10810810810810811,
      0.16216216216216217,
      0.21621621621621623,
      0.2702702702702703,
      0.32432432432432434,
      0.3783783783783784,
      0.43243243243243246,
      0.4864864864864865,
      0.5405405405405406,
      0.5945945945945946,
      0.6486486486486487,
      0.7027027027027027,
      0.7567567567567568,
      0.8108108108108109,
      0.8648648648648649,
      0.918918918918919,
      0.972972972972973,
      1.0270270270270272,
      1.0810810810810811,
      1.135135135135135,
      1.1891891891891893,
      1.2432432432432434,
      1.2972972972972974,
      1.3513513513513513,
      1.4054054054054055,
      1.4594594594594597,
      1.5135135135135136,
      1.5675675675675675,
      1.6216216216216217,
      1.6756756756756759,
      1.7297297297297298,
      1.7837837837837838,
      1.837837837837838,
      1.891891891891892,
      1.945945945945946
    ],
    "TaskName": "other",
    "UsePhilipsFloatNotDisplayScaling": 1,
    "WaterFatShift": 12,
    "dataset": "unknown",
    "modality": "bold",
    "session_id": "1",
    "subject_id": "07",
    "task_id": "other"
  },
  "dummy_trs": 0,
  "dvars_nstd": 20.668244864540213,
  "dvars_std": 1.1415625875095778,
  "dvars_vstd": 0.9521925646934861,
  "efc": 0.4229093767147371,
  "fber": 38262092.0,
  "fd_mean": 0.11405481685342168,
  "fd_num": 33,
  "fd_perc": 6.309751434034417,
  "fwhm_avg": 2.519920920449938,
  "fwhm_x": 2.420236666666667,
  "fwhm_y": 2.7811866666666667,
  "fwhm_z": 2.358339428016481,
  "gcor": 0.00916557,
  "gsr_x": -0.0025105178356170654,
  "gsr_y": 0.0007269105408340693,
  "provenance": {
    "md5sum": "bb3845778af511b7a052cf656013d73c",
    "settings": {
      "fd_thres": 0.2,
      "hmc_fsl": false
    },
    "software": "mriqc",
    "version": "0.15.0",
    "webapi_port": null,
    "webapi_url": "https://mriqc.nimh.nih.gov/api/v1"
  },
  "size_t": 523,
  "size_x": 80,
  "size_y": 80,
  "size_z": 37,
  "snr": 4.892630978183363,
  "spacing_tr": 2.0,
  "spacing_x": 3.0,
  "spacing_y": 3.0,
  "spacing_z": 3.299999952316284,
  "spikes_num": 1,
  "summary_bg_k": 70.18968395880435,
  "summary_bg_mad": 72.1662826538086,
  "summary_bg_mean": 3231.419189453125,
  "summary_bg_median": 49.7111701965332,
  "summary_bg_n": 150035.0,
  "summary_bg_p05": 0.40012723505496983,
  "summary_bg_p95": 13367.311425781241,
  "summary_bg_stdv": 16368.4248046875,
  "summary_fg_k": 3.019792035320515,
  "summary_fg_mad": 54295.58203125,
  "summary_fg_mean": 338823.71875,
  "summary_fg_median": 337058.375,
  "summary_fg_n": 44756.0,
  "summary_fg_p05": 232316.26953125,
  "summary_fg_p95": 440949.53125,
  "summary_fg_stdv": 68890.2578125,
  "tsnr": 60.841495513916016
}