{
  "aor": 0.0001220598006644518,
  "aqi": 0.0036002289036544855,
  "bids_meta": {
    "AcquisitionNumber": 6,
    "BIDSVersion": "1.1.0",
    "BidsifyVersion": "0.3.1",
    "ConversionSoftware": "dcm2niix",
    "ConversionSoftwareVersion": "v1.0.20181125  GCC5.4.0",
    "EchoTime": 0.02763,
    "FlipAngle": 76.1,
    "ImageComments": "HWW",
    "ImageOrientationPatientDICOM": [
      0.999936,
      -0.00733511,
      0.00856728,
      0.0104717,
      0.885933,
      -0.463696
    ],
    "InstitutionName": "Spinoza Centre for Neuroimaging, location REC",
    "MagneticFieldStrength": 3,
    "Manufacturer": "Philips",
    "ParallelAcquisitionTechnique": "SENSE",
    "ParallelReductionFactorInPlane": 2,
    "PatientPosition": "HFS",
    "PhaseEncodingDirection": "j",
    "PhilipsRescaleIntercept": 0,
    "PhilipsRescaleSlope": 2.06398,
    "PhilipsScaleSlope": 0.00121411,
    "ProtocolName": "WIPPM_Zinnen2SENSE",
    "ReconMatrixPE": 80,
    "RepetitionTime": 2,
    "SeriesDescription": "ImageMRSERIES",
    "SeriesNumber": 6,
    "SliceEncodingDirection": "k",
    "SliceTiming": [
      0.0,
      0.05405405405405406,
      0.10810810810810811,
      0.16216216216216217,
      0.21621621621621623,
      0.2702702702702703,
      0.32432432432432434,
      0.3783783783783784,
      0.43243243243243246,
      0.4864864864864865,
      0.5405405405405406,
      0.5945945945945946,
      0.6486486486486487,
      0.7027027027027027,
      0.7567567567567568,
      0.8108108108108109,
      0.8648648648648649,
      0.918918918918919,
      0.972972972972973,
      1.0270270270270272,
      1.0810810810810811,
      1.135135135135135,
      1.1891891891891893,
      1.2432432432432434,
      1.2972972972972974,
      1.3513513513513513,
      1.4054054054054055,
      1.4594594594594597,
      1.5135135135135136,
      1.5675675675675675,
      1.6216216216216217,
      1.6756756756756759,
      1.7297297297297298,
      1.7837837837837838,
      1.837837837837838,
      1.891891891891892,
      1.945945945945946
    ],
    "TaskName": "self",
    "UsePhilipsFloatNotDisplayScaling": 1,
    "WaterFatShift": 12,
    "dataset": "unknown",
    "modality": "bold",
    "run_id": 2,
    "session_id": "1",
    "subject_id": "07",
    "task_id": "self"
  },
  "dummy_trs": 0,
  "dvars_nstd": 17.963376264400008,
  "dvars_std": 1.134241434933333,
  "dvars_vstd": 0.9804595836000004,
  "efc": 0.422530957828376,
  "fber": 393200288.0,
  "fd_mean": 0.08172958949544286,
  "fd_num": 3,
  "fd_perc": 0.9966777408637874,
  "fwhm_avg": 2.5149884961523132,
  "fwhm_x": 2.4202166666666667,
  "fwhm_y": 2.77787,
  "fwhm_z": 2.3468788217902734,
  "gcor": 0.00932804,
  "gsr_x": -0.0025298958644270897,
  "gsr_y": 0.0008298833854496479,
  "provenance": {
    "md5sum": "a4434628fdc1b8eeb716bc82582ecedf",
    "settings": {
      "fd_thres": 0.2,
      "hmc_fsl": false
    },
    "software": "mriqc",
    "version": "0.15.0",
    "webapi_port": null,
    "webapi_url": "https://mriqc.nimh.nih.gov/api/v1"
  },
  "size_t": 301,
  "size_x": 80,
  "size_y": 80,
  "size_z": 37,
  "snr": 4.933216094168184,
  "spacing_tr": 2.0,
  "spacing_x": 3.0,
  "spacing_y": 3.0,
  "spacing_z": 3.299999952316284,
  "spikes_num": 0,
  "summary_bg_k": 63.94388182988048,
  "summary_bg_mad": 22.699962615966797,
  "summary_bg_mean": 3121.224609375,
  "summary_bg_median": 15.550013542175293,
  "summary_bg_n": 149975.0,
  "summary_bg_p05": 0.10881046876311301,
  "summary_bg_p95": 13266.7662109375,
  "summary_bg_stdv": 16389.669921875,
  "summary_fg_k": 3.217717105697642,
  "summary_fg_mad": 52799.125,
  "summary_fg_mean": 337813.90625,
  "summary_fg_median": 336178.5625,
  "summary_fg_n": 44915.0,
  "summary_fg_p05": 234220.15625000003,
  "summary_fg_p95": 438951.32499999995,
  "summary_fg_stdv": 68145.1640625,
  "tsnr": 83.2221908569336
}