{
  "aor": 0.0016983720930232556,
  "aqi": 0.004354406179401993,
  "bids_meta": {
    "AcquisitionNumber": 6,
    "BIDSVersion": "1.1.0",
    "BidsifyVersion": "0.3.1",
    "ConversionSoftware": "dcm2niix",
    "ConversionSoftwareVersion": "v1.0.20181125  GCC5.4.0",
    "EchoTime": 0.02763,
    "FlipAngle": 76.1,
    "ImageComments": "HWW",
    "ImageOrientationPatientDICOM": [
      0.999883,
      0.0108052,
      0.0108317,
      -0.00540994,
      0.911932,
      -0.410306
    ],
    "InstitutionName": "Spinoza Centre for Neuroimaging, location REC",
    "MagneticFieldStrength": 3,
    "Manufacturer": "Philips",
    "ParallelAcquisitionTechnique": "SENSE",
    "ParallelReductionFactorInPlane": 2,
    "PatientPosition": "HFS",
    "PhaseEncodingDirection": "j",
    "PhilipsRescaleIntercept": 0,
    "PhilipsRescaleSlope": 2.29573,
    "PhilipsScaleSlope": 0.00109526,
    "ProtocolName": "WIPZinnen2SENSE",
    "ReconMatrixPE": 80,
    "RepetitionTime": 2,
    "SeriesDescription": "ImageMRSERIES",
    "SeriesNumber": 6,
    "SliceEncodingDirection": "k",
    "SliceTiming": [
      0.0,
      0.05405405405405406,
      0.10810810810810811,
      0.16216216216216217,
      0.21621621621621623,
      0.2702702702702703,
      0.32432432432432434,
      0.3783783783783784,
      0.43243243243243246,
      0.4864864864864865,
      0.5405405405405406,
      0.5945945945945946,
      0.6486486486486487,
      0.7027027027027027,
      0.7567567567567568,
      0.8108108108108109,
      0.8648648648648649,
      0.918918918918919,
      0.972972972972973,
      1.0270270270270272,
      1.0810810810810811,
      1.135135135135135,
      1.1891891891891893,
      1.2432432432432434,
      1.2972972972972974,
      1.3513513513513513,
      1.4054054054054055,
      1.4594594594594597,
      1.5135135135135136,
      1.5675675675675675,
      1.6216216216216217,
      1.6756756756756759,
      1.7297297297297298,
      1.7837837837837838,
      1.837837837837838,
      1.891891891891892,
      1.945945945945946
    ],
    "TaskName": "self",
    "UsePhilipsFloatNotDisplayScaling": 1,
    "WaterFatShift": 12,
    "dataset": "unknown",
    "modality": "bold",
    "run_id": 2,
    "session_id": "2",
    "subject_id": "21",
    "task_id": "self"
  },
  "dummy_trs": 0,
  "dvars_nstd": 18.750683072566662,
  "dvars_std": 1.2694076571666661,
  "dvars_vstd": 1.0179609482333334,
  "efc": 0.4023444143700218,
  "fber": 850402624.0,
  "fd_mean": 0.1399984892344087,
  "fd_num": 62,
  "fd_perc": 20.59800664451827,
  "fwhm_avg": 2.5085489003185315,
  "fwhm_x": 2.4227933333333334,
  "fwhm_y": 2.7298533333333332,
  "fwhm_z": 2.373000034288927,
  "gcor": 0.0241552,
  "gsr_x": -0.00821484625339508,
  "gsr_y": 0.005513452924787998,
  "provenance": {
    "md5sum": "be866c68d443379fbf88f8fe8cb14307",
    "settings": {
      "fd_thres": 0.2,
      "hmc_fsl": false
    },
    "software": "mriqc",
    "version": "0.15.0",
    "webapi_port": null,
    "webapi_url": "https://mriqc.nimh.nih.gov/api/v1"
  },
  "size_t": 301,
  "size_x": 80,
  "size_y": 80,
  "size_z": 37,
  "snr": 4.994339117131011,
  "spacing_tr": 2.0,
  "spacing_x": 3.0,
  "spacing_y": 3.0,
  "spacing_z": 3.299999952316284,
  "spikes_num": 0,
  "summary_bg_k": 100.07241402995014,
  "summary_bg_mad": 21.824588775634766,
  "summary_bg_mean": 3188.646240234375,
  "summary_bg_median": 14.785497665405273,
  "summary_bg_n": 153762.0,
  "summary_bg_p05": 0.02245290232822299,
  "summary_bg_p95": 14143.298730468714,
  "summary_bg_stdv": 16972.6484375,
  "summary_fg_k": 1.7786594834354945,
  "summary_fg_mad": 81889.8671875,
  "summary_fg_mean": 477928.0,
  "summary_fg_median": 473364.125,
  "summary_fg_n": 41833.0,
  "summary_fg_p05": 334269.76875,
  "summary_fg_p95": 630523.05,
  "summary_fg_stdv": 94779.0,
  "tsnr": 80.46371459960938
}