{
  "aor": 0.0015455149501661127,
  "aqi": 0.004826653920265781,
  "bids_meta": {
    "AcquisitionNumber": 5,
    "BIDSVersion": "1.1.0",
    "BidsifyVersion": "0.3.1",
    "ConversionSoftware": "dcm2niix",
    "ConversionSoftwareVersion": "v1.0.20181125  GCC5.4.0",
    "EchoTime": 0.02763,
    "FlipAngle": 76.1,
    "ImageComments": "HWW",
    "ImageOrientationPatientDICOM": [
      0.999883,
      0.0108052,
      0.0108317,
      -0.00540994,
      0.911932,
      -0.410306
    ],
    "InstitutionName": "Spinoza Centre for Neuroimaging, location REC",
    "MagneticFieldStrength": 3,
    "Manufacturer": "Philips",
    "ParallelAcquisitionTechnique": "SENSE",
    "ParallelReductionFactorInPlane": 2,
    "PatientPosition": "HFS",
    "PhaseEncodingDirection": "j",
    "PhilipsRescaleIntercept": 0,
    "PhilipsRescaleSlope": 1.98388,
    "PhilipsScaleSlope": 0.00109339,
    "ProtocolName": "WIPZinnen1SENSE",
    "ReconMatrixPE": 80,
    "RepetitionTime": 2,
    "SeriesDescription": "ImageMRSERIES",
    "SeriesNumber": 5,
    "SliceEncodingDirection": "k",
    "SliceTiming": [
      0.0,
      0.05405405405405406,
      0.10810810810810811,
      0.16216216216216217,
      0.21621621621621623,
      0.2702702702702703,
      0.32432432432432434,
      0.3783783783783784,
      0.43243243243243246,
      0.4864864864864865,
      0.5405405405405406,
      0.5945945945945946,
      0.6486486486486487,
      0.7027027027027027,
      0.7567567567567568,
      0.8108108108108109,
      0.8648648648648649,
      0.918918918918919,
      0.972972972972973,
      1.0270270270270272,
      1.0810810810810811,
      1.135135135135135,
      1.1891891891891893,
      1.2432432432432434,
      1.2972972972972974,
      1.3513513513513513,
      1.4054054054054055,
      1.4594594594594597,
      1.5135135135135136,
      1.5675675675675675,
      1.6216216216216217,
      1.6756756756756759,
      1.7297297297297298,
      1.7837837837837838,
      1.837837837837838,
      1.891891891891892,
      1.945945945945946
    ],
    "TaskName": "self",
    "UsePhilipsFloatNotDisplayScaling": 1,
    "WaterFatShift": 12,
    "dataset": "unknown",
    "modality": "bold",
    "run_id": 1,
    "session_id": "2",
    "subject_id": "21",
    "task_id": "self"
  },
  "dummy_trs": 0,
  "dvars_nstd": 18.573507169233345,
  "dvars_std": 1.239789314400001,
  "dvars_vstd": 0.9664287296999998,
  "efc": 0.4018617214986895,
  "fber": 1148588800.0,
  "fd_mean": 0.14848032208010778,
  "fd_num": 73,
  "fd_perc": 24.25249169435216,
  "fwhm_avg": 2.5053717285901937,
  "fwhm_x": 2.42392,
  "fwhm_y": 2.7215133333333337,
  "fwhm_z": 2.370681852437248,
  "gcor": 0.0221323,
  "gsr_x": -0.008248621597886086,
  "gsr_y": 0.005282320082187653,
  "provenance": {
    "md5sum": "a948817b07f8ef378fc8711990bc1740",
    "settings": {
      "fd_thres": 0.2,
      "hmc_fsl": false
    },
    "software": "mriqc",
    "version": "0.15.0",
    "webapi_port": null,
    "webapi_url": "https://mriqc.nimh.nih.gov/api/v1"
  },
  "size_t": 301,
  "size_x": 80,
  "size_y": 80,
  "size_z": 37,
  "snr": 4.988131148570476,
  "spacing_tr": 2.0,
  "spacing_x": 3.0,
  "spacing_y": 3.0,
  "spacing_z": 3.299999952316284,
  "spikes_num": 1,
  "summary_bg_k": 96.43543123330409,
  "summary_bg_mad": 18.78573989868164,
  "summary_bg_mean": 3149.286865234375,
  "summary_bg_median": 12.87514877319336,
  "summary_bg_n": 153770.0,
  "summary_bg_p05": 0.07013313025236131,
  "summary_bg_p95": 14097.851708984275,
  "summary_bg_stdv": 16961.537109375,
  "summary_fg_k": 1.8769527469482652,
  "summary_fg_mad": 81861.0,
  "summary_fg_mean": 482028.09375,
  "summary_fg_median": 476839.125,
  "summary_fg_n": 41803.0,
  "summary_fg_p05": 338807.69687499997,
  "summary_fg_p95": 636555.6625000002,
  "summary_fg_stdv": 95593.6015625,
  "tsnr": 78.64710998535156
}