{
  "aor": 0.0002258471760797342,
  "aqi": 0.0026878147840531563,
  "bids_meta": {
    "AcquisitionNumber": 4,
    "BIDSVersion": "1.1.0",
    "BidsifyVersion": "0.3.1",
    "ConversionSoftware": "dcm2niix",
    "ConversionSoftwareVersion": "v1.0.20181125  GCC5.4.0",
    "EchoTime": 0.02763,
    "FlipAngle": 76.1,
    "ImageComments": "HWW",
    "ImageOrientationPatientDICOM": [
      0.999461,
      -0.0208862,
      -0.0253343,
      0.0129092,
      0.959419,
      -0.281687
    ],
    "InstitutionName": "Spinoza Centre for Neuroimaging, location REC",
    "MagneticFieldStrength": 3,
    "Manufacturer": "Philips",
    "ParallelAcquisitionTechnique": "SENSE",
    "ParallelReductionFactorInPlane": 2,
    "PatientPosition": "HFS",
    "PhaseEncodingDirection": "j",
    "PhilipsRescaleIntercept": 0,
    "PhilipsRescaleSlope": 1.79194,
    "PhilipsScaleSlope": 0.00109835,
    "ProtocolName": "WIPPM_Zinnen1SENSE",
    "ReconMatrixPE": 80,
    "RepetitionTime": 2,
    "SeriesDescription": "ImageMRSERIES",
    "SeriesNumber": 4,
    "SliceEncodingDirection": "k",
    "SliceTiming": [
      0.0,
      0.05405405405405406,
      0.10810810810810811,
      0.16216216216216217,
      0.21621621621621623,
      0.2702702702702703,
      0.32432432432432434,
      0.3783783783783784,
      0.43243243243243246,
      0.4864864864864865,
      0.5405405405405406,
      0.5945945945945946,
      0.6486486486486487,
      0.7027027027027027,
      0.7567567567567568,
      0.8108108108108109,
      0.8648648648648649,
      0.918918918918919,
      0.972972972972973,
      1.0270270270270272,
      1.0810810810810811,
      1.135135135135135,
      1.1891891891891893,
      1.2432432432432434,
      1.2972972972972974,
      1.3513513513513513,
      1.4054054054054055,
      1.4594594594594597,
      1.5135135135135136,
      1.5675675675675675,
      1.6216216216216217,
      1.6756756756756759,
      1.7297297297297298,
      1.7837837837837838,
      1.837837837837838,
      1.891891891891892,
      1.945945945945946
    ],
    "TaskName": "self",
    "UsePhilipsFloatNotDisplayScaling": 1,
    "WaterFatShift": 12,
    "dataset": "unknown",
    "modality": "bold",
    "run_id": 1,
    "session_id": "2",
    "subject_id": "07",
    "task_id": "self"
  },
  "dummy_trs": 0,
  "dvars_nstd": 18.687222703333347,
  "dvars_std": 1.164028310499999,
  "dvars_vstd": 0.9967235448666666,
  "efc": 0.4221987568047159,
  "fber": 782870784.0,
  "fd_mean": 0.1517216775471776,
  "fd_num": 79,
  "fd_perc": 26.245847176079735,
  "fwhm_avg": 2.5467540517598874,
  "fwhm_x": 2.4644366666666664,
  "fwhm_y": 2.818146666666667,
  "fwhm_z": 2.357678821946329,
  "gcor": 0.0181402,
  "gsr_x": -0.003122716909274459,
  "gsr_y": 0.0021047648042440414,
  "provenance": {
    "md5sum": "4d58256c12fabdf6fdc298d49285c1b8",
    "settings": {
      "fd_thres": 0.2,
      "hmc_fsl": false
    },
    "software": "mriqc",
    "version": "0.15.0",
    "webapi_port": null,
    "webapi_url": "https://mriqc.nimh.nih.gov/api/v1"
  },
  "size_t": 301,
  "size_x": 80,
  "size_y": 80,
  "size_z": 37,
  "snr": 4.70463826796327,
  "spacing_tr": 2.0,
  "spacing_x": 3.0,
  "spacing_y": 3.0,
  "spacing_z": 3.299999952316284,
  "spikes_num": 0,
  "summary_bg_k": 62.41546559101502,
  "summary_bg_mad": 19.710458755493164,
  "summary_bg_mean": 3911.383544921875,
  "summary_bg_median": 13.529325485229492,
  "summary_bg_n": 149972.0,
  "summary_bg_p05": 0.1458232007920742,
  "summary_bg_p95": 17453.65117187499,
  "summary_bg_stdv": 20398.6015625,
  "summary_fg_k": 2.092321410847057,
  "summary_fg_mad": 74509.0546875,
  "summary_fg_mean": 423574.75,
  "summary_fg_median": 421431.4375,
  "summary_fg_n": 45023.0,
  "summary_fg_p05": 280187.8625,
  "summary_fg_p95": 562673.05,
  "summary_fg_stdv": 89576.8671875,
  "tsnr": 88.39312744140625
}