{
  "aor": 0.0006541860465116278,
  "aqi": 0.0031589087375415276,
  "bids_meta": {
    "AcquisitionNumber": 5,
    "BIDSVersion": "1.1.0",
    "BidsifyVersion": "0.3.1",
    "ConversionSoftware": "dcm2niix",
    "ConversionSoftwareVersion": "v1.0.20181125  GCC5.4.0",
    "EchoTime": 0.02763,
    "FlipAngle": 76.1,
    "ImageComments": "HWW",
    "ImageOrientationPatientDICOM": [
      0.999998,
      0.00186613,
      0.000645477,
      -0.00139626,
      0.899404,
      -0.437117
    ],
    "InstitutionName": "Spinoza Centre for Neuroimaging, location REC",
    "MagneticFieldStrength": 3,
    "Manufacturer": "Philips",
    "ParallelAcquisitionTechnique": "SENSE",
    "ParallelReductionFactorInPlane": 2,
    "PatientPosition": "HFS",
    "PhaseEncodingDirection": "j",
    "PhilipsRescaleIntercept": 0,
    "PhilipsRescaleSlope": 2.20171,
    "PhilipsScaleSlope": 0.00111384,
    "ProtocolName": "WIPZinnen1SENSE",
    "ReconMatrixPE": 80,
    "RepetitionTime": 2,
    "SeriesDescription": "ImageMRSERIES",
    "SeriesNumber": 5,
    "SliceEncodingDirection": "k",
    "SliceTiming": [
      0.0,
      0.05405405405405406,
      0.10810810810810811,
      0.16216216216216217,
      0.21621621621621623,
      0.2702702702702703,
      0.32432432432432434,
      0.3783783783783784,
      0.43243243243243246,
      0.4864864864864865,
      0.5405405405405406,
      0.5945945945945946,
      0.6486486486486487,
      0.7027027027027027,
      0.7567567567567568,
      0.8108108108108109,
      0.8648648648648649,
      0.918918918918919,
      0.972972972972973,
      1.0270270270270272,
      1.0810810810810811,
      1.135135135135135,
      1.1891891891891893,
      1.2432432432432434,
      1.2972972972972974,
      1.3513513513513513,
      1.4054054054054055,
      1.4594594594594597,
      1.5135135135135136,
      1.5675675675675675,
      1.6216216216216217,
      1.6756756756756759,
      1.7297297297297298,
      1.7837837837837838,
      1.837837837837838,
      1.891891891891892,
      1.945945945945946
    ],
    "TaskName": "self",
    "UsePhilipsFloatNotDisplayScaling": 1,
    "WaterFatShift": 12,
    "dataset": "unknown",
    "modality": "bold",
    "run_id": 1,
    "session_id": "1",
    "subject_id": "20",
    "task_id": "self"
  },
  "dummy_trs": 0,
  "dvars_nstd": 17.63604627296667,
  "dvars_std": 1.179154839433333,
  "dvars_vstd": 0.9979593088000004,
  "efc": 0.4357666185303845,
  "fber": 340900736.0,
  "fd_mean": 0.15012469479756155,
  "fd_num": 77,
  "fd_perc": 25.58139534883721,
  "fwhm_avg": 2.5107790014114624,
  "fwhm_x": 2.4443033333333335,
  "fwhm_y": 2.697836666666667,
  "fwhm_z": 2.3901970042343863,
  "gcor": 0.00917175,
  "gsr_x": -0.003852791152894497,
  "gsr_y": 0.004311623051762581,
  "provenance": {
    "md5sum": "ab92249c3925033398a33aa477a66634",
    "settings": {
      "fd_thres": 0.2,
      "hmc_fsl": false
    },
    "software": "mriqc",
    "version": "0.15.0",
    "webapi_port": null,
    "webapi_url": "https://mriqc.nimh.nih.gov/api/v1"
  },
  "size_t": 301,
  "size_x": 80,
  "size_y": 80,
  "size_z": 37,
  "snr": 5.041898011981187,
  "spacing_tr": 2.0,
  "spacing_x": 3.0,
  "spacing_y": 3.0,
  "spacing_z": 3.299999952316284,
  "spikes_num": 1,
  "summary_bg_k": 49.446636672428006,
  "summary_bg_mad": 28.245410919189453,
  "summary_bg_mean": 4481.634765625,
  "summary_bg_median": 19.42084503173828,
  "summary_bg_n": 147266.0,
  "summary_bg_p05": 0.1629244163632393,
  "summary_bg_p95": 22858.298828125,
  "summary_bg_stdv": 21876.06640625,
  "summary_fg_k": 2.342951992100452,
  "summary_fg_mad": 67714.609375,
  "summary_fg_mean": 403648.34375,
  "summary_fg_median": 401565.125,
  "summary_fg_n": 47124.0,
  "summary_fg_p05": 278779.5796875,
  "summary_fg_p95": 526425.8156249999,
  "summary_fg_stdv": 79644.78125,
  "tsnr": 87.08737182617188
}