{
  "aor": 0.0002703654485049834,
  "aqi": 0.002957091029900332,
  "bids_meta": {
    "AcquisitionNumber": 6,
    "BIDSVersion": "1.1.0",
    "BidsifyVersion": "0.3.1",
    "ConversionSoftware": "dcm2niix",
    "ConversionSoftwareVersion": "v1.0.20181125  GCC5.4.0",
    "EchoTime": 0.02763,
    "FlipAngle": 76.1,
    "ImageComments": "HWW",
    "ImageOrientationPatientDICOM": [
      0.999998,
      0.00186613,
      0.000645477,
      -0.00139626,
      0.899404,
      -0.437117
    ],
    "InstitutionName": "Spinoza Centre for Neuroimaging, location REC",
    "MagneticFieldStrength": 3,
    "Manufacturer": "Philips",
    "ParallelAcquisitionTechnique": "SENSE",
    "ParallelReductionFactorInPlane": 2,
    "PatientPosition": "HFS",
    "PhaseEncodingDirection": "j",
    "PhilipsRescaleIntercept": 0,
    "PhilipsRescaleSlope": 2.337,
    "PhilipsScaleSlope": 0.00111509,
    "ProtocolName": "WIPZinnen2SENSE",
    "ReconMatrixPE": 80,
    "RepetitionTime": 2,
    "SeriesDescription": "ImageMRSERIES",
    "SeriesNumber": 6,
    "SliceEncodingDirection": "k",
    "SliceTiming": [
      0.0,
      0.05405405405405406,
      0.10810810810810811,
      0.16216216216216217,
      0.21621621621621623,
      0.2702702702702703,
      0.32432432432432434,
      0.3783783783783784,
      0.43243243243243246,
      0.4864864864864865,
      0.5405405405405406,
      0.5945945945945946,
      0.6486486486486487,
      0.7027027027027027,
      0.7567567567567568,
      0.8108108108108109,
      0.8648648648648649,
      0.918918918918919,
      0.972972972972973,
      1.0270270270270272,
      1.0810810810810811,
      1.135135135135135,
      1.1891891891891893,
      1.2432432432432434,
      1.2972972972972974,
      1.3513513513513513,
      1.4054054054054055,
      1.4594594594594597,
      1.5135135135135136,
      1.5675675675675675,
      1.6216216216216217,
      1.6756756756756759,
      1.7297297297297298,
      1.7837837837837838,
      1.837837837837838,
      1.891891891891892,
      1.945945945945946
    ],
    "TaskName": "self",
    "UsePhilipsFloatNotDisplayScaling": 1,
    "WaterFatShift": 12,
    "dataset": "unknown",
    "modality": "bold",
    "run_id": 2,
    "session_id": "1",
    "subject_id": "20",
    "task_id": "self"
  },
  "dummy_trs": 0,
  "dvars_nstd": 16.91768369686667,
  "dvars_std": 1.160331928499999,
  "dvars_vstd": 0.9889244633333337,
  "efc": 0.43636035589815386,
  "fber": 384449376.0,
  "fd_mean": 0.12258883068017944,
  "fd_num": 34,
  "fd_perc": 11.295681063122924,
  "fwhm_avg": 2.482831526585113,
  "fwhm_x": 2.40923,
  "fwhm_y": 2.6654433333333336,
  "fwhm_z": 2.3738212464220054,
  "gcor": 0.0129204,
  "gsr_x": -0.0038694862741976976,
  "gsr_y": 0.0047976551577448845,
  "provenance": {
    "md5sum": "97b895f82753cdc56449499ad8ebac66",
    "settings": {
      "fd_thres": 0.2,
      "hmc_fsl": false
    },
    "software": "mriqc",
    "version": "0.15.0",
    "webapi_port": null,
    "webapi_url": "https://mriqc.nimh.nih.gov/api/v1"
  },
  "size_t": 301,
  "size_x": 80,
  "size_y": 80,
  "size_z": 37,
  "snr": 5.122340608211118,
  "spacing_tr": 2.0,
  "spacing_x": 3.0,
  "spacing_y": 3.0,
  "spacing_z": 3.299999952316284,
  "spikes_num": 0,
  "summary_bg_k": 48.42789091676049,
  "summary_bg_mad": 27.582782745361328,
  "summary_bg_mean": 4467.72802734375,
  "summary_bg_median": 18.900253295898438,
  "summary_bg_n": 147374.0,
  "summary_bg_p05": 0.07029708102345467,
  "summary_bg_p95": 23509.872558593765,
  "summary_bg_stdv": 21744.822265625,
  "summary_fg_k": 2.3244102706742407,
  "summary_fg_mad": 66548.53125,
  "summary_fg_mean": 401923.59375,
  "summary_fg_median": 399530.53125,
  "summary_fg_n": 46990.0,
  "summary_fg_p05": 281190.6265625,
  "summary_fg_p95": 522191.834375,
  "summary_fg_stdv": 77996.8203125,
  "tsnr": 89.96711730957031
}