{
  "aor": 0.0005061185468451243,
  "aqi": 0.004362120191204588,
  "bids_meta": {
    "AcquisitionNumber": 4,
    "BIDSVersion": "1.1.0",
    "BidsifyVersion": "0.3.1",
    "ConversionSoftware": "dcm2niix",
    "ConversionSoftwareVersion": "v1.0.20181125  GCC5.4.0",
    "EchoTime": 0.02763,
    "FlipAngle": 76.1,
    "ImageComments": "HWW",
    "ImageOrientationPatientDICOM": [
      0.999998,
      0.00186613,
      0.000645477,
      -0.00139626,
      0.899404,
      -0.437117
    ],
    "InstitutionName": "Spinoza Centre for Neuroimaging, location REC",
    "MagneticFieldStrength": 3,
    "Manufacturer": "Philips",
    "ParallelAcquisitionTechnique": "SENSE",
    "ParallelReductionFactorInPlane": 2,
    "PatientPosition": "HFS",
    "PhaseEncodingDirection": "j",
    "PhilipsRescaleIntercept": 0,
    "PhilipsRescaleSlope": 2.79194,
    "PhilipsScaleSlope": 0.00113082,
    "ProtocolName": "WIPHWWSENSE",
    "ReconMatrixPE": 80,
    "RepetitionTime": 2,
    "SeriesDescription": "ImageMRSERIES",
    "SeriesNumber": 4,
    "SliceEncodingDirection": "k",
    "SliceTiming": [
      0.0,
      0.05405405405405406,
      0.10810810810810811,
      0.16216216216216217,
      0.21621621621621623,
      0.2702702702702703,
      0.32432432432432434,
      0.3783783783783784,
      0.43243243243243246,
      0.4864864864864865,
      0.5405405405405406,
      0.5945945945945946,
      0.6486486486486487,
      0.7027027027027027,
      0.7567567567567568,
      0.8108108108108109,
      0.8648648648648649,
      0.918918918918919,
      0.972972972972973,
      1.0270270270270272,
      1.0810810810810811,
      1.135135135135135,
      1.1891891891891893,
      1.2432432432432434,
      1.2972972972972974,
      1.3513513513513513,
      1.4054054054054055,
      1.4594594594594597,
      1.5135135135135136,
      1.5675675675675675,
      1.6216216216216217,
      1.6756756756756759,
      1.7297297297297298,
      1.7837837837837838,
      1.837837837837838,
      1.891891891891892,
      1.945945945945946
    ],
    "TaskName": "other",
    "UsePhilipsFloatNotDisplayScaling": 1,
    "WaterFatShift": 12,
    "dataset": "unknown",
    "modality": "bold",
    "session_id": "1",
    "subject_id": "20",
    "task_id": "other"
  },
  "dummy_trs": 0,
  "dvars_nstd": 18.316164420268187,
  "dvars_std": 1.1587002770689656,
  "dvars_vstd": 0.9723508727777781,
  "efc": 0.43557278730093385,
  "fber": 207329536.0,
  "fd_mean": 0.15894001779509379,
  "fd_num": 146,
  "fd_perc": 27.915869980879542,
  "fwhm_avg": 2.5307880924078634,
  "fwhm_x": 2.46309,
  "fwhm_y": 2.72095,
  "fwhm_z": 2.408324277223591,
  "gcor": 0.00888876,
  "gsr_x": -0.003473613178357482,
  "gsr_y": 0.004470527172088623,
  "provenance": {
    "md5sum": "fc895a8a7a3c5adc0b12c701288f5f62",
    "settings": {
      "fd_thres": 0.2,
      "hmc_fsl": false
    },
    "software": "mriqc",
    "version": "0.15.0",
    "webapi_port": null,
    "webapi_url": "https://mriqc.nimh.nih.gov/api/v1"
  },
  "size_t": 523,
  "size_x": 80,
  "size_y": 80,
  "size_z": 37,
  "snr": 4.971187076869113,
  "spacing_tr": 2.0,
  "spacing_x": 3.0,
  "spacing_y": 3.0,
  "spacing_z": 3.299999952316284,
  "spikes_num": 0,
  "summary_bg_k": 52.6659224812142,
  "summary_bg_mad": 36.510047912597656,
  "summary_bg_mean": 4350.67431640625,
  "summary_bg_median": 24.936105728149414,
  "summary_bg_n": 147260.0,
  "summary_bg_p05": 0.13315592855215078,
  "summary_bg_p95": 21195.182324218542,
  "summary_bg_stdv": 21300.921875,
  "summary_fg_k": 2.4519503321451115,
  "summary_fg_mad": 67466.7421875,
  "summary_fg_mean": 399951.25,
  "summary_fg_median": 398340.3125,
  "summary_fg_n": 47213.0,
  "summary_fg_p05": 275725.05,
  "summary_fg_p95": 522438.34375,
  "summary_fg_stdv": 80128.96875,
  "tsnr": 76.51762390136719
}