{
  "aor": 0.0005048374760994263,
  "aqi": 0.004362715372848948,
  "bids_meta": {
    "AcquisitionNumber": 4,
    "BIDSVersion": "1.1.0",
    "BidsifyVersion": "0.3.1",
    "ConversionSoftware": "dcm2niix",
    "ConversionSoftwareVersion": "v1.0.20181125  GCC5.4.0",
    "EchoTime": 0.02763,
    "FlipAngle": 76.1,
    "ImageComments": "HWW",
    "ImageOrientationPatientDICOM": [
      0.999483,
      -0.0290188,
      -0.0138192,
      0.0212852,
      0.919754,
      -0.391917
    ],
    "InstitutionName": "Spinoza Centre for Neuroimaging, location REC",
    "MagneticFieldStrength": 3,
    "Manufacturer": "Philips",
    "ParallelAcquisitionTechnique": "SENSE",
    "ParallelReductionFactorInPlane": 2,
    "PatientPosition": "HFS",
    "PhaseEncodingDirection": "j",
    "PhilipsRescaleIntercept": 0,
    "PhilipsRescaleSlope": 2.39292,
    "PhilipsScaleSlope": 0.00118918,
    "ProtocolName": "WIPPM_HWWSENSE",
    "ReconMatrixPE": 80,
    "RepetitionTime": 2,
    "SeriesDescription": "ImageMRSERIES",
    "SeriesNumber": 4,
    "SliceEncodingDirection": "k",
    "SliceTiming": [
      0.0,
      0.05405405405405406,
      0.10810810810810811,
      0.16216216216216217,
      0.21621621621621623,
      0.2702702702702703,
      0.32432432432432434,
      0.3783783783783784,
      0.43243243243243246,
      0.4864864864864865,
      0.5405405405405406,
      0.5945945945945946,
      0.6486486486486487,
      0.7027027027027027,
      0.7567567567567568,
      0.8108108108108109,
      0.8648648648648649,
      0.918918918918919,
      0.972972972972973,
      1.0270270270270272,
      1.0810810810810811,
      1.135135135135135,
      1.1891891891891893,
      1.2432432432432434,
      1.2972972972972974,
      1.3513513513513513,
      1.4054054054054055,
      1.4594594594594597,
      1.5135135135135136,
      1.5675675675675675,
      1.6216216216216217,
      1.6756756756756759,
      1.7297297297297298,
      1.7837837837837838,
      1.837837837837838,
      1.891891891891892,
      1.945945945945946
    ],
    "TaskName": "other",
    "UsePhilipsFloatNotDisplayScaling": 1,
    "WaterFatShift": 12,
    "dataset": "unknown",
    "modality": "bold",
    "session_id": "2",
    "subject_id": "17",
    "task_id": "other"
  },
  "dummy_trs": 0,
  "dvars_nstd": 18.68261223440613,
  "dvars_std": 1.1464498753639838,
  "dvars_vstd": 0.9717630149425287,
  "efc": 0.4003862770449354,
  "fber": 274416768.0,
  "fd_mean": 0.14800213224967476,
  "fd_num": 109,
  "fd_perc": 20.84130019120459,
  "fwhm_avg": 2.690444093232544,
  "fwhm_x": 2.59319,
  "fwhm_y": 2.9773,
  "fwhm_z": 2.500842279697633,
  "gcor": 0.0195555,
  "gsr_x": -0.004816905129700899,
  "gsr_y": 0.004044304136186838,
  "provenance": {
    "md5sum": "234cae4eb7d65a20b93a10b7cf985436",
    "settings": {
      "fd_thres": 0.2,
      "hmc_fsl": false
    },
    "software": "mriqc",
    "version": "0.15.0",
    "webapi_port": null,
    "webapi_url": "https://mriqc.nimh.nih.gov/api/v1"
  },
  "size_t": 523,
  "size_x": 80,
  "size_y": 80,
  "size_z": 37,
  "snr": 4.686185475659209,
  "spacing_tr": 2.0,
  "spacing_x": 3.0,
  "spacing_y": 3.0,
  "spacing_z": 3.3000001907348633,
  "spikes_num": 0,
  "summary_bg_k": 85.36897830737374,
  "summary_bg_mad": 27.222122192382812,
  "summary_bg_mean": 2762.047607421875,
  "summary_bg_median": 18.667381286621094,
  "summary_bg_n": 154291.0,
  "summary_bg_p05": 0.16814685612916946,
  "summary_bg_p95": 9503.28271484375,
  "summary_bg_stdv": 15336.5322265625,
  "summary_fg_k": 3.352864856637855,
  "summary_fg_mad": 59561.66796875,
  "summary_fg_mean": 349988.84375,
  "summary_fg_median": 347351.375,
  "summary_fg_n": 41302.0,
  "summary_fg_p05": 239736.03984375,
  "summary_fg_p95": 459587.8859375,
  "summary_fg_stdv": 74121.515625,
  "tsnr": 72.18882751464844
}