{
  "aor": 0.0018333222591362123,
  "aqi": 0.005016273388704319,
  "bids_meta": {
    "AcquisitionNumber": 5,
    "BIDSVersion": "1.1.0",
    "BidsifyVersion": "0.3.1",
    "ConversionSoftware": "dcm2niix",
    "ConversionSoftwareVersion": "v1.0.20181125  GCC5.4.0",
    "EchoTime": 0.02763,
    "FlipAngle": 76.1,
    "ImageComments": "HWW",
    "ImageOrientationPatientDICOM": [
      0.999483,
      -0.0290188,
      -0.0138192,
      0.0212852,
      0.919754,
      -0.391917
    ],
    "InstitutionName": "Spinoza Centre for Neuroimaging, location REC",
    "MagneticFieldStrength": 3,
    "Manufacturer": "Philips",
    "ParallelAcquisitionTechnique": "SENSE",
    "ParallelReductionFactorInPlane": 2,
    "PatientPosition": "HFS",
    "PhaseEncodingDirection": "j",
    "PhilipsRescaleIntercept": 0,
    "PhilipsRescaleSlope": 2.82808,
    "PhilipsScaleSlope": 0.00117229,
    "ProtocolName": "WIPPM_Zinnen1SENSE",
    "ReconMatrixPE": 80,
    "RepetitionTime": 2,
    "SeriesDescription": "ImageMRSERIES",
    "SeriesNumber": 5,
    "SliceEncodingDirection": "k",
    "SliceTiming": [
      0.0,
      0.05405405405405406,
      0.10810810810810811,
      0.16216216216216217,
      0.21621621621621623,
      0.2702702702702703,
      0.32432432432432434,
      0.3783783783783784,
      0.43243243243243246,
      0.4864864864864865,
      0.5405405405405406,
      0.5945945945945946,
      0.6486486486486487,
      0.7027027027027027,
      0.7567567567567568,
      0.8108108108108109,
      0.8648648648648649,
      0.918918918918919,
      0.972972972972973,
      1.0270270270270272,
      1.0810810810810811,
      1.135135135135135,
      1.1891891891891893,
      1.2432432432432434,
      1.2972972972972974,
      1.3513513513513513,
      1.4054054054054055,
      1.4594594594594597,
      1.5135135135135136,
      1.5675675675675675,
      1.6216216216216217,
      1.6756756756756759,
      1.7297297297297298,
      1.7837837837837838,
      1.837837837837838,
      1.891891891891892,
      1.945945945945946
    ],
    "TaskName": "self",
    "UsePhilipsFloatNotDisplayScaling": 1,
    "WaterFatShift": 12,
    "dataset": "unknown",
    "modality": "bold",
    "run_id": 1,
    "session_id": "2",
    "subject_id": "17",
    "task_id": "self"
  },
  "dummy_trs": 0,
  "dvars_nstd": 18.53755821233332,
  "dvars_std": 1.170232744933333,
  "dvars_vstd": 0.9718006912000006,
  "efc": 0.39952325981395514,
  "fber": 764068608.0,
  "fd_mean": 0.11416617717554753,
  "fd_num": 14,
  "fd_perc": 4.651162790697675,
  "fwhm_avg": 2.655627629236108,
  "fwhm_x": 2.5647100000000003,
  "fwhm_y": 2.93507,
  "fwhm_z": 2.4671028877083234,
  "gcor": 0.0214279,
  "gsr_x": -0.004966106731444597,
  "gsr_y": 0.004163711331784725,
  "provenance": {
    "md5sum": "6bfff0961a93ae2df57f6e0658a9859e",
    "settings": {
      "fd_thres": 0.2,
      "hmc_fsl": false
    },
    "software": "mriqc",
    "version": "0.15.0",
    "webapi_port": null,
    "webapi_url": "https://mriqc.nimh.nih.gov/api/v1"
  },
  "size_t": 301,
  "size_x": 80,
  "size_y": 80,
  "size_z": 37,
  "snr": 4.7621438363715285,
  "spacing_tr": 2.0,
  "spacing_x": 3.0,
  "spacing_y": 3.0,
  "spacing_z": 3.3000001907348633,
  "spikes_num": 0,
  "summary_bg_k": 84.39104911858257,
  "summary_bg_mad": 17.53981590270996,
  "summary_bg_mean": 2824.134765625,
  "summary_bg_median": 11.993059158325195,
  "summary_bg_n": 154617.0,
  "summary_bg_p05": 0.05465876087546349,
  "summary_bg_p95": 10309.775585937485,
  "summary_bg_stdv": 15702.845703125,
  "summary_fg_k": 3.509673213412257,
  "summary_fg_mad": 59087.07421875,
  "summary_fg_mean": 354296.84375,
  "summary_fg_median": 351148.65625,
  "summary_fg_n": 41030.0,
  "summary_fg_p05": 244343.87109375,
  "summary_fg_p95": 462065.7984374999,
  "summary_fg_stdv": 73736.6171875,
  "tsnr": 71.0982437133789
}