{
    "Manufacturer": "Philips",
    "PatientPosition": "HFS",
    "SeriesDescription": "ImageMRSERIES",
    "ProtocolName": "WIPsT13DTFE_P25_S2_3mSENSE",
    "SeriesNumber": 5,
    "AcquisitionNumber": 5,
    "ImageComments": "PredictingMentalizing",
    "PhilipsRescaleSlope": 12.3365,
    "PhilipsRescaleIntercept": 0,
    "PhilipsScaleSlope": 0.00542161,
    "UsePhilipsFloatNotDisplayScaling": 1,
    "EchoTime": 0.00376,
    "RepetitionTime": 0.008179,
    "ReconMatrixPE": 240,
    "ImageOrientationPatientDICOM": [
        0.99581,
        0.0837975,
        -0.0366177,
        -0.0846707,
        0.996144,
        -0.0229828
    ],
    "ConversionSoftware": "dcm2niix",
    "ConversionSoftwareVersion": "v1.0.20181125  GCC5.4.0",
    "BidsifyVersion": "0.3.1",
    "MagneticFieldStrength": 3,
    "ParallelAcquisitionTechnique": "SENSE",
    "BIDSVersion": "1.1.0",
    "InstitutionName": "Spinoza Centre for Neuroimaging, location REC"
}