{
    "Manufacturer": "Philips",
    "PatientPosition": "HFS",
    "SeriesDescription": "ImageMRSERIES",
    "ProtocolName": "WIPsT13DTFE_P25_S2_3mSENSE",
    "SeriesNumber": 2,
    "AcquisitionNumber": 2,
    "ImageComments": "PredictingMentalizing",
    "PhilipsRescaleSlope": 13.2786,
    "PhilipsRescaleIntercept": 0,
    "PhilipsScaleSlope": 0.00513303,
    "UsePhilipsFloatNotDisplayScaling": 1,
    "EchoTime": 0.00388,
    "RepetitionTime": 0.008399,
    "ReconMatrixPE": 240,
    "ImageOrientationPatientDICOM": [
        0.990456,
        0.117083,
        -0.0727283,
        -0.127935,
        0.97728,
        -0.168989
    ],
    "ConversionSoftware": "dcm2niix",
    "ConversionSoftwareVersion": "v1.0.20181125  GCC5.4.0",
    "BidsifyVersion": "0.3.1",
    "MagneticFieldStrength": 3,
    "ParallelAcquisitionTechnique": "SENSE",
    "BIDSVersion": "1.1.0",
    "InstitutionName": "Spinoza Centre for Neuroimaging, location REC"
}