{
  "aor": 0.0019379349904397707,
  "aqi": 0.009353620707456977,
  "bids_meta": {
    "AcquisitionNumber": 3,
    "BIDSVersion": "1.1.0",
    "BidsifyVersion": "0.3.1",
    "ConversionSoftware": "dcm2niix",
    "ConversionSoftwareVersion": "v1.0.20181125  GCC5.4.0",
    "EchoTime": 0.02763,
    "FlipAngle": 76.1,
    "ImageComments": "HWW",
    "ImageOrientationPatientDICOM": [
      0.999692,
      -0.0224427,
      -0.010618,
      0.0167516,
      0.92536,
      -0.378718
    ],
    "InstitutionName": "Spinoza Centre for Neuroimaging, location REC",
    "MagneticFieldStrength": 3,
    "Manufacturer": "Philips",
    "ParallelAcquisitionTechnique": "SENSE",
    "ParallelReductionFactorInPlane": 2,
    "PatientPosition": "HFS",
    "PhaseEncodingDirection": "j",
    "PhilipsRescaleIntercept": 0,
    "PhilipsRescaleSlope": 1.97387,
    "PhilipsScaleSlope": 0.00115997,
    "ProtocolName": "WIPPM_HWWSENSE",
    "ReconMatrixPE": 80,
    "RepetitionTime": 2,
    "SeriesDescription": "ImageMRSERIES",
    "SeriesNumber": 3,
    "SliceEncodingDirection": "k",
    "SliceTiming": [
      0.0,
      0.05405405405405406,
      0.10810810810810811,
      0.16216216216216217,
      0.21621621621621623,
      0.2702702702702703,
      0.32432432432432434,
      0.3783783783783784,
      0.43243243243243246,
      0.4864864864864865,
      0.5405405405405406,
      0.5945945945945946,
      0.6486486486486487,
      0.7027027027027027,
      0.7567567567567568,
      0.8108108108108109,
      0.8648648648648649,
      0.918918918918919,
      0.972972972972973,
      1.0270270270270272,
      1.0810810810810811,
      1.135135135135135,
      1.1891891891891893,
      1.2432432432432434,
      1.2972972972972974,
      1.3513513513513513,
      1.4054054054054055,
      1.4594594594594597,
      1.5135135135135136,
      1.5675675675675675,
      1.6216216216216217,
      1.6756756756756759,
      1.7297297297297298,
      1.7837837837837838,
      1.837837837837838,
      1.891891891891892,
      1.945945945945946
    ],
    "TaskName": "other",
    "UsePhilipsFloatNotDisplayScaling": 1,
    "WaterFatShift": 12,
    "dataset": "unknown",
    "modality": "bold",
    "session_id": "2",
    "subject_id": "19",
    "task_id": "other"
  },
  "dummy_trs": 0,
  "dvars_nstd": 19.408215882682008,
  "dvars_std": 1.1218680513793093,
  "dvars_vstd": 0.9669948425670496,
  "efc": 0.38904364324038354,
  "fber": 171156896.0,
  "fd_mean": 0.19698914843690615,
  "fd_num": 230,
  "fd_perc": 43.977055449330784,
  "fwhm_avg": 2.5416920311932265,
  "fwhm_x": 2.4695966666666664,
  "fwhm_y": 2.873506666666667,
  "fwhm_z": 2.2819727602463455,
  "gcor": 0.0144902,
  "gsr_x": -0.006465706508606672,
  "gsr_y": 0.005967321339994669,
  "provenance": {
    "md5sum": "58e5aab776666ec68056ab1e26680063",
    "settings": {
      "fd_thres": 0.2,
      "hmc_fsl": false
    },
    "software": "mriqc",
    "version": "0.15.0",
    "webapi_port": null,
    "webapi_url": "https://mriqc.nimh.nih.gov/api/v1"
  },
  "size_t": 523,
  "size_x": 80,
  "size_y": 80,
  "size_z": 37,
  "snr": 4.541015058344078,
  "spacing_tr": 2.0,
  "spacing_x": 3.0,
  "spacing_y": 3.0,
  "spacing_z": 3.299999952316284,
  "spikes_num": 0,
  "summary_bg_k": 204.0872669232823,
  "summary_bg_mad": 40.404693603515625,
  "summary_bg_mean": 2662.4150390625,
  "summary_bg_median": 28.214191436767578,
  "summary_bg_n": 155660.0,
  "summary_bg_p05": 0.5278357058763504,
  "summary_bg_p95": 11385.08964843749,
  "summary_bg_stdv": 15205.4697265625,
  "summary_fg_k": 2.5106919590777013,
  "summary_fg_mad": 72634.7265625,
  "summary_fg_mean": 412217.9375,
  "summary_fg_median": 409089.90625,
  "summary_fg_n": 39717.0,
  "summary_fg_p05": 277401.83125000005,
  "summary_fg_p95": 552475.5499999999,
  "summary_fg_stdv": 90086.6328125,
  "tsnr": 55.21890640258789
}