{
  "aor": 0.0004137541528239203,
  "aqi": 0.0051005791362126246,
  "bids_meta": {
    "AcquisitionNumber": 5,
    "BIDSVersion": "1.1.0",
    "BidsifyVersion": "0.3.1",
    "ConversionSoftware": "dcm2niix",
    "ConversionSoftwareVersion": "v1.0.20181125  GCC5.4.0",
    "EchoTime": 0.02763,
    "FlipAngle": 76.1,
    "ImageComments": "HWW",
    "ImageOrientationPatientDICOM": [
      0.999692,
      -0.0224427,
      -0.010618,
      0.0167516,
      0.92536,
      -0.378718
    ],
    "InstitutionName": "Spinoza Centre for Neuroimaging, location REC",
    "MagneticFieldStrength": 3,
    "Manufacturer": "Philips",
    "ParallelAcquisitionTechnique": "SENSE",
    "ParallelReductionFactorInPlane": 2,
    "PatientPosition": "HFS",
    "PhaseEncodingDirection": "j",
    "PhilipsRescaleIntercept": 0,
    "PhilipsRescaleSlope": 2.31551,
    "PhilipsScaleSlope": 0.00115687,
    "ProtocolName": "WIPPM_Zinnen2SENSE",
    "ReconMatrixPE": 80,
    "RepetitionTime": 2,
    "SeriesDescription": "ImageMRSERIES",
    "SeriesNumber": 5,
    "SliceEncodingDirection": "k",
    "SliceTiming": [
      0.0,
      0.05405405405405406,
      0.10810810810810811,
      0.16216216216216217,
      0.21621621621621623,
      0.2702702702702703,
      0.32432432432432434,
      0.3783783783783784,
      0.43243243243243246,
      0.4864864864864865,
      0.5405405405405406,
      0.5945945945945946,
      0.6486486486486487,
      0.7027027027027027,
      0.7567567567567568,
      0.8108108108108109,
      0.8648648648648649,
      0.918918918918919,
      0.972972972972973,
      1.0270270270270272,
      1.0810810810810811,
      1.135135135135135,
      1.1891891891891893,
      1.2432432432432434,
      1.2972972972972974,
      1.3513513513513513,
      1.4054054054054055,
      1.4594594594594597,
      1.5135135135135136,
      1.5675675675675675,
      1.6216216216216217,
      1.6756756756756759,
      1.7297297297297298,
      1.7837837837837838,
      1.837837837837838,
      1.891891891891892,
      1.945945945945946
    ],
    "TaskName": "self",
    "UsePhilipsFloatNotDisplayScaling": 1,
    "WaterFatShift": 12,
    "dataset": "unknown",
    "modality": "bold",
    "run_id": 2,
    "session_id": "2",
    "subject_id": "19",
    "task_id": "self"
  },
  "dummy_trs": 0,
  "dvars_nstd": 18.010102751999998,
  "dvars_std": 1.0857595741333335,
  "dvars_vstd": 1.8195420253999988,
  "efc": 0.3882951571165353,
  "fber": 522867456.0,
  "fd_mean": 0.17782576066865768,
  "fd_num": 111,
  "fd_perc": 36.87707641196013,
  "fwhm_avg": 2.5027059703989125,
  "fwhm_x": 2.4418466666666667,
  "fwhm_y": 2.8233833333333336,
  "fwhm_z": 2.2428879111967364,
  "gcor": 0.0310687,
  "gsr_x": -0.006243606563657522,
  "gsr_y": 0.006046045571565628,
  "provenance": {
    "md5sum": "1825042106a8bea0e2289c7687fbb0db",
    "settings": {
      "fd_thres": 0.2,
      "hmc_fsl": false
    },
    "software": "mriqc",
    "version": "0.15.0",
    "webapi_port": null,
    "webapi_url": "https://mriqc.nimh.nih.gov/api/v1"
  },
  "size_t": 301,
  "size_x": 80,
  "size_y": 80,
  "size_z": 37,
  "snr": 4.618014824785884,
  "spacing_tr": 2.0,
  "spacing_x": 3.0,
  "spacing_y": 3.0,
  "spacing_z": 3.299999952316284,
  "spikes_num": 0,
  "summary_bg_k": 209.4714775274436,
  "summary_bg_mad": 23.770112991333008,
  "summary_bg_mean": 2606.067138671875,
  "summary_bg_median": 16.352935791015625,
  "summary_bg_n": 155867.0,
  "summary_bg_p05": 0.17125505656003953,
  "summary_bg_p95": 11210.001660156246,
  "summary_bg_stdv": 15370.8974609375,
  "summary_fg_k": 2.563293721775212,
  "summary_fg_mad": 71142.671875,
  "summary_fg_mean": 411468.0,
  "summary_fg_median": 407584.53125,
  "summary_fg_n": 39609.0,
  "summary_fg_p05": 281302.18125,
  "summary_fg_p95": 547711.4874999999,
  "summary_fg_stdv": 88258.5703125,
  "tsnr": 68.77531433105469
}