{
  "bids_meta": {
    "AcquisitionNumber": 4,
    "BIDSVersion": "1.1.0",
    "BidsifyVersion": "0.3.1",
    "ConversionSoftware": "dcm2niix",
    "ConversionSoftwareVersion": "v1.0.20181125  GCC5.4.0",
    "EchoTime": 0.00375,
    "ImageComments": "HWW",
    "ImageOrientationPatientDICOM": [
      0.99907,
      0.0179898,
      0.0391775,
      -0.0209275,
      0.996895,
      0.0759152
    ],
    "InstitutionName": "Spinoza Centre for Neuroimaging, location REC",
    "MagneticFieldStrength": 3,
    "Manufacturer": "Philips",
    "ParallelAcquisitionTechnique": "SENSE",
    "PatientPosition": "HFS",
    "PhilipsRescaleIntercept": 0,
    "PhilipsRescaleSlope": 14.7866,
    "PhilipsScaleSlope": 0.000266343,
    "ProtocolName": "WIPsT13DTFE_P25_S2_3mSENSE",
    "ReconMatrixPE": 240,
    "RepetitionTime": 0.0082,
    "SeriesDescription": "ImageMRSERIES",
    "SeriesNumber": 4,
    "UsePhilipsFloatNotDisplayScaling": 1,
    "dataset": "unknown",
    "modality": "T1w",
    "session_id": "1",
    "subject_id": "21"
  },
  "cjv": 0.3358856940379583,
  "cnr": 3.818731231849853,
  "efc": 0.7508287982940419,
  "fber": 2542.934814453125,
  "fwhm_avg": 3.9917435692076118,
  "fwhm_x": 3.93196,
  "fwhm_y": 4.214600251209751,
  "fwhm_z": 3.828670456413085,
  "icvs_csf": 0.20987543114625212,
  "icvs_gm": 0.4283085310647587,
  "icvs_wm": 0.36181603778898913,
  "inu_med": 2.4791245460510254,
  "inu_range": 0.5288203954696655,
  "provenance": {
    "md5sum": "646ab5d9231873f69ffbdcd80c36ee7b",
    "settings": {
      "testing": false
    },
    "software": "mriqc",
    "version": "0.15.0",
    "warnings": {
      "large_rot_frame": true,
      "small_air_mask": true
    },
    "webapi_port": null,
    "webapi_url": "https://mriqc.nimh.nih.gov/api/v1"
  },
  "qi_1": 0.0,
  "qi_2": 1.9420402236540652e-05,
  "rpve_csf": 29.190974915355,
  "rpve_gm": 15.314043470803009,
  "rpve_wm": 22.36557164335149,
  "size_x": 240,
  "size_y": 240,
  "size_z": 220,
  "snr_csf": 1.7399934419290122,
  "snr_gm": 7.522089191843789,
  "snr_total": 9.2594707425707,
  "snr_wm": 18.516329593939297,
  "snrd_csf": 10.56855614346587,
  "snrd_gm": 33.01173340541919,
  "snrd_total": 32.220669396206404,
  "snrd_wm": 53.081718639734156,
  "spacing_x": 1.0,
  "spacing_y": 0.9999999403953552,
  "spacing_z": 0.9999998807907104,
  "summary_bg_k": 3.115019996275068,
  "summary_bg_mad": 12.341964721679688,
  "summary_bg_mean": 6.77496337890625,
  "summary_bg_median": 8.324528694152832,
  "summary_bg_n": 111498.0,
  "summary_bg_p05": 0.0,
  "summary_bg_p95": 17.135739040374755,
  "summary_bg_stdv": 7.161019325256348,
  "summary_csf_k": -0.19609202105785206,
  "summary_csf_mad": 128.78453063964844,
  "summary_csf_mean": 216.18670654296875,
  "summary_csf_median": 199.09861755371094,
  "summary_csf_n": 9378.0,
  "summary_csf_p05": 59.390048027038574,
  "summary_csf_p95": 409.70486297607425,
  "summary_csf_stdv": 114.4188232421875,
  "summary_gm_k": 0.35704640783721375,
  "summary_gm_mad": 78.19378662109375,
  "summary_gm_mean": 628.4483032226562,
  "summary_gm_median": 621.9005126953125,
  "summary_gm_n": 23659.0,
  "summary_gm_p05": 503.8339019775391,
  "summary_gm_p95": 777.0137756347656,
  "summary_gm_stdv": 82.67481994628906,
  "summary_wm_k": 0.778324803915333,
  "summary_wm_mad": 48.80253601074219,
  "summary_wm_mean": 998.7154541015625,
  "summary_wm_median": 999.994384765625,
  "summary_wm_n": 186574.0,
  "summary_wm_p05": 906.2665893554688,
  "summary_wm_p95": 1084.6225219726562,
  "summary_wm_stdv": 54.00593566894531,
  "tpm_overlap_csf": 0.22799377143383026,
  "tpm_overlap_gm": 0.5184081196784973,
  "tpm_overlap_wm": 0.5661720037460327,
  "wm2max": 0.8238303341304634
}