{
    "Manufacturer": "Philips",
    "PatientPosition": "HFS",
    "SeriesDescription": "ImageMRSERIES",
    "ProtocolName": "WIPsT13DTFE_P25_S2_3mSENSE",
    "SeriesNumber": 3,
    "AcquisitionNumber": 3,
    "ImageComments": "PredictingMentalizing",
    "PhilipsRescaleSlope": 13.1458,
    "PhilipsRescaleIntercept": 0,
    "PhilipsScaleSlope": 0.00550703,
    "UsePhilipsFloatNotDisplayScaling": 1,
    "EchoTime": 0.00383,
    "RepetitionTime": 0.008342,
    "ReconMatrixPE": 240,
    "ImageOrientationPatientDICOM": [
        0.999589,
        0.00920028,
        -0.0271557,
        -0.0150048,
        0.974927,
        -0.222017
    ],
    "ConversionSoftware": "dcm2niix",
    "ConversionSoftwareVersion": "v1.0.20181125  GCC5.4.0",
    "BidsifyVersion": "0.3.1",
    "MagneticFieldStrength": 3,
    "ParallelAcquisitionTechnique": "SENSE",
    "BIDSVersion": "1.1.0",
    "InstitutionName": "Spinoza Centre for Neuroimaging, location REC"
}