{
  "aor": 0.0025534608030592736,
  "aqi": 0.004431684397705545,
  "bids_meta": {
    "AcquisitionNumber": 4,
    "BIDSVersion": "1.1.0",
    "BidsifyVersion": "0.3.1",
    "ConversionSoftware": "dcm2niix",
    "ConversionSoftwareVersion": "v1.0.20181125  GCC5.4.0",
    "EchoTime": 0.02763,
    "FlipAngle": 76.1,
    "ImageComments": "HWW",
    "ImageOrientationPatientDICOM": [
      0.999919,
      -0.0106777,
      -0.00698531,
      0.00820256,
      0.957264,
      -0.289099
    ],
    "InstitutionName": "Spinoza Centre for Neuroimaging, location REC",
    "MagneticFieldStrength": 3,
    "Manufacturer": "Philips",
    "ParallelAcquisitionTechnique": "SENSE",
    "ParallelReductionFactorInPlane": 2,
    "PatientPosition": "HFS",
    "PhaseEncodingDirection": "j",
    "PhilipsRescaleIntercept": 0,
    "PhilipsRescaleSlope": 2.83712,
    "PhilipsScaleSlope": 0.00115225,
    "ProtocolName": "WIPPM_HWWSENSE",
    "ReconMatrixPE": 80,
    "RepetitionTime": 2,
    "SeriesDescription": "ImageMRSERIES",
    "SeriesNumber": 4,
    "SliceEncodingDirection": "k",
    "SliceTiming": [
      0.0,
      0.05405405405405406,
      0.10810810810810811,
      0.16216216216216217,
      0.21621621621621623,
      0.2702702702702703,
      0.32432432432432434,
      0.3783783783783784,
      0.43243243243243246,
      0.4864864864864865,
      0.5405405405405406,
      0.5945945945945946,
      0.6486486486486487,
      0.7027027027027027,
      0.7567567567567568,
      0.8108108108108109,
      0.8648648648648649,
      0.918918918918919,
      0.972972972972973,
      1.0270270270270272,
      1.0810810810810811,
      1.135135135135135,
      1.1891891891891893,
      1.2432432432432434,
      1.2972972972972974,
      1.3513513513513513,
      1.4054054054054055,
      1.4594594594594597,
      1.5135135135135136,
      1.5675675675675675,
      1.6216216216216217,
      1.6756756756756759,
      1.7297297297297298,
      1.7837837837837838,
      1.837837837837838,
      1.891891891891892,
      1.945945945945946
    ],
    "TaskName": "other",
    "UsePhilipsFloatNotDisplayScaling": 1,
    "WaterFatShift": 12,
    "dataset": "unknown",
    "modality": "bold",
    "session_id": "1",
    "subject_id": "01",
    "task_id": "other"
  },
  "dummy_trs": 0,
  "dvars_nstd": 20.419788121283535,
  "dvars_std": 1.2638271979118771,
  "dvars_vstd": 1.0734139969348664,
  "efc": 0.40594223172939037,
  "fber": 111699952.0,
  "fd_mean": 0.15088633036444202,
  "fd_num": 121,
  "fd_perc": 23.135755258126196,
  "fwhm_avg": 2.6221450622314646,
  "fwhm_x": 2.53601,
  "fwhm_y": 2.8958100000000004,
  "fwhm_z": 2.4346151866943937,
  "gcor": 0.0215119,
  "gsr_x": -0.003911536652594805,
  "gsr_y": 0.005326173733919859,
  "provenance": {
    "md5sum": "a30601ed2d80e26a172c23693d1e24e8",
    "settings": {
      "fd_thres": 0.2,
      "hmc_fsl": false
    },
    "software": "mriqc",
    "version": "0.15.0",
    "webapi_port": null,
    "webapi_url": "https://mriqc.nimh.nih.gov/api/v1"
  },
  "size_t": 523,
  "size_x": 80,
  "size_y": 80,
  "size_z": 37,
  "snr": 4.838084658311114,
  "spacing_tr": 2.0,
  "spacing_x": 3.0,
  "spacing_y": 3.0,
  "spacing_z": 3.299999952316284,
  "spikes_num": 2,
  "summary_bg_k": 99.85181715774436,
  "summary_bg_mad": 47.743839263916016,
  "summary_bg_mean": 3033.31982421875,
  "summary_bg_median": 32.987667083740234,
  "summary_bg_n": 152708.0,
  "summary_bg_p05": 0.3379161819815636,
  "summary_bg_p95": 10741.887646484325,
  "summary_bg_stdv": 17158.857421875,
  "summary_fg_k": 1.275949442678833,
  "summary_fg_mad": 72020.734375,
  "summary_fg_mean": 388544.90625,
  "summary_fg_median": 388361.125,
  "summary_fg_n": 42286.0,
  "summary_fg_p05": 256177.609375,
  "summary_fg_p95": 515069.8828125,
  "summary_fg_stdv": 80270.71875,
  "tsnr": 67.22614288330078
}