{
  "aor": 0.0008667109634551495,
  "aqi": 0.004656586279069767,
  "bids_meta": {
    "AcquisitionNumber": 6,
    "BIDSVersion": "1.1.0",
    "BidsifyVersion": "0.3.1",
    "ConversionSoftware": "dcm2niix",
    "ConversionSoftwareVersion": "v1.0.20181125  GCC5.4.0",
    "EchoTime": 0.02763,
    "FlipAngle": 76.1,
    "ImageComments": "HWW",
    "ImageOrientationPatientDICOM": [
      0.999919,
      -0.0106777,
      -0.00698531,
      0.00820256,
      0.957264,
      -0.289099
    ],
    "InstitutionName": "Spinoza Centre for Neuroimaging, location REC",
    "MagneticFieldStrength": 3,
    "Manufacturer": "Philips",
    "ParallelAcquisitionTechnique": "SENSE",
    "ParallelReductionFactorInPlane": 2,
    "PatientPosition": "HFS",
    "PhaseEncodingDirection": "j",
    "PhilipsRescaleIntercept": 0,
    "PhilipsRescaleSlope": 2.55458,
    "PhilipsScaleSlope": 0.00113402,
    "ProtocolName": "WIPPM_Zinnen2SENSE",
    "ReconMatrixPE": 80,
    "RepetitionTime": 2,
    "SeriesDescription": "ImageMRSERIES",
    "SeriesNumber": 6,
    "SliceEncodingDirection": "k",
    "SliceTiming": [
      0.0,
      0.05405405405405406,
      0.10810810810810811,
      0.16216216216216217,
      0.21621621621621623,
      0.2702702702702703,
      0.32432432432432434,
      0.3783783783783784,
      0.43243243243243246,
      0.4864864864864865,
      0.5405405405405406,
      0.5945945945945946,
      0.6486486486486487,
      0.7027027027027027,
      0.7567567567567568,
      0.8108108108108109,
      0.8648648648648649,
      0.918918918918919,
      0.972972972972973,
      1.0270270270270272,
      1.0810810810810811,
      1.135135135135135,
      1.1891891891891893,
      1.2432432432432434,
      1.2972972972972974,
      1.3513513513513513,
      1.4054054054054055,
      1.4594594594594597,
      1.5135135135135136,
      1.5675675675675675,
      1.6216216216216217,
      1.6756756756756759,
      1.7297297297297298,
      1.7837837837837838,
      1.837837837837838,
      1.891891891891892,
      1.945945945945946
    ],
    "TaskName": "self",
    "UsePhilipsFloatNotDisplayScaling": 1,
    "WaterFatShift": 12,
    "dataset": "unknown",
    "modality": "bold",
    "run_id": 2,
    "session_id": "1",
    "subject_id": "01",
    "task_id": "self"
  },
  "dummy_trs": 0,
  "dvars_nstd": 20.37368488013333,
  "dvars_std": 1.1904561487333334,
  "dvars_vstd": 1.8057775463666663,
  "efc": 0.4055224194765224,
  "fber": 177902224.0,
  "fd_mean": 0.1881657646997561,
  "fd_num": 120,
  "fd_perc": 39.8671096345515,
  "fwhm_avg": 2.6139506177672724,
  "fwhm_x": 2.53198,
  "fwhm_y": 2.879356666666667,
  "fwhm_z": 2.43051518663515,
  "gcor": 0.0301743,
  "gsr_x": -0.0038757517468184233,
  "gsr_y": 0.004967233631759882,
  "provenance": {
    "md5sum": "2ede42d4e1ac8c3c639d48c1264f11c5",
    "settings": {
      "fd_thres": 0.2,
      "hmc_fsl": false
    },
    "software": "mriqc",
    "version": "0.15.0",
    "webapi_port": null,
    "webapi_url": "https://mriqc.nimh.nih.gov/api/v1"
  },
  "size_t": 301,
  "size_x": 80,
  "size_y": 80,
  "size_z": 37,
  "snr": 4.842650439816786,
  "spacing_tr": 2.0,
  "spacing_x": 3.0,
  "spacing_y": 3.0,
  "spacing_z": 3.299999952316284,
  "spikes_num": 0,
  "summary_bg_k": 98.8094701231734,
  "summary_bg_mad": 38.778114318847656,
  "summary_bg_mean": 3007.818359375,
  "summary_bg_median": 26.980297088623047,
  "summary_bg_n": 152753.0,
  "summary_bg_p05": 0.28478304743766786,
  "summary_bg_p95": 10819.729687499988,
  "summary_bg_stdv": 17407.990234375,
  "summary_fg_k": 1.2791310227449584,
  "summary_fg_mad": 73033.0546875,
  "summary_fg_mean": 392845.65625,
  "summary_fg_median": 392682.1875,
  "summary_fg_n": 42314.0,
  "summary_fg_p05": 258334.34140625002,
  "summary_fg_p95": 520836.7046875,
  "summary_fg_stdv": 81087.3203125,
  "tsnr": 69.53426361083984
}