{
  "bids_meta": {
    "AcquisitionNumber": 2,
    "BIDSVersion": "1.1.0",
    "BidsifyVersion": "0.3.1",
    "ConversionSoftware": "dcm2niix",
    "ConversionSoftwareVersion": "v1.0.20181125  GCC5.4.0",
    "EchoTime": 0.00388,
    "ImageComments": "PredictingMentalizing",
    "ImageOrientationPatientDICOM": [
      0.990456,
      0.117083,
      -0.0727283,
      -0.127935,
      0.97728,
      -0.168989
    ],
    "InstitutionName": "Spinoza Centre for Neuroimaging, location REC",
    "MagneticFieldStrength": 3,
    "Manufacturer": "Philips",
    "ParallelAcquisitionTechnique": "SENSE",
    "PatientPosition": "HFS",
    "PhilipsRescaleIntercept": 0,
    "PhilipsRescaleSlope": 13.2786,
    "PhilipsScaleSlope": 0.00513303,
    "ProtocolName": "WIPsT13DTFE_P25_S2_3mSENSE",
    "ReconMatrixPE": 240,
    "RepetitionTime": 0.008399,
    "SeriesDescription": "ImageMRSERIES",
    "SeriesNumber": 2,
    "UsePhilipsFloatNotDisplayScaling": 1,
    "dataset": "unknown",
    "modality": "T1w",
    "session_id": "1",
    "subject_id": "22"
  },
  "cjv": 0.2806551708092093,
  "cnr": 4.3207860436005285,
  "efc": 0.7865235604760551,
  "fber": 797.155029296875,
  "fwhm_avg": 4.510543146305106,
  "fwhm_x": 4.15073,
  "fwhm_y": 4.67418,
  "fwhm_z": 4.70671943891532,
  "icvs_csf": 0.2540843725673082,
  "icvs_gm": 0.38348714238381204,
  "icvs_wm": 0.3624284850488798,
  "inu_med": 1.4408677816390991,
  "inu_range": 0.2897105395793913,
  "provenance": {
    "md5sum": "51d79e9a11ccffb6dac1ac935e0e8ac4",
    "settings": {
      "testing": false
    },
    "software": "mriqc",
    "version": "0.15.0",
    "warnings": {
      "large_rot_frame": true,
      "small_air_mask": true
    },
    "webapi_port": null,
    "webapi_url": "https://mriqc.nimh.nih.gov/api/v1"
  },
  "qi_1": 0.0,
  "qi_2": 0.0004315181033977639,
  "rpve_csf": 22.542229192603493,
  "rpve_gm": 14.511744138980259,
  "rpve_wm": 20.193670600038143,
  "size_x": 240,
  "size_y": 240,
  "size_z": 220,
  "snr_csf": 2.759102923798037,
  "snr_gm": 8.716840050408486,
  "snr_total": 12.97929145432112,
  "snr_wm": 27.461931388756835,
  "snrd_csf": 16.085578884327496,
  "snrd_gm": 35.26764105739689,
  "snrd_total": 35.3941069670104,
  "snrd_wm": 54.82910095930682,
  "spacing_x": 1.0,
  "spacing_y": 1.0,
  "spacing_z": 1.0000001192092896,
  "summary_bg_k": 1.2978066962833568,
  "summary_bg_mad": 11.948655128479004,
  "summary_bg_mean": 11.491140365600586,
  "summary_bg_median": 8.393145561218262,
  "summary_bg_n": 36758.0,
  "summary_bg_p05": 0.0,
  "summary_bg_p95": 24.980824565887453,
  "summary_bg_stdv": 6.86492395401001,
  "summary_csf_k": 0.6541053966883488,
  "summary_csf_mad": 116.71438598632812,
  "summary_csf_mean": 286.899169921875,
  "summary_csf_median": 293.3756103515625,
  "summary_csf_n": 23377.0,
  "summary_csf_p05": 110.97578887939453,
  "summary_csf_p95": 450.6430053710938,
  "summary_csf_stdv": 106.32779693603516,
  "summary_gm_k": 0.5665443805996544,
  "summary_gm_mad": 67.42374420166016,
  "summary_gm_mean": 650.6517333984375,
  "summary_gm_median": 643.2261962890625,
  "summary_gm_n": 16921.0,
  "summary_gm_p05": 542.075439453125,
  "summary_gm_p95": 788.4132690429688,
  "summary_gm_stdv": 73.78903198242188,
  "summary_wm_k": 1.267456372275391,
  "summary_wm_mad": 32.705657958984375,
  "summary_wm_mean": 998.1753540039062,
  "summary_wm_median": 999.9963989257812,
  "summary_wm_n": 227427.0,
  "summary_wm_p05": 935.6970520019531,
  "summary_wm_p95": 1053.6099853515625,
  "summary_wm_stdv": 36.41383361816406,
  "tpm_overlap_csf": 0.22123287618160248,
  "tpm_overlap_gm": 0.4983944296836853,
  "tpm_overlap_wm": 0.5797476172447205,
  "wm2max": 0.8008354937590506
}