{
  "aor": 0.0004241491395793499,
  "aqi": 0.0059078030210325035,
  "bids_meta": {
    "AcquisitionNumber": 3,
    "BIDSVersion": "1.1.0",
    "BidsifyVersion": "0.3.1",
    "ConversionSoftware": "dcm2niix",
    "ConversionSoftwareVersion": "v1.0.20181125  GCC5.4.0",
    "EchoTime": 0.02763,
    "FlipAngle": 76.1,
    "ImageComments": "HWW",
    "ImageOrientationPatientDICOM": [
      0.997947,
      -0.0604932,
      -0.0210148,
      0.0507285,
      0.947026,
      -0.317125
    ],
    "InstitutionName": "Spinoza Centre for Neuroimaging, location REC",
    "MagneticFieldStrength": 3,
    "Manufacturer": "Philips",
    "ParallelAcquisitionTechnique": "SENSE",
    "ParallelReductionFactorInPlane": 2,
    "PatientPosition": "HFS",
    "PhaseEncodingDirection": "j",
    "PhilipsRescaleIntercept": 0,
    "PhilipsRescaleSlope": 2.03004,
    "PhilipsScaleSlope": 0.00114687,
    "ProtocolName": "WIPPM_HWWSENSE",
    "ReconMatrixPE": 80,
    "RepetitionTime": 2,
    "SeriesDescription": "ImageMRSERIES",
    "SeriesNumber": 3,
    "SliceEncodingDirection": "k",
    "SliceTiming": [
      0.0,
      0.05405405405405406,
      0.10810810810810811,
      0.16216216216216217,
      0.21621621621621623,
      0.2702702702702703,
      0.32432432432432434,
      0.3783783783783784,
      0.43243243243243246,
      0.4864864864864865,
      0.5405405405405406,
      0.5945945945945946,
      0.6486486486486487,
      0.7027027027027027,
      0.7567567567567568,
      0.8108108108108109,
      0.8648648648648649,
      0.918918918918919,
      0.972972972972973,
      1.0270270270270272,
      1.0810810810810811,
      1.135135135135135,
      1.1891891891891893,
      1.2432432432432434,
      1.2972972972972974,
      1.3513513513513513,
      1.4054054054054055,
      1.4594594594594597,
      1.5135135135135136,
      1.5675675675675675,
      1.6216216216216217,
      1.6756756756756759,
      1.7297297297297298,
      1.7837837837837838,
      1.837837837837838,
      1.891891891891892,
      1.945945945945946
    ],
    "TaskName": "other",
    "UsePhilipsFloatNotDisplayScaling": 1,
    "WaterFatShift": 12,
    "dataset": "unknown",
    "modality": "bold",
    "session_id": "2",
    "subject_id": "02",
    "task_id": "other"
  },
  "dummy_trs": 0,
  "dvars_nstd": 20.483045841091954,
  "dvars_std": 1.1955111834099612,
  "dvars_vstd": 0.9950616026245201,
  "efc": 0.43751219422903087,
  "fber": 256708640.0,
  "fd_mean": 0.1640725204426631,
  "fd_num": 126,
  "fd_perc": 24.091778202676863,
  "fwhm_avg": 2.582718900544106,
  "fwhm_x": 2.52103,
  "fwhm_y": 2.8072933333333334,
  "fwhm_z": 2.419833368298984,
  "gcor": 0.0320654,
  "gsr_x": 0.0013554004253819585,
  "gsr_y": 0.0020113911014050245,
  "provenance": {
    "md5sum": "d1654e8e1fd40bbf8fde63d8c25d779a",
    "settings": {
      "fd_thres": 0.2,
      "hmc_fsl": false
    },
    "software": "mriqc",
    "version": "0.15.0",
    "webapi_port": null,
    "webapi_url": "https://mriqc.nimh.nih.gov/api/v1"
  },
  "size_t": 523,
  "size_x": 80,
  "size_y": 80,
  "size_z": 37,
  "snr": 5.250969871890288,
  "spacing_tr": 2.0,
  "spacing_x": 3.0,
  "spacing_y": 3.0,
  "spacing_z": 3.299999952316284,
  "spikes_num": 3,
  "summary_bg_k": 61.22823191977544,
  "summary_bg_mad": 30.192306518554688,
  "summary_bg_mean": 3897.37841796875,
  "summary_bg_median": 20.487504959106445,
  "summary_bg_n": 146401.0,
  "summary_bg_p05": 0.03270347788929939,
  "summary_bg_p95": 20084.83984375,
  "summary_bg_stdv": 19180.99609375,
  "summary_fg_k": 2.4120966848767393,
  "summary_fg_mad": 62510.984375,
  "summary_fg_mean": 386203.21875,
  "summary_fg_median": 386150.6875,
  "summary_fg_n": 48226.0,
  "summary_fg_p05": 270497.15625,
  "summary_fg_p95": 498308.28125,
  "summary_fg_stdv": 73538.1640625,
  "tsnr": 69.73705291748047
}