{
  "aor": 0.0004368106312292358,
  "aqi": 0.005371352292358804,
  "bids_meta": {
    "AcquisitionNumber": 4,
    "BIDSVersion": "1.1.0",
    "BidsifyVersion": "0.3.1",
    "ConversionSoftware": "dcm2niix",
    "ConversionSoftwareVersion": "v1.0.20181125  GCC5.4.0",
    "EchoTime": 0.02763,
    "FlipAngle": 76.1,
    "ImageComments": "HWW",
    "ImageOrientationPatientDICOM": [
      0.997947,
      -0.0604932,
      -0.0210148,
      0.0507285,
      0.947026,
      -0.317125
    ],
    "InstitutionName": "Spinoza Centre for Neuroimaging, location REC",
    "MagneticFieldStrength": 3,
    "Manufacturer": "Philips",
    "ParallelAcquisitionTechnique": "SENSE",
    "ParallelReductionFactorInPlane": 2,
    "PatientPosition": "HFS",
    "PhaseEncodingDirection": "j",
    "PhilipsRescaleIntercept": 0,
    "PhilipsRescaleSlope": 2.50208,
    "PhilipsScaleSlope": 0.00114761,
    "ProtocolName": "WIPPM_Zinnen1SENSE",
    "ReconMatrixPE": 80,
    "RepetitionTime": 2,
    "SeriesDescription": "ImageMRSERIES",
    "SeriesNumber": 4,
    "SliceEncodingDirection": "k",
    "SliceTiming": [
      0.0,
      0.05405405405405406,
      0.10810810810810811,
      0.16216216216216217,
      0.21621621621621623,
      0.2702702702702703,
      0.32432432432432434,
      0.3783783783783784,
      0.43243243243243246,
      0.4864864864864865,
      0.5405405405405406,
      0.5945945945945946,
      0.6486486486486487,
      0.7027027027027027,
      0.7567567567567568,
      0.8108108108108109,
      0.8648648648648649,
      0.918918918918919,
      0.972972972972973,
      1.0270270270270272,
      1.0810810810810811,
      1.135135135135135,
      1.1891891891891893,
      1.2432432432432434,
      1.2972972972972974,
      1.3513513513513513,
      1.4054054054054055,
      1.4594594594594597,
      1.5135135135135136,
      1.5675675675675675,
      1.6216216216216217,
      1.6756756756756759,
      1.7297297297297298,
      1.7837837837837838,
      1.837837837837838,
      1.891891891891892,
      1.945945945945946
    ],
    "TaskName": "self",
    "UsePhilipsFloatNotDisplayScaling": 1,
    "WaterFatShift": 12,
    "dataset": "unknown",
    "modality": "bold",
    "run_id": 1,
    "session_id": "2",
    "subject_id": "02",
    "task_id": "self"
  },
  "dummy_trs": 0,
  "dvars_nstd": 20.945011622233334,
  "dvars_std": 1.209219069133334,
  "dvars_vstd": 0.9796670083666665,
  "efc": 0.43915345540072126,
  "fber": 329698112.0,
  "fd_mean": 0.16743489345738957,
  "fd_num": 85,
  "fd_perc": 28.239202657807308,
  "fwhm_avg": 2.5573864761705405,
  "fwhm_x": 2.490813333333333,
  "fwhm_y": 2.78874,
  "fwhm_z": 2.3926060951782877,
  "gcor": 0.0519312,
  "gsr_x": 0.0015669038984924555,
  "gsr_y": 0.0021267684642225504,
  "provenance": {
    "md5sum": "e6b15b589aa6ea5552034cbccb8f7fef",
    "settings": {
      "fd_thres": 0.2,
      "hmc_fsl": false
    },
    "software": "mriqc",
    "version": "0.15.0",
    "webapi_port": null,
    "webapi_url": "https://mriqc.nimh.nih.gov/api/v1"
  },
  "size_t": 301,
  "size_x": 80,
  "size_y": 80,
  "size_z": 37,
  "snr": 5.438748949648469,
  "spacing_tr": 2.0,
  "spacing_x": 3.0,
  "spacing_y": 3.0,
  "spacing_z": 3.299999952316284,
  "spikes_num": 0,
  "summary_bg_k": 58.16255199235015,
  "summary_bg_mad": 27.585121154785156,
  "summary_bg_mean": 3880.281982421875,
  "summary_bg_median": 19.052715301513672,
  "summary_bg_n": 146184.0,
  "summary_bg_p05": 0.12741240933537484,
  "summary_bg_p95": 20142.662988281263,
  "summary_bg_stdv": 19189.716796875,
  "summary_fg_k": 2.480739970062741,
  "summary_fg_mad": 59462.796875,
  "summary_fg_mean": 377956.3125,
  "summary_fg_median": 378290.3125,
  "summary_fg_n": 48400.0,
  "summary_fg_p05": 267121.7,
  "summary_fg_p95": 481576.49999999994,
  "summary_fg_stdv": 69553.9375,
  "tsnr": 73.49224853515625
}