{
  "aor": 0.0009302657807308969,
  "aqi": 0.005993846345514951,
  "bids_meta": {
    "AcquisitionNumber": 5,
    "BIDSVersion": "1.1.0",
    "BidsifyVersion": "0.3.1",
    "ConversionSoftware": "dcm2niix",
    "ConversionSoftwareVersion": "v1.0.20181125  GCC5.4.0",
    "EchoTime": 0.02763,
    "FlipAngle": 76.1,
    "ImageComments": "HWW",
    "ImageOrientationPatientDICOM": [
      0.997947,
      -0.0604932,
      -0.0210148,
      0.0507285,
      0.947026,
      -0.317125
    ],
    "InstitutionName": "Spinoza Centre for Neuroimaging, location REC",
    "MagneticFieldStrength": 3,
    "Manufacturer": "Philips",
    "ParallelAcquisitionTechnique": "SENSE",
    "ParallelReductionFactorInPlane": 2,
    "PatientPosition": "HFS",
    "PhaseEncodingDirection": "j",
    "PhilipsRescaleIntercept": 0,
    "PhilipsRescaleSlope": 1.7221,
    "PhilipsScaleSlope": 0.00114227,
    "ProtocolName": "WIPPM_Zinnen2SENSE",
    "ReconMatrixPE": 80,
    "RepetitionTime": 2,
    "SeriesDescription": "ImageMRSERIES",
    "SeriesNumber": 5,
    "SliceEncodingDirection": "k",
    "SliceTiming": [
      0.0,
      0.05405405405405406,
      0.10810810810810811,
      0.16216216216216217,
      0.21621621621621623,
      0.2702702702702703,
      0.32432432432432434,
      0.3783783783783784,
      0.43243243243243246,
      0.4864864864864865,
      0.5405405405405406,
      0.5945945945945946,
      0.6486486486486487,
      0.7027027027027027,
      0.7567567567567568,
      0.8108108108108109,
      0.8648648648648649,
      0.918918918918919,
      0.972972972972973,
      1.0270270270270272,
      1.0810810810810811,
      1.135135135135135,
      1.1891891891891893,
      1.2432432432432434,
      1.2972972972972974,
      1.3513513513513513,
      1.4054054054054055,
      1.4594594594594597,
      1.5135135135135136,
      1.5675675675675675,
      1.6216216216216217,
      1.6756756756756759,
      1.7297297297297298,
      1.7837837837837838,
      1.837837837837838,
      1.891891891891892,
      1.945945945945946
    ],
    "TaskName": "self",
    "UsePhilipsFloatNotDisplayScaling": 1,
    "WaterFatShift": 12,
    "dataset": "unknown",
    "modality": "bold",
    "run_id": 2,
    "session_id": "2",
    "subject_id": "02",
    "task_id": "self"
  },
  "dummy_trs": 0,
  "dvars_nstd": 20.96454178166665,
  "dvars_std": 1.2119214854333333,
  "dvars_vstd": 3.530749669633333,
  "efc": 0.44075360699979854,
  "fber": 291855616.0,
  "fd_mean": 0.16834582811974522,
  "fd_num": 82,
  "fd_perc": 27.242524916943523,
  "fwhm_avg": 2.568446274234175,
  "fwhm_x": 2.492646666666667,
  "fwhm_y": 2.80268,
  "fwhm_z": 2.410012156035859,
  "gcor": 0.0351058,
  "gsr_x": 0.0018471829826012254,
  "gsr_y": 0.0021654427982866764,
  "provenance": {
    "md5sum": "1fd3b3bfe1fc0922007d571f41e693a8",
    "settings": {
      "fd_thres": 0.2,
      "hmc_fsl": false
    },
    "software": "mriqc",
    "version": "0.15.0",
    "webapi_port": null,
    "webapi_url": "https://mriqc.nimh.nih.gov/api/v1"
  },
  "size_t": 301,
  "size_x": 80,
  "size_y": 80,
  "size_z": 37,
  "snr": 5.38432936727736,
  "spacing_tr": 2.0,
  "spacing_x": 3.0,
  "spacing_y": 3.0,
  "spacing_z": 3.299999952316284,
  "spikes_num": 0,
  "summary_bg_k": 54.361422726806985,
  "summary_bg_mad": 28.427770614624023,
  "summary_bg_mean": 4081.5595703125,
  "summary_bg_median": 19.480871200561523,
  "summary_bg_n": 145999.0,
  "summary_bg_p05": 0.1398604616522789,
  "summary_bg_p95": 21505.71933593751,
  "summary_bg_stdv": 19549.634765625,
  "summary_fg_k": 2.6142322108459277,
  "summary_fg_mad": 59682.5,
  "summary_fg_mean": 378101.90625,
  "summary_fg_median": 378653.28125,
  "summary_fg_n": 48620.0,
  "summary_fg_p05": 266982.3125,
  "summary_fg_p95": 482714.7453125,
  "summary_fg_stdv": 70324.3359375,
  "tsnr": 70.52181243896484
}