{
  "bids_meta": {
    "AcquisitionNumber": 3,
    "BIDSVersion": "1.1.0",
    "BidsifyVersion": "0.3.1",
    "ConversionSoftware": "dcm2niix",
    "ConversionSoftwareVersion": "v1.0.20181125  GCC5.4.0",
    "EchoTime": 0.00373,
    "ImageComments": "HWW",
    "ImageOrientationPatientDICOM": [
      0.999823,
      -0.00871244,
      -0.0166709,
      0.00855081,
      0.999916,
      -0.00974209
    ],
    "InstitutionName": "Spinoza Centre for Neuroimaging, location REC",
    "MagneticFieldStrength": 3,
    "Manufacturer": "Philips",
    "ParallelAcquisitionTechnique": "SENSE",
    "PatientPosition": "HFS",
    "PhilipsRescaleIntercept": 0,
    "PhilipsRescaleSlope": 14.725,
    "PhilipsScaleSlope": 0.000277571,
    "ProtocolName": "WIPsT13DTFE_P25_S2_3mSENSE",
    "ReconMatrixPE": 240,
    "RepetitionTime": 0.00818,
    "SeriesDescription": "ImageMRSERIES",
    "SeriesNumber": 3,
    "UsePhilipsFloatNotDisplayScaling": 1,
    "dataset": "unknown",
    "modality": "T1w",
    "session_id": "1",
    "subject_id": "20"
  },
  "cjv": 0.334554222739216,
  "cnr": 3.7956735189483193,
  "efc": 0.7496493215775419,
  "fber": 2516.136474609375,
  "fwhm_avg": 3.9313934847114567,
  "fwhm_x": 3.8917102319640056,
  "fwhm_y": 4.17507,
  "fwhm_z": 3.727400222170366,
  "icvs_csf": 0.21547376438921442,
  "icvs_gm": 0.4108947530644241,
  "icvs_wm": 0.37363148254636147,
  "inu_med": 4.123236656188965,
  "inu_range": 1.0213528633117672,
  "provenance": {
    "md5sum": "55fcd458eac226671276654e50e4df04",
    "settings": {
      "testing": false
    },
    "software": "mriqc",
    "version": "0.15.0",
    "warnings": {
      "large_rot_frame": true,
      "small_air_mask": true
    },
    "webapi_port": null,
    "webapi_url": "https://mriqc.nimh.nih.gov/api/v1"
  },
  "qi_1": 0.0,
  "qi_2": 2.2966464641394943e-05,
  "rpve_csf": 23.630034925646427,
  "rpve_gm": 13.032867113858197,
  "rpve_wm": 18.52674989739584,
  "size_x": 240,
  "size_y": 240,
  "size_z": 220,
  "snr_csf": 1.9831709114127558,
  "snr_gm": 7.105002443774713,
  "snr_total": 9.309171551158931,
  "snr_wm": 18.839341298289323,
  "snrd_csf": 13.086319964740335,
  "snrd_gm": 32.05344055248897,
  "snrd_total": 32.45465939030408,
  "snrd_wm": 52.224217653682935,
  "spacing_x": 0.9999999403953552,
  "spacing_y": 1.0,
  "spacing_z": 0.9999999403953552,
  "summary_bg_k": 15.37643544483776,
  "summary_bg_mad": 12.544638633728027,
  "summary_bg_mean": 9.542370796203613,
  "summary_bg_median": 8.461230278015137,
  "summary_bg_n": 116861.0,
  "summary_bg_p05": 0.0,
  "summary_bg_p95": 25.661584854125977,
  "summary_bg_stdv": 8.649824142456055,
  "summary_csf_k": 17.985946185635196,
  "summary_csf_mad": 134.39608764648438,
  "summary_csf_mean": 249.02288818359375,
  "summary_csf_median": 250.57859802246094,
  "summary_csf_n": 8684.0,
  "summary_csf_p05": 69.96951675415039,
  "summary_csf_p95": 432.5128341674806,
  "summary_csf_stdv": 126.34522247314453,
  "summary_gm_k": 0.6019775708058019,
  "summary_gm_mad": 80.54844665527344,
  "summary_gm_mean": 620.3455200195312,
  "summary_gm_median": 613.7635498046875,
  "summary_gm_n": 21839.0,
  "summary_gm_p05": 489.5458648681641,
  "summary_gm_p95": 773.4307556152343,
  "summary_gm_stdv": 86.38272857666016,
  "summary_wm_k": 0.834456090911432,
  "summary_wm_mad": 48.66734313964844,
  "summary_wm_mean": 998.200439453125,
  "summary_wm_median": 999.9962768554688,
  "summary_wm_n": 242030.0,
  "summary_wm_p05": 908.0367492675781,
  "summary_wm_p95": 1081.161602783203,
  "summary_wm_stdv": 53.08010482788086,
  "tpm_overlap_csf": 0.22658097743988037,
  "tpm_overlap_gm": 0.5147088766098022,
  "tpm_overlap_wm": 0.5790056586265564,
  "wm2max": 0.8219662310451245
}