{
  "aor": 0.0004889292543021033,
  "aqi": 0.007572525066921607,
  "bids_meta": {
    "AcquisitionNumber": 4,
    "BIDSVersion": "1.1.0",
    "BidsifyVersion": "0.3.1",
    "ConversionSoftware": "dcm2niix",
    "ConversionSoftwareVersion": "v1.0.20181125  GCC5.4.0",
    "EchoTime": 0.02763,
    "FlipAngle": 76.1,
    "ImageComments": "HWW",
    "ImageOrientationPatientDICOM": [
      0.9984,
      0.0315238,
      -0.04695,
      -0.0469087,
      0.925345,
      -0.376213
    ],
    "InstitutionName": "Spinoza Centre for Neuroimaging, location REC",
    "MagneticFieldStrength": 3,
    "Manufacturer": "Philips",
    "ParallelAcquisitionTechnique": "SENSE",
    "ParallelReductionFactorInPlane": 2,
    "PatientPosition": "HFS",
    "PhaseEncodingDirection": "j",
    "PhilipsRescaleIntercept": 0,
    "PhilipsRescaleSlope": 2.27619,
    "PhilipsScaleSlope": 0.00116994,
    "ProtocolName": "WIPPM_HWWSENSE",
    "ReconMatrixPE": 80,
    "RepetitionTime": 2,
    "SeriesDescription": "ImageMRSERIES",
    "SeriesNumber": 4,
    "SliceEncodingDirection": "k",
    "SliceTiming": [
      0.0,
      0.05405405405405406,
      0.10810810810810811,
      0.16216216216216217,
      0.21621621621621623,
      0.2702702702702703,
      0.32432432432432434,
      0.3783783783783784,
      0.43243243243243246,
      0.4864864864864865,
      0.5405405405405406,
      0.5945945945945946,
      0.6486486486486487,
      0.7027027027027027,
      0.7567567567567568,
      0.8108108108108109,
      0.8648648648648649,
      0.918918918918919,
      0.972972972972973,
      1.0270270270270272,
      1.0810810810810811,
      1.135135135135135,
      1.1891891891891893,
      1.2432432432432434,
      1.2972972972972974,
      1.3513513513513513,
      1.4054054054054055,
      1.4594594594594597,
      1.5135135135135136,
      1.5675675675675675,
      1.6216216216216217,
      1.6756756756756759,
      1.7297297297297298,
      1.7837837837837838,
      1.837837837837838,
      1.891891891891892,
      1.945945945945946
    ],
    "TaskName": "other",
    "UsePhilipsFloatNotDisplayScaling": 1,
    "WaterFatShift": 12,
    "dataset": "unknown",
    "modality": "bold",
    "session_id": "1",
    "subject_id": "02",
    "task_id": "other"
  },
  "dummy_trs": 0,
  "dvars_nstd": 23.436887821513405,
  "dvars_std": 1.2571590792720313,
  "dvars_vstd": 0.9581342982950196,
  "efc": 0.44029982056364686,
  "fber": 149470608.0,
  "fd_mean": 0.16042254968089795,
  "fd_num": 129,
  "fd_perc": 24.665391969407267,
  "fwhm_avg": 2.5349951630217564,
  "fwhm_x": 2.4619066666666667,
  "fwhm_y": 2.7540999999999998,
  "fwhm_z": 2.3889788223986024,
  "gcor": 0.0250415,
  "gsr_x": 0.001478564809076488,
  "gsr_y": 0.0018272019224241376,
  "provenance": {
    "md5sum": "ef5a6ee4c6aa21aae7faa61fa17611cf",
    "settings": {
      "fd_thres": 0.2,
      "hmc_fsl": false
    },
    "software": "mriqc",
    "version": "0.15.0",
    "webapi_port": null,
    "webapi_url": "https://mriqc.nimh.nih.gov/api/v1"
  },
  "size_t": 523,
  "size_x": 80,
  "size_y": 80,
  "size_z": 37,
  "snr": 5.5262131977817575,
  "spacing_tr": 2.0,
  "spacing_x": 3.0,
  "spacing_y": 3.0,
  "spacing_z": 3.299999952316284,
  "spikes_num": 0,
  "summary_bg_k": 55.33218798686843,
  "summary_bg_mad": 38.609397888183594,
  "summary_bg_mean": 3855.75341796875,
  "summary_bg_median": 26.61420249938965,
  "summary_bg_n": 145873.0,
  "summary_bg_p05": 0.23492339551448824,
  "summary_bg_p95": 19131.65156249998,
  "summary_bg_stdv": 18877.03515625,
  "summary_fg_k": 2.750114610948601,
  "summary_fg_mad": 55498.734375,
  "summary_fg_mean": 364485.25,
  "summary_fg_median": 364604.0625,
  "summary_fg_n": 48342.0,
  "summary_fg_p05": 261240.303125,
  "summary_fg_p95": 462390.9203125,
  "summary_fg_stdv": 65976.515625,
  "tsnr": 65.13390350341797
}