{
  "aor": 0.000570797342192691,
  "aqi": 0.0044388096013289035,
  "bids_meta": {
    "AcquisitionNumber": 5,
    "BIDSVersion": "1.1.0",
    "BidsifyVersion": "0.3.1",
    "ConversionSoftware": "dcm2niix",
    "ConversionSoftwareVersion": "v1.0.20181125  GCC5.4.0",
    "EchoTime": 0.02763,
    "FlipAngle": 76.1,
    "ImageComments": "HWW",
    "ImageOrientationPatientDICOM": [
      0.999936,
      -0.00733511,
      0.00856728,
      0.0104717,
      0.885933,
      -0.463696
    ],
    "InstitutionName": "Spinoza Centre for Neuroimaging, location REC",
    "MagneticFieldStrength": 3,
    "Manufacturer": "Philips",
    "ParallelAcquisitionTechnique": "SENSE",
    "ParallelReductionFactorInPlane": 2,
    "PatientPosition": "HFS",
    "PhaseEncodingDirection": "j",
    "PhilipsRescaleIntercept": 0,
    "PhilipsRescaleSlope": 1.85934,
    "PhilipsScaleSlope": 0.00122052,
    "ProtocolName": "WIPPM_Zinnen1SENSE",
    "ReconMatrixPE": 80,
    "RepetitionTime": 2,
    "SeriesDescription": "ImageMRSERIES",
    "SeriesNumber": 5,
    "SliceEncodingDirection": "k",
    "SliceTiming": [
      0.0,
      0.05405405405405406,
      0.10810810810810811,
      0.16216216216216217,
      0.21621621621621623,
      0.2702702702702703,
      0.32432432432432434,
      0.3783783783783784,
      0.43243243243243246,
      0.4864864864864865,
      0.5405405405405406,
      0.5945945945945946,
      0.6486486486486487,
      0.7027027027027027,
      0.7567567567567568,
      0.8108108108108109,
      0.8648648648648649,
      0.918918918918919,
      0.972972972972973,
      1.0270270270270272,
      1.0810810810810811,
      1.135135135135135,
      1.1891891891891893,
      1.2432432432432434,
      1.2972972972972974,
      1.3513513513513513,
      1.4054054054054055,
      1.4594594594594597,
      1.5135135135135136,
      1.5675675675675675,
      1.6216216216216217,
      1.6756756756756759,
      1.7297297297297298,
      1.7837837837837838,
      1.837837837837838,
      1.891891891891892,
      1.945945945945946
    ],
    "TaskName": "self",
    "UsePhilipsFloatNotDisplayScaling": 1,
    "WaterFatShift": 12,
    "dataset": "unknown",
    "modality": "bold",
    "run_id": 1,
    "session_id": "1",
    "subject_id": "07",
    "task_id": "self"
  },
  "dummy_trs": 0,
  "dvars_nstd": 19.147880296533344,
  "dvars_std": 1.1612169482,
  "dvars_vstd": 0.984770222533334,
  "efc": 0.4220190341859845,
  "fber": 229056656.0,
  "fd_mean": 0.10381420392073638,
  "fd_num": 19,
  "fd_perc": 6.312292358803987,
  "fwhm_avg": 2.517194354754825,
  "fwhm_x": 2.4271133333333332,
  "fwhm_y": 2.7741333333333333,
  "fwhm_z": 2.3503363975978098,
  "gcor": 0.0143331,
  "gsr_x": -0.002573717385530472,
  "gsr_y": 0.0010977101046591997,
  "provenance": {
    "md5sum": "346823163972e2ff42e2ad90d2dbd0b5",
    "settings": {
      "fd_thres": 0.2,
      "hmc_fsl": false
    },
    "software": "mriqc",
    "version": "0.15.0",
    "webapi_port": null,
    "webapi_url": "https://mriqc.nimh.nih.gov/api/v1"
  },
  "size_t": 301,
  "size_x": 80,
  "size_y": 80,
  "size_z": 37,
  "snr": 4.990056772188564,
  "spacing_tr": 2.0,
  "spacing_x": 3.0,
  "spacing_y": 3.0,
  "spacing_z": 3.299999952316284,
  "spikes_num": 0,
  "summary_bg_k": 67.28908828360998,
  "summary_bg_mad": 29.652921676635742,
  "summary_bg_mean": 3077.297119140625,
  "summary_bg_median": 20.201480865478516,
  "summary_bg_n": 150064.0,
  "summary_bg_p05": 0.08044994361698629,
  "summary_bg_p95": 12434.121875000003,
  "summary_bg_stdv": 16192.4052734375,
  "summary_fg_k": 3.0174836498452358,
  "summary_fg_mad": 52860.91015625,
  "summary_fg_mean": 336286.125,
  "summary_fg_median": 335283.625,
  "summary_fg_n": 44852.0,
  "summary_fg_p05": 231278.21640625,
  "summary_fg_p95": 435082.55937499995,
  "summary_fg_stdv": 67189.59375,
  "tsnr": 76.41191864013672
}