{
  "aor": 0.0011746511627906977,
  "aqi": 0.0051646665780730894,
  "bids_meta": {
    "AcquisitionNumber": 5,
    "BIDSVersion": "1.1.0",
    "BidsifyVersion": "0.3.1",
    "ConversionSoftware": "dcm2niix",
    "ConversionSoftwareVersion": "v1.0.20181125  GCC5.4.0",
    "EchoTime": 0.02762,
    "FlipAngle": 76.1,
    "ImageComments": "PredictingMentalizing",
    "ImageOrientationPatientDICOM": [
      0.997925,
      0.0466003,
      -0.0444274,
      -0.0622596,
      0.874259,
      -0.48145
    ],
    "InstitutionName": "Spinoza Centre for Neuroimaging, location REC",
    "MagneticFieldStrength": 3,
    "Manufacturer": "Philips",
    "ParallelAcquisitionTechnique": "SENSE",
    "ParallelReductionFactorInPlane": 2,
    "PatientPosition": "HFS",
    "PhaseEncodingDirection": "j",
    "PhilipsRescaleIntercept": 0,
    "PhilipsRescaleSlope": 0.81001,
    "PhilipsScaleSlope": 0.0630651,
    "ProtocolName": "WIPPM_Zinnen2SENSE",
    "ReconMatrixPE": 80,
    "RepetitionTime": 2,
    "SeriesDescription": "ImageMRSERIES",
    "SeriesNumber": 5,
    "SliceEncodingDirection": "k",
    "SliceTiming": [
      0.0,
      0.05405405405405406,
      0.10810810810810811,
      0.16216216216216217,
      0.21621621621621623,
      0.2702702702702703,
      0.32432432432432434,
      0.3783783783783784,
      0.43243243243243246,
      0.4864864864864865,
      0.5405405405405406,
      0.5945945945945946,
      0.6486486486486487,
      0.7027027027027027,
      0.7567567567567568,
      0.8108108108108109,
      0.8648648648648649,
      0.918918918918919,
      0.972972972972973,
      1.0270270270270272,
      1.0810810810810811,
      1.135135135135135,
      1.1891891891891893,
      1.2432432432432434,
      1.2972972972972974,
      1.3513513513513513,
      1.4054054054054055,
      1.4594594594594597,
      1.5135135135135136,
      1.5675675675675675,
      1.6216216216216217,
      1.6756756756756759,
      1.7297297297297298,
      1.7837837837837838,
      1.837837837837838,
      1.891891891891892,
      1.945945945945946
    ],
    "TaskName": "self",
    "UsePhilipsFloatNotDisplayScaling": 1,
    "WaterFatShift": 12,
    "dataset": "unknown",
    "modality": "bold",
    "run_id": 2,
    "session_id": "1",
    "subject_id": "09",
    "task_id": "self"
  },
  "dummy_trs": 0,
  "dvars_nstd": 16.529072777566675,
  "dvars_std": 1.1467818862999988,
  "dvars_vstd": 1.984349174599998,
  "efc": 0.35969250302825734,
  "fber": 1157917184.0,
  "fd_mean": 0.15149586662023234,
  "fd_num": 53,
  "fd_perc": 17.60797342192691,
  "fwhm_avg": 2.5400393041955964,
  "fwhm_x": 2.52626,
  "fwhm_y": 2.75477,
  "fwhm_z": 2.339087912586789,
  "gcor": 0.0307918,
  "gsr_x": -0.00502614863216877,
  "gsr_y": 0.0025205041747540236,
  "provenance": {
    "md5sum": "1df19a050f3fe3a7eaf3652518886d44",
    "settings": {
      "fd_thres": 0.2,
      "hmc_fsl": false
    },
    "software": "mriqc",
    "version": "0.15.0",
    "webapi_port": null,
    "webapi_url": "https://mriqc.nimh.nih.gov/api/v1"
  },
  "size_t": 301,
  "size_x": 80,
  "size_y": 80,
  "size_z": 37,
  "snr": 5.8646613183963865,
  "spacing_tr": 2.0,
  "spacing_x": 3.0,
  "spacing_y": 3.0,
  "spacing_z": 3.299999952316284,
  "spikes_num": 3,
  "summary_bg_k": 83.78937704369555,
  "summary_bg_mad": 0.955292820930481,
  "summary_bg_mean": 164.70083618164062,
  "summary_bg_median": 0.6443352103233337,
  "summary_bg_n": 163801.0,
  "summary_bg_p05": 0.0,
  "summary_bg_p95": 433.1148376464844,
  "summary_bg_stdv": 943.6669311523438,
  "summary_fg_k": 3.7027184912217184,
  "summary_fg_mad": 3361.08251953125,
  "summary_fg_mean": 23971.537109375,
  "summary_fg_median": 24035.55859375,
  "summary_fg_n": 33558.0,
  "summary_fg_p05": 17659.64111328125,
  "summary_fg_p95": 29950.407910156246,
  "summary_fg_stdv": 4098.31005859375,
  "tsnr": 79.924072265625
}