{
  "bids_meta": {
    "AcquisitionNumber": 3,
    "BIDSVersion": "1.1.0",
    "BidsifyVersion": "0.3.1",
    "ConversionSoftware": "dcm2niix",
    "ConversionSoftwareVersion": "v1.0.20181125  GCC5.4.0",
    "EchoTime": 0.00373,
    "ImageComments": "HWW",
    "ImageOrientationPatientDICOM": [
      0.999997,
      -0.00226477,
      -0.000137329,
      0.00226893,
      0.998164,
      0.0605258
    ],
    "InstitutionName": "Spinoza Centre for Neuroimaging, location REC",
    "MagneticFieldStrength": 3,
    "Manufacturer": "Philips",
    "ParallelAcquisitionTechnique": "SENSE",
    "PatientPosition": "HFS",
    "PhilipsRescaleIntercept": 0,
    "PhilipsRescaleSlope": 14.2388,
    "PhilipsScaleSlope": 0.000280043,
    "ProtocolName": "WIPsT13DTFE_P25_S2_3mSENSE",
    "ReconMatrixPE": 240,
    "RepetitionTime": 0.00814,
    "SeriesDescription": "ImageMRSERIES",
    "SeriesNumber": 3,
    "UsePhilipsFloatNotDisplayScaling": 1,
    "dataset": "unknown",
    "modality": "T1w",
    "session_id": "1",
    "subject_id": "08"
  },
  "cjv": 0.3480705060271689,
  "cnr": 3.641847666026855,
  "efc": 0.7322196694866395,
  "fber": 595.5534057617188,
  "fwhm_avg": 3.6901566666666668,
  "fwhm_x": 3.62978,
  "fwhm_y": 3.90114,
  "fwhm_z": 3.53955,
  "icvs_csf": 0.22840567786043894,
  "icvs_gm": 0.41043549984914046,
  "icvs_wm": 0.36115882229042057,
  "inu_med": 3.49399471282959,
  "inu_range": 0.7707607746124268,
  "provenance": {
    "md5sum": "01405634fff98fe340b7318185f6af5e",
    "settings": {
      "testing": false
    },
    "software": "mriqc",
    "version": "0.15.0",
    "warnings": {
      "large_rot_frame": true,
      "small_air_mask": true
    },
    "webapi_port": null,
    "webapi_url": "https://mriqc.nimh.nih.gov/api/v1"
  },
  "qi_1": 0.0002558800339189812,
  "qi_2": 1.1402924407298577e-05,
  "rpve_csf": 27.617307611999674,
  "rpve_gm": 15.654827096103636,
  "rpve_wm": 23.105894858378615,
  "size_x": 240,
  "size_y": 240,
  "size_z": 220,
  "snr_csf": 1.9839300420162238,
  "snr_gm": 6.208187339578112,
  "snr_total": 8.655717666517186,
  "snr_wm": 17.775035617957222,
  "snrd_csf": 12.50632924892169,
  "snrd_gm": 30.458624543511803,
  "snrd_total": 31.411854276980545,
  "snrd_wm": 51.27060903850815,
  "spacing_x": 1.0,
  "spacing_y": 1.0,
  "spacing_z": 1.0,
  "summary_bg_k": 167.25521421585205,
  "summary_bg_mad": 12.777796745300293,
  "summary_bg_mean": 9.852893829345703,
  "summary_bg_median": 8.61849308013916,
  "summary_bg_n": 181069.0,
  "summary_bg_p05": 0.0,
  "summary_bg_p95": 26.06282958984375,
  "summary_bg_stdv": 10.108972549438477,
  "summary_csf_k": 33.210275667083984,
  "summary_csf_mad": 119.91790008544922,
  "summary_csf_mean": 237.95309448242188,
  "summary_csf_median": 243.92376708984375,
  "summary_csf_n": 7979.0,
  "summary_csf_p05": 59.20847129821777,
  "summary_csf_p95": 408.7145751953124,
  "summary_csf_stdv": 122.94207763671875,
  "summary_gm_k": 0.4716780615492917,
  "summary_gm_mad": 89.91371154785156,
  "summary_gm_mean": 599.2803344726562,
  "summary_gm_median": 594.0657958984375,
  "summary_gm_n": 13859.0,
  "summary_gm_p05": 449.7767761230469,
  "summary_gm_p95": 766.9467895507812,
  "summary_gm_stdv": 95.68724822998047,
  "summary_wm_k": 0.7502694895059707,
  "summary_wm_mad": 51.37419128417969,
  "summary_wm_mean": 999.0343017578125,
  "summary_wm_median": 999.9832763671875,
  "summary_wm_n": 183566.0,
  "summary_wm_p05": 904.5901489257812,
  "summary_wm_p95": 1089.6318969726562,
  "summary_wm_stdv": 56.25758361816406,
  "tpm_overlap_csf": 0.21102122962474823,
  "tpm_overlap_gm": 0.4990963339805603,
  "tpm_overlap_wm": 0.5754612684249878,
  "wm2max": 0.7759575403057802
}