{
  "bids_meta": {
    "AcquisitionNumber": 5,
    "BIDSVersion": "1.1.0",
    "BidsifyVersion": "0.3.1",
    "ConversionSoftware": "dcm2niix",
    "ConversionSoftwareVersion": "v1.0.20181125  GCC5.4.0",
    "EchoTime": 0.00376,
    "ImageComments": "PredictingMentalizing",
    "ImageOrientationPatientDICOM": [
      0.99581,
      0.0837975,
      -0.0366177,
      -0.0846707,
      0.996144,
      -0.0229828
    ],
    "InstitutionName": "Spinoza Centre for Neuroimaging, location REC",
    "MagneticFieldStrength": 3,
    "Manufacturer": "Philips",
    "ParallelAcquisitionTechnique": "SENSE",
    "PatientPosition": "HFS",
    "PhilipsRescaleIntercept": 0,
    "PhilipsRescaleSlope": 12.3365,
    "PhilipsScaleSlope": 0.00542161,
    "ProtocolName": "WIPsT13DTFE_P25_S2_3mSENSE",
    "ReconMatrixPE": 240,
    "RepetitionTime": 0.008179,
    "SeriesDescription": "ImageMRSERIES",
    "SeriesNumber": 5,
    "UsePhilipsFloatNotDisplayScaling": 1,
    "dataset": "unknown",
    "modality": "T1w",
    "session_id": "1",
    "subject_id": "03"
  },
  "cjv": 0.26304020776682935,
  "cnr": 4.757975616284367,
  "efc": 0.7746615355679146,
  "fber": 388.4004211425781,
  "fwhm_avg": 4.483709999999999,
  "fwhm_x": 4.36866,
  "fwhm_y": 4.41193,
  "fwhm_z": 4.67054,
  "icvs_csf": 0.24822013501664136,
  "icvs_gm": 0.4047098638218826,
  "icvs_wm": 0.34707000116147607,
  "inu_med": 1.893923282623291,
  "inu_range": 0.4580640554428097,
  "provenance": {
    "md5sum": "630a928fde67fc6070c4199568ea1e8a",
    "settings": {
      "testing": false
    },
    "software": "mriqc",
    "version": "0.15.0",
    "warnings": {
      "large_rot_frame": true,
      "small_air_mask": true
    },
    "webapi_port": null,
    "webapi_url": "https://mriqc.nimh.nih.gov/api/v1"
  },
  "qi_1": 0.0,
  "qi_2": 0.00011973989717134915,
  "rpve_csf": 27.808162895046596,
  "rpve_gm": 16.843431241008066,
  "rpve_wm": 24.911898782201128,
  "size_x": 240,
  "size_y": 240,
  "size_z": 220,
  "snr_csf": 3.165541136305207,
  "snr_gm": 10.066078901883257,
  "snr_total": 12.093535071355973,
  "snr_wm": 23.04898517587945,
  "snrd_csf": 18.077134298494506,
  "snrd_gm": 36.63879352117494,
  "snrd_total": 37.49998933443115,
  "snrd_wm": 57.78404018362401,
  "spacing_x": 1.0,
  "spacing_y": 1.0,
  "spacing_z": 1.0,
  "summary_bg_k": 7.053777763223605,
  "summary_bg_mad": 11.337631225585938,
  "summary_bg_mean": 11.671586990356445,
  "summary_bg_median": 7.9837727546691895,
  "summary_bg_n": 48163.0,
  "summary_bg_p05": 0.0,
  "summary_bg_p95": 24.04074420928955,
  "summary_bg_stdv": 8.0784330368042,
  "summary_csf_k": 22.23435018412206,
  "summary_csf_mad": 95.82843780517578,
  "summary_csf_mean": 296.73992919921875,
  "summary_csf_median": 312.8385009765625,
  "summary_csf_n": 14693.0,
  "summary_csf_p05": 124.6518783569336,
  "summary_csf_p95": 434.4487487792968,
  "summary_csf_stdv": 98.82286834716797,
  "summary_gm_k": 0.5952049751291337,
  "summary_gm_mad": 58.89253616333008,
  "summary_gm_mean": 638.37109375,
  "summary_gm_median": 634.0620727539062,
  "summary_gm_n": 19455.0,
  "summary_gm_p05": 542.6629211425782,
  "summary_gm_p95": 748.8493225097656,
  "summary_gm_stdv": 62.98835754394531,
  "summary_wm_k": 1.4831281386554167,
  "summary_wm_mad": 37.362953186035156,
  "summary_wm_mean": 998.3186645507812,
  "summary_wm_median": 999.99658203125,
  "summary_wm_n": 169701.0,
  "summary_wm_p05": 924.4561157226562,
  "summary_wm_p95": 1065.796875,
  "summary_wm_stdv": 43.385581970214844,
  "tpm_overlap_csf": 0.2116931676864624,
  "tpm_overlap_gm": 0.5031936764717102,
  "tpm_overlap_wm": 0.5629563331604004,
  "wm2max": 0.7391536416091935
}