{
  "aor": 0.0031622370936902487,
  "aqi": 0.007907356175908221,
  "bids_meta": {
    "AcquisitionNumber": 2,
    "BIDSVersion": "1.1.0",
    "BidsifyVersion": "0.3.1",
    "ConversionSoftware": "dcm2niix",
    "ConversionSoftwareVersion": "v1.0.20181125  GCC5.4.0",
    "EchoTime": 0.02762,
    "FlipAngle": 76.1,
    "ImageComments": "PredictingMentalizing",
    "ImageOrientationPatientDICOM": [
      0.9997,
      0.0149073,
      -0.0194507,
      -0.0198934,
      0.957162,
      -0.288869
    ],
    "InstitutionName": "Spinoza Centre for Neuroimaging, location REC",
    "MagneticFieldStrength": 3,
    "Manufacturer": "Philips",
    "ParallelAcquisitionTechnique": "SENSE",
    "ParallelReductionFactorInPlane": 2,
    "PatientPosition": "HFS",
    "PhaseEncodingDirection": "j",
    "PhilipsRescaleIntercept": 0,
    "PhilipsRescaleSlope": 0.75385,
    "PhilipsScaleSlope": 0.0518741,
    "ProtocolName": "WIPPM_HWWSENSE",
    "ReconMatrixPE": 80,
    "RepetitionTime": 2,
    "SeriesDescription": "ImageMRSERIES",
    "SeriesNumber": 2,
    "SliceEncodingDirection": "k",
    "SliceTiming": [
      0.0,
      0.05405405405405406,
      0.10810810810810811,
      0.16216216216216217,
      0.21621621621621623,
      0.2702702702702703,
      0.32432432432432434,
      0.3783783783783784,
      0.43243243243243246,
      0.4864864864864865,
      0.5405405405405406,
      0.5945945945945946,
      0.6486486486486487,
      0.7027027027027027,
      0.7567567567567568,
      0.8108108108108109,
      0.8648648648648649,
      0.918918918918919,
      0.972972972972973,
      1.0270270270270272,
      1.0810810810810811,
      1.135135135135135,
      1.1891891891891893,
      1.2432432432432434,
      1.2972972972972974,
      1.3513513513513513,
      1.4054054054054055,
      1.4594594594594597,
      1.5135135135135136,
      1.5675675675675675,
      1.6216216216216217,
      1.6756756756756759,
      1.7297297297297298,
      1.7837837837837838,
      1.837837837837838,
      1.891891891891892,
      1.945945945945946
    ],
    "TaskName": "other",
    "UsePhilipsFloatNotDisplayScaling": 1,
    "WaterFatShift": 12,
    "dataset": "unknown",
    "modality": "bold",
    "session_id": "1",
    "subject_id": "16",
    "task_id": "other"
  },
  "dummy_trs": 0,
  "dvars_nstd": 19.114798638927212,
  "dvars_std": 1.1404779950766282,
  "dvars_vstd": 0.9742096811111106,
  "efc": 0.4109468154202187,
  "fber": 157972240.0,
  "fd_mean": 0.11151542749936275,
  "fd_num": 33,
  "fd_perc": 6.309751434034417,
  "fwhm_avg": 2.5786701123596134,
  "fwhm_x": 2.55551,
  "fwhm_y": 2.8241366666666665,
  "fwhm_z": 2.356363670412174,
  "gcor": 0.0305147,
  "gsr_x": -0.005765085574239492,
  "gsr_y": 0.007970549166202545,
  "provenance": {
    "md5sum": "a42bc18f3fd236f621ae2d541c85914b",
    "settings": {
      "fd_thres": 0.2,
      "hmc_fsl": false
    },
    "software": "mriqc",
    "version": "0.15.0",
    "webapi_port": null,
    "webapi_url": "https://mriqc.nimh.nih.gov/api/v1"
  },
  "size_t": 523,
  "size_x": 80,
  "size_y": 80,
  "size_z": 37,
  "snr": 4.300644935197378,
  "spacing_tr": 2.0,
  "spacing_x": 3.0,
  "spacing_y": 3.0,
  "spacing_z": 3.299999952316284,
  "spikes_num": 2,
  "summary_bg_k": 104.64457631086759,
  "summary_bg_mad": 2.507017135620117,
  "summary_bg_mean": 172.5200653076172,
  "summary_bg_median": 1.696601152420044,
  "summary_bg_n": 151250.0,
  "summary_bg_p05": 0.0,
  "summary_bg_p95": 980.1102386474605,
  "summary_bg_stdv": 851.3284301757812,
  "summary_fg_k": 1.6385747062059606,
  "summary_fg_mad": 4911.4150390625,
  "summary_fg_mean": 25356.240234375,
  "summary_fg_median": 24904.30078125,
  "summary_fg_n": 44106.0,
  "summary_fg_p05": 16733.94970703125,
  "summary_fg_p95": 35274.1494140625,
  "summary_fg_stdv": 5790.763671875,
  "tsnr": 52.20731735229492
}