{
  "aor": 0.0012291362126245849,
  "aqi": 0.0038196000332225907,
  "bids_meta": {
    "AcquisitionNumber": 5,
    "BIDSVersion": "1.1.0",
    "BidsifyVersion": "0.3.1",
    "ConversionSoftware": "dcm2niix",
    "ConversionSoftwareVersion": "v1.0.20181125  GCC5.4.0",
    "EchoTime": 0.02762,
    "FlipAngle": 76.1,
    "ImageComments": "PredictingMentalizing",
    "ImageOrientationPatientDICOM": [
      0.9997,
      0.0149073,
      -0.0194507,
      -0.0198934,
      0.957162,
      -0.288869
    ],
    "InstitutionName": "Spinoza Centre for Neuroimaging, location REC",
    "MagneticFieldStrength": 3,
    "Manufacturer": "Philips",
    "ParallelAcquisitionTechnique": "SENSE",
    "ParallelReductionFactorInPlane": 2,
    "PatientPosition": "HFS",
    "PhaseEncodingDirection": "j",
    "PhilipsRescaleIntercept": 0,
    "PhilipsRescaleSlope": 0.77827,
    "PhilipsScaleSlope": 0.054698,
    "ProtocolName": "WIPPM_Zinnen2SENSE",
    "ReconMatrixPE": 80,
    "RepetitionTime": 2,
    "SeriesDescription": "ImageMRSERIES",
    "SeriesNumber": 5,
    "SliceEncodingDirection": "k",
    "SliceTiming": [
      0.0,
      0.05405405405405406,
      0.10810810810810811,
      0.16216216216216217,
      0.21621621621621623,
      0.2702702702702703,
      0.32432432432432434,
      0.3783783783783784,
      0.43243243243243246,
      0.4864864864864865,
      0.5405405405405406,
      0.5945945945945946,
      0.6486486486486487,
      0.7027027027027027,
      0.7567567567567568,
      0.8108108108108109,
      0.8648648648648649,
      0.918918918918919,
      0.972972972972973,
      1.0270270270270272,
      1.0810810810810811,
      1.135135135135135,
      1.1891891891891893,
      1.2432432432432434,
      1.2972972972972974,
      1.3513513513513513,
      1.4054054054054055,
      1.4594594594594597,
      1.5135135135135136,
      1.5675675675675675,
      1.6216216216216217,
      1.6756756756756759,
      1.7297297297297298,
      1.7837837837837838,
      1.837837837837838,
      1.891891891891892,
      1.945945945945946
    ],
    "TaskName": "self",
    "UsePhilipsFloatNotDisplayScaling": 1,
    "WaterFatShift": 12,
    "dataset": "unknown",
    "modality": "bold",
    "run_id": 2,
    "session_id": "1",
    "subject_id": "16",
    "task_id": "self"
  },
  "dummy_trs": 0,
  "dvars_nstd": 17.146900291700014,
  "dvars_std": 1.1190284298,
  "dvars_vstd": 0.9664208754333335,
  "efc": 0.4120459086288378,
  "fber": 278714336.0,
  "fd_mean": 0.1103603159510891,
  "fd_num": 23,
  "fd_perc": 7.641196013289036,
  "fwhm_avg": 2.5331611222941466,
  "fwhm_x": 2.51216,
  "fwhm_y": 2.765523333333333,
  "fwhm_z": 2.321800033549107,
  "gcor": 0.0257557,
  "gsr_x": -0.005811208859086037,
  "gsr_y": 0.007653440348803997,
  "provenance": {
    "md5sum": "29d9837a3e34afdcd74e5264c0ef1d1b",
    "settings": {
      "fd_thres": 0.2,
      "hmc_fsl": false
    },
    "software": "mriqc",
    "version": "0.15.0",
    "webapi_port": null,
    "webapi_url": "https://mriqc.nimh.nih.gov/api/v1"
  },
  "size_t": 301,
  "size_x": 80,
  "size_y": 80,
  "size_z": 37,
  "snr": 4.441379529723725,
  "spacing_tr": 2.0,
  "spacing_x": 3.0,
  "spacing_y": 3.0,
  "spacing_z": 3.299999952316284,
  "spikes_num": 4,
  "summary_bg_k": 93.15916124290513,
  "summary_bg_mad": 1.9492782354354858,
  "summary_bg_mean": 163.39578247070312,
  "summary_bg_median": 1.3249201774597168,
  "summary_bg_n": 150917.0,
  "summary_bg_p05": 0.0,
  "summary_bg_p95": 946.2882202148436,
  "summary_bg_stdv": 853.0831909179688,
  "summary_fg_k": 1.5660337523461614,
  "summary_fg_mad": 4630.134765625,
  "summary_fg_mean": 24728.861328125,
  "summary_fg_median": 24264.6171875,
  "summary_fg_n": 44226.0,
  "summary_fg_p05": 16565.01220703125,
  "summary_fg_p95": 34110.0654296875,
  "summary_fg_stdv": 5463.24462890625,
  "tsnr": 76.97724914550781
}