{
    "Manufacturer": "Philips",
    "PatientPosition": "HFS",
    "SeriesDescription": "ImageMRSERIES",
    "ProtocolName": "WIPsT13DTFE_P25_S2_3mSENSE",
    "SeriesNumber": 4,
    "AcquisitionNumber": 4,
    "ImageComments": "PredictingMentalizing",
    "PhilipsRescaleSlope": 12.2671,
    "PhilipsRescaleIntercept": 0,
    "PhilipsScaleSlope": 0.00521407,
    "UsePhilipsFloatNotDisplayScaling": 1,
    "EchoTime": 0.00375,
    "RepetitionTime": 0.008148,
    "ReconMatrixPE": 240,
    "ImageOrientationPatientDICOM": [
        0.995899,
        0.0902105,
        -0.00680713,
        -0.0902834,
        0.995852,
        -0.0112995
    ],
    "ConversionSoftware": "dcm2niix",
    "ConversionSoftwareVersion": "v1.0.20181125  GCC5.4.0",
    "BidsifyVersion": "0.3.1",
    "MagneticFieldStrength": 3,
    "ParallelAcquisitionTechnique": "SENSE",
    "BIDSVersion": "1.1.0",
    "InstitutionName": "Spinoza Centre for Neuroimaging, location REC"
}