{
  "aor": 0.00017501661129568105,
  "aqi": 0.00417795388704319,
  "bids_meta": {
    "AcquisitionNumber": 5,
    "BIDSVersion": "1.1.0",
    "BidsifyVersion": "0.3.1",
    "ConversionSoftware": "dcm2niix",
    "ConversionSoftwareVersion": "v1.0.20181125  GCC5.4.0",
    "EchoTime": 0.02763,
    "FlipAngle": 76.1,
    "ImageComments": "HWW",
    "ImageOrientationPatientDICOM": [
      0.999873,
      0.00282839,
      0.0156659,
      0.00418828,
      0.90268,
      -0.430292
    ],
    "InstitutionName": "Spinoza Centre for Neuroimaging, location REC",
    "MagneticFieldStrength": 3,
    "Manufacturer": "Philips",
    "ParallelAcquisitionTechnique": "SENSE",
    "ParallelReductionFactorInPlane": 2,
    "PatientPosition": "HFS",
    "PhaseEncodingDirection": "j",
    "PhilipsRescaleIntercept": 0,
    "PhilipsRescaleSlope": 2.12357,
    "PhilipsScaleSlope": 0.00118668,
    "ProtocolName": "WIPZinnen1SENSE",
    "ReconMatrixPE": 80,
    "RepetitionTime": 2,
    "SeriesDescription": "ImageMRSERIES",
    "SeriesNumber": 5,
    "SliceEncodingDirection": "k",
    "SliceTiming": [
      0.0,
      0.05405405405405406,
      0.10810810810810811,
      0.16216216216216217,
      0.21621621621621623,
      0.2702702702702703,
      0.32432432432432434,
      0.3783783783783784,
      0.43243243243243246,
      0.4864864864864865,
      0.5405405405405406,
      0.5945945945945946,
      0.6486486486486487,
      0.7027027027027027,
      0.7567567567567568,
      0.8108108108108109,
      0.8648648648648649,
      0.918918918918919,
      0.972972972972973,
      1.0270270270270272,
      1.0810810810810811,
      1.135135135135135,
      1.1891891891891893,
      1.2432432432432434,
      1.2972972972972974,
      1.3513513513513513,
      1.4054054054054055,
      1.4594594594594597,
      1.5135135135135136,
      1.5675675675675675,
      1.6216216216216217,
      1.6756756756756759,
      1.7297297297297298,
      1.7837837837837838,
      1.837837837837838,
      1.891891891891892,
      1.945945945945946
    ],
    "TaskName": "self",
    "UsePhilipsFloatNotDisplayScaling": 1,
    "WaterFatShift": 12,
    "dataset": "unknown",
    "modality": "bold",
    "run_id": 1,
    "session_id": "1",
    "subject_id": "17",
    "task_id": "self"
  },
  "dummy_trs": 0,
  "dvars_nstd": 22.933548749266667,
  "dvars_std": 1.284831201400001,
  "dvars_vstd": 0.9737512611666667,
  "efc": 0.40188333037660146,
  "fber": 888054144.0,
  "fd_mean": 0.1345804962692606,
  "fd_num": 44,
  "fd_perc": 14.617940199335548,
  "fwhm_avg": 2.6284057271432544,
  "fwhm_x": 2.5174966666666667,
  "fwhm_y": 2.925523333333333,
  "fwhm_z": 2.4421971814297634,
  "gcor": 0.0223789,
  "gsr_x": -0.00501649733632803,
  "gsr_y": 0.0034043341875076294,
  "provenance": {
    "md5sum": "afbdda0820fa970bf99be894643afe7b",
    "settings": {
      "fd_thres": 0.2,
      "hmc_fsl": false
    },
    "software": "mriqc",
    "version": "0.15.0",
    "webapi_port": null,
    "webapi_url": "https://mriqc.nimh.nih.gov/api/v1"
  },
  "size_t": 301,
  "size_x": 80,
  "size_y": 80,
  "size_z": 37,
  "snr": 5.0170865541704375,
  "spacing_tr": 2.0,
  "spacing_x": 3.0,
  "spacing_y": 3.0,
  "spacing_z": 3.299999713897705,
  "spikes_num": 0,
  "summary_bg_k": 82.32405094023484,
  "summary_bg_mad": 14.71407413482666,
  "summary_bg_mean": 2568.5576171875,
  "summary_bg_median": 9.985899925231934,
  "summary_bg_n": 154123.0,
  "summary_bg_p05": 0.02505844235420227,
  "summary_bg_p95": 9068.812011718732,
  "summary_bg_stdv": 14382.646484375,
  "summary_fg_k": 4.41754865626771,
  "summary_fg_mad": 50145.734375,
  "summary_fg_mean": 328557.15625,
  "summary_fg_median": 326397.3125,
  "summary_fg_n": 41356.0,
  "summary_fg_p05": 232967.88671875,
  "summary_fg_p95": 417409.078125,
  "summary_fg_stdv": 65056.35546875,
  "tsnr": 79.83345794677734
}