{
  "aor": 0.0020271428571428576,
  "aqi": 0.00436779584717608,
  "bids_meta": {
    "AcquisitionNumber": 6,
    "BIDSVersion": "1.1.0",
    "BidsifyVersion": "0.3.1",
    "ConversionSoftware": "dcm2niix",
    "ConversionSoftwareVersion": "v1.0.20181125  GCC5.4.0",
    "EchoTime": 0.02763,
    "FlipAngle": 76.1,
    "ImageComments": "HWW",
    "ImageOrientationPatientDICOM": [
      0.999873,
      0.00282839,
      0.0156659,
      0.00418828,
      0.90268,
      -0.430292
    ],
    "InstitutionName": "Spinoza Centre for Neuroimaging, location REC",
    "MagneticFieldStrength": 3,
    "Manufacturer": "Philips",
    "ParallelAcquisitionTechnique": "SENSE",
    "ParallelReductionFactorInPlane": 2,
    "PatientPosition": "HFS",
    "PhaseEncodingDirection": "j",
    "PhilipsRescaleIntercept": 0,
    "PhilipsRescaleSlope": 2.05055,
    "PhilipsScaleSlope": 0.00118823,
    "ProtocolName": "WIPZinnen2SENSE",
    "ReconMatrixPE": 80,
    "RepetitionTime": 2,
    "SeriesDescription": "ImageMRSERIES",
    "SeriesNumber": 6,
    "SliceEncodingDirection": "k",
    "SliceTiming": [
      0.0,
      0.05405405405405406,
      0.10810810810810811,
      0.16216216216216217,
      0.21621621621621623,
      0.2702702702702703,
      0.32432432432432434,
      0.3783783783783784,
      0.43243243243243246,
      0.4864864864864865,
      0.5405405405405406,
      0.5945945945945946,
      0.6486486486486487,
      0.7027027027027027,
      0.7567567567567568,
      0.8108108108108109,
      0.8648648648648649,
      0.918918918918919,
      0.972972972972973,
      1.0270270270270272,
      1.0810810810810811,
      1.135135135135135,
      1.1891891891891893,
      1.2432432432432434,
      1.2972972972972974,
      1.3513513513513513,
      1.4054054054054055,
      1.4594594594594597,
      1.5135135135135136,
      1.5675675675675675,
      1.6216216216216217,
      1.6756756756756759,
      1.7297297297297298,
      1.7837837837837838,
      1.837837837837838,
      1.891891891891892,
      1.945945945945946
    ],
    "TaskName": "self",
    "UsePhilipsFloatNotDisplayScaling": 1,
    "WaterFatShift": 12,
    "dataset": "unknown",
    "modality": "bold",
    "run_id": 2,
    "session_id": "1",
    "subject_id": "17",
    "task_id": "self"
  },
  "dummy_trs": 0,
  "dvars_nstd": 22.337268613066648,
  "dvars_std": 1.3018222696333326,
  "dvars_vstd": 1.0144942224999995,
  "efc": 0.40079185906112963,
  "fber": 881248256.0,
  "fd_mean": 0.1433213662851557,
  "fd_num": 51,
  "fd_perc": 16.943521594684384,
  "fwhm_avg": 2.626060171723525,
  "fwhm_x": 2.5170833333333333,
  "fwhm_y": 2.9141999999999997,
  "fwhm_z": 2.446897181837242,
  "gcor": 0.0127934,
  "gsr_x": -0.005043847486376762,
  "gsr_y": 0.003877766663208604,
  "provenance": {
    "md5sum": "a6d983c1dce10f4b42a5697dacaa07be",
    "settings": {
      "fd_thres": 0.2,
      "hmc_fsl": false
    },
    "software": "mriqc",
    "version": "0.15.0",
    "webapi_port": null,
    "webapi_url": "https://mriqc.nimh.nih.gov/api/v1"
  },
  "size_t": 301,
  "size_x": 80,
  "size_y": 80,
  "size_z": 37,
  "snr": 5.013185362256394,
  "spacing_tr": 2.0,
  "spacing_x": 3.0,
  "spacing_y": 3.0,
  "spacing_z": 3.299999713897705,
  "spikes_num": 2,
  "summary_bg_k": 81.52867023289093,
  "summary_bg_mad": 14.70407772064209,
  "summary_bg_mean": 2662.185546875,
  "summary_bg_median": 10.04405403137207,
  "summary_bg_n": 154577.0,
  "summary_bg_p05": 0.0324591875076294,
  "summary_bg_p95": 10031.148437499996,
  "summary_bg_stdv": 14695.4775390625,
  "summary_fg_k": 4.220043569909333,
  "summary_fg_mad": 51066.125,
  "summary_fg_mean": 329313.78125,
  "summary_fg_median": 326857.71875,
  "summary_fg_n": 40998.0,
  "summary_fg_p05": 233127.19218749998,
  "summary_fg_p95": 419876.80000000005,
  "summary_fg_stdv": 65198.8125,
  "tsnr": 78.85197448730469
}