{
  "aor": 0.0004775143403441683,
  "aqi": 0.004182464569789675,
  "bids_meta": {
    "AcquisitionNumber": 4,
    "BIDSVersion": "1.1.0",
    "BidsifyVersion": "0.3.1",
    "ConversionSoftware": "dcm2niix",
    "ConversionSoftwareVersion": "v1.0.20181125  GCC5.4.0",
    "EchoTime": 0.02763,
    "FlipAngle": 76.1,
    "ImageComments": "HWW",
    "ImageOrientationPatientDICOM": [
      0.999873,
      0.00282839,
      0.0156659,
      0.00418828,
      0.90268,
      -0.430292
    ],
    "InstitutionName": "Spinoza Centre for Neuroimaging, location REC",
    "MagneticFieldStrength": 3,
    "Manufacturer": "Philips",
    "ParallelAcquisitionTechnique": "SENSE",
    "ParallelReductionFactorInPlane": 2,
    "PatientPosition": "HFS",
    "PhaseEncodingDirection": "j",
    "PhilipsRescaleIntercept": 0,
    "PhilipsRescaleSlope": 2.61368,
    "PhilipsScaleSlope": 0.00119843,
    "ProtocolName": "WIPHWWSENSE",
    "ReconMatrixPE": 80,
    "RepetitionTime": 2,
    "SeriesDescription": "ImageMRSERIES",
    "SeriesNumber": 4,
    "SliceEncodingDirection": "k",
    "SliceTiming": [
      0.0,
      0.05405405405405406,
      0.10810810810810811,
      0.16216216216216217,
      0.21621621621621623,
      0.2702702702702703,
      0.32432432432432434,
      0.3783783783783784,
      0.43243243243243246,
      0.4864864864864865,
      0.5405405405405406,
      0.5945945945945946,
      0.6486486486486487,
      0.7027027027027027,
      0.7567567567567568,
      0.8108108108108109,
      0.8648648648648649,
      0.918918918918919,
      0.972972972972973,
      1.0270270270270272,
      1.0810810810810811,
      1.135135135135135,
      1.1891891891891893,
      1.2432432432432434,
      1.2972972972972974,
      1.3513513513513513,
      1.4054054054054055,
      1.4594594594594597,
      1.5135135135135136,
      1.5675675675675675,
      1.6216216216216217,
      1.6756756756756759,
      1.7297297297297298,
      1.7837837837837838,
      1.837837837837838,
      1.891891891891892,
      1.945945945945946
    ],
    "TaskName": "other",
    "UsePhilipsFloatNotDisplayScaling": 1,
    "WaterFatShift": 12,
    "dataset": "unknown",
    "modality": "bold",
    "session_id": "1",
    "subject_id": "17",
    "task_id": "other"
  },
  "dummy_trs": 0,
  "dvars_nstd": 22.43684373701151,
  "dvars_std": 1.3128347114942533,
  "dvars_vstd": 0.9953224183524906,
  "efc": 0.4009660274279399,
  "fber": 114818320.0,
  "fd_mean": 0.1194989270113274,
  "fd_num": 38,
  "fd_perc": 7.265774378585086,
  "fwhm_avg": 2.6492803742232796,
  "fwhm_x": 2.5395366666666668,
  "fwhm_y": 2.9448133333333337,
  "fwhm_z": 2.4634911226698373,
  "gcor": 0.0146735,
  "gsr_x": -0.0048493314534425735,
  "gsr_y": 0.003274953458458185,
  "provenance": {
    "md5sum": "a053c52cf8c82cf61b12532acde8fe5b",
    "settings": {
      "fd_thres": 0.2,
      "hmc_fsl": false
    },
    "software": "mriqc",
    "version": "0.15.0",
    "webapi_port": null,
    "webapi_url": "https://mriqc.nimh.nih.gov/api/v1"
  },
  "size_t": 523,
  "size_x": 80,
  "size_y": 80,
  "size_z": 37,
  "snr": 4.9957421833273745,
  "spacing_tr": 2.0,
  "spacing_x": 3.0,
  "spacing_y": 3.0,
  "spacing_z": 3.299999713897705,
  "spikes_num": 8,
  "summary_bg_k": 84.5066530144731,
  "summary_bg_mad": 42.28448486328125,
  "summary_bg_mean": 2607.1376953125,
  "summary_bg_median": 28.93739128112793,
  "summary_bg_n": 154381.0,
  "summary_bg_p05": 0.16436032950878143,
  "summary_bg_p95": 8846.923828125,
  "summary_bg_stdv": 14524.1435546875,
  "summary_fg_k": 4.316177145428369,
  "summary_fg_mad": 50922.5703125,
  "summary_fg_mean": 328826.625,
  "summary_fg_median": 326725.875,
  "summary_fg_n": 41197.0,
  "summary_fg_p05": 232365.0,
  "summary_fg_p95": 419005.5875,
  "summary_fg_stdv": 65400.07421875,
  "tsnr": 77.34317016601562
}